RESTRICTION: || (== net452) (== netcoreapp2.0) (== netstandard2.0)
NUGET
  remote: https://www.nuget.org/api/v2
    AngleSharp (0.9.11)
      System.Collections (>= 4.0.11) - restriction: || (&& (== net452) (< net40)) (== netcoreapp2.0) (== netstandard2.0)
      System.Diagnostics.Debug (>= 4.0.11) - restriction: || (&& (== net452) (< net40)) (== netcoreapp2.0) (== netstandard2.0)
      System.Dynamic.Runtime (>= 4.0.11) - restriction: || (&& (== net452) (< net40)) (== netcoreapp2.0) (== netstandard2.0)
      System.IO (>= 4.1) - restriction: || (&& (== net452) (< net40)) (== netcoreapp2.0) (== netstandard2.0)
      System.Linq (>= 4.1) - restriction: || (&& (== net452) (< net40)) (== netcoreapp2.0) (== netstandard2.0)
      System.Net.Primitives (>= 4.0.11) - restriction: || (&& (== net452) (< net40)) (== netcoreapp2.0) (== netstandard2.0)
      System.Net.Requests (>= 4.0.11) - restriction: || (&& (== net452) (< net40)) (== netcoreapp2.0) (== netstandard2.0)
      System.Reflection (>= 4.1) - restriction: || (&& (== net452) (< net40)) (== netcoreapp2.0) (== netstandard2.0)
      System.Reflection.Extensions (>= 4.0.1) - restriction: || (&& (== net452) (< net40)) (== netcoreapp2.0) (== netstandard2.0)
      System.Resources.ResourceManager (>= 4.0.1) - restriction: || (&& (== net452) (< net40)) (== netcoreapp2.0) (== netstandard2.0)
      System.Runtime (>= 4.1) - restriction: || (&& (== net452) (< net40)) (== netcoreapp2.0) (== netstandard2.0)
      System.Runtime.Extensions (>= 4.1) - restriction: || (&& (== net452) (< net40)) (== netcoreapp2.0) (== netstandard2.0)
      System.Text.Encoding (>= 4.0.11) - restriction: || (&& (== net452) (< net40)) (== netcoreapp2.0) (== netstandard2.0)
      System.Text.Encoding.Extensions (>= 4.0.11) - restriction: || (&& (== net452) (< net40)) (== netcoreapp2.0) (== netstandard2.0)
      System.Text.RegularExpressions (>= 4.1) - restriction: || (&& (== net452) (< net40)) (== netcoreapp2.0) (== netstandard2.0)
      System.Threading (>= 4.0.11) - restriction: || (&& (== net452) (< net40)) (== netcoreapp2.0) (== netstandard2.0)
      System.Threading.Tasks (>= 4.0.11) - restriction: || (&& (== net452) (< net40)) (== netcoreapp2.0) (== netstandard2.0)
    FluentAssertions (5.5.3)
      System.Configuration.ConfigurationManager (>= 4.4) - restriction: || (&& (== net452) (< net45) (>= netstandard2.0)) (&& (== net452) (>= netcoreapp2.0)) (== netcoreapp2.0) (== netstandard2.0)
      System.ValueTuple (>= 4.4) - restriction: || (== net452) (&& (== netcoreapp2.0) (< netstandard1.6)) (&& (== netcoreapp2.0) (< netstandard2.0)) (&& (== netstandard2.0) (< netstandard1.6))
    json-ld.net (1.0.6)
      NETStandard.Library (>= 1.5.0-rc2-24027) - restriction: || (&& (== net452) (< net40) (>= netstandard1.3)) (== netcoreapp2.0) (== netstandard2.0)
      Newtonsoft.Json (>= 6.0.4)
      System.Dynamic.Runtime (>= 4.0.11-rc2-24027) - restriction: || (&& (== net452) (< net40) (>= netstandard1.3)) (== netcoreapp2.0) (== netstandard2.0)
      System.Security.Cryptography.Algorithms (>= 4.1.0-rc2-24027) - restriction: || (&& (== net452) (< net40) (>= netstandard1.3)) (== netcoreapp2.0) (== netstandard2.0)
      System.Text.RegularExpressions (>= 4.0.12-rc2-24027) - restriction: || (&& (== net452) (< net40) (>= netstandard1.3)) (== netcoreapp2.0) (== netstandard2.0)
    JsonLD.Entities (0.3.4)
      json-ld.net (>= 1.0.5)
      Newtonsoft.Json (>= 9.0)
    Libuv (1.10) - restriction: || (&& (== net452) (>= netcoreapp2.0)) (== netcoreapp2.0) (&& (== netstandard2.0) (>= netcoreapp2.0))
      Microsoft.NETCore.Platforms (>= 1.0.1)
    Microsoft.ApplicationInsights (2.8.1) - restriction: || (&& (== net452) (>= netcoreapp2.0)) (== netcoreapp2.0) (&& (== netstandard2.0) (>= netcoreapp2.0))
      NETStandard.Library (>= 1.6.1) - restriction: || (&& (== net452) (< net45) (>= netstandard1.3)) (== netcoreapp2.0) (== netstandard2.0)
      System.Diagnostics.DiagnosticSource (>= 4.5)
      System.Diagnostics.StackTrace (>= 4.3) - restriction: || (&& (== net452) (< net45) (>= netstandard1.3)) (== netcoreapp2.0) (== netstandard2.0)
      System.Net.Requests (>= 4.3) - restriction: || (&& (== net452) (< net45) (>= netstandard1.3)) (== netcoreapp2.0) (== netstandard2.0)
    Microsoft.ApplicationInsights.AspNetCore (2.5.1) - restriction: || (&& (== net452) (>= netcoreapp2.0)) (== netcoreapp2.0) (&& (== netstandard2.0) (>= netcoreapp2.0))
      Microsoft.ApplicationInsights (>= 2.8.1)
      Microsoft.ApplicationInsights.DependencyCollector (>= 2.8.1)
      Microsoft.ApplicationInsights.PerfCounterCollector (>= 2.8.1)
      Microsoft.ApplicationInsights.WindowsServer (>= 2.8.1)
      Microsoft.ApplicationInsights.WindowsServer.TelemetryChannel (>= 2.8.1)
      Microsoft.AspNetCore.Hosting (>= 1.0.2)
      Microsoft.Extensions.Configuration (>= 1.0.2)
      Microsoft.Extensions.Configuration.Json (>= 1.0.2)
      Microsoft.Extensions.DiagnosticAdapter (>= 1.0.2)
      Microsoft.Extensions.Logging.Abstractions (>= 1.0.2)
      NETStandard.Library (>= 1.6.1) - restriction: || (&& (== net452) (< net451) (>= netstandard1.6)) (== netcoreapp2.0) (== netstandard2.0)
      System.Diagnostics.DiagnosticSource (>= 4.5)
      System.Net.NameResolution (>= 4.3) - restriction: || (&& (== net452) (< net451) (>= netstandard1.6)) (== netcoreapp2.0) (== netstandard2.0)
      System.Text.Encodings.Web (>= 4.3.1)
    Microsoft.ApplicationInsights.DependencyCollector (2.8.1) - restriction: || (&& (== net452) (>= netcoreapp2.0)) (== netcoreapp2.0) (&& (== netstandard2.0) (>= netcoreapp2.0))
      Microsoft.ApplicationInsights (2.8.1)
      Microsoft.Extensions.PlatformAbstractions (>= 1.1) - restriction: || (&& (== net452) (< net45) (>= netstandard1.6)) (== netcoreapp2.0) (== netstandard2.0)
      NETStandard.Library (>= 1.6.1) - restriction: || (&& (== net452) (< net45) (>= netstandard1.6)) (== netcoreapp2.0) (== netstandard2.0)
      System.Data.SqlClient (>= 4.3.1) - restriction: || (&& (== net452) (< net45) (>= netstandard1.6)) (== netcoreapp2.0) (== netstandard2.0)
      System.Diagnostics.DiagnosticSource (>= 4.5)
      System.Diagnostics.StackTrace (>= 4.3) - restriction: || (&& (== net452) (< net45) (>= netstandard1.6)) (== netcoreapp2.0) (== netstandard2.0)
    Microsoft.ApplicationInsights.PerfCounterCollector (2.8.1) - restriction: || (&& (== net452) (>= netcoreapp2.0)) (== netcoreapp2.0) (&& (== netstandard2.0) (>= netcoreapp2.0))
      Microsoft.ApplicationInsights (2.8.1)
      Microsoft.Extensions.PlatformAbstractions (>= 1.1) - restriction: || (&& (== net452) (< net45) (>= netstandard1.6)) (== netcoreapp2.0) (== netstandard2.0)
      NETStandard.Library (>= 1.6.1) - restriction: || (&& (== net452) (< net45) (>= netstandard1.6)) (== netcoreapp2.0) (== netstandard2.0)
      System.Runtime.Serialization.Json (>= 4.3) - restriction: || (&& (== net452) (< net45) (>= netstandard1.6)) (== netcoreapp2.0) (== netstandard2.0)
      System.Runtime.Serialization.Primitives (>= 4.3) - restriction: || (&& (== net452) (< net45) (>= netstandard1.6)) (== netcoreapp2.0) (== netstandard2.0)
    Microsoft.ApplicationInsights.WindowsServer (2.8.1) - restriction: || (&& (== net452) (>= netcoreapp2.0)) (== netcoreapp2.0) (&& (== netstandard2.0) (>= netcoreapp2.0))
      Microsoft.ApplicationInsights (2.8.1)
      NETStandard.Library (>= 1.6.1) - restriction: || (&& (== net452) (< net45) (>= netstandard1.6)) (== netcoreapp2.0) (== netstandard2.0)
      System.Runtime.Serialization.Json (>= 4.3) - restriction: || (&& (== net452) (< net45) (>= netstandard1.6)) (== netcoreapp2.0) (== netstandard2.0)
      System.Runtime.Serialization.Primitives (>= 4.3) - restriction: || (&& (== net452) (< net45) (>= netstandard1.6)) (== netcoreapp2.0) (== netstandard2.0)
    Microsoft.ApplicationInsights.WindowsServer.TelemetryChannel (2.8.1) - restriction: || (&& (== net452) (>= netcoreapp2.0)) (== netcoreapp2.0) (&& (== netstandard2.0) (>= netcoreapp2.0))
      Microsoft.ApplicationInsights (>= 2.8.1)
      System.Diagnostics.Process (>= 4.3) - restriction: || (&& (== net452) (< net45) (>= netstandard1.3)) (&& (== net452) (< net45) (>= netstandard2.0)) (== netcoreapp2.0) (== netstandard2.0)
      System.IO.FileSystem.AccessControl (>= 4.3) - restriction: || (&& (== net452) (< net45) (>= netstandard1.3)) (&& (== net452) (< net45) (>= netstandard2.0)) (== netcoreapp2.0) (== netstandard2.0)
      System.Net.NetworkInformation (>= 4.3) - restriction: || (&& (== net452) (< net45) (>= netstandard1.3)) (&& (== net452) (< net45) (>= netstandard2.0)) (== netcoreapp2.0) (== netstandard2.0)
      System.Net.Requests (>= 4.3) - restriction: || (&& (== net452) (< net45) (>= netstandard1.3)) (&& (== net452) (< net45) (>= netstandard2.0)) (== netcoreapp2.0) (== netstandard2.0)
      System.Net.WebHeaderCollection (>= 4.3) - restriction: || (&& (== net452) (< net45) (>= netstandard1.3)) (&& (== net452) (< net45) (>= netstandard2.0)) (== netcoreapp2.0) (== netstandard2.0)
      System.Runtime (>= 4.3) - restriction: || (&& (== net452) (< net45) (>= netstandard1.3)) (&& (== net452) (< net45) (>= netstandard2.0)) (== netcoreapp2.0) (== netstandard2.0)
      System.Runtime.Serialization.Primitives (>= 4.3) - restriction: || (&& (== net452) (< net45) (>= netstandard1.3)) (&& (== net452) (< net45) (>= netstandard2.0)) (== netcoreapp2.0) (== netstandard2.0)
      System.Security.Cryptography.Algorithms (>= 4.3) - restriction: || (&& (== net452) (< net45) (>= netstandard1.3)) (&& (== net452) (< net45) (>= netstandard2.0)) (== netcoreapp2.0) (== netstandard2.0)
      System.Threading.Thread (>= 4.3) - restriction: || (&& (== net452) (< net45) (>= netstandard1.3)) (&& (== net452) (< net45) (>= netstandard2.0)) (== netcoreapp2.0) (== netstandard2.0)
    Microsoft.AspNetCore (2.2) - restriction: || (&& (== net452) (>= netcoreapp2.0)) (== netcoreapp2.0) (&& (== netstandard2.0) (>= netcoreapp2.0))
      Microsoft.AspNetCore.Diagnostics (>= 2.2) - restriction: || (&& (== net452) (>= netstandard2.0)) (== netcoreapp2.0) (== netstandard2.0)
      Microsoft.AspNetCore.HostFiltering (>= 2.2) - restriction: || (&& (== net452) (>= netstandard2.0)) (== netcoreapp2.0) (== netstandard2.0)
      Microsoft.AspNetCore.Hosting (>= 2.2) - restriction: || (&& (== net452) (>= netstandard2.0)) (== netcoreapp2.0) (== netstandard2.0)
      Microsoft.AspNetCore.Routing (>= 2.2) - restriction: || (&& (== net452) (>= netstandard2.0)) (== netcoreapp2.0) (== netstandard2.0)
      Microsoft.AspNetCore.Server.IIS (>= 2.2) - restriction: || (&& (== net452) (>= netstandard2.0)) (== netcoreapp2.0) (== netstandard2.0)
      Microsoft.AspNetCore.Server.IISIntegration (>= 2.2) - restriction: || (&& (== net452) (>= netstandard2.0)) (== netcoreapp2.0) (== netstandard2.0)
      Microsoft.AspNetCore.Server.Kestrel (>= 2.2) - restriction: || (&& (== net452) (>= netstandard2.0)) (== netcoreapp2.0) (== netstandard2.0)
      Microsoft.AspNetCore.Server.Kestrel.Https (>= 2.2) - restriction: || (&& (== net452) (>= netstandard2.0)) (== netcoreapp2.0) (== netstandard2.0)
      Microsoft.Extensions.Configuration.CommandLine (>= 2.2) - restriction: || (&& (== net452) (>= netstandard2.0)) (== netcoreapp2.0) (== netstandard2.0)
      Microsoft.Extensions.Configuration.EnvironmentVariables (>= 2.2) - restriction: || (&& (== net452) (>= netstandard2.0)) (== netcoreapp2.0) (== netstandard2.0)
      Microsoft.Extensions.Configuration.FileExtensions (>= 2.2) - restriction: || (&& (== net452) (>= netstandard2.0)) (== netcoreapp2.0) (== netstandard2.0)
      Microsoft.Extensions.Configuration.Json (>= 2.2) - restriction: || (&& (== net452) (>= netstandard2.0)) (== netcoreapp2.0) (== netstandard2.0)
      Microsoft.Extensions.Configuration.UserSecrets (>= 2.2) - restriction: || (&& (== net452) (>= netstandard2.0)) (== netcoreapp2.0) (== netstandard2.0)
      Microsoft.Extensions.Logging (>= 2.2) - restriction: || (&& (== net452) (>= netstandard2.0)) (== netcoreapp2.0) (== netstandard2.0)
      Microsoft.Extensions.Logging.Configuration (>= 2.2) - restriction: || (&& (== net452) (>= netstandard2.0)) (== netcoreapp2.0) (== netstandard2.0)
      Microsoft.Extensions.Logging.Console (>= 2.2) - restriction: || (&& (== net452) (>= netstandard2.0)) (== netcoreapp2.0) (== netstandard2.0)
      Microsoft.Extensions.Logging.Debug (>= 2.2) - restriction: || (&& (== net452) (>= netstandard2.0)) (== netcoreapp2.0) (== netstandard2.0)
      Microsoft.Extensions.Logging.EventSource (>= 2.2) - restriction: || (&& (== net452) (>= netstandard2.0)) (== netcoreapp2.0) (== netstandard2.0)
    Microsoft.AspNetCore.All (2.0.9)
      Microsoft.AspNetCore (>= 2.0.4) - restriction: || (&& (== net452) (>= netcoreapp2.0)) (== netcoreapp2.0) (&& (== netstandard2.0) (>= netcoreapp2.0))
      Microsoft.AspNetCore.Antiforgery (>= 2.0.3) - restriction: || (&& (== net452) (>= netcoreapp2.0)) (== netcoreapp2.0) (&& (== netstandard2.0) (>= netcoreapp2.0))
      Microsoft.AspNetCore.ApplicationInsights.HostingStartup (>= 2.0.4) - restriction: || (&& (== net452) (>= netcoreapp2.0)) (== netcoreapp2.0) (&& (== netstandard2.0) (>= netcoreapp2.0))
      Microsoft.AspNetCore.Authentication (>= 2.0.4) - restriction: || (&& (== net452) (>= netcoreapp2.0)) (== netcoreapp2.0) (&& (== netstandard2.0) (>= netcoreapp2.0))
      Microsoft.AspNetCore.Authentication.Abstractions (>= 2.0.3) - restriction: || (&& (== net452) (>= netcoreapp2.0)) (== netcoreapp2.0) (&& (== netstandard2.0) (>= netcoreapp2.0))
      Microsoft.AspNetCore.Authentication.Cookies (>= 2.0.4) - restriction: || (&& (== net452) (>= netcoreapp2.0)) (== netcoreapp2.0) (&& (== netstandard2.0) (>= netcoreapp2.0))
      Microsoft.AspNetCore.Authentication.Core (>= 2.0.3) - restriction: || (&& (== net452) (>= netcoreapp2.0)) (== netcoreapp2.0) (&& (== netstandard2.0) (>= netcoreapp2.0))
      Microsoft.AspNetCore.Authentication.Facebook (>= 2.0.4) - restriction: || (&& (== net452) (>= netcoreapp2.0)) (== netcoreapp2.0) (&& (== netstandard2.0) (>= netcoreapp2.0))
      Microsoft.AspNetCore.Authentication.Google (>= 2.0.4) - restriction: || (&& (== net452) (>= netcoreapp2.0)) (== netcoreapp2.0) (&& (== netstandard2.0) (>= netcoreapp2.0))
      Microsoft.AspNetCore.Authentication.JwtBearer (>= 2.0.4) - restriction: || (&& (== net452) (>= netcoreapp2.0)) (== netcoreapp2.0) (&& (== netstandard2.0) (>= netcoreapp2.0))
      Microsoft.AspNetCore.Authentication.MicrosoftAccount (>= 2.0.4) - restriction: || (&& (== net452) (>= netcoreapp2.0)) (== netcoreapp2.0) (&& (== netstandard2.0) (>= netcoreapp2.0))
      Microsoft.AspNetCore.Authentication.OAuth (>= 2.0.4) - restriction: || (&& (== net452) (>= netcoreapp2.0)) (== netcoreapp2.0) (&& (== netstandard2.0) (>= netcoreapp2.0))
      Microsoft.AspNetCore.Authentication.OpenIdConnect (>= 2.0.4) - restriction: || (&& (== net452) (>= netcoreapp2.0)) (== netcoreapp2.0) (&& (== netstandard2.0) (>= netcoreapp2.0))
      Microsoft.AspNetCore.Authentication.Twitter (>= 2.0.4) - restriction: || (&& (== net452) (>= netcoreapp2.0)) (== netcoreapp2.0) (&& (== netstandard2.0) (>= netcoreapp2.0))
      Microsoft.AspNetCore.Authorization (>= 2.0.4) - restriction: || (&& (== net452) (>= netcoreapp2.0)) (== netcoreapp2.0) (&& (== netstandard2.0) (>= netcoreapp2.0))
      Microsoft.AspNetCore.Authorization.Policy (>= 2.0.4) - restriction: || (&& (== net452) (>= netcoreapp2.0)) (== netcoreapp2.0) (&& (== netstandard2.0) (>= netcoreapp2.0))
      Microsoft.AspNetCore.AzureAppServices.HostingStartup (>= 2.0.4) - restriction: || (&& (== net452) (>= netcoreapp2.0)) (== netcoreapp2.0) (&& (== netstandard2.0) (>= netcoreapp2.0))
      Microsoft.AspNetCore.AzureAppServicesIntegration (>= 2.0.4) - restriction: || (&& (== net452) (>= netcoreapp2.0)) (== netcoreapp2.0) (&& (== netstandard2.0) (>= netcoreapp2.0))
      Microsoft.AspNetCore.CookiePolicy (>= 2.0.4) - restriction: || (&& (== net452) (>= netcoreapp2.0)) (== netcoreapp2.0) (&& (== netstandard2.0) (>= netcoreapp2.0))
      Microsoft.AspNetCore.Cors (>= 2.0.3) - restriction: || (&& (== net452) (>= netcoreapp2.0)) (== netcoreapp2.0) (&& (== netstandard2.0) (>= netcoreapp2.0))
      Microsoft.AspNetCore.Cryptography.Internal (>= 2.0.3) - restriction: || (&& (== net452) (>= netcoreapp2.0)) (== netcoreapp2.0) (&& (== netstandard2.0) (>= netcoreapp2.0))
      Microsoft.AspNetCore.Cryptography.KeyDerivation (>= 2.0.3) - restriction: || (&& (== net452) (>= netcoreapp2.0)) (== netcoreapp2.0) (&& (== netstandard2.0) (>= netcoreapp2.0))
      Microsoft.AspNetCore.DataProtection (>= 2.0.3) - restriction: || (&& (== net452) (>= netcoreapp2.0)) (== netcoreapp2.0) (&& (== netstandard2.0) (>= netcoreapp2.0))
      Microsoft.AspNetCore.DataProtection.Abstractions (>= 2.0.3) - restriction: || (&& (== net452) (>= netcoreapp2.0)) (== netcoreapp2.0) (&& (== netstandard2.0) (>= netcoreapp2.0))
      Microsoft.AspNetCore.DataProtection.AzureStorage (>= 2.0.3) - restriction: || (&& (== net452) (>= netcoreapp2.0)) (== netcoreapp2.0) (&& (== netstandard2.0) (>= netcoreapp2.0))
      Microsoft.AspNetCore.DataProtection.Extensions (>= 2.0.3) - restriction: || (&& (== net452) (>= netcoreapp2.0)) (== netcoreapp2.0) (&& (== netstandard2.0) (>= netcoreapp2.0))
      Microsoft.AspNetCore.Diagnostics (>= 2.0.3) - restriction: || (&& (== net452) (>= netcoreapp2.0)) (== netcoreapp2.0) (&& (== netstandard2.0) (>= netcoreapp2.0))
      Microsoft.AspNetCore.Diagnostics.Abstractions (>= 2.0.3) - restriction: || (&& (== net452) (>= netcoreapp2.0)) (== netcoreapp2.0) (&& (== netstandard2.0) (>= netcoreapp2.0))
      Microsoft.AspNetCore.Diagnostics.EntityFrameworkCore (>= 2.0.3) - restriction: || (&& (== net452) (>= netcoreapp2.0)) (== netcoreapp2.0) (&& (== netstandard2.0) (>= netcoreapp2.0))
      Microsoft.AspNetCore.Hosting (>= 2.0.3) - restriction: || (&& (== net452) (>= netcoreapp2.0)) (== netcoreapp2.0) (&& (== netstandard2.0) (>= netcoreapp2.0))
      Microsoft.AspNetCore.Hosting.Abstractions (>= 2.0.3) - restriction: || (&& (== net452) (>= netcoreapp2.0)) (== netcoreapp2.0) (&& (== netstandard2.0) (>= netcoreapp2.0))
      Microsoft.AspNetCore.Hosting.Server.Abstractions (>= 2.0.3) - restriction: || (&& (== net452) (>= netcoreapp2.0)) (== netcoreapp2.0) (&& (== netstandard2.0) (>= netcoreapp2.0))
      Microsoft.AspNetCore.Html.Abstractions (>= 2.0.2) - restriction: || (&& (== net452) (>= netcoreapp2.0)) (== netcoreapp2.0) (&& (== netstandard2.0) (>= netcoreapp2.0))
      Microsoft.AspNetCore.Http (>= 2.0.3) - restriction: || (&& (== net452) (>= netcoreapp2.0)) (== netcoreapp2.0) (&& (== netstandard2.0) (>= netcoreapp2.0))
      Microsoft.AspNetCore.Http.Abstractions (>= 2.0.3) - restriction: || (&& (== net452) (>= netcoreapp2.0)) (== netcoreapp2.0) (&& (== netstandard2.0) (>= netcoreapp2.0))
      Microsoft.AspNetCore.Http.Extensions (>= 2.0.3) - restriction: || (&& (== net452) (>= netcoreapp2.0)) (== netcoreapp2.0) (&& (== netstandard2.0) (>= netcoreapp2.0))
      Microsoft.AspNetCore.Http.Features (>= 2.0.3) - restriction: || (&& (== net452) (>= netcoreapp2.0)) (== netcoreapp2.0) (&& (== netstandard2.0) (>= netcoreapp2.0))
      Microsoft.AspNetCore.HttpOverrides (>= 2.0.3) - restriction: || (&& (== net452) (>= netcoreapp2.0)) (== netcoreapp2.0) (&& (== netstandard2.0) (>= netcoreapp2.0))
      Microsoft.AspNetCore.Identity (>= 2.0.4) - restriction: || (&& (== net452) (>= netcoreapp2.0)) (== netcoreapp2.0) (&& (== netstandard2.0) (>= netcoreapp2.0))
      Microsoft.AspNetCore.Identity.EntityFrameworkCore (>= 2.0.4) - restriction: || (&& (== net452) (>= netcoreapp2.0)) (== netcoreapp2.0) (&& (== netstandard2.0) (>= netcoreapp2.0))
      Microsoft.AspNetCore.JsonPatch (>= 2.0) - restriction: || (&& (== net452) (>= netcoreapp2.0)) (== netcoreapp2.0) (&& (== netstandard2.0) (>= netcoreapp2.0))
      Microsoft.AspNetCore.Localization (>= 2.0.3) - restriction: || (&& (== net452) (>= netcoreapp2.0)) (== netcoreapp2.0) (&& (== netstandard2.0) (>= netcoreapp2.0))
      Microsoft.AspNetCore.Localization.Routing (>= 2.0.3) - restriction: || (&& (== net452) (>= netcoreapp2.0)) (== netcoreapp2.0) (&& (== netstandard2.0) (>= netcoreapp2.0))
      Microsoft.AspNetCore.MiddlewareAnalysis (>= 2.0.3) - restriction: || (&& (== net452) (>= netcoreapp2.0)) (== netcoreapp2.0) (&& (== netstandard2.0) (>= netcoreapp2.0))
      Microsoft.AspNetCore.Mvc (>= 2.0.4) - restriction: || (&& (== net452) (>= netcoreapp2.0)) (== netcoreapp2.0) (&& (== netstandard2.0) (>= netcoreapp2.0))
      Microsoft.AspNetCore.Mvc.Abstractions (>= 2.0.4) - restriction: || (&& (== net452) (>= netcoreapp2.0)) (== netcoreapp2.0) (&& (== netstandard2.0) (>= netcoreapp2.0))
      Microsoft.AspNetCore.Mvc.ApiExplorer (>= 2.0.4) - restriction: || (&& (== net452) (>= netcoreapp2.0)) (== netcoreapp2.0) (&& (== netstandard2.0) (>= netcoreapp2.0))
      Microsoft.AspNetCore.Mvc.Core (>= 2.0.4) - restriction: || (&& (== net452) (>= netcoreapp2.0)) (== netcoreapp2.0) (&& (== netstandard2.0) (>= netcoreapp2.0))
      Microsoft.AspNetCore.Mvc.Cors (>= 2.0.4) - restriction: || (&& (== net452) (>= netcoreapp2.0)) (== netcoreapp2.0) (&& (== netstandard2.0) (>= netcoreapp2.0))
      Microsoft.AspNetCore.Mvc.DataAnnotations (>= 2.0.4) - restriction: || (&& (== net452) (>= netcoreapp2.0)) (== netcoreapp2.0) (&& (== netstandard2.0) (>= netcoreapp2.0))
      Microsoft.AspNetCore.Mvc.Formatters.Json (>= 2.0.4) - restriction: || (&& (== net452) (>= netcoreapp2.0)) (== netcoreapp2.0) (&& (== netstandard2.0) (>= netcoreapp2.0))
      Microsoft.AspNetCore.Mvc.Formatters.Xml (>= 2.0.4) - restriction: || (&& (== net452) (>= netcoreapp2.0)) (== netcoreapp2.0) (&& (== netstandard2.0) (>= netcoreapp2.0))
      Microsoft.AspNetCore.Mvc.Localization (>= 2.0.4) - restriction: || (&& (== net452) (>= netcoreapp2.0)) (== netcoreapp2.0) (&& (== netstandard2.0) (>= netcoreapp2.0))
      Microsoft.AspNetCore.Mvc.Razor (>= 2.0.4) - restriction: || (&& (== net452) (>= netcoreapp2.0)) (== netcoreapp2.0) (&& (== netstandard2.0) (>= netcoreapp2.0))
      Microsoft.AspNetCore.Mvc.Razor.Extensions (>= 2.0.3) - restriction: || (&& (== net452) (>= netcoreapp2.0)) (== netcoreapp2.0) (&& (== netstandard2.0) (>= netcoreapp2.0))
      Microsoft.AspNetCore.Mvc.Razor.ViewCompilation (>= 2.0.4) - restriction: || (&& (== net452) (>= netcoreapp2.0)) (== netcoreapp2.0) (&& (== netstandard2.0) (>= netcoreapp2.0))
      Microsoft.AspNetCore.Mvc.RazorPages (>= 2.0.4) - restriction: || (&& (== net452) (>= netcoreapp2.0)) (== netcoreapp2.0) (&& (== netstandard2.0) (>= netcoreapp2.0))
      Microsoft.AspNetCore.Mvc.TagHelpers (>= 2.0.4) - restriction: || (&& (== net452) (>= netcoreapp2.0)) (== netcoreapp2.0) (&& (== netstandard2.0) (>= netcoreapp2.0))
      Microsoft.AspNetCore.Mvc.ViewFeatures (>= 2.0.4) - restriction: || (&& (== net452) (>= netcoreapp2.0)) (== netcoreapp2.0) (&& (== netstandard2.0) (>= netcoreapp2.0))
      Microsoft.AspNetCore.NodeServices (>= 2.0.4) - restriction: || (&& (== net452) (>= netcoreapp2.0)) (== netcoreapp2.0) (&& (== netstandard2.0) (>= netcoreapp2.0))
      Microsoft.AspNetCore.Owin (>= 2.0.3) - restriction: || (&& (== net452) (>= netcoreapp2.0)) (== netcoreapp2.0) (&& (== netstandard2.0) (>= netcoreapp2.0))
      Microsoft.AspNetCore.Razor (>= 2.0.3) - restriction: || (&& (== net452) (>= netcoreapp2.0)) (== netcoreapp2.0) (&& (== netstandard2.0) (>= netcoreapp2.0))
      Microsoft.AspNetCore.Razor.Language (>= 2.0.3) - restriction: || (&& (== net452) (>= netcoreapp2.0)) (== netcoreapp2.0) (&& (== netstandard2.0) (>= netcoreapp2.0))
      Microsoft.AspNetCore.Razor.Runtime (>= 2.0.3) - restriction: || (&& (== net452) (>= netcoreapp2.0)) (== netcoreapp2.0) (&& (== netstandard2.0) (>= netcoreapp2.0))
      Microsoft.AspNetCore.ResponseCaching (>= 2.0.3) - restriction: || (&& (== net452) (>= netcoreapp2.0)) (== netcoreapp2.0) (&& (== netstandard2.0) (>= netcoreapp2.0))
      Microsoft.AspNetCore.ResponseCaching.Abstractions (>= 2.0.3) - restriction: || (&& (== net452) (>= netcoreapp2.0)) (== netcoreapp2.0) (&& (== netstandard2.0) (>= netcoreapp2.0))
      Microsoft.AspNetCore.ResponseCompression (>= 2.0.3) - restriction: || (&& (== net452) (>= netcoreapp2.0)) (== netcoreapp2.0) (&& (== netstandard2.0) (>= netcoreapp2.0))
      Microsoft.AspNetCore.Rewrite (>= 2.0.3) - restriction: || (&& (== net452) (>= netcoreapp2.0)) (== netcoreapp2.0) (&& (== netstandard2.0) (>= netcoreapp2.0))
      Microsoft.AspNetCore.Routing (>= 2.0.3) - restriction: || (&& (== net452) (>= netcoreapp2.0)) (== netcoreapp2.0) (&& (== netstandard2.0) (>= netcoreapp2.0))
      Microsoft.AspNetCore.Routing.Abstractions (>= 2.0.3) - restriction: || (&& (== net452) (>= netcoreapp2.0)) (== netcoreapp2.0) (&& (== netstandard2.0) (>= netcoreapp2.0))
      Microsoft.AspNetCore.Server.HttpSys (>= 2.0.4) - restriction: || (&& (== net452) (>= netcoreapp2.0)) (== netcoreapp2.0) (&& (== netstandard2.0) (>= netcoreapp2.0))
      Microsoft.AspNetCore.Server.IISIntegration (>= 2.0.3) - restriction: || (&& (== net452) (>= netcoreapp2.0)) (== netcoreapp2.0) (&& (== netstandard2.0) (>= netcoreapp2.0))
      Microsoft.AspNetCore.Server.Kestrel (>= 2.0.4) - restriction: || (&& (== net452) (>= netcoreapp2.0)) (== netcoreapp2.0) (&& (== netstandard2.0) (>= netcoreapp2.0))
      Microsoft.AspNetCore.Server.Kestrel.Core (>= 2.0.4) - restriction: || (&& (== net452) (>= netcoreapp2.0)) (== netcoreapp2.0) (&& (== netstandard2.0) (>= netcoreapp2.0))
      Microsoft.AspNetCore.Server.Kestrel.Https (>= 2.0.4) - restriction: || (&& (== net452) (>= netcoreapp2.0)) (== netcoreapp2.0) (&& (== netstandard2.0) (>= netcoreapp2.0))
      Microsoft.AspNetCore.Server.Kestrel.Transport.Abstractions (>= 2.0.4) - restriction: || (&& (== net452) (>= netcoreapp2.0)) (== netcoreapp2.0) (&& (== netstandard2.0) (>= netcoreapp2.0))
      Microsoft.AspNetCore.Server.Kestrel.Transport.Libuv (>= 2.0.4) - restriction: || (&& (== net452) (>= netcoreapp2.0)) (== netcoreapp2.0) (&& (== netstandard2.0) (>= netcoreapp2.0))
      Microsoft.AspNetCore.Session (>= 2.0.3) - restriction: || (&& (== net452) (>= netcoreapp2.0)) (== netcoreapp2.0) (&& (== netstandard2.0) (>= netcoreapp2.0))
      Microsoft.AspNetCore.SpaServices (>= 2.0.4) - restriction: || (&& (== net452) (>= netcoreapp2.0)) (== netcoreapp2.0) (&& (== netstandard2.0) (>= netcoreapp2.0))
      Microsoft.AspNetCore.StaticFiles (>= 2.0.3) - restriction: || (&& (== net452) (>= netcoreapp2.0)) (== netcoreapp2.0) (&& (== netstandard2.0) (>= netcoreapp2.0))
      Microsoft.AspNetCore.WebSockets (>= 2.0.3) - restriction: || (&& (== net452) (>= netcoreapp2.0)) (== netcoreapp2.0) (&& (== netstandard2.0) (>= netcoreapp2.0))
      Microsoft.AspNetCore.WebUtilities (>= 2.0.3) - restriction: || (&& (== net452) (>= netcoreapp2.0)) (== netcoreapp2.0) (&& (== netstandard2.0) (>= netcoreapp2.0))
      Microsoft.CodeAnalysis.Razor (>= 2.0.3) - restriction: || (&& (== net452) (>= netcoreapp2.0)) (== netcoreapp2.0) (&& (== netstandard2.0) (>= netcoreapp2.0))
      Microsoft.Data.Sqlite (>= 2.0.1) - restriction: || (&& (== net452) (>= netcoreapp2.0)) (== netcoreapp2.0) (&& (== netstandard2.0) (>= netcoreapp2.0))
      Microsoft.Data.Sqlite.Core (>= 2.0.1) - restriction: || (&& (== net452) (>= netcoreapp2.0)) (== netcoreapp2.0) (&& (== netstandard2.0) (>= netcoreapp2.0))
      Microsoft.EntityFrameworkCore (>= 2.0.3) - restriction: || (&& (== net452) (>= netcoreapp2.0)) (== netcoreapp2.0) (&& (== netstandard2.0) (>= netcoreapp2.0))
      Microsoft.EntityFrameworkCore.Design (>= 2.0.3) - restriction: || (&& (== net452) (>= netcoreapp2.0)) (== netcoreapp2.0) (&& (== netstandard2.0) (>= netcoreapp2.0))
      Microsoft.EntityFrameworkCore.InMemory (>= 2.0.3) - restriction: || (&& (== net452) (>= netcoreapp2.0)) (== netcoreapp2.0) (&& (== netstandard2.0) (>= netcoreapp2.0))
      Microsoft.EntityFrameworkCore.Relational (>= 2.0.3) - restriction: || (&& (== net452) (>= netcoreapp2.0)) (== netcoreapp2.0) (&& (== netstandard2.0) (>= netcoreapp2.0))
      Microsoft.EntityFrameworkCore.Sqlite (>= 2.0.3) - restriction: || (&& (== net452) (>= netcoreapp2.0)) (== netcoreapp2.0) (&& (== netstandard2.0) (>= netcoreapp2.0))
      Microsoft.EntityFrameworkCore.Sqlite.Core (>= 2.0.3) - restriction: || (&& (== net452) (>= netcoreapp2.0)) (== netcoreapp2.0) (&& (== netstandard2.0) (>= netcoreapp2.0))
      Microsoft.EntityFrameworkCore.SqlServer (>= 2.0.3) - restriction: || (&& (== net452) (>= netcoreapp2.0)) (== netcoreapp2.0) (&& (== netstandard2.0) (>= netcoreapp2.0))
      Microsoft.EntityFrameworkCore.Tools (>= 2.0.3) - restriction: || (&& (== net452) (>= netcoreapp2.0)) (== netcoreapp2.0) (&& (== netstandard2.0) (>= netcoreapp2.0))
      Microsoft.Extensions.Caching.Abstractions (>= 2.0.2) - restriction: || (&& (== net452) (>= netcoreapp2.0)) (== netcoreapp2.0) (&& (== netstandard2.0) (>= netcoreapp2.0))
      Microsoft.Extensions.Caching.Memory (>= 2.0.2) - restriction: || (&& (== net452) (>= netcoreapp2.0)) (== netcoreapp2.0) (&& (== netstandard2.0) (>= netcoreapp2.0))
      Microsoft.Extensions.Caching.Redis (>= 2.0.2) - restriction: || (&& (== net452) (>= netcoreapp2.0)) (== netcoreapp2.0) (&& (== netstandard2.0) (>= netcoreapp2.0))
      Microsoft.Extensions.Caching.SqlServer (>= 2.0.2) - restriction: || (&& (== net452) (>= netcoreapp2.0)) (== netcoreapp2.0) (&& (== netstandard2.0) (>= netcoreapp2.0))
      Microsoft.Extensions.Configuration (>= 2.0.2) - restriction: || (&& (== net452) (>= netcoreapp2.0)) (== netcoreapp2.0) (&& (== netstandard2.0) (>= netcoreapp2.0))
      Microsoft.Extensions.Configuration.Abstractions (>= 2.0.2) - restriction: || (&& (== net452) (>= netcoreapp2.0)) (== netcoreapp2.0) (&& (== netstandard2.0) (>= netcoreapp2.0))
      Microsoft.Extensions.Configuration.AzureKeyVault (>= 2.0.2) - restriction: || (&& (== net452) (>= netcoreapp2.0)) (== netcoreapp2.0) (&& (== netstandard2.0) (>= netcoreapp2.0))
      Microsoft.Extensions.Configuration.Binder (>= 2.0.2) - restriction: || (&& (== net452) (>= netcoreapp2.0)) (== netcoreapp2.0) (&& (== netstandard2.0) (>= netcoreapp2.0))
      Microsoft.Extensions.Configuration.CommandLine (>= 2.0.2) - restriction: || (&& (== net452) (>= netcoreapp2.0)) (== netcoreapp2.0) (&& (== netstandard2.0) (>= netcoreapp2.0))
      Microsoft.Extensions.Configuration.EnvironmentVariables (>= 2.0.2) - restriction: || (&& (== net452) (>= netcoreapp2.0)) (== netcoreapp2.0) (&& (== netstandard2.0) (>= netcoreapp2.0))
      Microsoft.Extensions.Configuration.FileExtensions (>= 2.0.2) - restriction: || (&& (== net452) (>= netcoreapp2.0)) (== netcoreapp2.0) (&& (== netstandard2.0) (>= netcoreapp2.0))
      Microsoft.Extensions.Configuration.Ini (>= 2.0.2) - restriction: || (&& (== net452) (>= netcoreapp2.0)) (== netcoreapp2.0) (&& (== netstandard2.0) (>= netcoreapp2.0))
      Microsoft.Extensions.Configuration.Json (>= 2.0.2) - restriction: || (&& (== net452) (>= netcoreapp2.0)) (== netcoreapp2.0) (&& (== netstandard2.0) (>= netcoreapp2.0))
      Microsoft.Extensions.Configuration.UserSecrets (>= 2.0.2) - restriction: || (&& (== net452) (>= netcoreapp2.0)) (== netcoreapp2.0) (&& (== netstandard2.0) (>= netcoreapp2.0))
      Microsoft.Extensions.Configuration.Xml (>= 2.0.2) - restriction: || (&& (== net452) (>= netcoreapp2.0)) (== netcoreapp2.0) (&& (== netstandard2.0) (>= netcoreapp2.0))
      Microsoft.Extensions.DependencyInjection (>= 2.0) - restriction: || (&& (== net452) (>= netcoreapp2.0)) (== netcoreapp2.0) (&& (== netstandard2.0) (>= netcoreapp2.0))
      Microsoft.Extensions.DependencyInjection.Abstractions (>= 2.0) - restriction: || (&& (== net452) (>= netcoreapp2.0)) (== netcoreapp2.0) (&& (== netstandard2.0) (>= netcoreapp2.0))
      Microsoft.Extensions.DiagnosticAdapter (>= 2.0.1) - restriction: || (&& (== net452) (>= netcoreapp2.0)) (== netcoreapp2.0) (&& (== netstandard2.0) (>= netcoreapp2.0))
      Microsoft.Extensions.FileProviders.Abstractions (>= 2.0.1) - restriction: || (&& (== net452) (>= netcoreapp2.0)) (== netcoreapp2.0) (&& (== netstandard2.0) (>= netcoreapp2.0))
      Microsoft.Extensions.FileProviders.Composite (>= 2.0.1) - restriction: || (&& (== net452) (>= netcoreapp2.0)) (== netcoreapp2.0) (&& (== netstandard2.0) (>= netcoreapp2.0))
      Microsoft.Extensions.FileProviders.Embedded (>= 2.0.1) - restriction: || (&& (== net452) (>= netcoreapp2.0)) (== netcoreapp2.0) (&& (== netstandard2.0) (>= netcoreapp2.0))
      Microsoft.Extensions.FileProviders.Physical (>= 2.0.1) - restriction: || (&& (== net452) (>= netcoreapp2.0)) (== netcoreapp2.0) (&& (== netstandard2.0) (>= netcoreapp2.0))
      Microsoft.Extensions.FileSystemGlobbing (>= 2.0.1) - restriction: || (&& (== net452) (>= netcoreapp2.0)) (== netcoreapp2.0) (&& (== netstandard2.0) (>= netcoreapp2.0))
      Microsoft.Extensions.Hosting.Abstractions (>= 2.0.3) - restriction: || (&& (== net452) (>= netcoreapp2.0)) (== netcoreapp2.0) (&& (== netstandard2.0) (>= netcoreapp2.0))
      Microsoft.Extensions.Identity.Core (>= 2.0.4) - restriction: || (&& (== net452) (>= netcoreapp2.0)) (== netcoreapp2.0) (&& (== netstandard2.0) (>= netcoreapp2.0))
      Microsoft.Extensions.Identity.Stores (>= 2.0.4) - restriction: || (&& (== net452) (>= netcoreapp2.0)) (== netcoreapp2.0) (&& (== netstandard2.0) (>= netcoreapp2.0))
      Microsoft.Extensions.Localization (>= 2.0.3) - restriction: || (&& (== net452) (>= netcoreapp2.0)) (== netcoreapp2.0) (&& (== netstandard2.0) (>= netcoreapp2.0))
      Microsoft.Extensions.Localization.Abstractions (>= 2.0.3) - restriction: || (&& (== net452) (>= netcoreapp2.0)) (== netcoreapp2.0) (&& (== netstandard2.0) (>= netcoreapp2.0))
      Microsoft.Extensions.Logging (>= 2.0.2) - restriction: || (&& (== net452) (>= netcoreapp2.0)) (== netcoreapp2.0) (&& (== netstandard2.0) (>= netcoreapp2.0))
      Microsoft.Extensions.Logging.Abstractions (>= 2.0.2) - restriction: || (&& (== net452) (>= netcoreapp2.0)) (== netcoreapp2.0) (&& (== netstandard2.0) (>= netcoreapp2.0))
      Microsoft.Extensions.Logging.AzureAppServices (>= 2.0.2) - restriction: || (&& (== net452) (>= netcoreapp2.0)) (== netcoreapp2.0) (&& (== netstandard2.0) (>= netcoreapp2.0))
      Microsoft.Extensions.Logging.Configuration (>= 2.0.2) - restriction: || (&& (== net452) (>= netcoreapp2.0)) (== netcoreapp2.0) (&& (== netstandard2.0) (>= netcoreapp2.0))
      Microsoft.Extensions.Logging.Console (>= 2.0.2) - restriction: || (&& (== net452) (>= netcoreapp2.0)) (== netcoreapp2.0) (&& (== netstandard2.0) (>= netcoreapp2.0))
      Microsoft.Extensions.Logging.Debug (>= 2.0.2) - restriction: || (&& (== net452) (>= netcoreapp2.0)) (== netcoreapp2.0) (&& (== netstandard2.0) (>= netcoreapp2.0))
      Microsoft.Extensions.Logging.EventSource (>= 2.0.2) - restriction: || (&& (== net452) (>= netcoreapp2.0)) (== netcoreapp2.0) (&& (== netstandard2.0) (>= netcoreapp2.0))
      Microsoft.Extensions.Logging.TraceSource (>= 2.0.2) - restriction: || (&& (== net452) (>= netcoreapp2.0)) (== netcoreapp2.0) (&& (== netstandard2.0) (>= netcoreapp2.0))
      Microsoft.Extensions.ObjectPool (>= 2.0) - restriction: || (&& (== net452) (>= netcoreapp2.0)) (== netcoreapp2.0) (&& (== netstandard2.0) (>= netcoreapp2.0))
      Microsoft.Extensions.Options (>= 2.0.2) - restriction: || (&& (== net452) (>= netcoreapp2.0)) (== netcoreapp2.0) (&& (== netstandard2.0) (>= netcoreapp2.0))
      Microsoft.Extensions.Options.ConfigurationExtensions (>= 2.0.2) - restriction: || (&& (== net452) (>= netcoreapp2.0)) (== netcoreapp2.0) (&& (== netstandard2.0) (>= netcoreapp2.0))
      Microsoft.Extensions.Primitives (>= 2.0) - restriction: || (&& (== net452) (>= netcoreapp2.0)) (== netcoreapp2.0) (&& (== netstandard2.0) (>= netcoreapp2.0))
      Microsoft.Extensions.WebEncoders (>= 2.0.2) - restriction: || (&& (== net452) (>= netcoreapp2.0)) (== netcoreapp2.0) (&& (== netstandard2.0) (>= netcoreapp2.0))
      Microsoft.Net.Http.Headers (>= 2.0.3) - restriction: || (&& (== net452) (>= netcoreapp2.0)) (== netcoreapp2.0) (&& (== netstandard2.0) (>= netcoreapp2.0))
      Microsoft.VisualStudio.Web.BrowserLink (>= 2.0.3) - restriction: || (&& (== net452) (>= netcoreapp2.0)) (== netcoreapp2.0) (&& (== netstandard2.0) (>= netcoreapp2.0))
    Microsoft.AspNetCore.Antiforgery (2.2) - restriction: || (&& (== net452) (>= netcoreapp2.0)) (== netcoreapp2.0) (&& (== netstandard2.0) (>= netcoreapp2.0))
      Microsoft.AspNetCore.DataProtection (>= 2.2) - restriction: || (&& (== net452) (>= netstandard2.0)) (== netcoreapp2.0) (== netstandard2.0)
      Microsoft.AspNetCore.Http.Abstractions (>= 2.2) - restriction: || (&& (== net452) (>= netstandard2.0)) (== netcoreapp2.0) (== netstandard2.0)
      Microsoft.AspNetCore.Http.Extensions (>= 2.2) - restriction: || (&& (== net452) (>= netstandard2.0)) (== netcoreapp2.0) (== netstandard2.0)
      Microsoft.AspNetCore.WebUtilities (>= 2.2) - restriction: || (&& (== net452) (>= netstandard2.0)) (== netcoreapp2.0) (== netstandard2.0)
      Microsoft.Extensions.ObjectPool (>= 2.2) - restriction: || (&& (== net452) (>= netstandard2.0)) (== netcoreapp2.0) (== netstandard2.0)
    Microsoft.AspNetCore.ApplicationInsights.HostingStartup (2.2) - restriction: || (&& (== net452) (>= netcoreapp2.0)) (== netcoreapp2.0) (&& (== netstandard2.0) (>= netcoreapp2.0))
      Microsoft.ApplicationInsights.AspNetCore (>= 2.1.1) - restriction: || (&& (== net452) (>= net461)) (&& (== net452) (>= netcoreapp2.0)) (== netcoreapp2.0) (&& (== netstandard2.0) (>= net461)) (&& (== netstandard2.0) (>= netcoreapp2.0))
      Microsoft.AspNetCore.Hosting (>= 2.2) - restriction: || (&& (== net452) (>= net461)) (&& (== net452) (>= netcoreapp2.0)) (== netcoreapp2.0) (&& (== netstandard2.0) (>= net461)) (&& (== netstandard2.0) (>= netcoreapp2.0))
      Microsoft.AspNetCore.Razor.Runtime (>= 2.2) - restriction: || (&& (== net452) (>= net461)) (&& (== net452) (>= netcoreapp2.0)) (== netcoreapp2.0) (&& (== netstandard2.0) (>= net461)) (&& (== netstandard2.0) (>= netcoreapp2.0))
      Microsoft.Extensions.Configuration.Json (>= 2.2) - restriction: || (&& (== net452) (>= net461)) (&& (== net452) (>= netcoreapp2.0)) (== netcoreapp2.0) (&& (== netstandard2.0) (>= net461)) (&& (== netstandard2.0) (>= netcoreapp2.0))
      Microsoft.Extensions.DiagnosticAdapter (>= 2.2) - restriction: || (&& (== net452) (>= net461)) (&& (== net452) (>= netcoreapp2.0)) (== netcoreapp2.0) (&& (== netstandard2.0) (>= net461)) (&& (== netstandard2.0) (>= netcoreapp2.0))
      Microsoft.Extensions.Logging (>= 2.2) - restriction: || (&& (== net452) (>= net461)) (&& (== net452) (>= netcoreapp2.0)) (== netcoreapp2.0) (&& (== netstandard2.0) (>= net461)) (&& (== netstandard2.0) (>= netcoreapp2.0))
      Microsoft.Extensions.Logging.Configuration (>= 2.2) - restriction: || (&& (== net452) (>= net461)) (&& (== net452) (>= netcoreapp2.0)) (== netcoreapp2.0) (&& (== netstandard2.0) (>= net461)) (&& (== netstandard2.0) (>= netcoreapp2.0))
    Microsoft.AspNetCore.Authentication (2.2) - restriction: || (&& (== net452) (>= netcoreapp2.0)) (== netcoreapp2.0) (&& (== netstandard2.0) (>= netcoreapp2.0))
      Microsoft.AspNetCore.Authentication.Core (>= 2.2) - restriction: || (&& (== net452) (>= netstandard2.0)) (== netcoreapp2.0) (== netstandard2.0)
      Microsoft.AspNetCore.DataProtection (>= 2.2) - restriction: || (&& (== net452) (>= netstandard2.0)) (== netcoreapp2.0) (== netstandard2.0)
      Microsoft.AspNetCore.Http (>= 2.2) - restriction: || (&& (== net452) (>= netstandard2.0)) (== netcoreapp2.0) (== netstandard2.0)
      Microsoft.AspNetCore.Http.Extensions (>= 2.2) - restriction: || (&& (== net452) (>= netstandard2.0)) (== netcoreapp2.0) (== netstandard2.0)
      Microsoft.Extensions.Logging.Abstractions (>= 2.2) - restriction: || (&& (== net452) (>= netstandard2.0)) (== netcoreapp2.0) (== netstandard2.0)
      Microsoft.Extensions.Options (>= 2.2) - restriction: || (&& (== net452) (>= netstandard2.0)) (== netcoreapp2.0) (== netstandard2.0)
      Microsoft.Extensions.WebEncoders (>= 2.2) - restriction: || (&& (== net452) (>= netstandard2.0)) (== netcoreapp2.0) (== netstandard2.0)
    Microsoft.AspNetCore.Authentication.Abstractions (2.2) - restriction: || (&& (== net452) (>= netcoreapp2.0)) (== netcoreapp2.0) (&& (== netstandard2.0) (>= netcoreapp2.0))
      Microsoft.AspNetCore.Http.Abstractions (>= 2.2) - restriction: || (&& (== net452) (>= netstandard2.0)) (== netcoreapp2.0) (== netstandard2.0)
      Microsoft.Extensions.Logging.Abstractions (>= 2.2) - restriction: || (&& (== net452) (>= netstandard2.0)) (== netcoreapp2.0) (== netstandard2.0)
      Microsoft.Extensions.Options (>= 2.2) - restriction: || (&& (== net452) (>= netstandard2.0)) (== netcoreapp2.0) (== netstandard2.0)
    Microsoft.AspNetCore.Authentication.Cookies (2.2) - restriction: || (&& (== net452) (>= netcoreapp2.0)) (== netcoreapp2.0) (&& (== netstandard2.0) (>= netcoreapp2.0))
      Microsoft.AspNetCore.Authentication (>= 2.2) - restriction: || (&& (== net452) (>= netstandard2.0)) (== netcoreapp2.0) (== netstandard2.0)
    Microsoft.AspNetCore.Authentication.Core (2.2) - restriction: || (&& (== net452) (>= netcoreapp2.0)) (== netcoreapp2.0) (&& (== netstandard2.0) (>= netcoreapp2.0))
      Microsoft.AspNetCore.Authentication.Abstractions (>= 2.2) - restriction: || (&& (== net452) (>= netstandard2.0)) (== netcoreapp2.0) (== netstandard2.0)
      Microsoft.AspNetCore.Http (>= 2.2) - restriction: || (&& (== net452) (>= netstandard2.0)) (== netcoreapp2.0) (== netstandard2.0)
      Microsoft.AspNetCore.Http.Extensions (>= 2.2) - restriction: || (&& (== net452) (>= netstandard2.0)) (== netcoreapp2.0) (== netstandard2.0)
    Microsoft.AspNetCore.Authentication.Facebook (2.2) - restriction: || (&& (== net452) (>= netcoreapp2.0)) (== netcoreapp2.0) (&& (== netstandard2.0) (>= netcoreapp2.0))
      Microsoft.AspNetCore.Authentication.OAuth (>= 2.2) - restriction: || (&& (== net452) (>= netstandard2.0)) (== netcoreapp2.0) (== netstandard2.0)
    Microsoft.AspNetCore.Authentication.Google (2.2) - restriction: || (&& (== net452) (>= netcoreapp2.0)) (== netcoreapp2.0) (&& (== netstandard2.0) (>= netcoreapp2.0))
      Microsoft.AspNetCore.Authentication.OAuth (>= 2.2) - restriction: || (&& (== net452) (>= netstandard2.0)) (== netcoreapp2.0) (== netstandard2.0)
    Microsoft.AspNetCore.Authentication.JwtBearer (2.2) - restriction: || (&& (== net452) (>= netcoreapp2.0)) (== netcoreapp2.0) (&& (== netstandard2.0) (>= netcoreapp2.0))
      Microsoft.AspNetCore.Authentication (>= 2.2) - restriction: || (&& (== net452) (>= netstandard2.0)) (== netcoreapp2.0) (== netstandard2.0)
      Microsoft.IdentityModel.Protocols.OpenIdConnect (>= 5.3) - restriction: || (&& (== net452) (>= netstandard2.0)) (== netcoreapp2.0) (== netstandard2.0)
    Microsoft.AspNetCore.Authentication.MicrosoftAccount (2.2) - restriction: || (&& (== net452) (>= netcoreapp2.0)) (== netcoreapp2.0) (&& (== netstandard2.0) (>= netcoreapp2.0))
      Microsoft.AspNetCore.Authentication.OAuth (>= 2.2) - restriction: || (&& (== net452) (>= netstandard2.0)) (== netcoreapp2.0) (== netstandard2.0)
    Microsoft.AspNetCore.Authentication.OAuth (2.2) - restriction: || (&& (== net452) (>= netcoreapp2.0)) (== netcoreapp2.0) (&& (== netstandard2.0) (>= netcoreapp2.0))
      Microsoft.AspNetCore.Authentication (>= 2.2) - restriction: || (&& (== net452) (>= netstandard2.0)) (== netcoreapp2.0) (== netstandard2.0)
      Newtonsoft.Json (>= 11.0.2) - restriction: || (&& (== net452) (>= netstandard2.0)) (== netcoreapp2.0) (== netstandard2.0)
    Microsoft.AspNetCore.Authentication.OpenIdConnect (2.2) - restriction: || (&& (== net452) (>= netcoreapp2.0)) (== netcoreapp2.0) (&& (== netstandard2.0) (>= netcoreapp2.0))
      Microsoft.AspNetCore.Authentication.OAuth (>= 2.2) - restriction: || (&& (== net452) (>= netstandard2.0)) (== netcoreapp2.0) (== netstandard2.0)
      Microsoft.IdentityModel.Protocols.OpenIdConnect (>= 5.3) - restriction: || (&& (== net452) (>= netstandard2.0)) (== netcoreapp2.0) (== netstandard2.0)
    Microsoft.AspNetCore.Authentication.Twitter (2.2) - restriction: || (&& (== net452) (>= netcoreapp2.0)) (== netcoreapp2.0) (&& (== netstandard2.0) (>= netcoreapp2.0))
      Microsoft.AspNetCore.Authentication.OAuth (>= 2.2) - restriction: || (&& (== net452) (>= netstandard2.0)) (== netcoreapp2.0) (== netstandard2.0)
    Microsoft.AspNetCore.Authorization (2.2) - restriction: || (&& (== net452) (>= netcoreapp2.0)) (== netcoreapp2.0) (&& (== netstandard2.0) (>= netcoreapp2.0))
      Microsoft.Extensions.Logging.Abstractions (>= 2.2) - restriction: || (&& (== net452) (>= netstandard2.0)) (== netcoreapp2.0) (== netstandard2.0)
      Microsoft.Extensions.Options (>= 2.2) - restriction: || (&& (== net452) (>= netstandard2.0)) (== netcoreapp2.0) (== netstandard2.0)
    Microsoft.AspNetCore.Authorization.Policy (2.2) - restriction: || (&& (== net452) (>= netcoreapp2.0)) (== netcoreapp2.0) (&& (== netstandard2.0) (>= netcoreapp2.0))
      Microsoft.AspNetCore.Authentication.Abstractions (>= 2.2) - restriction: || (&& (== net452) (>= netstandard2.0)) (== netcoreapp2.0) (== netstandard2.0)
      Microsoft.AspNetCore.Authorization (>= 2.2) - restriction: || (&& (== net452) (>= netstandard2.0)) (== netcoreapp2.0) (== netstandard2.0)
    Microsoft.AspNetCore.AzureAppServices.HostingStartup (2.2) - restriction: || (&& (== net452) (>= netcoreapp2.0)) (== netcoreapp2.0) (&& (== netstandard2.0) (>= netcoreapp2.0))
      Microsoft.AspNetCore.AzureAppServicesIntegration (>= 2.2) - restriction: || (&& (== net452) (>= net461)) (&& (== net452) (>= netcoreapp2.0)) (== netcoreapp2.0) (&& (== netstandard2.0) (>= net461)) (&& (== netstandard2.0) (>= netcoreapp2.0))
      Microsoft.Extensions.Configuration.EnvironmentVariables (>= 2.2) - restriction: || (&& (== net452) (>= net461)) (&& (== net452) (>= netcoreapp2.0)) (== netcoreapp2.0) (&& (== netstandard2.0) (>= net461)) (&& (== netstandard2.0) (>= netcoreapp2.0))
    Microsoft.AspNetCore.AzureAppServicesIntegration (2.2) - restriction: || (&& (== net452) (>= netcoreapp2.0)) (== netcoreapp2.0) (&& (== netstandard2.0) (>= netcoreapp2.0))
      Microsoft.AspNetCore.Hosting (>= 2.2) - restriction: || (&& (== net452) (>= netstandard2.0)) (== netcoreapp2.0) (== netstandard2.0)
      Microsoft.Extensions.Logging.AzureAppServices (>= 2.2) - restriction: || (&& (== net452) (>= netstandard2.0)) (== netcoreapp2.0) (== netstandard2.0)
    Microsoft.AspNetCore.Connections.Abstractions (2.2) - restriction: || (&& (== net452) (>= netcoreapp2.0)) (== netcoreapp2.0) (&& (== netstandard2.0) (>= netcoreapp2.0))
      Microsoft.AspNetCore.Http.Features (>= 2.2) - restriction: || (&& (== net452) (>= netstandard2.0)) (== netcoreapp2.0) (== netstandard2.0)
      System.IO.Pipelines (>= 4.5.2) - restriction: || (&& (== net452) (>= netstandard2.0)) (== netcoreapp2.0) (== netstandard2.0)
    Microsoft.AspNetCore.CookiePolicy (2.2) - restriction: || (&& (== net452) (>= netcoreapp2.0)) (== netcoreapp2.0) (&& (== netstandard2.0) (>= netcoreapp2.0))
      Microsoft.AspNetCore.Http (>= 2.2) - restriction: || (&& (== net452) (>= netstandard2.0)) (== netcoreapp2.0) (== netstandard2.0)
      Microsoft.Extensions.Logging.Abstractions (>= 2.2) - restriction: || (&& (== net452) (>= netstandard2.0)) (== netcoreapp2.0) (== netstandard2.0)
      Microsoft.Extensions.Options (>= 2.2) - restriction: || (&& (== net452) (>= netstandard2.0)) (== netcoreapp2.0) (== netstandard2.0)
    Microsoft.AspNetCore.Cors (2.2) - restriction: || (&& (== net452) (>= netcoreapp2.0)) (== netcoreapp2.0) (&& (== netstandard2.0) (>= netcoreapp2.0))
      Microsoft.AspNetCore.Http.Extensions (>= 2.2) - restriction: || (&& (== net452) (>= netstandard2.0)) (== netcoreapp2.0) (== netstandard2.0)
      Microsoft.Extensions.Configuration.Abstractions (>= 2.2) - restriction: || (&& (== net452) (>= netstandard2.0)) (== netcoreapp2.0) (== netstandard2.0)
      Microsoft.Extensions.DependencyInjection.Abstractions (>= 2.2) - restriction: || (&& (== net452) (>= netstandard2.0)) (== netcoreapp2.0) (== netstandard2.0)
      Microsoft.Extensions.Logging.Abstractions (>= 2.2) - restriction: || (&& (== net452) (>= netstandard2.0)) (== netcoreapp2.0) (== netstandard2.0)
      Microsoft.Extensions.Options (>= 2.2) - restriction: || (&& (== net452) (>= netstandard2.0)) (== netcoreapp2.0) (== netstandard2.0)
    Microsoft.AspNetCore.Cryptography.Internal (2.2) - restriction: || (&& (== net452) (>= netcoreapp2.0)) (== netcoreapp2.0) (&& (== netstandard2.0) (>= netcoreapp2.0))
    Microsoft.AspNetCore.Cryptography.KeyDerivation (2.2) - restriction: || (&& (== net452) (>= netcoreapp2.0)) (== netcoreapp2.0) (&& (== netstandard2.0) (>= netcoreapp2.0))
      Microsoft.AspNetCore.Cryptography.Internal (>= 2.2) - restriction: || (&& (== net452) (>= netstandard2.0)) (== netcoreapp2.0) (== netstandard2.0)
    Microsoft.AspNetCore.DataProtection (2.2) - restriction: || (&& (== net452) (>= netcoreapp2.0)) (== netcoreapp2.0) (&& (== netstandard2.0) (>= netcoreapp2.0))
      Microsoft.AspNetCore.Cryptography.Internal (>= 2.2) - restriction: || (&& (== net452) (>= netstandard2.0)) (== netcoreapp2.0) (== netstandard2.0)
      Microsoft.AspNetCore.DataProtection.Abstractions (>= 2.2) - restriction: || (&& (== net452) (>= netstandard2.0)) (== netcoreapp2.0) (== netstandard2.0)
      Microsoft.AspNetCore.Hosting.Abstractions (>= 2.2) - restriction: || (&& (== net452) (>= netstandard2.0)) (== netcoreapp2.0) (== netstandard2.0)
      Microsoft.Extensions.DependencyInjection.Abstractions (>= 2.2) - restriction: || (&& (== net452) (>= netstandard2.0)) (== netcoreapp2.0) (== netstandard2.0)
      Microsoft.Extensions.Logging.Abstractions (>= 2.2) - restriction: || (&& (== net452) (>= netstandard2.0)) (== netcoreapp2.0) (== netstandard2.0)
      Microsoft.Extensions.Options (>= 2.2) - restriction: || (&& (== net452) (>= netstandard2.0)) (== netcoreapp2.0) (== netstandard2.0)
      Microsoft.Win32.Registry (>= 4.5) - restriction: || (&& (== net452) (>= netstandard2.0)) (== netcoreapp2.0) (== netstandard2.0)
      System.Security.Cryptography.Xml (>= 4.5) - restriction: || (&& (== net452) (>= netstandard2.0)) (== netcoreapp2.0) (== netstandard2.0)
      System.Security.Principal.Windows (>= 4.5) - restriction: || (&& (== net452) (>= netstandard2.0)) (== netcoreapp2.0) (== netstandard2.0)
    Microsoft.AspNetCore.DataProtection.Abstractions (2.2) - restriction: || (&& (== net452) (>= netcoreapp2.0)) (== netcoreapp2.0) (&& (== netstandard2.0) (>= netcoreapp2.0))
    Microsoft.AspNetCore.DataProtection.AzureStorage (2.2) - restriction: || (&& (== net452) (>= netcoreapp2.0)) (== netcoreapp2.0) (&& (== netstandard2.0) (>= netcoreapp2.0))
      Microsoft.AspNetCore.DataProtection (>= 2.2) - restriction: || (&& (== net452) (>= netstandard2.0)) (== netcoreapp2.0) (== netstandard2.0)
      WindowsAzure.Storage (>= 8.1.4) - restriction: || (&& (== net452) (>= netstandard2.0)) (== netcoreapp2.0) (== netstandard2.0)
    Microsoft.AspNetCore.DataProtection.Extensions (2.2) - restriction: || (&& (== net452) (>= netcoreapp2.0)) (== netcoreapp2.0) (&& (== netstandard2.0) (>= netcoreapp2.0))
      Microsoft.AspNetCore.DataProtection (>= 2.2) - restriction: || (&& (== net452) (>= netstandard2.0)) (== netcoreapp2.0) (== netstandard2.0)
      Microsoft.Extensions.DependencyInjection (>= 2.2) - restriction: || (&& (== net452) (>= netstandard2.0)) (== netcoreapp2.0) (== netstandard2.0)
    Microsoft.AspNetCore.Diagnostics (2.2) - restriction: || (&& (== net452) (>= netcoreapp2.0)) (== netcoreapp2.0) (&& (== netstandard2.0) (>= netcoreapp2.0))
      Microsoft.AspNetCore.Diagnostics.Abstractions (>= 2.2) - restriction: || (&& (== net452) (>= netstandard2.0)) (== netcoreapp2.0) (== netstandard2.0)
      Microsoft.AspNetCore.Hosting.Abstractions (>= 2.2) - restriction: || (&& (== net452) (>= netstandard2.0)) (== netcoreapp2.0) (== netstandard2.0)
      Microsoft.AspNetCore.Http.Extensions (>= 2.2) - restriction: || (&& (== net452) (>= netstandard2.0)) (== netcoreapp2.0) (== netstandard2.0)
      Microsoft.AspNetCore.WebUtilities (>= 2.2) - restriction: || (&& (== net452) (>= netstandard2.0)) (== netcoreapp2.0) (== netstandard2.0)
      Microsoft.Extensions.FileProviders.Physical (>= 2.2) - restriction: || (&& (== net452) (>= netstandard2.0)) (== netcoreapp2.0) (== netstandard2.0)
      Microsoft.Extensions.Logging.Abstractions (>= 2.2) - restriction: || (&& (== net452) (>= netstandard2.0)) (== netcoreapp2.0) (== netstandard2.0)
      Microsoft.Extensions.Options (>= 2.2) - restriction: || (&& (== net452) (>= netstandard2.0)) (== netcoreapp2.0) (== netstandard2.0)
      System.Diagnostics.DiagnosticSource (>= 4.5) - restriction: || (&& (== net452) (>= netstandard2.0)) (== netcoreapp2.0) (== netstandard2.0)
      System.Reflection.Metadata (>= 1.6) - restriction: || (&& (== net452) (>= netstandard2.0)) (== netcoreapp2.0) (== netstandard2.0)
    Microsoft.AspNetCore.Diagnostics.Abstractions (2.2) - restriction: || (&& (== net452) (>= netcoreapp2.0)) (== netcoreapp2.0) (&& (== netstandard2.0) (>= netcoreapp2.0))
    Microsoft.AspNetCore.Diagnostics.EntityFrameworkCore (2.2) - restriction: || (&& (== net452) (>= netcoreapp2.0)) (== netcoreapp2.0) (&& (== netstandard2.0) (>= netcoreapp2.0))
      Microsoft.AspNetCore.Http.Abstractions (>= 2.2) - restriction: || (&& (== net452) (>= netstandard2.0)) (== netcoreapp2.0) (== netstandard2.0)
      Microsoft.EntityFrameworkCore.Relational (>= 2.2) - restriction: || (&& (== net452) (>= netstandard2.0)) (== netcoreapp2.0) (== netstandard2.0)
    Microsoft.AspNetCore.HostFiltering (2.2) - restriction: || (&& (== net452) (>= netcoreapp2.0)) (== netcoreapp2.0) (&& (== netstandard2.0) (>= netcoreapp2.0))
      Microsoft.AspNetCore.Hosting.Abstractions (>= 2.2) - restriction: || (&& (== net452) (>= netstandard2.0)) (== netcoreapp2.0) (== netstandard2.0)
      Microsoft.AspNetCore.Http (>= 2.2) - restriction: || (&& (== net452) (>= netstandard2.0)) (== netcoreapp2.0) (== netstandard2.0)
      Microsoft.AspNetCore.Http.Extensions (>= 2.2) - restriction: || (&& (== net452) (>= netstandard2.0)) (== netcoreapp2.0) (== netstandard2.0)
      Microsoft.Extensions.Options (>= 2.2) - restriction: || (&& (== net452) (>= netstandard2.0)) (== netcoreapp2.0) (== netstandard2.0)
    Microsoft.AspNetCore.Hosting (2.2) - restriction: || (&& (== net452) (>= netcoreapp2.0)) (== netcoreapp2.0) (&& (== netstandard2.0) (>= netcoreapp2.0))
      Microsoft.AspNetCore.Hosting.Abstractions (>= 2.2) - restriction: || (&& (== net452) (>= netstandard2.0)) (== netcoreapp2.0) (== netstandard2.0)
      Microsoft.AspNetCore.Http (>= 2.2) - restriction: || (&& (== net452) (>= netstandard2.0)) (== netcoreapp2.0) (== netstandard2.0)
      Microsoft.AspNetCore.Http.Extensions (>= 2.2) - restriction: || (&& (== net452) (>= netstandard2.0)) (== netcoreapp2.0) (== netstandard2.0)
      Microsoft.Extensions.Configuration (>= 2.2) - restriction: || (&& (== net452) (>= netstandard2.0)) (== netcoreapp2.0) (== netstandard2.0)
      Microsoft.Extensions.Configuration.EnvironmentVariables (>= 2.2) - restriction: || (&& (== net452) (>= netstandard2.0)) (== netcoreapp2.0) (== netstandard2.0)
      Microsoft.Extensions.Configuration.FileExtensions (>= 2.2) - restriction: || (&& (== net452) (>= netstandard2.0)) (== netcoreapp2.0) (== netstandard2.0)
      Microsoft.Extensions.DependencyInjection (>= 2.2) - restriction: || (&& (== net452) (>= netstandard2.0)) (== netcoreapp2.0) (== netstandard2.0)
      Microsoft.Extensions.FileProviders.Physical (>= 2.2) - restriction: || (&& (== net452) (>= netstandard2.0)) (== netcoreapp2.0) (== netstandard2.0)
      Microsoft.Extensions.Hosting.Abstractions (>= 2.2) - restriction: || (&& (== net452) (>= netstandard2.0)) (== netcoreapp2.0) (== netstandard2.0)
      Microsoft.Extensions.Logging (>= 2.2) - restriction: || (&& (== net452) (>= netstandard2.0)) (== netcoreapp2.0) (== netstandard2.0)
      Microsoft.Extensions.Options (>= 2.2) - restriction: || (&& (== net452) (>= netstandard2.0)) (== netcoreapp2.0) (== netstandard2.0)
      System.Diagnostics.DiagnosticSource (>= 4.5) - restriction: || (&& (== net452) (>= netstandard2.0)) (== netcoreapp2.0) (== netstandard2.0)
      System.Reflection.Metadata (>= 1.6) - restriction: || (&& (== net452) (>= netstandard2.0)) (== netcoreapp2.0) (== netstandard2.0)
    Microsoft.AspNetCore.Hosting.Abstractions (2.2) - restriction: || (&& (== net452) (>= netcoreapp2.0)) (== netcoreapp2.0) (&& (== netstandard2.0) (>= netcoreapp2.0))
      Microsoft.AspNetCore.Hosting.Server.Abstractions (>= 2.2) - restriction: || (&& (== net452) (>= netstandard2.0)) (== netcoreapp2.0) (== netstandard2.0)
      Microsoft.AspNetCore.Http.Abstractions (>= 2.2) - restriction: || (&& (== net452) (>= netstandard2.0)) (== netcoreapp2.0) (== netstandard2.0)
      Microsoft.Extensions.Hosting.Abstractions (>= 2.2) - restriction: || (&& (== net452) (>= netstandard2.0)) (== netcoreapp2.0) (== netstandard2.0)
    Microsoft.AspNetCore.Hosting.Server.Abstractions (2.2) - restriction: || (&& (== net452) (>= netcoreapp2.0)) (== netcoreapp2.0) (&& (== netstandard2.0) (>= netcoreapp2.0))
      Microsoft.AspNetCore.Http.Features (>= 2.2) - restriction: || (&& (== net452) (>= netstandard2.0)) (== netcoreapp2.0) (== netstandard2.0)
      Microsoft.Extensions.Configuration.Abstractions (>= 2.2) - restriction: || (&& (== net452) (>= netstandard2.0)) (== netcoreapp2.0) (== netstandard2.0)
    Microsoft.AspNetCore.Html.Abstractions (2.2) - restriction: || (&& (== net452) (>= netcoreapp2.0)) (== netcoreapp2.0) (&& (== netstandard2.0) (>= netcoreapp2.0))
      System.Text.Encodings.Web (>= 4.5) - restriction: || (&& (== net452) (>= netstandard2.0)) (== netcoreapp2.0) (== netstandard2.0)
    Microsoft.AspNetCore.Http (2.2) - restriction: || (&& (== net452) (>= netcoreapp2.0)) (== netcoreapp2.0) (&& (== netstandard2.0) (>= netcoreapp2.0))
      Microsoft.AspNetCore.Http.Abstractions (>= 2.2) - restriction: || (&& (== net452) (>= netstandard2.0)) (== netcoreapp2.0) (== netstandard2.0)
      Microsoft.AspNetCore.WebUtilities (>= 2.2) - restriction: || (&& (== net452) (>= netstandard2.0)) (== netcoreapp2.0) (== netstandard2.0)
      Microsoft.Extensions.ObjectPool (>= 2.2) - restriction: || (&& (== net452) (>= netstandard2.0)) (== netcoreapp2.0) (== netstandard2.0)
      Microsoft.Extensions.Options (>= 2.2) - restriction: || (&& (== net452) (>= netstandard2.0)) (== netcoreapp2.0) (== netstandard2.0)
      Microsoft.Net.Http.Headers (>= 2.2) - restriction: || (&& (== net452) (>= netstandard2.0)) (== netcoreapp2.0) (== netstandard2.0)
    Microsoft.AspNetCore.Http.Abstractions (2.2) - restriction: || (&& (== net452) (>= netcoreapp2.0)) (== netcoreapp2.0) (&& (== netstandard2.0) (>= netcoreapp2.0))
      Microsoft.AspNetCore.Http.Features (>= 2.2) - restriction: || (&& (== net452) (>= netstandard2.0)) (== netcoreapp2.0) (== netstandard2.0)
      System.Text.Encodings.Web (>= 4.5) - restriction: || (&& (== net452) (>= netstandard2.0)) (== netcoreapp2.0) (== netstandard2.0)
    Microsoft.AspNetCore.Http.Extensions (2.2) - restriction: || (&& (== net452) (>= netcoreapp2.0)) (== netcoreapp2.0) (&& (== netstandard2.0) (>= netcoreapp2.0))
      Microsoft.AspNetCore.Http.Abstractions (>= 2.2) - restriction: || (&& (== net452) (>= netstandard2.0)) (== netcoreapp2.0) (== netstandard2.0)
      Microsoft.Extensions.FileProviders.Abstractions (>= 2.2) - restriction: || (&& (== net452) (>= netstandard2.0)) (== netcoreapp2.0) (== netstandard2.0)
      Microsoft.Net.Http.Headers (>= 2.2) - restriction: || (&& (== net452) (>= netstandard2.0)) (== netcoreapp2.0) (== netstandard2.0)
      System.Buffers (>= 4.5) - restriction: || (&& (== net452) (>= netstandard2.0)) (== netcoreapp2.0) (== netstandard2.0)
    Microsoft.AspNetCore.Http.Features (2.2) - restriction: || (&& (== net452) (>= netcoreapp2.0)) (== netcoreapp2.0) (&& (== netstandard2.0) (>= netcoreapp2.0))
      Microsoft.Extensions.Primitives (>= 2.2) - restriction: || (&& (== net452) (>= netstandard2.0)) (== netcoreapp2.0) (== netstandard2.0)
    Microsoft.AspNetCore.HttpOverrides (2.2) - restriction: || (&& (== net452) (>= netcoreapp2.0)) (== netcoreapp2.0) (&& (== netstandard2.0) (>= netcoreapp2.0))
      Microsoft.AspNetCore.Http.Extensions (>= 2.2) - restriction: || (&& (== net452) (>= netstandard2.0)) (== netcoreapp2.0) (== netstandard2.0)
      Microsoft.Extensions.Logging.Abstractions (>= 2.2) - restriction: || (&& (== net452) (>= netstandard2.0)) (== netcoreapp2.0) (== netstandard2.0)
      Microsoft.Extensions.Options (>= 2.2) - restriction: || (&& (== net452) (>= netstandard2.0)) (== netcoreapp2.0) (== netstandard2.0)
    Microsoft.AspNetCore.Identity (2.2) - restriction: || (&& (== net452) (>= netcoreapp2.0)) (== netcoreapp2.0) (&& (== netstandard2.0) (>= netcoreapp2.0))
      Microsoft.AspNetCore.Authentication.Cookies (>= 2.2) - restriction: || (&& (== net452) (>= netstandard2.0)) (== netcoreapp2.0) (== netstandard2.0)
      Microsoft.AspNetCore.Cryptography.KeyDerivation (>= 2.2) - restriction: || (&& (== net452) (>= netstandard2.0)) (== netcoreapp2.0) (== netstandard2.0)
      Microsoft.AspNetCore.Hosting.Abstractions (>= 2.2) - restriction: || (&& (== net452) (>= netstandard2.0)) (== netcoreapp2.0) (== netstandard2.0)
      Microsoft.Extensions.Identity.Core (>= 2.2) - restriction: || (&& (== net452) (>= netstandard2.0)) (== netcoreapp2.0) (== netstandard2.0)
    Microsoft.AspNetCore.Identity.EntityFrameworkCore (2.2) - restriction: || (&& (== net452) (>= netcoreapp2.0)) (== netcoreapp2.0) (&& (== netstandard2.0) (>= netcoreapp2.0))
      Microsoft.AspNetCore.Identity (>= 2.2) - restriction: || (&& (== net452) (>= netstandard2.0)) (== netcoreapp2.0) (== netstandard2.0)
      Microsoft.EntityFrameworkCore.Relational (>= 2.2) - restriction: || (&& (== net452) (>= netstandard2.0)) (== netcoreapp2.0) (== netstandard2.0)
      Microsoft.Extensions.Identity.Stores (>= 2.2) - restriction: || (&& (== net452) (>= netstandard2.0)) (== netcoreapp2.0) (== netstandard2.0)
    Microsoft.AspNetCore.JsonPatch (2.2) - restriction: || (&& (== net452) (>= netcoreapp2.0)) (== netcoreapp2.0) (&& (== netstandard2.0) (>= netcoreapp2.0))
      Microsoft.CSharp (>= 4.5) - restriction: || (&& (== net452) (>= netstandard2.0)) (== netcoreapp2.0) (== netstandard2.0)
      Newtonsoft.Json (>= 11.0.2) - restriction: || (&& (== net452) (>= netstandard2.0)) (== netcoreapp2.0) (== netstandard2.0)
    Microsoft.AspNetCore.Localization (2.2) - restriction: || (&& (== net452) (>= netcoreapp2.0)) (== netcoreapp2.0) (&& (== netstandard2.0) (>= netcoreapp2.0))
      Microsoft.AspNetCore.Http.Extensions (>= 2.2) - restriction: || (&& (== net452) (>= netstandard2.0)) (== netcoreapp2.0) (== netstandard2.0)
      Microsoft.Extensions.Localization.Abstractions (>= 2.2) - restriction: || (&& (== net452) (>= netstandard2.0)) (== netcoreapp2.0) (== netstandard2.0)
      Microsoft.Extensions.Logging.Abstractions (>= 2.2) - restriction: || (&& (== net452) (>= netstandard2.0)) (== netcoreapp2.0) (== netstandard2.0)
      Microsoft.Extensions.Options (>= 2.2) - restriction: || (&& (== net452) (>= netstandard2.0)) (== netcoreapp2.0) (== netstandard2.0)
    Microsoft.AspNetCore.Localization.Routing (2.2) - restriction: || (&& (== net452) (>= netcoreapp2.0)) (== netcoreapp2.0) (&& (== netstandard2.0) (>= netcoreapp2.0))
      Microsoft.AspNetCore.Localization (>= 2.2) - restriction: || (&& (== net452) (>= netstandard2.0)) (== netcoreapp2.0) (== netstandard2.0)
      Microsoft.AspNetCore.Routing.Abstractions (>= 2.2) - restriction: || (&& (== net452) (>= netstandard2.0)) (== netcoreapp2.0) (== netstandard2.0)
    Microsoft.AspNetCore.MiddlewareAnalysis (2.2) - restriction: || (&& (== net452) (>= netcoreapp2.0)) (== netcoreapp2.0) (&& (== netstandard2.0) (>= netcoreapp2.0))
      Microsoft.AspNetCore.Hosting.Abstractions (>= 2.2) - restriction: || (&& (== net452) (>= netstandard2.0)) (== netcoreapp2.0) (== netstandard2.0)
      Microsoft.Extensions.DependencyInjection.Abstractions (>= 2.2) - restriction: || (&& (== net452) (>= netstandard2.0)) (== netcoreapp2.0) (== netstandard2.0)
      System.Diagnostics.DiagnosticSource (>= 4.5) - restriction: || (&& (== net452) (>= netstandard2.0)) (== netcoreapp2.0) (== netstandard2.0)
    Microsoft.AspNetCore.Mvc (2.2) - restriction: || (&& (== net452) (>= netcoreapp2.0)) (== netcoreapp2.0) (&& (== netstandard2.0) (>= netcoreapp2.0))
      Microsoft.AspNetCore.Mvc.Analyzers (>= 2.2) - restriction: || (&& (== net452) (>= netstandard2.0)) (== netcoreapp2.0) (== netstandard2.0)
      Microsoft.AspNetCore.Mvc.ApiExplorer (>= 2.2) - restriction: || (&& (== net452) (>= netstandard2.0)) (== netcoreapp2.0) (== netstandard2.0)
      Microsoft.AspNetCore.Mvc.Cors (>= 2.2) - restriction: || (&& (== net452) (>= netstandard2.0)) (== netcoreapp2.0) (== netstandard2.0)
      Microsoft.AspNetCore.Mvc.DataAnnotations (>= 2.2) - restriction: || (&& (== net452) (>= netstandard2.0)) (== netcoreapp2.0) (== netstandard2.0)
      Microsoft.AspNetCore.Mvc.Formatters.Json (>= 2.2) - restriction: || (&& (== net452) (>= netstandard2.0)) (== netcoreapp2.0) (== netstandard2.0)
      Microsoft.AspNetCore.Mvc.Localization (>= 2.2) - restriction: || (&& (== net452) (>= netstandard2.0)) (== netcoreapp2.0) (== netstandard2.0)
      Microsoft.AspNetCore.Mvc.Razor.Extensions (>= 2.2) - restriction: || (&& (== net452) (>= netstandard2.0)) (== netcoreapp2.0) (== netstandard2.0)
      Microsoft.AspNetCore.Mvc.RazorPages (>= 2.2) - restriction: || (&& (== net452) (>= netstandard2.0)) (== netcoreapp2.0) (== netstandard2.0)
      Microsoft.AspNetCore.Mvc.TagHelpers (>= 2.2) - restriction: || (&& (== net452) (>= netstandard2.0)) (== netcoreapp2.0) (== netstandard2.0)
      Microsoft.AspNetCore.Mvc.ViewFeatures (>= 2.2) - restriction: || (&& (== net452) (>= netstandard2.0)) (== netcoreapp2.0) (== netstandard2.0)
      Microsoft.AspNetCore.Razor.Design (>= 2.2) - restriction: || (&& (== net452) (>= netstandard2.0)) (== netcoreapp2.0) (== netstandard2.0)
      Microsoft.Extensions.Caching.Memory (>= 2.2) - restriction: || (&& (== net452) (>= netstandard2.0)) (== netcoreapp2.0) (== netstandard2.0)
      Microsoft.Extensions.DependencyInjection (>= 2.2) - restriction: || (&& (== net452) (>= netstandard2.0)) (== netcoreapp2.0) (== netstandard2.0)
    Microsoft.AspNetCore.Mvc.Abstractions (2.2) - restriction: || (&& (== net452) (>= netcoreapp2.0)) (== netcoreapp2.0) (&& (== netstandard2.0) (>= netcoreapp2.0))
      Microsoft.AspNetCore.Routing.Abstractions (>= 2.2) - restriction: || (&& (== net452) (>= netstandard2.0)) (== netcoreapp2.0) (== netstandard2.0)
      Microsoft.Net.Http.Headers (>= 2.2) - restriction: || (&& (== net452) (>= netstandard2.0)) (== netcoreapp2.0) (== netstandard2.0)
    Microsoft.AspNetCore.Mvc.Analyzers (2.2) - restriction: || (&& (== net452) (>= netcoreapp2.0)) (== netcoreapp2.0) (&& (== netstandard2.0) (>= netcoreapp2.0))
    Microsoft.AspNetCore.Mvc.ApiExplorer (2.2) - restriction: || (&& (== net452) (>= netcoreapp2.0)) (== netcoreapp2.0) (&& (== netstandard2.0) (>= netcoreapp2.0))
      Microsoft.AspNetCore.Mvc.Core (>= 2.2) - restriction: || (&& (== net452) (>= netstandard2.0)) (== netcoreapp2.0) (== netstandard2.0)
    Microsoft.AspNetCore.Mvc.Core (2.2) - restriction: || (&& (== net452) (>= netcoreapp2.0)) (== netcoreapp2.0) (&& (== netstandard2.0) (>= netcoreapp2.0))
      Microsoft.AspNetCore.Authentication.Core (>= 2.2) - restriction: || (&& (== net452) (>= netstandard2.0)) (== netcoreapp2.0) (== netstandard2.0)
      Microsoft.AspNetCore.Authorization.Policy (>= 2.2) - restriction: || (&& (== net452) (>= netstandard2.0)) (== netcoreapp2.0) (== netstandard2.0)
      Microsoft.AspNetCore.Hosting.Abstractions (>= 2.2) - restriction: || (&& (== net452) (>= netstandard2.0)) (== netcoreapp2.0) (== netstandard2.0)
      Microsoft.AspNetCore.Http (>= 2.2) - restriction: || (&& (== net452) (>= netstandard2.0)) (== netcoreapp2.0) (== netstandard2.0)
      Microsoft.AspNetCore.Http.Extensions (>= 2.2) - restriction: || (&& (== net452) (>= netstandard2.0)) (== netcoreapp2.0) (== netstandard2.0)
      Microsoft.AspNetCore.Mvc.Abstractions (>= 2.2) - restriction: || (&& (== net452) (>= netstandard2.0)) (== netcoreapp2.0) (== netstandard2.0)
      Microsoft.AspNetCore.ResponseCaching.Abstractions (>= 2.2) - restriction: || (&& (== net452) (>= netstandard2.0)) (== netcoreapp2.0) (== netstandard2.0)
      Microsoft.AspNetCore.Routing (>= 2.2) - restriction: || (&& (== net452) (>= netstandard2.0)) (== netcoreapp2.0) (== netstandard2.0)
      Microsoft.AspNetCore.Routing.Abstractions (>= 2.2) - restriction: || (&& (== net452) (>= netstandard2.0)) (== netcoreapp2.0) (== netstandard2.0)
      Microsoft.Extensions.DependencyInjection (>= 2.2) - restriction: || (&& (== net452) (>= netstandard2.0)) (== netcoreapp2.0) (== netstandard2.0)
      Microsoft.Extensions.DependencyModel (>= 2.1) - restriction: || (&& (== net452) (>= netstandard2.0)) (== netcoreapp2.0) (== netstandard2.0)
      Microsoft.Extensions.FileProviders.Abstractions (>= 2.2) - restriction: || (&& (== net452) (>= netstandard2.0)) (== netcoreapp2.0) (== netstandard2.0)
      Microsoft.Extensions.Logging.Abstractions (>= 2.2) - restriction: || (&& (== net452) (>= netstandard2.0)) (== netcoreapp2.0) (== netstandard2.0)
      System.Diagnostics.DiagnosticSource (>= 4.5) - restriction: || (&& (== net452) (>= netstandard2.0)) (== netcoreapp2.0) (== netstandard2.0)
      System.Threading.Tasks.Extensions (>= 4.5.1) - restriction: || (&& (== net452) (>= netstandard2.0)) (== netcoreapp2.0) (== netstandard2.0)
    Microsoft.AspNetCore.Mvc.Cors (2.2) - restriction: || (&& (== net452) (>= netcoreapp2.0)) (== netcoreapp2.0) (&& (== netstandard2.0) (>= netcoreapp2.0))
      Microsoft.AspNetCore.Cors (>= 2.2) - restriction: || (&& (== net452) (>= netstandard2.0)) (== netcoreapp2.0) (== netstandard2.0)
      Microsoft.AspNetCore.Mvc.Core (>= 2.2) - restriction: || (&& (== net452) (>= netstandard2.0)) (== netcoreapp2.0) (== netstandard2.0)
    Microsoft.AspNetCore.Mvc.DataAnnotations (2.2) - restriction: || (&& (== net452) (>= netcoreapp2.0)) (== netcoreapp2.0) (&& (== netstandard2.0) (>= netcoreapp2.0))
      Microsoft.AspNetCore.Mvc.Core (>= 2.2) - restriction: || (&& (== net452) (>= netstandard2.0)) (== netcoreapp2.0) (== netstandard2.0)
      Microsoft.Extensions.Localization (>= 2.2) - restriction: || (&& (== net452) (>= netstandard2.0)) (== netcoreapp2.0) (== netstandard2.0)
      System.ComponentModel.Annotations (>= 4.5) - restriction: || (&& (== net452) (>= netstandard2.0)) (== netcoreapp2.0) (== netstandard2.0)
    Microsoft.AspNetCore.Mvc.Formatters.Json (2.2) - restriction: || (&& (== net452) (>= netcoreapp2.0)) (== netcoreapp2.0) (&& (== netstandard2.0) (>= netcoreapp2.0))
      Microsoft.AspNetCore.JsonPatch (>= 2.2) - restriction: || (&& (== net452) (>= netstandard2.0)) (== netcoreapp2.0) (== netstandard2.0)
      Microsoft.AspNetCore.Mvc.Core (>= 2.2) - restriction: || (&& (== net452) (>= netstandard2.0)) (== netcoreapp2.0) (== netstandard2.0)
    Microsoft.AspNetCore.Mvc.Formatters.Xml (2.2) - restriction: || (&& (== net452) (>= netcoreapp2.0)) (== netcoreapp2.0) (&& (== netstandard2.0) (>= netcoreapp2.0))
      Microsoft.AspNetCore.Mvc.Core (>= 2.2) - restriction: || (&& (== net452) (>= netstandard2.0)) (== netcoreapp2.0) (== netstandard2.0)
    Microsoft.AspNetCore.Mvc.Localization (2.2) - restriction: || (&& (== net452) (>= netcoreapp2.0)) (== netcoreapp2.0) (&& (== netstandard2.0) (>= netcoreapp2.0))
      Microsoft.AspNetCore.Localization (>= 2.2) - restriction: || (&& (== net452) (>= netstandard2.0)) (== netcoreapp2.0) (== netstandard2.0)
      Microsoft.AspNetCore.Mvc.Razor (>= 2.2) - restriction: || (&& (== net452) (>= netstandard2.0)) (== netcoreapp2.0) (== netstandard2.0)
      Microsoft.Extensions.DependencyInjection (>= 2.2) - restriction: || (&& (== net452) (>= netstandard2.0)) (== netcoreapp2.0) (== netstandard2.0)
      Microsoft.Extensions.Localization (>= 2.2) - restriction: || (&& (== net452) (>= netstandard2.0)) (== netcoreapp2.0) (== netstandard2.0)
    Microsoft.AspNetCore.Mvc.Razor (2.2) - restriction: || (&& (== net452) (>= netcoreapp2.0)) (== netcoreapp2.0) (&& (== netstandard2.0) (>= netcoreapp2.0))
      Microsoft.AspNetCore.Mvc.Razor.Extensions (>= 2.2) - restriction: || (&& (== net452) (>= net461)) (&& (== net452) (>= netstandard2.0)) (== netcoreapp2.0) (== netstandard2.0)
      Microsoft.AspNetCore.Mvc.ViewFeatures (>= 2.2) - restriction: || (&& (== net452) (>= net461)) (&& (== net452) (>= netstandard2.0)) (== netcoreapp2.0) (== netstandard2.0)
      Microsoft.AspNetCore.Razor.Runtime (>= 2.2) - restriction: || (&& (== net452) (>= net461)) (&& (== net452) (>= netstandard2.0)) (== netcoreapp2.0) (== netstandard2.0)
      Microsoft.CodeAnalysis.CSharp (>= 2.8) - restriction: || (&& (== net452) (>= net461)) (&& (== net452) (>= netstandard2.0)) (== netcoreapp2.0) (== netstandard2.0)
      Microsoft.CodeAnalysis.Razor (>= 2.2) - restriction: || (&& (== net452) (>= net461)) (&& (== net452) (>= netstandard2.0)) (== netcoreapp2.0) (== netstandard2.0)
      Microsoft.Extensions.Caching.Memory (>= 2.2) - restriction: || (&& (== net452) (>= net461)) (&& (== net452) (>= netstandard2.0)) (== netcoreapp2.0) (== netstandard2.0)
      Microsoft.Extensions.FileProviders.Composite (>= 2.2) - restriction: || (&& (== net452) (>= net461)) (&& (== net452) (>= netstandard2.0)) (== netcoreapp2.0) (== netstandard2.0)
    Microsoft.AspNetCore.Mvc.Razor.Extensions (2.2) - restriction: || (&& (== net452) (>= netcoreapp2.0)) (== netcoreapp2.0) (&& (== netstandard2.0) (>= netcoreapp2.0))
      Microsoft.AspNetCore.Razor.Language (>= 2.2) - restriction: || (&& (== net452) (>= net46)) (&& (== net452) (>= netstandard2.0)) (== netcoreapp2.0) (== netstandard2.0)
      Microsoft.CodeAnalysis.Razor (>= 2.2) - restriction: || (&& (== net452) (>= net46)) (&& (== net452) (>= netstandard2.0)) (== netcoreapp2.0) (== netstandard2.0)
    Microsoft.AspNetCore.Mvc.Razor.ViewCompilation (2.2) - restriction: || (&& (== net452) (>= netcoreapp2.0)) (== netcoreapp2.0) (&& (== netstandard2.0) (>= netcoreapp2.0))
      Microsoft.AspNetCore.Hosting (>= 2.2) - restriction: || (&& (== net452) (>= net461)) (&& (== net452) (>= netcoreapp2.0)) (== netcoreapp2.0) (&& (== netstandard2.0) (>= net461)) (&& (== netstandard2.0) (>= netcoreapp2.0))
      Microsoft.AspNetCore.Mvc.RazorPages (>= 2.2) - restriction: || (&& (== net452) (>= net461)) (&& (== net452) (>= netcoreapp2.0)) (== netcoreapp2.0) (&& (== netstandard2.0) (>= net461)) (&& (== netstandard2.0) (>= netcoreapp2.0))
    Microsoft.AspNetCore.Mvc.RazorPages (2.2) - restriction: || (&& (== net452) (>= netcoreapp2.0)) (== netcoreapp2.0) (&& (== netstandard2.0) (>= netcoreapp2.0))
      Microsoft.AspNetCore.Mvc.Razor (>= 2.2) - restriction: || (&& (== net452) (>= netstandard2.0)) (== netcoreapp2.0) (== netstandard2.0)
    Microsoft.AspNetCore.Mvc.TagHelpers (2.2) - restriction: || (&& (== net452) (>= netcoreapp2.0)) (== netcoreapp2.0) (&& (== netstandard2.0) (>= netcoreapp2.0))
      Microsoft.AspNetCore.Mvc.Razor (>= 2.2) - restriction: || (&& (== net452) (>= netstandard2.0)) (== netcoreapp2.0) (== netstandard2.0)
      Microsoft.AspNetCore.Razor.Runtime (>= 2.2) - restriction: || (&& (== net452) (>= netstandard2.0)) (== netcoreapp2.0) (== netstandard2.0)
      Microsoft.AspNetCore.Routing.Abstractions (>= 2.2) - restriction: || (&& (== net452) (>= netstandard2.0)) (== netcoreapp2.0) (== netstandard2.0)
      Microsoft.Extensions.Caching.Memory (>= 2.2) - restriction: || (&& (== net452) (>= netstandard2.0)) (== netcoreapp2.0) (== netstandard2.0)
      Microsoft.Extensions.FileSystemGlobbing (>= 2.2) - restriction: || (&& (== net452) (>= netstandard2.0)) (== netcoreapp2.0) (== netstandard2.0)
      Microsoft.Extensions.Primitives (>= 2.2) - restriction: || (&& (== net452) (>= netstandard2.0)) (== netcoreapp2.0) (== netstandard2.0)
    Microsoft.AspNetCore.Mvc.ViewFeatures (2.2) - restriction: || (&& (== net452) (>= netcoreapp2.0)) (== netcoreapp2.0) (&& (== netstandard2.0) (>= netcoreapp2.0))
      Microsoft.AspNetCore.Antiforgery (>= 2.2) - restriction: || (&& (== net452) (>= netstandard2.0)) (== netcoreapp2.0) (== netstandard2.0)
      Microsoft.AspNetCore.Diagnostics.Abstractions (>= 2.2) - restriction: || (&& (== net452) (>= netstandard2.0)) (== netcoreapp2.0) (== netstandard2.0)
      Microsoft.AspNetCore.Html.Abstractions (>= 2.2) - restriction: || (&& (== net452) (>= netstandard2.0)) (== netcoreapp2.0) (== netstandard2.0)
      Microsoft.AspNetCore.Mvc.Core (>= 2.2) - restriction: || (&& (== net452) (>= netstandard2.0)) (== netcoreapp2.0) (== netstandard2.0)
      Microsoft.AspNetCore.Mvc.DataAnnotations (>= 2.2) - restriction: || (&& (== net452) (>= netstandard2.0)) (== netcoreapp2.0) (== netstandard2.0)
      Microsoft.AspNetCore.Mvc.Formatters.Json (>= 2.2) - restriction: || (&& (== net452) (>= netstandard2.0)) (== netcoreapp2.0) (== netstandard2.0)
      Microsoft.Extensions.WebEncoders (>= 2.2) - restriction: || (&& (== net452) (>= netstandard2.0)) (== netcoreapp2.0) (== netstandard2.0)
      Newtonsoft.Json.Bson (>= 1.0.1) - restriction: || (&& (== net452) (>= netstandard2.0)) (== netcoreapp2.0) (== netstandard2.0)
    Microsoft.AspNetCore.NodeServices (2.2) - restriction: || (&& (== net452) (>= netcoreapp2.0)) (== netcoreapp2.0) (&& (== netstandard2.0) (>= netcoreapp2.0))
      Microsoft.AspNetCore.Hosting.Abstractions (>= 2.2) - restriction: || (&& (== net452) (>= netstandard2.0)) (== netcoreapp2.0) (== netstandard2.0)
      Microsoft.Extensions.Logging.Console (>= 2.2) - restriction: || (&& (== net452) (>= netstandard2.0)) (== netcoreapp2.0) (== netstandard2.0)
      Newtonsoft.Json (>= 11.0.2) - restriction: || (&& (== net452) (>= netstandard2.0)) (== netcoreapp2.0) (== netstandard2.0)
    Microsoft.AspNetCore.Owin (2.2) - restriction: || (&& (== net452) (>= netcoreapp2.0)) (== netcoreapp2.0) (&& (== netstandard2.0) (>= netcoreapp2.0))
      Microsoft.AspNetCore.Http (>= 2.2) - restriction: || (&& (== net452) (>= netstandard2.0)) (== netcoreapp2.0) (== netstandard2.0)
    Microsoft.AspNetCore.Razor (2.2) - restriction: || (&& (== net452) (>= netcoreapp2.0)) (== netcoreapp2.0) (&& (== netstandard2.0) (>= netcoreapp2.0))
      Microsoft.AspNetCore.Html.Abstractions (>= 2.2) - restriction: || (&& (== net452) (>= netstandard2.0)) (== netcoreapp2.0) (== netstandard2.0)
    Microsoft.AspNetCore.Razor.Design (2.2) - restriction: || (&& (== net452) (>= netcoreapp2.0)) (== netcoreapp2.0) (&& (== netstandard2.0) (>= netcoreapp2.0))
    Microsoft.AspNetCore.Razor.Language (2.2) - restriction: || (&& (== net452) (>= netcoreapp2.0)) (== netcoreapp2.0) (&& (== netstandard2.0) (>= netcoreapp2.0))
    Microsoft.AspNetCore.Razor.Runtime (2.2) - restriction: || (&& (== net452) (>= netcoreapp2.0)) (== netcoreapp2.0) (&& (== netstandard2.0) (>= netcoreapp2.0))
      Microsoft.AspNetCore.Html.Abstractions (>= 2.2) - restriction: || (&& (== net452) (>= netstandard2.0)) (== netcoreapp2.0) (== netstandard2.0)
      Microsoft.AspNetCore.Razor (>= 2.2) - restriction: || (&& (== net452) (>= netstandard2.0)) (== netcoreapp2.0) (== netstandard2.0)
    Microsoft.AspNetCore.ResponseCaching (2.2) - restriction: || (&& (== net452) (>= netcoreapp2.0)) (== netcoreapp2.0) (&& (== netstandard2.0) (>= netcoreapp2.0))
      Microsoft.AspNetCore.Http (>= 2.2) - restriction: || (&& (== net452) (>= netstandard2.0)) (== netcoreapp2.0) (== netstandard2.0)
      Microsoft.AspNetCore.Http.Extensions (>= 2.2) - restriction: || (&& (== net452) (>= netstandard2.0)) (== netcoreapp2.0) (== netstandard2.0)
      Microsoft.AspNetCore.ResponseCaching.Abstractions (>= 2.2) - restriction: || (&& (== net452) (>= netstandard2.0)) (== netcoreapp2.0) (== netstandard2.0)
      Microsoft.Extensions.Caching.Memory (>= 2.2) - restriction: || (&& (== net452) (>= netstandard2.0)) (== netcoreapp2.0) (== netstandard2.0)
      Microsoft.Extensions.Logging.Abstractions (>= 2.2) - restriction: || (&& (== net452) (>= netstandard2.0)) (== netcoreapp2.0) (== netstandard2.0)
    Microsoft.AspNetCore.ResponseCaching.Abstractions (2.2) - restriction: || (&& (== net452) (>= netcoreapp2.0)) (== netcoreapp2.0) (&& (== netstandard2.0) (>= netcoreapp2.0))
      Microsoft.Extensions.Primitives (>= 2.2) - restriction: || (&& (== net452) (>= netstandard2.0)) (== netcoreapp2.0) (== netstandard2.0)
    Microsoft.AspNetCore.ResponseCompression (2.2) - restriction: || (&& (== net452) (>= netcoreapp2.0)) (== netcoreapp2.0) (&& (== netstandard2.0) (>= netcoreapp2.0))
      Microsoft.AspNetCore.Http.Extensions (>= 2.2) - restriction: || (&& (== net452) (>= net461)) (&& (== net452) (>= netstandard2.0)) (== netcoreapp2.0) (== netstandard2.0)
      Microsoft.Extensions.Logging.Abstractions (>= 2.2) - restriction: || (&& (== net452) (>= net461)) (&& (== net452) (>= netstandard2.0)) (== netcoreapp2.0) (== netstandard2.0)
      Microsoft.Extensions.Options (>= 2.2) - restriction: || (&& (== net452) (>= net461)) (&& (== net452) (>= netstandard2.0)) (== netcoreapp2.0) (== netstandard2.0)
    Microsoft.AspNetCore.Rewrite (2.2) - restriction: || (&& (== net452) (>= netcoreapp2.0)) (== netcoreapp2.0) (&& (== netstandard2.0) (>= netcoreapp2.0))
      Microsoft.AspNetCore.Hosting.Abstractions (>= 2.2) - restriction: || (&& (== net452) (>= netstandard2.0)) (== netcoreapp2.0) (== netstandard2.0)
      Microsoft.AspNetCore.Http.Extensions (>= 2.2) - restriction: || (&& (== net452) (>= netstandard2.0)) (== netcoreapp2.0) (== netstandard2.0)
      Microsoft.Extensions.Configuration.Abstractions (>= 2.2) - restriction: || (&& (== net452) (>= netstandard2.0)) (== netcoreapp2.0) (== netstandard2.0)
      Microsoft.Extensions.FileProviders.Abstractions (>= 2.2) - restriction: || (&& (== net452) (>= netstandard2.0)) (== netcoreapp2.0) (== netstandard2.0)
      Microsoft.Extensions.Logging.Abstractions (>= 2.2) - restriction: || (&& (== net452) (>= netstandard2.0)) (== netcoreapp2.0) (== netstandard2.0)
      Microsoft.Extensions.Options (>= 2.2) - restriction: || (&& (== net452) (>= netstandard2.0)) (== netcoreapp2.0) (== netstandard2.0)
    Microsoft.AspNetCore.Routing (2.2) - restriction: || (&& (== net452) (>= netcoreapp2.0)) (== netcoreapp2.0) (&& (== netstandard2.0) (>= netcoreapp2.0))
      Microsoft.AspNetCore.Http.Extensions (>= 2.2) - restriction: || (&& (== net452) (>= netstandard2.0)) (== netcoreapp2.0) (== netstandard2.0)
      Microsoft.AspNetCore.Routing.Abstractions (>= 2.2) - restriction: || (&& (== net452) (>= netstandard2.0)) (== netcoreapp2.0) (== netstandard2.0)
      Microsoft.Extensions.Logging.Abstractions (>= 2.2) - restriction: || (&& (== net452) (>= netstandard2.0)) (== netcoreapp2.0) (== netstandard2.0)
      Microsoft.Extensions.ObjectPool (>= 2.2) - restriction: || (&& (== net452) (>= netstandard2.0)) (== netcoreapp2.0) (== netstandard2.0)
      Microsoft.Extensions.Options (>= 2.2) - restriction: || (&& (== net452) (>= netstandard2.0)) (== netcoreapp2.0) (== netstandard2.0)
    Microsoft.AspNetCore.Routing.Abstractions (2.2) - restriction: || (&& (== net452) (>= netcoreapp2.0)) (== netcoreapp2.0) (&& (== netstandard2.0) (>= netcoreapp2.0))
      Microsoft.AspNetCore.Http.Abstractions (>= 2.2) - restriction: || (&& (== net452) (>= netstandard2.0)) (== netcoreapp2.0) (== netstandard2.0)
    Microsoft.AspNetCore.Server.HttpSys (2.2) - restriction: || (&& (== net452) (>= netcoreapp2.0)) (== netcoreapp2.0) (&& (== netstandard2.0) (>= netcoreapp2.0))
      Microsoft.AspNetCore.Authentication.Core (>= 2.2) - restriction: || (&& (== net452) (>= netstandard2.0)) (== netcoreapp2.0) (== netstandard2.0)
      Microsoft.AspNetCore.Hosting (>= 2.2) - restriction: || (&& (== net452) (>= netstandard2.0)) (== netcoreapp2.0) (== netstandard2.0)
      Microsoft.Net.Http.Headers (>= 2.2) - restriction: || (&& (== net452) (>= netstandard2.0)) (== netcoreapp2.0) (== netstandard2.0)
      Microsoft.Win32.Registry (>= 4.5) - restriction: || (&& (== net452) (>= netstandard2.0)) (== netcoreapp2.0) (== netstandard2.0)
      System.Security.Principal.Windows (>= 4.5) - restriction: || (&& (== net452) (>= netstandard2.0)) (== netcoreapp2.0) (== netstandard2.0)
    Microsoft.AspNetCore.Server.IIS (2.2) - restriction: || (&& (== net452) (>= netcoreapp2.0)) (== netcoreapp2.0) (&& (== netstandard2.0) (>= netcoreapp2.0))
      Microsoft.AspNetCore.Authentication.Core (>= 2.2) - restriction: || (&& (== net452) (>= netstandard2.0)) (== netcoreapp2.0) (== netstandard2.0)
      Microsoft.AspNetCore.Connections.Abstractions (>= 2.2) - restriction: || (&& (== net452) (>= netstandard2.0)) (== netcoreapp2.0) (== netstandard2.0)
      Microsoft.AspNetCore.Hosting.Abstractions (>= 2.2) - restriction: || (&& (== net452) (>= netstandard2.0)) (== netcoreapp2.0) (== netstandard2.0)
      System.IO.Pipelines (>= 4.5.2) - restriction: || (&& (== net452) (>= netstandard2.0)) (== netcoreapp2.0) (== netstandard2.0)
      System.Security.Principal.Windows (>= 4.5) - restriction: || (&& (== net452) (>= netstandard2.0)) (== netcoreapp2.0) (== netstandard2.0)
    Microsoft.AspNetCore.Server.IISIntegration (2.2) - restriction: || (&& (== net452) (>= netcoreapp2.0)) (== netcoreapp2.0) (&& (== netstandard2.0) (>= netcoreapp2.0))
      Microsoft.AspNetCore.Authentication.Core (>= 2.2) - restriction: || (&& (== net452) (>= netstandard2.0)) (== netcoreapp2.0) (== netstandard2.0)
      Microsoft.AspNetCore.Hosting.Abstractions (>= 2.2) - restriction: || (&& (== net452) (>= netstandard2.0)) (== netcoreapp2.0) (== netstandard2.0)
      Microsoft.AspNetCore.Http (>= 2.2) - restriction: || (&& (== net452) (>= netstandard2.0)) (== netcoreapp2.0) (== netstandard2.0)
      Microsoft.AspNetCore.Http.Extensions (>= 2.2) - restriction: || (&& (== net452) (>= netstandard2.0)) (== netcoreapp2.0) (== netstandard2.0)
      Microsoft.AspNetCore.HttpOverrides (>= 2.2) - restriction: || (&& (== net452) (>= netstandard2.0)) (== netcoreapp2.0) (== netstandard2.0)
      Microsoft.Extensions.Logging.Abstractions (>= 2.2) - restriction: || (&& (== net452) (>= netstandard2.0)) (== netcoreapp2.0) (== netstandard2.0)
      Microsoft.Extensions.Options (>= 2.2) - restriction: || (&& (== net452) (>= netstandard2.0)) (== netcoreapp2.0) (== netstandard2.0)
      System.Buffers (>= 4.5) - restriction: || (&& (== net452) (>= netstandard2.0)) (== netcoreapp2.0) (== netstandard2.0)
      System.IO.Pipelines (>= 4.5.2) - restriction: || (&& (== net452) (>= netstandard2.0)) (== netcoreapp2.0) (== netstandard2.0)
      System.Memory (>= 4.5.1) - restriction: || (&& (== net452) (>= netstandard2.0)) (== netcoreapp2.0) (== netstandard2.0)
      System.Numerics.Vectors (>= 4.5) - restriction: || (&& (== net452) (>= netstandard2.0)) (== netcoreapp2.0) (== netstandard2.0)
      System.Runtime.CompilerServices.Unsafe (>= 4.5.1) - restriction: || (&& (== net452) (>= netstandard2.0)) (== netcoreapp2.0) (== netstandard2.0)
      System.Security.Principal.Windows (>= 4.5) - restriction: || (&& (== net452) (>= netstandard2.0)) (== netcoreapp2.0) (== netstandard2.0)
    Microsoft.AspNetCore.Server.Kestrel (2.2) - restriction: || (&& (== net452) (>= netcoreapp2.0)) (== netcoreapp2.0) (&& (== netstandard2.0) (>= netcoreapp2.0))
      Microsoft.AspNetCore.Hosting (>= 2.2) - restriction: || (&& (== net452) (>= netstandard2.0)) (== netcoreapp2.0) (== netstandard2.0)
      Microsoft.AspNetCore.Server.Kestrel.Core (>= 2.2) - restriction: || (&& (== net452) (>= netstandard2.0)) (== netcoreapp2.0) (== netstandard2.0)
      Microsoft.AspNetCore.Server.Kestrel.Https (>= 2.2) - restriction: || (&& (== net452) (>= netstandard2.0)) (== netcoreapp2.0) (== netstandard2.0)
      Microsoft.AspNetCore.Server.Kestrel.Transport.Sockets (>= 2.2) - restriction: || (&& (== net452) (>= netstandard2.0)) (== netcoreapp2.0) (== netstandard2.0)
    Microsoft.AspNetCore.Server.Kestrel.Core (2.2) - restriction: || (&& (== net452) (>= netcoreapp2.0)) (== netcoreapp2.0) (&& (== netstandard2.0) (>= netcoreapp2.0))
      Microsoft.AspNetCore.Hosting.Abstractions (>= 2.2) - restriction: || (&& (== net452) (>= netstandard2.0)) (== netcoreapp2.0) (== netstandard2.0)
      Microsoft.AspNetCore.Http (>= 2.2) - restriction: || (&& (== net452) (>= netstandard2.0)) (== netcoreapp2.0) (== netstandard2.0)
      Microsoft.AspNetCore.Server.Kestrel.Transport.Abstractions (>= 2.2) - restriction: || (&& (== net452) (>= netstandard2.0)) (== netcoreapp2.0) (== netstandard2.0)
      Microsoft.AspNetCore.WebUtilities (>= 2.2) - restriction: || (&& (== net452) (>= netstandard2.0)) (== netcoreapp2.0) (== netstandard2.0)
      Microsoft.Extensions.Configuration.Binder (>= 2.2) - restriction: || (&& (== net452) (>= netstandard2.0)) (== netcoreapp2.0) (== netstandard2.0)
      Microsoft.Extensions.Logging.Abstractions (>= 2.2) - restriction: || (&& (== net452) (>= netstandard2.0)) (== netcoreapp2.0) (== netstandard2.0)
      Microsoft.Extensions.Options (>= 2.2) - restriction: || (&& (== net452) (>= netstandard2.0)) (== netcoreapp2.0) (== netstandard2.0)
      Microsoft.Net.Http.Headers (>= 2.2) - restriction: || (&& (== net452) (>= netstandard2.0)) (== netcoreapp2.0) (== netstandard2.0)
      System.Memory (>= 4.5.1) - restriction: || (&& (== net452) (>= netstandard2.0)) (== netcoreapp2.0) (== netstandard2.0)
      System.Numerics.Vectors (>= 4.5) - restriction: || (&& (== net452) (>= netstandard2.0)) (== netcoreapp2.0) (== netstandard2.0)
      System.Runtime.CompilerServices.Unsafe (>= 4.5.1) - restriction: || (&& (== net452) (>= netstandard2.0)) (== netcoreapp2.0) (== netstandard2.0)
      System.Security.Cryptography.Cng (>= 4.5) - restriction: || (&& (== net452) (>= netstandard2.0)) (== netcoreapp2.0) (== netstandard2.0)
      System.Threading.Tasks.Extensions (>= 4.5.1) - restriction: || (&& (== net452) (>= netstandard2.0)) (== netcoreapp2.0) (== netstandard2.0)
    Microsoft.AspNetCore.Server.Kestrel.Https (2.2) - restriction: || (&& (== net452) (>= netcoreapp2.0)) (== netcoreapp2.0) (&& (== netstandard2.0) (>= netcoreapp2.0))
      Microsoft.AspNetCore.Http.Abstractions (>= 2.2) - restriction: || (&& (== net452) (>= netstandard2.0)) (== netcoreapp2.0) (== netstandard2.0)
      Microsoft.AspNetCore.Server.Kestrel.Core (>= 2.2) - restriction: || (&& (== net452) (>= netstandard2.0)) (== netcoreapp2.0) (== netstandard2.0)
    Microsoft.AspNetCore.Server.Kestrel.Transport.Abstractions (2.2) - restriction: || (&& (== net452) (>= netcoreapp2.0)) (== netcoreapp2.0) (&& (== netstandard2.0) (>= netcoreapp2.0))
      Microsoft.AspNetCore.Connections.Abstractions (>= 2.2) - restriction: || (&& (== net452) (>= netstandard2.0)) (== netcoreapp2.0) (== netstandard2.0)
    Microsoft.AspNetCore.Server.Kestrel.Transport.Libuv (2.2) - restriction: || (&& (== net452) (>= netcoreapp2.0)) (== netcoreapp2.0) (&& (== netstandard2.0) (>= netcoreapp2.0))
      Libuv (>= 1.10) - restriction: || (&& (== net452) (>= netstandard2.0)) (== netcoreapp2.0) (== netstandard2.0)
      Microsoft.AspNetCore.Hosting.Abstractions (>= 2.2) - restriction: || (&& (== net452) (>= netstandard2.0)) (== netcoreapp2.0) (== netstandard2.0)
      Microsoft.AspNetCore.Server.Kestrel.Transport.Abstractions (>= 2.2) - restriction: || (&& (== net452) (>= netstandard2.0)) (== netcoreapp2.0) (== netstandard2.0)
      Microsoft.Extensions.Logging.Abstractions (>= 2.2) - restriction: || (&& (== net452) (>= netstandard2.0)) (== netcoreapp2.0) (== netstandard2.0)
      Microsoft.Extensions.Options (>= 2.2) - restriction: || (&& (== net452) (>= netstandard2.0)) (== netcoreapp2.0) (== netstandard2.0)
    Microsoft.AspNetCore.Server.Kestrel.Transport.Sockets (2.2) - restriction: || (&& (== net452) (>= netcoreapp2.0)) (== netcoreapp2.0) (&& (== netstandard2.0) (>= netcoreapp2.0))
      Microsoft.AspNetCore.Hosting.Abstractions (>= 2.2) - restriction: || (&& (== net452) (>= netstandard2.0)) (== netcoreapp2.0) (== netstandard2.0)
      Microsoft.AspNetCore.Server.Kestrel.Transport.Abstractions (>= 2.2) - restriction: || (&& (== net452) (>= netstandard2.0)) (== netcoreapp2.0) (== netstandard2.0)
      Microsoft.Extensions.Options (>= 2.2) - restriction: || (&& (== net452) (>= netstandard2.0)) (== netcoreapp2.0) (== netstandard2.0)
    Microsoft.AspNetCore.Session (2.2) - restriction: || (&& (== net452) (>= netcoreapp2.0)) (== netcoreapp2.0) (&& (== netstandard2.0) (>= netcoreapp2.0))
      Microsoft.AspNetCore.DataProtection (>= 2.2) - restriction: || (&& (== net452) (>= netstandard2.0)) (== netcoreapp2.0) (== netstandard2.0)
      Microsoft.AspNetCore.Http.Abstractions (>= 2.2) - restriction: || (&& (== net452) (>= netstandard2.0)) (== netcoreapp2.0) (== netstandard2.0)
      Microsoft.Extensions.Caching.Abstractions (>= 2.2) - restriction: || (&& (== net452) (>= netstandard2.0)) (== netcoreapp2.0) (== netstandard2.0)
      Microsoft.Extensions.Logging.Abstractions (>= 2.2) - restriction: || (&& (== net452) (>= netstandard2.0)) (== netcoreapp2.0) (== netstandard2.0)
      Microsoft.Extensions.Options (>= 2.2) - restriction: || (&& (== net452) (>= netstandard2.0)) (== netcoreapp2.0) (== netstandard2.0)
    Microsoft.AspNetCore.SpaServices (2.2) - restriction: || (&& (== net452) (>= netcoreapp2.0)) (== netcoreapp2.0) (&& (== netstandard2.0) (>= netcoreapp2.0))
      Microsoft.AspNetCore.Mvc.TagHelpers (>= 2.2) - restriction: || (&& (== net452) (>= netstandard2.0)) (== netcoreapp2.0) (== netstandard2.0)
      Microsoft.AspNetCore.Mvc.ViewFeatures (>= 2.2) - restriction: || (&& (== net452) (>= netstandard2.0)) (== netcoreapp2.0) (== netstandard2.0)
      Microsoft.AspNetCore.NodeServices (>= 2.2) - restriction: || (&& (== net452) (>= netstandard2.0)) (== netcoreapp2.0) (== netstandard2.0)
    Microsoft.AspNetCore.StaticFiles (2.2) - restriction: || (&& (== net452) (>= netcoreapp2.0)) (== netcoreapp2.0) (&& (== netstandard2.0) (>= netcoreapp2.0))
      Microsoft.AspNetCore.Hosting.Abstractions (>= 2.2) - restriction: || (&& (== net452) (>= netstandard2.0)) (== netcoreapp2.0) (== netstandard2.0)
      Microsoft.AspNetCore.Http.Extensions (>= 2.2) - restriction: || (&& (== net452) (>= netstandard2.0)) (== netcoreapp2.0) (== netstandard2.0)
      Microsoft.Extensions.FileProviders.Abstractions (>= 2.2) - restriction: || (&& (== net452) (>= netstandard2.0)) (== netcoreapp2.0) (== netstandard2.0)
      Microsoft.Extensions.Logging.Abstractions (>= 2.2) - restriction: || (&& (== net452) (>= netstandard2.0)) (== netcoreapp2.0) (== netstandard2.0)
      Microsoft.Extensions.WebEncoders (>= 2.2) - restriction: || (&& (== net452) (>= netstandard2.0)) (== netcoreapp2.0) (== netstandard2.0)
    Microsoft.AspNetCore.WebSockets (2.2) - restriction: || (&& (== net452) (>= netcoreapp2.0)) (== netcoreapp2.0) (&& (== netstandard2.0) (>= netcoreapp2.0))
      Microsoft.AspNetCore.Http.Extensions (>= 2.2) - restriction: || (&& (== net452) (>= netstandard2.0)) (== netcoreapp2.0) (== netstandard2.0)
      Microsoft.Extensions.Logging.Abstractions (>= 2.2) - restriction: || (&& (== net452) (>= netstandard2.0)) (== netcoreapp2.0) (== netstandard2.0)
      Microsoft.Extensions.Options (>= 2.2) - restriction: || (&& (== net452) (>= netstandard2.0)) (== netcoreapp2.0) (== netstandard2.0)
      System.Net.WebSockets.WebSocketProtocol (>= 4.5.1) - restriction: || (&& (== net452) (>= netstandard2.0)) (== netcoreapp2.0) (== netstandard2.0)
    Microsoft.AspNetCore.WebUtilities (2.2) - restriction: || (&& (== net452) (>= netcoreapp2.0)) (== netcoreapp2.0) (&& (== netstandard2.0) (>= netcoreapp2.0))
      Microsoft.Net.Http.Headers (>= 2.2) - restriction: || (&& (== net452) (>= netstandard2.0)) (== netcoreapp2.0) (== netstandard2.0)
      System.Text.Encodings.Web (>= 4.5) - restriction: || (&& (== net452) (>= netstandard2.0)) (== netcoreapp2.0) (== netstandard2.0)
    Microsoft.Azure.KeyVault (3.0.2) - restriction: || (&& (== net452) (>= netcoreapp2.0)) (== netcoreapp2.0) (&& (== netstandard2.0) (>= netcoreapp2.0))
      Microsoft.Azure.KeyVault.WebKey (>= 3.0.2)
      Microsoft.Rest.ClientRuntime (>= 2.3.18 < 3.0)
      Microsoft.Rest.ClientRuntime.Azure (>= 3.3.18 < 4.0)
      NETStandard.Library (>= 1.6.1) - restriction: || (== netcoreapp2.0) (== netstandard2.0)
      Newtonsoft.Json (>= 10.0.3) - restriction: || (== netcoreapp2.0) (== netstandard2.0)
      System.Net.Http (>= 4.3) - restriction: || (== netcoreapp2.0) (== netstandard2.0)
    Microsoft.Azure.KeyVault.WebKey (3.0.2) - restriction: || (&& (== net452) (>= netcoreapp2.0)) (== netcoreapp2.0) (&& (== netstandard2.0) (>= netcoreapp2.0))
      NETStandard.Library (>= 1.6.1) - restriction: || (== netcoreapp2.0) (== netstandard2.0)
      Newtonsoft.Json (>= 10.0.3) - restriction: || (== netcoreapp2.0) (== netstandard2.0)
      System.Collections (>= 4.3) - restriction: || (== netcoreapp2.0) (== netstandard2.0)
      System.Collections.Concurrent (>= 4.3) - restriction: || (== netcoreapp2.0) (== netstandard2.0)
      System.Linq (>= 4.3) - restriction: || (== netcoreapp2.0) (== netstandard2.0)
      System.Runtime (>= 4.3) - restriction: || (== netcoreapp2.0) (== netstandard2.0)
      System.Security.Cryptography.Algorithms (>= 4.3) - restriction: || (== netcoreapp2.0) (== netstandard2.0)
      System.Security.Cryptography.Cng (>= 4.3) - restriction: || (== netcoreapp2.0) (== netstandard2.0)
    Microsoft.Azure.Services.AppAuthentication (1.0.3) - restriction: || (&& (== net452) (>= netcoreapp2.0)) (== netcoreapp2.0) (&& (== netstandard2.0) (>= netcoreapp2.0))
      Microsoft.IdentityModel.Clients.ActiveDirectory (>= 3.14.2)
      NETStandard.Library (>= 1.6.1) - restriction: || (== netcoreapp2.0) (== netstandard2.0)
      System.Diagnostics.Process (>= 4.3) - restriction: || (== netcoreapp2.0) (== netstandard2.0)
    Microsoft.CodeAnalysis.Analyzers (2.6.2) - restriction: || (&& (== net452) (>= netcoreapp2.0)) (== netcoreapp2.0) (&& (== netstandard2.0) (>= netcoreapp2.0))
    Microsoft.CodeAnalysis.Common (2.10) - restriction: || (&& (== net452) (>= netcoreapp2.0)) (== netcoreapp2.0) (&& (== netstandard2.0) (>= netcoreapp2.0))
      Microsoft.CodeAnalysis.Analyzers (>= 2.6.1) - restriction: || (&& (== net452) (>= netstandard1.3)) (== netcoreapp2.0) (== netstandard2.0)
      System.AppContext (>= 4.3) - restriction: || (&& (== net452) (>= netstandard1.3)) (== netcoreapp2.0) (== netstandard2.0)
      System.Collections (>= 4.3) - restriction: || (&& (== net452) (>= netstandard1.3)) (== netcoreapp2.0) (== netstandard2.0)
      System.Collections.Concurrent (>= 4.3) - restriction: || (&& (== net452) (>= netstandard1.3)) (== netcoreapp2.0) (== netstandard2.0)
      System.Collections.Immutable (>= 1.5) - restriction: || (&& (== net452) (>= netstandard1.3)) (== netcoreapp2.0) (== netstandard2.0)
      System.Console (>= 4.3) - restriction: || (&& (== net452) (>= netstandard1.3)) (== netcoreapp2.0) (== netstandard2.0)
      System.Diagnostics.Debug (>= 4.3) - restriction: || (&& (== net452) (>= netstandard1.3)) (== netcoreapp2.0) (== netstandard2.0)
      System.Diagnostics.FileVersionInfo (>= 4.3) - restriction: || (&& (== net452) (>= netstandard1.3)) (== netcoreapp2.0) (== netstandard2.0)
      System.Diagnostics.StackTrace (>= 4.3) - restriction: || (&& (== net452) (>= netstandard1.3)) (== netcoreapp2.0) (== netstandard2.0)
      System.Diagnostics.Tools (>= 4.3) - restriction: || (&& (== net452) (>= netstandard1.3)) (== netcoreapp2.0) (== netstandard2.0)
      System.Dynamic.Runtime (>= 4.3) - restriction: || (&& (== net452) (>= netstandard1.3)) (== netcoreapp2.0) (== netstandard2.0)
      System.Globalization (>= 4.3) - restriction: || (&& (== net452) (>= netstandard1.3)) (== netcoreapp2.0) (== netstandard2.0)
      System.IO.Compression (>= 4.3) - restriction: || (&& (== net452) (>= netstandard1.3)) (== netcoreapp2.0) (== netstandard2.0)
      System.IO.FileSystem (>= 4.3) - restriction: || (&& (== net452) (>= netstandard1.3)) (== netcoreapp2.0) (== netstandard2.0)
      System.IO.FileSystem.Primitives (>= 4.3) - restriction: || (&& (== net452) (>= netstandard1.3)) (== netcoreapp2.0) (== netstandard2.0)
      System.Linq (>= 4.3) - restriction: || (&& (== net452) (>= netstandard1.3)) (== netcoreapp2.0) (== netstandard2.0)
      System.Linq.Expressions (>= 4.3) - restriction: || (&& (== net452) (>= netstandard1.3)) (== netcoreapp2.0) (== netstandard2.0)
      System.Reflection (>= 4.3) - restriction: || (&& (== net452) (>= netstandard1.3)) (== netcoreapp2.0) (== netstandard2.0)
      System.Reflection.Metadata (>= 1.6) - restriction: || (&& (== net452) (>= netstandard1.3)) (== netcoreapp2.0) (== netstandard2.0)
      System.Resources.ResourceManager (>= 4.3) - restriction: || (&& (== net452) (>= netstandard1.3)) (== netcoreapp2.0) (== netstandard2.0)
      System.Runtime (>= 4.3) - restriction: || (&& (== net452) (>= netstandard1.3)) (== netcoreapp2.0) (== netstandard2.0)
      System.Runtime.Extensions (>= 4.3) - restriction: || (&& (== net452) (>= netstandard1.3)) (== netcoreapp2.0) (== netstandard2.0)
      System.Runtime.InteropServices (>= 4.3) - restriction: || (&& (== net452) (>= netstandard1.3)) (== netcoreapp2.0) (== netstandard2.0)
      System.Runtime.Numerics (>= 4.3) - restriction: || (&& (== net452) (>= netstandard1.3)) (== netcoreapp2.0) (== netstandard2.0)
      System.Security.Cryptography.Algorithms (>= 4.3) - restriction: || (&& (== net452) (>= netstandard1.3)) (== netcoreapp2.0) (== netstandard2.0)
      System.Security.Cryptography.Encoding (>= 4.3) - restriction: || (&& (== net452) (>= netstandard1.3)) (== netcoreapp2.0) (== netstandard2.0)
      System.Security.Cryptography.X509Certificates (>= 4.3) - restriction: || (&& (== net452) (>= netstandard1.3)) (== netcoreapp2.0) (== netstandard2.0)
      System.Text.Encoding (>= 4.3) - restriction: || (&& (== net452) (>= netstandard1.3)) (== netcoreapp2.0) (== netstandard2.0)
      System.Text.Encoding.CodePages (>= 4.3) - restriction: || (&& (== net452) (>= netstandard1.3)) (== netcoreapp2.0) (== netstandard2.0)
      System.Text.Encoding.Extensions (>= 4.3) - restriction: || (&& (== net452) (>= netstandard1.3)) (== netcoreapp2.0) (== netstandard2.0)
      System.Threading (>= 4.3) - restriction: || (&& (== net452) (>= netstandard1.3)) (== netcoreapp2.0) (== netstandard2.0)
      System.Threading.Tasks (>= 4.3) - restriction: || (&& (== net452) (>= netstandard1.3)) (== netcoreapp2.0) (== netstandard2.0)
      System.Threading.Tasks.Extensions (>= 4.3) - restriction: || (&& (== net452) (>= netstandard1.3)) (== netcoreapp2.0) (== netstandard2.0)
      System.Threading.Tasks.Parallel (>= 4.3) - restriction: || (&& (== net452) (>= netstandard1.3)) (== netcoreapp2.0) (== netstandard2.0)
      System.Threading.Thread (>= 4.3) - restriction: || (&& (== net452) (>= netstandard1.3)) (== netcoreapp2.0) (== netstandard2.0)
      System.ValueTuple (>= 4.3) - restriction: || (&& (== net452) (>= netstandard1.3)) (== netcoreapp2.0) (== netstandard2.0)
      System.Xml.ReaderWriter (>= 4.3) - restriction: || (&& (== net452) (>= netstandard1.3)) (== netcoreapp2.0) (== netstandard2.0)
      System.Xml.XDocument (>= 4.3) - restriction: || (&& (== net452) (>= netstandard1.3)) (== netcoreapp2.0) (== netstandard2.0)
      System.Xml.XmlDocument (>= 4.3) - restriction: || (&& (== net452) (>= netstandard1.3)) (== netcoreapp2.0) (== netstandard2.0)
      System.Xml.XPath.XDocument (>= 4.3) - restriction: || (&& (== net452) (>= netstandard1.3)) (== netcoreapp2.0) (== netstandard2.0)
    Microsoft.CodeAnalysis.CSharp (2.10) - restriction: || (&& (== net452) (>= netcoreapp2.0)) (== netcoreapp2.0) (&& (== netstandard2.0) (>= netcoreapp2.0))
      Microsoft.CodeAnalysis.Common (2.10)
    Microsoft.CodeAnalysis.Razor (2.2) - restriction: || (&& (== net452) (>= netcoreapp2.0)) (== netcoreapp2.0) (&& (== netstandard2.0) (>= netcoreapp2.0))
      Microsoft.AspNetCore.Razor.Language (>= 2.2) - restriction: || (&& (== net452) (>= net46)) (&& (== net452) (>= netstandard2.0)) (== netcoreapp2.0) (== netstandard2.0)
      Microsoft.CodeAnalysis.Common (>= 2.8) - restriction: || (&& (== net452) (>= net46)) (&& (== net452) (>= netstandard2.0)) (== netcoreapp2.0) (== netstandard2.0)
      Microsoft.CodeAnalysis.CSharp (>= 2.8) - restriction: || (&& (== net452) (>= net46)) (&& (== net452) (>= netstandard2.0)) (== netcoreapp2.0) (== netstandard2.0)
    Microsoft.CodeCoverage (15.9) - restriction: || (&& (== net452) (>= netcoreapp1.0)) (== netcoreapp2.0) (&& (== netstandard2.0) (>= netcoreapp1.0))
    Microsoft.CodeDom.Providers.DotNetCompilerPlatform (2.0.1)
    Microsoft.CSharp (4.5) - restriction: || (&& (== net452) (< net40) (>= netstandard1.3)) (&& (== net452) (< net40) (>= netstandard2.0)) (&& (== net452) (>= netcoreapp2.0)) (== netcoreapp2.0) (== netstandard2.0)
    Microsoft.Data.Sqlite (2.2) - restriction: || (&& (== net452) (>= netcoreapp2.0)) (== netcoreapp2.0) (&& (== netstandard2.0) (>= netcoreapp2.0))
      Microsoft.Data.Sqlite.Core (>= 2.2) - restriction: || (&& (== net452) (>= netstandard2.0)) (== netcoreapp2.0) (== netstandard2.0)
      SQLitePCLRaw.bundle_green (>= 1.1.11) - restriction: || (&& (== net452) (>= netstandard2.0)) (== netcoreapp2.0) (== netstandard2.0)
    Microsoft.Data.Sqlite.Core (2.2) - restriction: || (&& (== net452) (>= netcoreapp2.0)) (== netcoreapp2.0) (&& (== netstandard2.0) (>= netcoreapp2.0))
      SQLitePCLRaw.core (>= 1.1.11) - restriction: || (&& (== net452) (>= netstandard2.0)) (== netcoreapp2.0) (== netstandard2.0)
    Microsoft.DotNet.PlatformAbstractions (2.1) - restriction: || (&& (== net452) (>= netcoreapp2.0)) (== netcoreapp2.0) (&& (== netstandard2.0) (>= netcoreapp2.0))
      System.AppContext (>= 4.1) - restriction: || (&& (== net452) (< net45) (>= netstandard1.3)) (== netcoreapp2.0) (== netstandard2.0)
      System.Collections (>= 4.0.11) - restriction: || (&& (== net452) (< net45) (>= netstandard1.3)) (== netcoreapp2.0) (== netstandard2.0)
      System.IO (>= 4.1) - restriction: || (&& (== net452) (< net45) (>= netstandard1.3)) (== netcoreapp2.0) (== netstandard2.0)
      System.IO.FileSystem (>= 4.0.1) - restriction: || (&& (== net452) (< net45) (>= netstandard1.3)) (== netcoreapp2.0) (== netstandard2.0)
      System.Reflection.TypeExtensions (>= 4.1) - restriction: || (&& (== net452) (< net45) (>= netstandard1.3)) (== netcoreapp2.0) (== netstandard2.0)
      System.Runtime.Extensions (>= 4.1) - restriction: || (&& (== net452) (< net45) (>= netstandard1.3)) (== netcoreapp2.0) (== netstandard2.0)
      System.Runtime.InteropServices (>= 4.1) - restriction: || (&& (== net452) (< net45) (>= netstandard1.3)) (== netcoreapp2.0) (== netstandard2.0)
      System.Runtime.InteropServices.RuntimeInformation (>= 4.0)
    Microsoft.EntityFrameworkCore (2.2) - restriction: || (&& (== net452) (>= netcoreapp2.0)) (== netcoreapp2.0) (&& (== netstandard2.0) (>= netcoreapp2.0))
      Microsoft.EntityFrameworkCore.Abstractions (>= 2.2) - restriction: || (&& (== net452) (>= netstandard2.0)) (== netcoreapp2.0) (== netstandard2.0)
      Microsoft.EntityFrameworkCore.Analyzers (>= 2.2) - restriction: || (&& (== net452) (>= netstandard2.0)) (== netcoreapp2.0) (== netstandard2.0)
      Microsoft.Extensions.Caching.Memory (>= 2.2) - restriction: || (&& (== net452) (>= netstandard2.0)) (== netcoreapp2.0) (== netstandard2.0)
      Microsoft.Extensions.DependencyInjection (>= 2.2) - restriction: || (&& (== net452) (>= netstandard2.0)) (== netcoreapp2.0) (== netstandard2.0)
      Microsoft.Extensions.Logging (>= 2.2) - restriction: || (&& (== net452) (>= netstandard2.0)) (== netcoreapp2.0) (== netstandard2.0)
      Remotion.Linq (>= 2.2) - restriction: || (&& (== net452) (>= netstandard2.0)) (== netcoreapp2.0) (== netstandard2.0)
      System.Collections.Immutable (>= 1.5) - restriction: || (&& (== net452) (>= netstandard2.0)) (== netcoreapp2.0) (== netstandard2.0)
      System.ComponentModel.Annotations (>= 4.5) - restriction: || (&& (== net452) (>= netstandard2.0)) (== netcoreapp2.0) (== netstandard2.0)
      System.Diagnostics.DiagnosticSource (>= 4.5) - restriction: || (&& (== net452) (>= netstandard2.0)) (== netcoreapp2.0) (== netstandard2.0)
      System.Interactive.Async (>= 3.2) - restriction: || (&& (== net452) (>= netstandard2.0)) (== netcoreapp2.0) (== netstandard2.0)
    Microsoft.EntityFrameworkCore.Abstractions (2.2) - restriction: || (&& (== net452) (>= netcoreapp2.0)) (== netcoreapp2.0) (&& (== netstandard2.0) (>= netcoreapp2.0))
    Microsoft.EntityFrameworkCore.Analyzers (2.2) - restriction: || (&& (== net452) (>= netcoreapp2.0)) (== netcoreapp2.0) (&& (== netstandard2.0) (>= netcoreapp2.0))
    Microsoft.EntityFrameworkCore.Design (2.2) - restriction: || (&& (== net452) (>= netcoreapp2.0)) (== netcoreapp2.0) (&& (== netstandard2.0) (>= netcoreapp2.0))
      Microsoft.CSharp (>= 4.5) - restriction: || (&& (== net452) (>= net461)) (&& (== net452) (>= netstandard2.0)) (== netcoreapp2.0) (== netstandard2.0)
      Microsoft.EntityFrameworkCore.Relational (>= 2.2) - restriction: || (&& (== net452) (>= net461)) (&& (== net452) (>= netstandard2.0)) (== netcoreapp2.0) (== netstandard2.0)
    Microsoft.EntityFrameworkCore.InMemory (2.2) - restriction: || (&& (== net452) (>= netcoreapp2.0)) (== netcoreapp2.0) (&& (== netstandard2.0) (>= netcoreapp2.0))
      Microsoft.EntityFrameworkCore (>= 2.2) - restriction: || (&& (== net452) (>= netstandard2.0)) (== netcoreapp2.0) (== netstandard2.0)
    Microsoft.EntityFrameworkCore.Relational (2.2) - restriction: || (&& (== net452) (>= netcoreapp2.0)) (== netcoreapp2.0) (&& (== netstandard2.0) (>= netcoreapp2.0))
      Microsoft.EntityFrameworkCore (>= 2.2) - restriction: || (&& (== net452) (>= netstandard2.0)) (== netcoreapp2.0) (== netstandard2.0)
    Microsoft.EntityFrameworkCore.Sqlite (2.2) - restriction: || (&& (== net452) (>= netcoreapp2.0)) (== netcoreapp2.0) (&& (== netstandard2.0) (>= netcoreapp2.0))
      Microsoft.EntityFrameworkCore.Sqlite.Core (>= 2.2) - restriction: || (&& (== net452) (>= netstandard2.0)) (== netcoreapp2.0) (== netstandard2.0)
      SQLitePCLRaw.bundle_green (>= 1.1.11) - restriction: || (&& (== net452) (>= netstandard2.0)) (== netcoreapp2.0) (== netstandard2.0)
    Microsoft.EntityFrameworkCore.Sqlite.Core (2.2) - restriction: || (&& (== net452) (>= netcoreapp2.0)) (== netcoreapp2.0) (&& (== netstandard2.0) (>= netcoreapp2.0))
      Microsoft.Data.Sqlite.Core (>= 2.2) - restriction: || (&& (== net452) (>= netstandard2.0)) (== netcoreapp2.0) (== netstandard2.0)
      Microsoft.EntityFrameworkCore.Relational (>= 2.2) - restriction: || (&& (== net452) (>= netstandard2.0)) (== netcoreapp2.0) (== netstandard2.0)
      Microsoft.Extensions.DependencyModel (>= 2.1) - restriction: || (&& (== net452) (>= netstandard2.0)) (== netcoreapp2.0) (== netstandard2.0)
    Microsoft.EntityFrameworkCore.SqlServer (2.2) - restriction: || (&& (== net452) (>= netcoreapp2.0)) (== netcoreapp2.0) (&& (== netstandard2.0) (>= netcoreapp2.0))
      Microsoft.EntityFrameworkCore.Relational (>= 2.2) - restriction: || (&& (== net452) (>= netstandard2.0)) (== netcoreapp2.0) (== netstandard2.0)
      System.Data.SqlClient (>= 4.6) - restriction: || (&& (== net452) (>= netstandard2.0)) (== netcoreapp2.0) (== netstandard2.0)
    Microsoft.EntityFrameworkCore.Tools (2.2) - restriction: || (&& (== net452) (>= netcoreapp2.0)) (== netcoreapp2.0) (&& (== netstandard2.0) (>= netcoreapp2.0))
      Microsoft.EntityFrameworkCore.Design (>= 2.2) - restriction: || (&& (== net452) (>= netstandard2.0)) (== netcoreapp2.0) (== netstandard2.0)
    Microsoft.Extensions.Caching.Abstractions (2.2) - restriction: || (&& (== net452) (>= netcoreapp2.0)) (== netcoreapp2.0) (&& (== netstandard2.0) (>= netcoreapp2.0))
      Microsoft.Extensions.Primitives (>= 2.2) - restriction: || (&& (== net452) (>= netstandard2.0)) (== netcoreapp2.0) (== netstandard2.0)
    Microsoft.Extensions.Caching.Memory (2.2) - restriction: || (&& (== net452) (>= netcoreapp2.0)) (== netcoreapp2.0) (&& (== netstandard2.0) (>= netcoreapp2.0))
      Microsoft.Extensions.Caching.Abstractions (>= 2.2) - restriction: || (&& (== net452) (>= netstandard2.0)) (== netcoreapp2.0) (== netstandard2.0)
      Microsoft.Extensions.DependencyInjection.Abstractions (>= 2.2) - restriction: || (&& (== net452) (>= netstandard2.0)) (== netcoreapp2.0) (== netstandard2.0)
      Microsoft.Extensions.Options (>= 2.2) - restriction: || (&& (== net452) (>= netstandard2.0)) (== netcoreapp2.0) (== netstandard2.0)
    Microsoft.Extensions.Caching.Redis (2.2) - restriction: || (&& (== net452) (>= netcoreapp2.0)) (== netcoreapp2.0) (&& (== netstandard2.0) (>= netcoreapp2.0))
      Microsoft.Extensions.Caching.Abstractions (>= 2.2) - restriction: || (&& (== net452) (>= netstandard2.0)) (== netcoreapp2.0) (== netstandard2.0)
      Microsoft.Extensions.Options (>= 2.2) - restriction: || (&& (== net452) (>= netstandard2.0)) (== netcoreapp2.0) (== netstandard2.0)
      StackExchange.Redis.StrongName (>= 1.2.6) - restriction: || (&& (== net452) (>= netstandard2.0)) (== netcoreapp2.0) (== netstandard2.0)
    Microsoft.Extensions.Caching.SqlServer (2.2) - restriction: || (&& (== net452) (>= netcoreapp2.0)) (== netcoreapp2.0) (&& (== netstandard2.0) (>= netcoreapp2.0))
      Microsoft.Extensions.Caching.Abstractions (>= 2.2) - restriction: || (&& (== net452) (>= netstandard2.0)) (== netcoreapp2.0) (== netstandard2.0)
      Microsoft.Extensions.Options (>= 2.2) - restriction: || (&& (== net452) (>= netstandard2.0)) (== netcoreapp2.0) (== netstandard2.0)
      System.Data.SqlClient (>= 4.6) - restriction: || (&& (== net452) (>= netstandard2.0)) (== netcoreapp2.0) (== netstandard2.0)
    Microsoft.Extensions.Configuration (2.2) - restriction: || (&& (== net452) (>= netcoreapp2.0)) (== netcoreapp2.0) (&& (== netstandard2.0) (>= netcoreapp2.0))
      Microsoft.Extensions.Configuration.Abstractions (>= 2.2) - restriction: || (&& (== net452) (>= netstandard2.0)) (== netcoreapp2.0) (== netstandard2.0)
    Microsoft.Extensions.Configuration.Abstractions (2.2) - restriction: || (&& (== net452) (>= netcoreapp2.0)) (== netcoreapp2.0) (&& (== netstandard2.0) (>= netcoreapp2.0))
      Microsoft.Extensions.Primitives (>= 2.2) - restriction: || (&& (== net452) (>= netstandard2.0)) (== netcoreapp2.0) (== netstandard2.0)
    Microsoft.Extensions.Configuration.AzureKeyVault (2.2) - restriction: || (&& (== net452) (>= netcoreapp2.0)) (== netcoreapp2.0) (&& (== netstandard2.0) (>= netcoreapp2.0))
      Microsoft.Azure.KeyVault (>= 2.3.2) - restriction: || (&& (== net452) (>= netstandard2.0)) (== netcoreapp2.0) (== netstandard2.0)
      Microsoft.Azure.Services.AppAuthentication (>= 1.0.1) - restriction: || (&& (== net452) (>= netstandard2.0)) (== netcoreapp2.0) (== netstandard2.0)
      Microsoft.Extensions.Configuration (>= 2.2) - restriction: || (&& (== net452) (>= netstandard2.0)) (== netcoreapp2.0) (== netstandard2.0)
      Microsoft.Extensions.Configuration.FileExtensions (>= 2.2) - restriction: || (&& (== net452) (>= netstandard2.0)) (== netcoreapp2.0) (== netstandard2.0)
    Microsoft.Extensions.Configuration.Binder (2.2) - restriction: || (&& (== net452) (>= netcoreapp2.0)) (== netcoreapp2.0) (&& (== netstandard2.0) (>= netcoreapp2.0))
      Microsoft.Extensions.Configuration (>= 2.2) - restriction: || (&& (== net452) (>= netstandard2.0)) (== netcoreapp2.0) (== netstandard2.0)
    Microsoft.Extensions.Configuration.CommandLine (2.2) - restriction: || (&& (== net452) (>= netcoreapp2.0)) (== netcoreapp2.0) (&& (== netstandard2.0) (>= netcoreapp2.0))
      Microsoft.Extensions.Configuration (>= 2.2) - restriction: || (&& (== net452) (>= netstandard2.0)) (== netcoreapp2.0) (== netstandard2.0)
    Microsoft.Extensions.Configuration.EnvironmentVariables (2.2) - restriction: || (&& (== net452) (>= netcoreapp2.0)) (== netcoreapp2.0) (&& (== netstandard2.0) (>= netcoreapp2.0))
      Microsoft.Extensions.Configuration (>= 2.2) - restriction: || (&& (== net452) (>= netstandard2.0)) (== netcoreapp2.0) (== netstandard2.0)
    Microsoft.Extensions.Configuration.FileExtensions (2.2) - restriction: || (&& (== net452) (>= netcoreapp2.0)) (== netcoreapp2.0) (&& (== netstandard2.0) (>= netcoreapp2.0))
      Microsoft.Extensions.Configuration (>= 2.2) - restriction: || (&& (== net452) (>= netstandard2.0)) (== netcoreapp2.0) (== netstandard2.0)
      Microsoft.Extensions.FileProviders.Physical (>= 2.2) - restriction: || (&& (== net452) (>= netstandard2.0)) (== netcoreapp2.0) (== netstandard2.0)
    Microsoft.Extensions.Configuration.Ini (2.2) - restriction: || (&& (== net452) (>= netcoreapp2.0)) (== netcoreapp2.0) (&& (== netstandard2.0) (>= netcoreapp2.0))
      Microsoft.Extensions.Configuration (>= 2.2) - restriction: || (&& (== net452) (>= netstandard2.0)) (== netcoreapp2.0) (== netstandard2.0)
      Microsoft.Extensions.Configuration.FileExtensions (>= 2.2) - restriction: || (&& (== net452) (>= netstandard2.0)) (== netcoreapp2.0) (== netstandard2.0)
    Microsoft.Extensions.Configuration.Json (2.2) - restriction: || (&& (== net452) (>= netcoreapp2.0)) (== netcoreapp2.0) (&& (== netstandard2.0) (>= netcoreapp2.0))
      Microsoft.Extensions.Configuration (>= 2.2) - restriction: || (&& (== net452) (>= netstandard2.0)) (== netcoreapp2.0) (== netstandard2.0)
      Microsoft.Extensions.Configuration.FileExtensions (>= 2.2) - restriction: || (&& (== net452) (>= netstandard2.0)) (== netcoreapp2.0) (== netstandard2.0)
      Newtonsoft.Json (>= 11.0.2) - restriction: || (&& (== net452) (>= netstandard2.0)) (== netcoreapp2.0) (== netstandard2.0)
    Microsoft.Extensions.Configuration.UserSecrets (2.2) - restriction: || (&& (== net452) (>= netcoreapp2.0)) (== netcoreapp2.0) (&& (== netstandard2.0) (>= netcoreapp2.0))
      Microsoft.Extensions.Configuration.Json (>= 2.2) - restriction: || (&& (== net452) (>= netstandard2.0)) (== netcoreapp2.0) (== netstandard2.0)
    Microsoft.Extensions.Configuration.Xml (2.2) - restriction: || (&& (== net452) (>= netcoreapp2.0)) (== netcoreapp2.0) (&& (== netstandard2.0) (>= netcoreapp2.0))
      Microsoft.Extensions.Configuration (>= 2.2) - restriction: || (&& (== net452) (>= netstandard2.0)) (== netcoreapp2.0) (== netstandard2.0)
      Microsoft.Extensions.Configuration.FileExtensions (>= 2.2) - restriction: || (&& (== net452) (>= netstandard2.0)) (== netcoreapp2.0) (== netstandard2.0)
      System.Security.Cryptography.Xml (>= 4.5) - restriction: || (&& (== net452) (>= netstandard2.0)) (== netcoreapp2.0) (== netstandard2.0)
    Microsoft.Extensions.DependencyInjection (2.2) - restriction: || (&& (== net452) (>= netcoreapp2.0)) (== netcoreapp2.0) (&& (== netstandard2.0) (>= netcoreapp2.0))
      Microsoft.Extensions.DependencyInjection.Abstractions (>= 2.2) - restriction: || (&& (== net452) (>= net461)) (&& (== net452) (>= netstandard2.0)) (== netcoreapp2.0) (== netstandard2.0)
    Microsoft.Extensions.DependencyInjection.Abstractions (2.2) - restriction: || (&& (== net452) (>= netcoreapp2.0)) (== netcoreapp2.0) (&& (== netstandard2.0) (>= netcoreapp2.0))
    Microsoft.Extensions.DependencyModel (2.1) - restriction: || (&& (== net452) (>= netcoreapp2.0)) (== netcoreapp2.0) (&& (== netstandard2.0) (>= netcoreapp2.0))
      Microsoft.DotNet.PlatformAbstractions (>= 2.1)
      Newtonsoft.Json (>= 9.0.1)
      System.Diagnostics.Debug (>= 4.0.11) - restriction: || (&& (== net452) (< net451) (>= netstandard1.3)) (&& (== net452) (< net451) (>= netstandard1.6)) (== netcoreapp2.0) (== netstandard2.0)
      System.Dynamic.Runtime (>= 4.0.11) - restriction: || (&& (== net452) (< net451) (>= netstandard1.3)) (&& (== net452) (< net451) (>= netstandard1.6)) (== netcoreapp2.0) (== netstandard2.0)
      System.Linq (>= 4.1) - restriction: || (&& (== net452) (< net451) (>= netstandard1.3)) (&& (== net452) (< net451) (>= netstandard1.6)) (== netcoreapp2.0) (== netstandard2.0)
    Microsoft.Extensions.DiagnosticAdapter (2.2) - restriction: || (&& (== net452) (>= netcoreapp2.0)) (== netcoreapp2.0) (&& (== netstandard2.0) (>= netcoreapp2.0))
      System.Diagnostics.DiagnosticSource (>= 4.5) - restriction: || (&& (== net452) (>= net461)) (&& (== net452) (>= netstandard2.0)) (== netcoreapp2.0) (== netstandard2.0)
    Microsoft.Extensions.FileProviders.Abstractions (2.2) - restriction: || (&& (== net452) (>= netcoreapp2.0)) (== netcoreapp2.0) (&& (== netstandard2.0) (>= netcoreapp2.0))
      Microsoft.Extensions.Primitives (>= 2.2) - restriction: || (&& (== net452) (>= netstandard2.0)) (== netcoreapp2.0) (== netstandard2.0)
    Microsoft.Extensions.FileProviders.Composite (2.2) - restriction: || (&& (== net452) (>= netcoreapp2.0)) (== netcoreapp2.0) (&& (== netstandard2.0) (>= netcoreapp2.0))
      Microsoft.Extensions.FileProviders.Abstractions (>= 2.2) - restriction: || (&& (== net452) (>= netstandard2.0)) (== netcoreapp2.0) (== netstandard2.0)
    Microsoft.Extensions.FileProviders.Embedded (2.2) - restriction: || (&& (== net452) (>= netcoreapp2.0)) (== netcoreapp2.0) (&& (== netstandard2.0) (>= netcoreapp2.0))
      Microsoft.Extensions.FileProviders.Abstractions (>= 2.2) - restriction: || (&& (== net452) (>= netstandard2.0)) (== netcoreapp2.0) (== netstandard2.0)
    Microsoft.Extensions.FileProviders.Physical (2.2) - restriction: || (&& (== net452) (>= netcoreapp2.0)) (== netcoreapp2.0) (&& (== netstandard2.0) (>= netcoreapp2.0))
      Microsoft.Extensions.FileProviders.Abstractions (>= 2.2) - restriction: || (&& (== net452) (>= netstandard2.0)) (== netcoreapp2.0) (== netstandard2.0)
      Microsoft.Extensions.FileSystemGlobbing (>= 2.2) - restriction: || (&& (== net452) (>= netstandard2.0)) (== netcoreapp2.0) (== netstandard2.0)
    Microsoft.Extensions.FileSystemGlobbing (2.2) - restriction: || (&& (== net452) (>= netcoreapp2.0)) (== netcoreapp2.0) (&& (== netstandard2.0) (>= netcoreapp2.0))
    Microsoft.Extensions.Hosting.Abstractions (2.2) - restriction: || (&& (== net452) (>= netcoreapp2.0)) (== netcoreapp2.0) (&& (== netstandard2.0) (>= netcoreapp2.0))
      Microsoft.Extensions.Configuration.Abstractions (>= 2.2) - restriction: || (&& (== net452) (>= netstandard2.0)) (== netcoreapp2.0) (== netstandard2.0)
      Microsoft.Extensions.DependencyInjection.Abstractions (>= 2.2) - restriction: || (&& (== net452) (>= netstandard2.0)) (== netcoreapp2.0) (== netstandard2.0)
      Microsoft.Extensions.FileProviders.Abstractions (>= 2.2) - restriction: || (&& (== net452) (>= netstandard2.0)) (== netcoreapp2.0) (== netstandard2.0)
      Microsoft.Extensions.Logging.Abstractions (>= 2.2) - restriction: || (&& (== net452) (>= netstandard2.0)) (== netcoreapp2.0) (== netstandard2.0)
    Microsoft.Extensions.Identity.Core (2.2) - restriction: || (&& (== net452) (>= netcoreapp2.0)) (== netcoreapp2.0) (&& (== netstandard2.0) (>= netcoreapp2.0))
      Microsoft.AspNetCore.Cryptography.KeyDerivation (>= 2.2) - restriction: || (&& (== net452) (>= netstandard2.0)) (== netcoreapp2.0) (== netstandard2.0)
      Microsoft.Extensions.Logging (>= 2.2) - restriction: || (&& (== net452) (>= netstandard2.0)) (== netcoreapp2.0) (== netstandard2.0)
      Microsoft.Extensions.Options (>= 2.2) - restriction: || (&& (== net452) (>= netstandard2.0)) (== netcoreapp2.0) (== netstandard2.0)
      System.ComponentModel.Annotations (>= 4.5) - restriction: || (&& (== net452) (>= netstandard2.0)) (== netcoreapp2.0) (== netstandard2.0)
    Microsoft.Extensions.Identity.Stores (2.2) - restriction: || (&& (== net452) (>= netcoreapp2.0)) (== netcoreapp2.0) (&& (== netstandard2.0) (>= netcoreapp2.0))
      Microsoft.Extensions.Identity.Core (>= 2.2) - restriction: || (&& (== net452) (>= netstandard2.0)) (== netcoreapp2.0) (== netstandard2.0)
      Microsoft.Extensions.Logging (>= 2.2) - restriction: || (&& (== net452) (>= netstandard2.0)) (== netcoreapp2.0) (== netstandard2.0)
      System.ComponentModel.Annotations (>= 4.5) - restriction: || (&& (== net452) (>= netstandard2.0)) (== netcoreapp2.0) (== netstandard2.0)
    Microsoft.Extensions.Localization (2.2) - restriction: || (&& (== net452) (>= netcoreapp2.0)) (== netcoreapp2.0) (&& (== netstandard2.0) (>= netcoreapp2.0))
      Microsoft.Extensions.DependencyInjection.Abstractions (>= 2.2) - restriction: || (&& (== net452) (>= netstandard2.0)) (== netcoreapp2.0) (== netstandard2.0)
      Microsoft.Extensions.Localization.Abstractions (>= 2.2) - restriction: || (&& (== net452) (>= netstandard2.0)) (== netcoreapp2.0) (== netstandard2.0)
      Microsoft.Extensions.Logging.Abstractions (>= 2.2) - restriction: || (&& (== net452) (>= netstandard2.0)) (== netcoreapp2.0) (== netstandard2.0)
      Microsoft.Extensions.Options (>= 2.2) - restriction: || (&& (== net452) (>= netstandard2.0)) (== netcoreapp2.0) (== netstandard2.0)
    Microsoft.Extensions.Localization.Abstractions (2.2) - restriction: || (&& (== net452) (>= netcoreapp2.0)) (== netcoreapp2.0) (&& (== netstandard2.0) (>= netcoreapp2.0))
    Microsoft.Extensions.Logging (2.2) - restriction: || (&& (== net452) (>= netcoreapp2.0)) (== netcoreapp2.0) (&& (== netstandard2.0) (>= netcoreapp2.0))
      Microsoft.Extensions.Configuration.Binder (>= 2.2) - restriction: || (&& (== net452) (>= netstandard2.0)) (== netcoreapp2.0) (== netstandard2.0)
      Microsoft.Extensions.DependencyInjection.Abstractions (>= 2.2) - restriction: || (&& (== net452) (>= netstandard2.0)) (== netcoreapp2.0) (== netstandard2.0)
      Microsoft.Extensions.Logging.Abstractions (>= 2.2) - restriction: || (&& (== net452) (>= netstandard2.0)) (== netcoreapp2.0) (== netstandard2.0)
      Microsoft.Extensions.Options (>= 2.2) - restriction: || (&& (== net452) (>= netstandard2.0)) (== netcoreapp2.0) (== netstandard2.0)
    Microsoft.Extensions.Logging.Abstractions (2.2) - restriction: || (&& (== net452) (>= netcoreapp2.0)) (== netcoreapp2.0) (&& (== netstandard2.0) (>= netcoreapp2.0))
    Microsoft.Extensions.Logging.AzureAppServices (2.2) - restriction: || (&& (== net452) (>= netcoreapp2.0)) (== netcoreapp2.0) (&& (== netstandard2.0) (>= netcoreapp2.0))
      Microsoft.Extensions.Configuration.EnvironmentVariables (>= 2.2) - restriction: || (&& (== net452) (>= netstandard2.0)) (== netcoreapp2.0) (== netstandard2.0)
      Microsoft.Extensions.Configuration.Json (>= 2.2) - restriction: || (&& (== net452) (>= netstandard2.0)) (== netcoreapp2.0) (== netstandard2.0)
      Microsoft.Extensions.Logging (>= 2.2) - restriction: || (&& (== net452) (>= netstandard2.0)) (== netcoreapp2.0) (== netstandard2.0)
      Microsoft.Extensions.Logging.Abstractions (>= 2.2) - restriction: || (&& (== net452) (>= netstandard2.0)) (== netcoreapp2.0) (== netstandard2.0)
      Microsoft.Extensions.Logging.Configuration (>= 2.2) - restriction: || (&& (== net452) (>= netstandard2.0)) (== netcoreapp2.0) (== netstandard2.0)
      System.ValueTuple (>= 4.5) - restriction: || (&& (== net452) (>= netstandard2.0)) (== netcoreapp2.0) (== netstandard2.0)
    Microsoft.Extensions.Logging.Configuration (2.2) - restriction: || (&& (== net452) (>= netcoreapp2.0)) (== netcoreapp2.0) (&& (== netstandard2.0) (>= netcoreapp2.0))
      Microsoft.Extensions.Logging (>= 2.2) - restriction: || (&& (== net452) (>= netstandard2.0)) (== netcoreapp2.0) (== netstandard2.0)
      Microsoft.Extensions.Options.ConfigurationExtensions (>= 2.2) - restriction: || (&& (== net452) (>= netstandard2.0)) (== netcoreapp2.0) (== netstandard2.0)
    Microsoft.Extensions.Logging.Console (2.2) - restriction: || (&& (== net452) (>= netcoreapp2.0)) (== netcoreapp2.0) (&& (== netstandard2.0) (>= netcoreapp2.0))
      Microsoft.Extensions.Configuration.Abstractions (>= 2.2) - restriction: || (&& (== net452) (>= netstandard2.0)) (== netcoreapp2.0) (== netstandard2.0)
      Microsoft.Extensions.Logging (>= 2.2) - restriction: || (&& (== net452) (>= netstandard2.0)) (== netcoreapp2.0) (== netstandard2.0)
      Microsoft.Extensions.Logging.Configuration (>= 2.2) - restriction: || (&& (== net452) (>= netstandard2.0)) (== netcoreapp2.0) (== netstandard2.0)
    Microsoft.Extensions.Logging.Debug (2.2) - restriction: || (&& (== net452) (>= netcoreapp2.0)) (== netcoreapp2.0) (&& (== netstandard2.0) (>= netcoreapp2.0))
      Microsoft.Extensions.Logging (>= 2.2) - restriction: || (&& (== net452) (>= netstandard2.0)) (== netcoreapp2.0) (== netstandard2.0)
    Microsoft.Extensions.Logging.EventSource (2.2) - restriction: || (&& (== net452) (>= netcoreapp2.0)) (== netcoreapp2.0) (&& (== netstandard2.0) (>= netcoreapp2.0))
      Microsoft.Extensions.Logging (>= 2.2) - restriction: || (&& (== net452) (>= netstandard2.0)) (== netcoreapp2.0) (== netstandard2.0)
      Newtonsoft.Json (>= 11.0.2) - restriction: || (&& (== net452) (>= netstandard2.0)) (== netcoreapp2.0) (== netstandard2.0)
    Microsoft.Extensions.Logging.TraceSource (2.2) - restriction: || (&& (== net452) (>= netcoreapp2.0)) (== netcoreapp2.0) (&& (== netstandard2.0) (>= netcoreapp2.0))
      Microsoft.Extensions.Logging (>= 2.2) - restriction: || (&& (== net452) (>= netstandard2.0)) (== netcoreapp2.0) (== netstandard2.0)
    Microsoft.Extensions.ObjectPool (2.2) - restriction: || (&& (== net452) (>= netcoreapp2.0)) (== netcoreapp2.0) (&& (== netstandard2.0) (>= netcoreapp2.0))
    Microsoft.Extensions.Options (2.2) - restriction: || (&& (== net452) (>= netcoreapp2.0)) (== netcoreapp2.0) (&& (== netstandard2.0) (>= netcoreapp2.0))
      Microsoft.Extensions.DependencyInjection.Abstractions (>= 2.2) - restriction: || (&& (== net452) (>= netstandard2.0)) (== netcoreapp2.0) (== netstandard2.0)
      Microsoft.Extensions.Primitives (>= 2.2) - restriction: || (&& (== net452) (>= netstandard2.0)) (== netcoreapp2.0) (== netstandard2.0)
      System.ComponentModel.Annotations (>= 4.5) - restriction: || (&& (== net452) (>= netstandard2.0)) (== netcoreapp2.0) (== netstandard2.0)
    Microsoft.Extensions.Options.ConfigurationExtensions (2.2) - restriction: || (&& (== net452) (>= netcoreapp2.0)) (== netcoreapp2.0) (&& (== netstandard2.0) (>= netcoreapp2.0))
      Microsoft.Extensions.Configuration.Abstractions (>= 2.2) - restriction: || (&& (== net452) (>= netstandard2.0)) (== netcoreapp2.0) (== netstandard2.0)
      Microsoft.Extensions.Configuration.Binder (>= 2.2) - restriction: || (&& (== net452) (>= netstandard2.0)) (== netcoreapp2.0) (== netstandard2.0)
      Microsoft.Extensions.DependencyInjection.Abstractions (>= 2.2) - restriction: || (&& (== net452) (>= netstandard2.0)) (== netcoreapp2.0) (== netstandard2.0)
      Microsoft.Extensions.Options (>= 2.2) - restriction: || (&& (== net452) (>= netstandard2.0)) (== netcoreapp2.0) (== netstandard2.0)
    Microsoft.Extensions.PlatformAbstractions (1.1) - restriction: || (&& (== net452) (>= netcoreapp2.0)) (== netcoreapp2.0) (&& (== netstandard2.0) (>= netcoreapp2.0))
      NETStandard.Library (>= 1.6.1)
      System.Reflection.TypeExtensions (>= 4.3) - restriction: || (&& (== net452) (< net451) (>= netstandard1.3)) (== netcoreapp2.0) (== netstandard2.0)
    Microsoft.Extensions.Primitives (2.2) - restriction: || (&& (== net452) (>= netcoreapp2.0)) (== netcoreapp2.0) (&& (== netstandard2.0) (>= netcoreapp2.0))
      System.Memory (>= 4.5.1) - restriction: || (&& (== net452) (>= netstandard2.0)) (== netcoreapp2.0) (== netstandard2.0)
      System.Runtime.CompilerServices.Unsafe (>= 4.5.1) - restriction: || (&& (== net452) (>= netstandard2.0)) (== netcoreapp2.0) (== netstandard2.0)
    Microsoft.Extensions.WebEncoders (2.2) - restriction: || (&& (== net452) (>= netcoreapp2.0)) (== netcoreapp2.0) (&& (== netstandard2.0) (>= netcoreapp2.0))
      Microsoft.Extensions.DependencyInjection.Abstractions (>= 2.2) - restriction: || (&& (== net452) (>= netstandard2.0)) (== netcoreapp2.0) (== netstandard2.0)
      Microsoft.Extensions.Options (>= 2.2) - restriction: || (&& (== net452) (>= netstandard2.0)) (== netcoreapp2.0) (== netstandard2.0)
      System.Text.Encodings.Web (>= 4.5) - restriction: || (&& (== net452) (>= netstandard2.0)) (== netcoreapp2.0) (== netstandard2.0)
    Microsoft.IdentityModel.Clients.ActiveDirectory (4.4.1) - restriction: || (&& (== net452) (>= netcoreapp2.0)) (== netcoreapp2.0) (&& (== netstandard2.0) (>= netcoreapp2.0))
      NETStandard.Library (>= 1.6.1) - restriction: || (&& (== net452) (< net45)) (== netcoreapp2.0) (== netstandard2.0)
      System.Runtime.Serialization.Json (>= 4.3) - restriction: || (&& (== net452) (< net45)) (&& (== net452) (>= uap10.0)) (== netcoreapp2.0) (== netstandard2.0)
      System.Runtime.Serialization.Primitives (>= 4.3) - restriction: || (&& (== net452) (< net45)) (&& (== net452) (>= uap10.0)) (== netcoreapp2.0) (== netstandard2.0)
      System.Security.Cryptography.X509Certificates (>= 4.3) - restriction: || (&& (== net452) (< net45) (>= netstandard1.3)) (== netcoreapp2.0) (== netstandard2.0)
      System.Security.SecureString (>= 4.3) - restriction: || (&& (== net452) (< net45) (>= netstandard1.3)) (== netcoreapp2.0) (== netstandard2.0)
      System.Xml.XDocument (>= 4.3) - restriction: || (&& (== net452) (< net45)) (&& (== net452) (>= uap10.0)) (== netcoreapp2.0) (== netstandard2.0)
    Microsoft.IdentityModel.JsonWebTokens (5.3) - restriction: || (&& (== net452) (>= netcoreapp2.0)) (== netcoreapp2.0) (&& (== netstandard2.0) (>= netcoreapp2.0))
      Microsoft.IdentityModel.Tokens (>= 5.3)
      Newtonsoft.Json (>= 10.0.1)
    Microsoft.IdentityModel.Logging (5.3) - restriction: || (&& (== net452) (>= netcoreapp2.0)) (== netcoreapp2.0) (&& (== netstandard2.0) (>= netcoreapp2.0))
      System.Diagnostics.Tracing (>= 4.3) - restriction: || (&& (== net452) (< net45) (>= netstandard1.4)) (&& (== net452) (< net45) (>= netstandard2.0)) (== netcoreapp2.0) (== netstandard2.0)
      System.Globalization (>= 4.3) - restriction: || (&& (== net452) (< net45) (>= netstandard1.4)) (&& (== net452) (< net45) (>= netstandard2.0)) (== netcoreapp2.0) (== netstandard2.0)
      System.IO (>= 4.3) - restriction: || (&& (== net452) (< net45) (>= netstandard1.4)) (&& (== net452) (< net45) (>= netstandard2.0)) (== netcoreapp2.0) (== netstandard2.0)
      System.IO.FileSystem (>= 4.3) - restriction: || (&& (== net452) (< net45) (>= netstandard1.4)) (&& (== net452) (< net45) (>= netstandard2.0)) (== netcoreapp2.0) (== netstandard2.0)
    Microsoft.IdentityModel.Protocols (5.3) - restriction: || (&& (== net452) (>= netcoreapp2.0)) (== netcoreapp2.0) (&& (== netstandard2.0) (>= netcoreapp2.0))
      Microsoft.IdentityModel.Logging (>= 5.3)
      Microsoft.IdentityModel.Tokens (>= 5.3)
      System.Collections.Specialized (>= 4.3) - restriction: || (&& (== net452) (< net45) (>= netstandard1.4)) (&& (== net452) (< net45) (>= netstandard2.0)) (== netcoreapp2.0) (== netstandard2.0)
      System.Diagnostics.Contracts (>= 4.3) - restriction: || (&& (== net452) (< net45) (>= netstandard1.4)) (&& (== net452) (< net45) (>= netstandard2.0)) (== netcoreapp2.0) (== netstandard2.0)
      System.Net.Http (>= 4.3) - restriction: || (&& (== net452) (< net45) (>= netstandard1.4)) (&& (== net452) (< net45) (>= netstandard2.0)) (== netcoreapp2.0) (== netstandard2.0)
    Microsoft.IdentityModel.Protocols.OpenIdConnect (5.3) - restriction: || (&& (== net452) (>= netcoreapp2.0)) (== netcoreapp2.0) (&& (== netstandard2.0) (>= netcoreapp2.0))
      Microsoft.IdentityModel.Protocols (>= 5.3)
      Newtonsoft.Json (>= 10.0.1)
      System.Dynamic.Runtime (>= 4.3) - restriction: || (&& (== net452) (< net45) (>= netstandard1.4)) (&& (== net452) (< net45) (>= netstandard2.0)) (== netcoreapp2.0) (== netstandard2.0)
      System.IdentityModel.Tokens.Jwt (>= 5.3)
    Microsoft.IdentityModel.Tokens (5.3) - restriction: || (&& (== net452) (>= netcoreapp2.0)) (== netcoreapp2.0) (&& (== netstandard2.0) (>= netcoreapp2.0))
      Microsoft.IdentityModel.Logging (>= 5.3)
      Newtonsoft.Json (>= 10.0.1)
      System.Collections (>= 4.3) - restriction: || (&& (== net452) (< net45) (>= netstandard1.4)) (&& (== net452) (< net45) (>= netstandard2.0)) (== netcoreapp2.0) (== netstandard2.0)
      System.Diagnostics.Tools (>= 4.3) - restriction: || (&& (== net452) (< net45) (>= netstandard1.4)) (&& (== net452) (< net45) (>= netstandard2.0)) (== netcoreapp2.0) (== netstandard2.0)
      System.Reflection (>= 4.3) - restriction: || (&& (== net452) (< net45) (>= netstandard1.4)) (&& (== net452) (< net45) (>= netstandard2.0)) (== netcoreapp2.0) (== netstandard2.0)
      System.Runtime (>= 4.3) - restriction: || (&& (== net452) (< net45) (>= netstandard1.4)) (&& (== net452) (< net45) (>= netstandard2.0)) (== netcoreapp2.0) (== netstandard2.0)
      System.Runtime.Extensions (>= 4.3) - restriction: || (&& (== net452) (< net45) (>= netstandard1.4)) (&& (== net452) (< net45) (>= netstandard2.0)) (== netcoreapp2.0) (== netstandard2.0)
      System.Runtime.InteropServices (>= 4.3) - restriction: || (&& (== net452) (< net45) (>= netstandard1.4)) (&& (== net452) (< net45) (>= netstandard2.0)) (== netcoreapp2.0) (== netstandard2.0)
      System.Runtime.InteropServices.RuntimeInformation (>= 4.3) - restriction: || (&& (== net452) (< net45) (>= netstandard1.4)) (&& (== net452) (< net45) (>= netstandard2.0)) (== netcoreapp2.0) (== netstandard2.0)
      System.Runtime.Serialization.Xml (>= 4.3) - restriction: || (&& (== net452) (< net45) (>= netstandard1.4)) (&& (== net452) (< net45) (>= netstandard2.0)) (== netcoreapp2.0) (== netstandard2.0)
      System.Security.Claims (>= 4.3) - restriction: || (&& (== net452) (< net45) (>= netstandard1.4)) (&& (== net452) (< net45) (>= netstandard2.0)) (== netcoreapp2.0) (== netstandard2.0)
      System.Security.Cryptography.Algorithms (>= 4.3) - restriction: || (&& (== net452) (< net45) (>= netstandard1.4)) (&& (== net452) (< net45) (>= netstandard2.0)) (== netcoreapp2.0) (== netstandard2.0)
      System.Security.Cryptography.X509Certificates (>= 4.3) - restriction: || (&& (== net452) (< net45) (>= netstandard1.4)) (&& (== net452) (< net45) (>= netstandard2.0)) (== netcoreapp2.0) (== netstandard2.0)
      System.Text.RegularExpressions (>= 4.3) - restriction: || (&& (== net452) (< net45) (>= netstandard1.4)) (&& (== net452) (< net45) (>= netstandard2.0)) (== netcoreapp2.0) (== netstandard2.0)
      System.Threading (>= 4.3) - restriction: || (&& (== net452) (< net45) (>= netstandard1.4)) (&& (== net452) (< net45) (>= netstandard2.0)) (== netcoreapp2.0) (== netstandard2.0)
    Microsoft.Net.Http.Headers (2.2) - restriction: || (&& (== net452) (>= netcoreapp2.0)) (== netcoreapp2.0) (&& (== netstandard2.0) (>= netcoreapp2.0))
      Microsoft.Extensions.Primitives (>= 2.2) - restriction: || (&& (== net452) (>= netstandard2.0)) (== netcoreapp2.0) (== netstandard2.0)
      System.Buffers (>= 4.5) - restriction: || (&& (== net452) (>= netstandard2.0)) (== netcoreapp2.0) (== netstandard2.0)
    Microsoft.NET.Test.Sdk (15.9) - restriction: || (&& (== net452) (>= netcoreapp1.0)) (== netcoreapp2.0) (&& (== netstandard2.0) (>= netcoreapp1.0))
      Microsoft.CodeCoverage (>= 15.9) - restriction: || (== net452) (== netcoreapp2.0) (&& (== netstandard2.0) (>= net45)) (&& (== netstandard2.0) (>= netcoreapp1.0))
      Microsoft.TestPlatform.TestHost (>= 15.9) - restriction: || (&& (== net452) (>= netcoreapp1.0)) (== netcoreapp2.0) (&& (== netstandard2.0) (>= netcoreapp1.0))
    Microsoft.NETCore.Platforms (2.2) - restriction: || (&& (== net452) (< net45)) (&& (== net452) (>= netcoreapp2.0)) (&& (== net452) (< portable-net45+win8+wp8+wpa81)) (== netcoreapp2.0) (== netstandard2.0)
    Microsoft.NETCore.Targets (2.1) - restriction: || (&& (== net452) (< net45)) (&& (== net452) (>= netcoreapp2.0)) (&& (== net452) (< portable-net45+win8+wp8+wpa81)) (== netcoreapp2.0) (== netstandard2.0)
    Microsoft.Owin (4.0)
      Owin (>= 1.0)
    Microsoft.Owin.Host.HttpListener (4.0)
    Microsoft.Owin.Host.SystemWeb (4.0)
      Microsoft.Owin (>= 4.0)
      Owin (>= 1.0)
    Microsoft.Owin.Hosting (4.0)
      Microsoft.Owin (>= 4.0)
      Owin (>= 1.0)
    Microsoft.Rest.ClientRuntime (2.3.18) - restriction: || (&& (== net452) (>= netcoreapp2.0)) (== netcoreapp2.0) (&& (== netstandard2.0) (>= netcoreapp2.0))
      NETStandard.Library (>= 1.6.1) - restriction: || (== netcoreapp2.0) (== netstandard2.0)
      Newtonsoft.Json (>= 10.0.3) - restriction: || (== netcoreapp2.0) (== netstandard2.0)
    Microsoft.Rest.ClientRuntime.Azure (3.3.18) - restriction: || (&& (== net452) (>= netcoreapp2.0)) (== netcoreapp2.0) (&& (== netstandard2.0) (>= netcoreapp2.0))
      Microsoft.Rest.ClientRuntime (>= 2.3.17 < 3.0)
      NETStandard.Library (>= 1.6.1) - restriction: || (== netcoreapp2.0) (== netstandard2.0)
      Newtonsoft.Json (>= 10.0.3) - restriction: || (== netcoreapp2.0) (== netstandard2.0)
    Microsoft.TestPlatform.ObjectModel (15.9) - restriction: || (&& (== net452) (>= netcoreapp1.0)) (== netcoreapp2.0) (&& (== netstandard2.0) (>= netcoreapp1.0))
      NETStandard.Library (>= 1.6) - restriction: || (&& (== net452) (< net451) (>= netstandard1.5)) (== netcoreapp2.0) (== netstandard2.0)
      System.ComponentModel.EventBasedAsync (>= 4.0.11) - restriction: || (&& (== net452) (< net451) (>= netstandard1.5)) (== netcoreapp2.0) (== netstandard2.0)
      System.ComponentModel.TypeConverter (>= 4.1) - restriction: || (&& (== net452) (< net451) (>= netstandard1.4)) (&& (== net452) (< net451) (>= netstandard1.5)) (== netcoreapp2.0) (== netstandard2.0)
      System.Diagnostics.Process (>= 4.1) - restriction: || (&& (== net452) (< net451) (>= netstandard1.5)) (== netcoreapp2.0) (== netstandard2.0)
      System.Diagnostics.TextWriterTraceListener (>= 4.0) - restriction: || (&& (== net452) (< net451) (>= netstandard1.5)) (== netcoreapp2.0) (== netstandard2.0)
      System.Diagnostics.TraceSource (>= 4.0) - restriction: || (&& (== net452) (< net451) (>= netstandard1.5)) (== netcoreapp2.0) (== netstandard2.0)
      System.Reflection.Metadata (>= 1.3)
      System.Reflection.TypeExtensions (>= 4.1) - restriction: || (&& (== net452) (< net451) (>= netstandard1.5)) (== netcoreapp2.0) (== netstandard2.0)
      System.Runtime.InteropServices.RuntimeInformation (>= 4.0) - restriction: || (&& (== net452) (< net451) (>= netstandard1.4)) (&& (== net452) (< net451) (>= netstandard1.5)) (== netcoreapp2.0) (== netstandard2.0)
      System.Runtime.Loader (>= 4.0) - restriction: || (&& (== net452) (< net451) (>= netstandard1.5)) (== netcoreapp2.0) (== netstandard2.0)
      System.Runtime.Serialization.Json (>= 4.0.2) - restriction: || (&& (== net452) (< net451) (>= netstandard1.5)) (== netcoreapp2.0) (== netstandard2.0)
      System.Runtime.Serialization.Primitives (>= 4.1.1) - restriction: || (&& (== net452) (< net451) (>= netstandard1.5)) (== netcoreapp2.0) (== netstandard2.0)
      System.Threading.Thread (>= 4.0) - restriction: || (&& (== net452) (< net451) (>= netstandard1.5)) (== netcoreapp2.0) (== netstandard2.0)
      System.Xml.XPath.XmlDocument (>= 4.0.1) - restriction: || (&& (== net452) (< net451) (>= netstandard1.5)) (== netcoreapp2.0) (== netstandard2.0)
    Microsoft.TestPlatform.TestHost (15.9) - restriction: || (&& (== net452) (>= netcoreapp1.0)) (== netcoreapp2.0) (&& (== netstandard2.0) (>= netcoreapp1.0))
      Microsoft.Extensions.DependencyModel (>= 1.0.3) - restriction: || (&& (== net452) (>= netcoreapp1.0)) (== netcoreapp2.0) (&& (== netstandard2.0) (>= netcoreapp1.0))
      Microsoft.TestPlatform.ObjectModel (>= 15.9) - restriction: || (&& (== net452) (>= netcoreapp1.0)) (&& (== net452) (>= uap10.0)) (== netcoreapp2.0) (&& (== netstandard2.0) (>= netcoreapp1.0)) (&& (== netstandard2.0) (>= uap10.0))
      Newtonsoft.Json (>= 9.0.1) - restriction: || (&& (== net452) (>= netcoreapp1.0)) (&& (== net452) (>= uap10.0)) (== netcoreapp2.0) (&& (== netstandard2.0) (>= netcoreapp1.0)) (&& (== netstandard2.0) (>= uap10.0))
    Microsoft.VisualStudio.Web.BrowserLink (2.2) - restriction: || (&& (== net452) (>= netcoreapp2.0)) (== netcoreapp2.0) (&& (== netstandard2.0) (>= netcoreapp2.0))
      Microsoft.AspNetCore.Hosting.Abstractions (>= 2.2) - restriction: || (&& (== net452) (>= netstandard2.0)) (== netcoreapp2.0) (== netstandard2.0)
      Microsoft.AspNetCore.Http.Abstractions (>= 2.2) - restriction: || (&& (== net452) (>= netstandard2.0)) (== netcoreapp2.0) (== netstandard2.0)
      Microsoft.AspNetCore.Http.Extensions (>= 2.2) - restriction: || (&& (== net452) (>= netstandard2.0)) (== netcoreapp2.0) (== netstandard2.0)
      Microsoft.Extensions.FileProviders.Physical (>= 2.2) - restriction: || (&& (== net452) (>= netstandard2.0)) (== netcoreapp2.0) (== netstandard2.0)
    Microsoft.Win32.Primitives (4.3) - restriction: || (&& (== net452) (>= netcoreapp2.0)) (== netcoreapp2.0) (&& (== netstandard2.0) (>= netcoreapp2.0))
      Microsoft.NETCore.Platforms (>= 1.1) - restriction: || (&& (== net452) (>= netstandard1.3)) (== netcoreapp2.0) (== netstandard2.0)
      Microsoft.NETCore.Targets (>= 1.1) - restriction: || (&& (== net452) (>= netstandard1.3)) (== netcoreapp2.0) (== netstandard2.0)
      System.Runtime (>= 4.3) - restriction: || (&& (== net452) (>= netstandard1.3)) (== netcoreapp2.0) (== netstandard2.0)
    Microsoft.Win32.Registry (4.5) - restriction: || (&& (== net452) (>= netcoreapp2.0)) (== netcoreapp2.0) (&& (== netstandard2.0) (>= netcoreapp2.0))
      System.Memory (>= 4.5) - restriction: || (&& (== net452) (>= netcoreapp2.0)) (&& (== net452) (>= netstandard2.0)) (&& (== net452) (>= uap10.1)) (== netcoreapp2.0) (== netstandard2.0)
      System.Security.AccessControl (>= 4.5) - restriction: || (&& (== net452) (>= monoandroid)) (&& (== net452) (>= monotouch)) (&& (== net452) (>= net461)) (&& (== net452) (>= netcoreapp2.0)) (&& (== net452) (>= netstandard2.0)) (&& (== net452) (>= xamarinios)) (&& (== net452) (>= xamarinmac)) (&& (== net452) (>= xamarintvos)) (&& (== net452) (>= xamarinwatchos)) (== netcoreapp2.0) (== netstandard2.0)
      System.Security.Principal.Windows (>= 4.5) - restriction: || (&& (== net452) (>= monoandroid)) (&& (== net452) (>= monotouch)) (&& (== net452) (>= net461)) (&& (== net452) (>= netcoreapp2.0)) (&& (== net452) (>= netstandard2.0)) (&& (== net452) (>= xamarinios)) (&& (== net452) (>= xamarinmac)) (&& (== net452) (>= xamarintvos)) (&& (== net452) (>= xamarinwatchos)) (== netcoreapp2.0) (== netstandard2.0)
    Nancy (2.0)
    Nancy.Authentication.Forms (2.0)
      Nancy (>= 2.0)
    Nancy.Owin (2.0)
      Nancy (>= 2.0) - restriction: || (== net452) (&& (== netcoreapp2.0) (>= net452)) (&& (== netstandard2.0) (>= net452))
      Owin (>= 1.0) - restriction: || (== net452) (&& (== netcoreapp2.0) (>= net452)) (&& (== netstandard2.0) (>= net452))
    Nancy.Testing (2.0)
      AngleSharp (>= 0.9.8.1)
      Nancy (>= 2.0)
      Nancy.Authentication.Forms (>= 2.0)
    NETStandard.Library (2.0.3) - restriction: || (&& (== net452) (< net45) (>= netstandard1.6)) (&& (== net452) (>= netcoreapp2.0)) (== netcoreapp2.0) (== netstandard2.0)
      Microsoft.NETCore.Platforms (>= 1.1)
    Newtonsoft.Json (12.0.1)
    Newtonsoft.Json.Bson (1.0.2) - restriction: || (&& (== net452) (>= netcoreapp2.0)) (== netcoreapp2.0) (&& (== netstandard2.0) (>= netcoreapp2.0))
      Newtonsoft.Json (>= 12.0.1)
    Owin (1.0)
    Remotion.Linq (2.2) - restriction: || (&& (== net452) (>= netcoreapp2.0)) (== netcoreapp2.0) (&& (== netstandard2.0) (>= netcoreapp2.0))
      System.Collections (>= 4.0.11) - restriction: || (&& (== net452) (< net35)) (== netcoreapp2.0) (== netstandard2.0)
      System.Diagnostics.Debug (>= 4.0.11) - restriction: || (&& (== net452) (< net35)) (== netcoreapp2.0) (== netstandard2.0)
      System.Linq (>= 4.1) - restriction: || (&& (== net452) (< net35)) (== netcoreapp2.0) (== netstandard2.0)
      System.Linq.Expressions (>= 4.1) - restriction: || (&& (== net452) (< net35)) (== netcoreapp2.0) (== netstandard2.0)
      System.Linq.Queryable (>= 4.0.1) - restriction: || (&& (== net452) (< net35)) (== netcoreapp2.0) (== netstandard2.0)
      System.ObjectModel (>= 4.0.12) - restriction: || (&& (== net452) (< net35)) (== netcoreapp2.0) (== netstandard2.0)
      System.Reflection (>= 4.1) - restriction: || (&& (== net452) (< net35)) (== netcoreapp2.0) (== netstandard2.0)
      System.Reflection.Extensions (>= 4.0.1) - restriction: || (&& (== net452) (< net35)) (== netcoreapp2.0) (== netstandard2.0)
      System.Runtime (>= 4.1) - restriction: || (&& (== net452) (< net35)) (== netcoreapp2.0) (== netstandard2.0)
      System.Runtime.Extensions (>= 4.1) - restriction: || (&& (== net452) (< net35)) (== netcoreapp2.0) (== netstandard2.0)
      System.Threading (>= 4.0.11) - restriction: || (&& (== net452) (< net35)) (== netcoreapp2.0) (== netstandard2.0)
    runtime.debian.8-x64.runtime.native.System.Security.Cryptography.OpenSsl (4.3.3) - restriction: || (&& (== net452) (< net40) (>= netstandard1.6)) (== netcoreapp2.0) (== netstandard2.0)
    runtime.debian.9-x64.runtime.native.System.Security.Cryptography.OpenSsl (4.3.3) - restriction: || (&& (== net452) (< net40) (>= netstandard1.6)) (== netcoreapp2.0) (== netstandard2.0)
    runtime.fedora.23-x64.runtime.native.System.Security.Cryptography.OpenSsl (4.3.3) - restriction: || (&& (== net452) (< net40) (>= netstandard1.6)) (== netcoreapp2.0) (== netstandard2.0)
    runtime.fedora.24-x64.runtime.native.System.Security.Cryptography.OpenSsl (4.3.3) - restriction: || (&& (== net452) (< net40) (>= netstandard1.6)) (== netcoreapp2.0) (== netstandard2.0)
    runtime.fedora.27-x64.runtime.native.System.Security.Cryptography.OpenSsl (4.3.3) - restriction: || (&& (== net452) (< net40) (>= netstandard1.6)) (== netcoreapp2.0) (== netstandard2.0)
    runtime.fedora.28-x64.runtime.native.System.Security.Cryptography.OpenSsl (4.3.3) - restriction: || (&& (== net452) (< net40) (>= netstandard1.6)) (== netcoreapp2.0) (== netstandard2.0)
    runtime.native.System (4.3.1) - restriction: || (&& (== net452) (>= netcoreapp2.0)) (== netcoreapp2.0) (&& (== netstandard2.0) (>= netcoreapp2.0))
      Microsoft.NETCore.Platforms (>= 1.1.1)
      Microsoft.NETCore.Targets (>= 1.1.3)
    runtime.native.System.Data.SqlClient.sni (4.5) - restriction: || (&& (== net452) (>= netcoreapp2.0)) (== netcoreapp2.0) (&& (== netstandard2.0) (>= netcoreapp2.0))
      runtime.win-arm64.runtime.native.System.Data.SqlClient.sni (>= 4.4)
      runtime.win-x64.runtime.native.System.Data.SqlClient.sni (>= 4.4)
      runtime.win-x86.runtime.native.System.Data.SqlClient.sni (>= 4.4)
    runtime.native.System.IO.Compression (4.3.2) - restriction: || (&& (== net452) (>= netcoreapp2.0)) (== netcoreapp2.0) (&& (== netstandard2.0) (>= netcoreapp2.0))
      Microsoft.NETCore.Platforms (>= 1.1.1)
      Microsoft.NETCore.Targets (>= 1.1.3)
    runtime.native.System.Net.Http (4.3.1) - restriction: || (&& (== net452) (>= netcoreapp2.0)) (== netcoreapp2.0) (&& (== netstandard2.0) (>= netcoreapp2.0))
      Microsoft.NETCore.Platforms (>= 1.1.1)
      Microsoft.NETCore.Targets (>= 1.1.3)
    runtime.native.System.Net.Security (4.3.1) - restriction: || (&& (== net452) (>= netcoreapp2.0)) (== netcoreapp2.0) (&& (== netstandard2.0) (>= netcoreapp2.0))
      Microsoft.NETCore.Platforms (>= 1.1.1)
      Microsoft.NETCore.Targets (>= 1.1.3)
    runtime.native.System.Security.Cryptography.Apple (4.3.1) - restriction: || (&& (== net452) (< net40) (>= netstandard1.6)) (== netcoreapp2.0) (== netstandard2.0)
      runtime.osx.10.10-x64.runtime.native.System.Security.Cryptography.Apple (>= 4.3.1)
    runtime.native.System.Security.Cryptography.OpenSsl (4.3.3) - restriction: || (&& (== net452) (< net40) (>= netstandard1.6)) (&& (== net452) (>= netcoreapp2.0)) (== netcoreapp2.0) (== netstandard2.0)
      runtime.debian.8-x64.runtime.native.System.Security.Cryptography.OpenSsl (>= 4.3.3)
      runtime.debian.9-x64.runtime.native.System.Security.Cryptography.OpenSsl (>= 4.3.3)
      runtime.fedora.23-x64.runtime.native.System.Security.Cryptography.OpenSsl (>= 4.3.3)
      runtime.fedora.24-x64.runtime.native.System.Security.Cryptography.OpenSsl (>= 4.3.3)
      runtime.fedora.27-x64.runtime.native.System.Security.Cryptography.OpenSsl (>= 4.3.3)
      runtime.fedora.28-x64.runtime.native.System.Security.Cryptography.OpenSsl (>= 4.3.3)
      runtime.opensuse.13.2-x64.runtime.native.System.Security.Cryptography.OpenSsl (>= 4.3.3)
      runtime.opensuse.42.1-x64.runtime.native.System.Security.Cryptography.OpenSsl (>= 4.3.3)
      runtime.opensuse.42.3-x64.runtime.native.System.Security.Cryptography.OpenSsl (>= 4.3.3)
      runtime.osx.10.10-x64.runtime.native.System.Security.Cryptography.OpenSsl (>= 4.3.3)
      runtime.rhel.7-x64.runtime.native.System.Security.Cryptography.OpenSsl (>= 4.3.3)
      runtime.ubuntu.14.04-x64.runtime.native.System.Security.Cryptography.OpenSsl (>= 4.3.3)
      runtime.ubuntu.16.04-x64.runtime.native.System.Security.Cryptography.OpenSsl (>= 4.3.3)
      runtime.ubuntu.16.10-x64.runtime.native.System.Security.Cryptography.OpenSsl (>= 4.3.3)
      runtime.ubuntu.18.04-x64.runtime.native.System.Security.Cryptography.OpenSsl (>= 4.3.3)
    runtime.opensuse.13.2-x64.runtime.native.System.Security.Cryptography.OpenSsl (4.3.3) - restriction: || (&& (== net452) (< net40) (>= netstandard1.6)) (== netcoreapp2.0) (== netstandard2.0)
    runtime.opensuse.42.1-x64.runtime.native.System.Security.Cryptography.OpenSsl (4.3.3) - restriction: || (&& (== net452) (< net40) (>= netstandard1.6)) (== netcoreapp2.0) (== netstandard2.0)
    runtime.opensuse.42.3-x64.runtime.native.System.Security.Cryptography.OpenSsl (4.3.3) - restriction: || (&& (== net452) (< net40) (>= netstandard1.6)) (== netcoreapp2.0) (== netstandard2.0)
    runtime.osx.10.10-x64.runtime.native.System.Security.Cryptography.Apple (4.3.1) - restriction: || (&& (== net452) (< net40) (>= netstandard1.6)) (== netcoreapp2.0) (== netstandard2.0)
    runtime.osx.10.10-x64.runtime.native.System.Security.Cryptography.OpenSsl (4.3.3) - restriction: || (&& (== net452) (< net40) (>= netstandard1.6)) (== netcoreapp2.0) (== netstandard2.0)
    runtime.rhel.7-x64.runtime.native.System.Security.Cryptography.OpenSsl (4.3.3) - restriction: || (&& (== net452) (< net40) (>= netstandard1.6)) (== netcoreapp2.0) (== netstandard2.0)
    runtime.ubuntu.14.04-x64.runtime.native.System.Security.Cryptography.OpenSsl (4.3.3) - restriction: || (&& (== net452) (< net40) (>= netstandard1.6)) (== netcoreapp2.0) (== netstandard2.0)
    runtime.ubuntu.16.04-x64.runtime.native.System.Security.Cryptography.OpenSsl (4.3.3) - restriction: || (&& (== net452) (< net40) (>= netstandard1.6)) (== netcoreapp2.0) (== netstandard2.0)
    runtime.ubuntu.16.10-x64.runtime.native.System.Security.Cryptography.OpenSsl (4.3.3) - restriction: || (&& (== net452) (< net40) (>= netstandard1.6)) (== netcoreapp2.0) (== netstandard2.0)
    runtime.ubuntu.18.04-x64.runtime.native.System.Security.Cryptography.OpenSsl (4.3.3) - restriction: || (&& (== net452) (< net40) (>= netstandard1.6)) (== netcoreapp2.0) (== netstandard2.0)
    runtime.win-arm64.runtime.native.System.Data.SqlClient.sni (4.4) - restriction: || (&& (== net452) (>= netcoreapp2.0)) (== netcoreapp2.0) (&& (== netstandard2.0) (>= netcoreapp2.0))
    runtime.win-x64.runtime.native.System.Data.SqlClient.sni (4.4) - restriction: || (&& (== net452) (>= netcoreapp2.0)) (== netcoreapp2.0) (&& (== netstandard2.0) (>= netcoreapp2.0))
    runtime.win-x86.runtime.native.System.Data.SqlClient.sni (4.4) - restriction: || (&& (== net452) (>= netcoreapp2.0)) (== netcoreapp2.0) (&& (== netstandard2.0) (>= netcoreapp2.0))
    Shouldly (3.0.2)
      Microsoft.CSharp (>= 4.3) - restriction: || (&& (== net452) (< net40) (>= netstandard1.3)) (&& (== net452) (< net40) (>= netstandard2.0)) (== netcoreapp2.0) (== netstandard2.0)
      System.Dynamic.Runtime (>= 4.3) - restriction: || (&& (== net452) (< net40) (>= netstandard1.3)) (&& (== net452) (< net40) (>= netstandard2.0)) (== netcoreapp2.0) (== netstandard2.0)
      System.Reflection.TypeExtensions (>= 4.3) - restriction: || (&& (== net452) (< net40) (>= netstandard1.3)) (&& (== net452) (< net40) (>= netstandard2.0)) (== netcoreapp2.0) (== netstandard2.0)
    SQLitePCLRaw.bundle_green (1.1.11) - restriction: || (&& (== net452) (>= netcoreapp2.0)) (== netcoreapp2.0) (&& (== netstandard2.0) (>= netcoreapp2.0))
      SQLitePCLRaw.core (>= 1.1.11)
      SQLitePCLRaw.lib.e_sqlite3.linux (>= 1.1.11) - restriction: || (== net452) (== netcoreapp2.0) (&& (== netstandard2.0) (>= net35) (< portable-net40+sl5+win8+wp8) (< portable-net45+win8+wp8+wpa81)) (&& (== netstandard2.0) (>= net40) (< portable-net45+win8+wp8+wpa81)) (&& (== netstandard2.0) (>= net45)) (&& (== netstandard2.0) (>= netcoreapp1.0))
      SQLitePCLRaw.lib.e_sqlite3.osx (>= 1.1.11) - restriction: || (== net452) (== netcoreapp2.0) (&& (== netstandard2.0) (>= net35) (< portable-net40+sl5+win8+wp8) (< portable-net45+win8+wp8+wpa81)) (&& (== netstandard2.0) (>= net40) (< portable-net45+win8+wp8+wpa81)) (&& (== netstandard2.0) (>= net45)) (&& (== netstandard2.0) (>= netcoreapp1.0)) (&& (== netstandard2.0) (>= xamarinmac))
      SQLitePCLRaw.lib.e_sqlite3.v110_xp (>= 1.1.11) - restriction: || (== net452) (== netcoreapp2.0) (&& (== netstandard2.0) (>= net35) (< portable-net40+sl5+win8+wp8) (< portable-net45+win8+wp8+wpa81)) (&& (== netstandard2.0) (>= net40) (< portable-net45+win8+wp8+wpa81)) (&& (== netstandard2.0) (>= net45)) (&& (== netstandard2.0) (>= netcoreapp1.0))
      SQLitePCLRaw.provider.e_sqlite3.netstandard11 (>= 1.1.11) - restriction: || (&& (== net452) (>= netcoreapp1.0)) (== netcoreapp2.0) (&& (== netstandard2.0) (>= netcoreapp1.0))
    SQLitePCLRaw.core (1.1.11) - restriction: || (&& (== net452) (>= netcoreapp2.0)) (== netcoreapp2.0) (&& (== netstandard2.0) (>= netcoreapp2.0))
      NETStandard.Library (>= 1.6) - restriction: || (&& (== net452) (< net35)) (&& (== net452) (>= uap10.0)) (== netcoreapp2.0) (== netstandard2.0)
    SQLitePCLRaw.lib.e_sqlite3.linux (1.1.11) - restriction: || (&& (== net452) (>= netcoreapp2.0)) (== netcoreapp2.0) (&& (== netstandard2.0) (>= netcoreapp2.0))
    SQLitePCLRaw.lib.e_sqlite3.osx (1.1.11) - restriction: || (&& (== net452) (>= netcoreapp2.0)) (== netcoreapp2.0) (&& (== netstandard2.0) (>= netcoreapp2.0))
    SQLitePCLRaw.lib.e_sqlite3.v110_xp (1.1.11) - restriction: || (&& (== net452) (>= netcoreapp2.0)) (== netcoreapp2.0) (&& (== netstandard2.0) (>= netcoreapp2.0))
    SQLitePCLRaw.provider.e_sqlite3.netstandard11 (1.1.11) - restriction: || (&& (== net452) (>= netcoreapp2.0)) (== netcoreapp2.0) (&& (== netstandard2.0) (>= netcoreapp2.0))
      NETStandard.Library (>= 1.6)
      SQLitePCLRaw.core (>= 1.1.11)
    StackExchange.Redis.StrongName (1.2.6) - restriction: || (&& (== net452) (>= netcoreapp2.0)) (== netcoreapp2.0) (&& (== netstandard2.0) (>= netcoreapp2.0))
      NETStandard.Library (>= 1.6.1) - restriction: || (&& (== net452) (< net45) (>= netstandard1.5)) (== netcoreapp2.0) (== netstandard2.0)
      System.Collections (>= 4.3) - restriction: || (&& (== net452) (< net45) (>= netstandard1.5)) (== netcoreapp2.0) (== netstandard2.0)
      System.Collections.Concurrent (>= 4.3) - restriction: || (&& (== net452) (< net45) (>= netstandard1.5)) (== netcoreapp2.0) (== netstandard2.0)
      System.Collections.NonGeneric (>= 4.3) - restriction: || (&& (== net452) (< net45) (>= netstandard1.5)) (== netcoreapp2.0) (== netstandard2.0)
      System.Diagnostics.Tools (>= 4.3) - restriction: || (&& (== net452) (< net45) (>= netstandard1.5)) (== netcoreapp2.0) (== netstandard2.0)
      System.IO.Compression (>= 4.3) - restriction: || (&& (== net452) (< net45) (>= netstandard1.5)) (== netcoreapp2.0) (== netstandard2.0)
      System.IO.FileSystem (>= 4.3) - restriction: || (&& (== net452) (< net45) (>= netstandard1.5)) (== netcoreapp2.0) (== netstandard2.0)
      System.Linq (>= 4.3) - restriction: || (&& (== net452) (< net45) (>= netstandard1.5)) (== netcoreapp2.0) (== netstandard2.0)
      System.Net.NameResolution (>= 4.3) - restriction: || (&& (== net452) (< net45) (>= netstandard1.5)) (== netcoreapp2.0) (== netstandard2.0)
      System.Net.Security (>= 4.3) - restriction: || (&& (== net452) (< net45) (>= netstandard1.5)) (== netcoreapp2.0) (== netstandard2.0)
      System.Net.Sockets (>= 4.3) - restriction: || (&& (== net452) (< net45) (>= netstandard1.5)) (== netcoreapp2.0) (== netstandard2.0)
      System.Reflection.Emit (>= 4.3) - restriction: || (&& (== net452) (< net45) (>= netstandard1.5)) (== netcoreapp2.0) (== netstandard2.0)
      System.Reflection.Emit.Lightweight (>= 4.3) - restriction: || (&& (== net452) (< net45) (>= netstandard1.5)) (== netcoreapp2.0) (== netstandard2.0)
      System.Reflection.TypeExtensions (>= 4.3) - restriction: || (&& (== net452) (< net45) (>= netstandard1.5)) (== netcoreapp2.0) (== netstandard2.0)
      System.Runtime.Extensions (>= 4.3) - restriction: || (&& (== net452) (< net45) (>= netstandard1.5)) (== netcoreapp2.0) (== netstandard2.0)
      System.Runtime.InteropServices.RuntimeInformation (>= 4.3) - restriction: || (&& (== net452) (< net45) (>= netstandard1.5)) (== netcoreapp2.0) (== netstandard2.0)
      System.Security.Cryptography.Algorithms (>= 4.3) - restriction: || (&& (== net452) (< net45) (>= netstandard1.5)) (== netcoreapp2.0) (== netstandard2.0)
      System.Security.Cryptography.X509Certificates (>= 4.3) - restriction: || (&& (== net452) (< net45) (>= netstandard1.5)) (== netcoreapp2.0) (== netstandard2.0)
      System.Text.RegularExpressions (>= 4.3) - restriction: || (&& (== net452) (< net45) (>= netstandard1.5)) (== netcoreapp2.0) (== netstandard2.0)
      System.Threading (>= 4.3) - restriction: || (&& (== net452) (< net45) (>= netstandard1.5)) (== netcoreapp2.0) (== netstandard2.0)
      System.Threading.Thread (>= 4.3) - restriction: || (&& (== net452) (< net45) (>= netstandard1.5)) (== netcoreapp2.0) (== netstandard2.0)
      System.Threading.ThreadPool (>= 4.3) - restriction: || (&& (== net452) (< net45) (>= netstandard1.5)) (== netcoreapp2.0) (== netstandard2.0)
      System.Threading.Timer (>= 4.3) - restriction: || (&& (== net452) (< net45) (>= netstandard1.5)) (== netcoreapp2.0) (== netstandard2.0)
    StyleCop.Analyzers (1.0.2)
    System.AppContext (4.3) - restriction: || (&& (== net452) (>= netcoreapp2.0)) (== netcoreapp2.0) (&& (== netstandard2.0) (>= netcoreapp2.0))
      System.Runtime (>= 4.3)
    System.Buffers (4.5) - restriction: || (&& (== net452) (>= netcoreapp2.0)) (== netcoreapp2.0) (&& (== netstandard2.0) (>= netcoreapp2.0))
    System.Collections (4.3) - restriction: || (&& (== net452) (< net40) (>= netstandard1.3)) (&& (== net452) (< net40) (>= netstandard1.6)) (&& (== net452) (< net40) (>= netstandard2.0)) (&& (== net452) (< net40) (< portable-net45+win8+wp8+wpa81)) (&& (== net452) (>= netcoreapp2.0)) (== netcoreapp2.0) (== netstandard2.0)
      Microsoft.NETCore.Platforms (>= 1.1) - restriction: || (&& (== net452) (< net45)) (&& (== net452) (< portable-net45+win8+wp8+wpa81)) (== netcoreapp2.0) (== netstandard2.0)
      Microsoft.NETCore.Targets (>= 1.1) - restriction: || (&& (== net452) (< net45)) (&& (== net452) (< portable-net45+win8+wp8+wpa81)) (== netcoreapp2.0) (== netstandard2.0)
      System.Runtime (>= 4.3) - restriction: || (&& (== net452) (< net45)) (&& (== net452) (< portable-net45+win8+wp8+wpa81)) (== netcoreapp2.0) (== netstandard2.0)
    System.Collections.Concurrent (4.3) - restriction: || (&& (== net452) (< net40) (>= net463)) (&& (== net452) (< net40) (>= netstandard1.3)) (&& (== net452) (< net40) (>= netstandard1.6)) (&& (== net452) (>= netcoreapp2.0)) (== netcoreapp2.0) (== netstandard2.0)
      System.Collections (>= 4.3) - restriction: || (&& (== net452) (< net45) (>= netstandard1.3)) (&& (== net452) (< portable-net45+win8+wpa81)) (== netcoreapp2.0) (== netstandard2.0)
      System.Diagnostics.Debug (>= 4.3) - restriction: || (&& (== net452) (< net45) (>= netstandard1.3)) (&& (== net452) (< portable-net45+win8+wpa81)) (== netcoreapp2.0) (== netstandard2.0)
      System.Diagnostics.Tracing (>= 4.3) - restriction: || (&& (== net452) (< net45) (>= netstandard1.3)) (&& (== net452) (< portable-net45+win8+wpa81)) (== netcoreapp2.0) (== netstandard2.0)
      System.Globalization (>= 4.3) - restriction: || (&& (== net452) (< net45) (>= netstandard1.3)) (&& (== net452) (< portable-net45+win8+wpa81)) (== netcoreapp2.0) (== netstandard2.0)
      System.Reflection (>= 4.3) - restriction: || (&& (== net452) (< net45) (>= netstandard1.3)) (== netcoreapp2.0) (== netstandard2.0)
      System.Resources.ResourceManager (>= 4.3) - restriction: || (&& (== net452) (< net45) (>= netstandard1.3)) (&& (== net452) (< portable-net45+win8+wpa81)) (== netcoreapp2.0) (== netstandard2.0)
      System.Runtime (>= 4.3) - restriction: || (&& (== net452) (< net45)) (&& (== net452) (< portable-net45+win8+wpa81)) (== netcoreapp2.0) (== netstandard2.0)
      System.Runtime.Extensions (>= 4.3) - restriction: || (&& (== net452) (< net45) (>= netstandard1.3)) (&& (== net452) (< portable-net45+win8+wpa81)) (== netcoreapp2.0) (== netstandard2.0)
      System.Threading (>= 4.3) - restriction: || (&& (== net452) (< net45) (>= netstandard1.3)) (&& (== net452) (< portable-net45+win8+wpa81)) (== netcoreapp2.0) (== netstandard2.0)
      System.Threading.Tasks (>= 4.3) - restriction: || (&& (== net452) (< net45)) (&& (== net452) (< portable-net45+win8+wpa81)) (== netcoreapp2.0) (== netstandard2.0)
    System.Collections.Immutable (1.5) - restriction: || (&& (== net452) (>= netcoreapp2.0)) (== netcoreapp2.0) (&& (== netstandard2.0) (>= netcoreapp2.0))
    System.Collections.NonGeneric (4.3) - restriction: || (&& (== net452) (>= netcoreapp2.0)) (== netcoreapp2.0) (&& (== netstandard2.0) (>= netcoreapp2.0))
      System.Diagnostics.Debug (>= 4.3) - restriction: || (&& (== net452) (>= netstandard1.3)) (== netcoreapp2.0) (== netstandard2.0)
      System.Globalization (>= 4.3) - restriction: || (&& (== net452) (>= netstandard1.3)) (== netcoreapp2.0) (== netstandard2.0)
      System.Resources.ResourceManager (>= 4.3) - restriction: || (&& (== net452) (>= netstandard1.3)) (== netcoreapp2.0) (== netstandard2.0)
      System.Runtime (>= 4.3) - restriction: || (&& (== net452) (>= netstandard1.3)) (== netcoreapp2.0) (== netstandard2.0)
      System.Runtime.Extensions (>= 4.3) - restriction: || (&& (== net452) (>= netstandard1.3)) (== netcoreapp2.0) (== netstandard2.0)
      System.Threading (>= 4.3) - restriction: || (&& (== net452) (>= netstandard1.3)) (== netcoreapp2.0) (== netstandard2.0)
    System.Collections.Specialized (4.3) - restriction: || (&& (== net452) (>= netcoreapp2.0)) (== netcoreapp2.0) (&& (== netstandard2.0) (>= netcoreapp2.0))
      System.Collections.NonGeneric (>= 4.3) - restriction: || (&& (== net452) (>= netstandard1.3)) (== netcoreapp2.0) (== netstandard2.0)
      System.Globalization (>= 4.3) - restriction: || (&& (== net452) (>= netstandard1.3)) (== netcoreapp2.0) (== netstandard2.0)
      System.Globalization.Extensions (>= 4.3) - restriction: || (&& (== net452) (>= netstandard1.3)) (== netcoreapp2.0) (== netstandard2.0)
      System.Resources.ResourceManager (>= 4.3) - restriction: || (&& (== net452) (>= netstandard1.3)) (== netcoreapp2.0) (== netstandard2.0)
      System.Runtime (>= 4.3) - restriction: || (&& (== net452) (>= netstandard1.3)) (== netcoreapp2.0) (== netstandard2.0)
      System.Runtime.Extensions (>= 4.3) - restriction: || (&& (== net452) (>= netstandard1.3)) (== netcoreapp2.0) (== netstandard2.0)
      System.Threading (>= 4.3) - restriction: || (&& (== net452) (>= netstandard1.3)) (== netcoreapp2.0) (== netstandard2.0)
    System.ComponentModel (4.3)
      System.Runtime (>= 4.3) - restriction: || (&& (== net452) (< net45)) (&& (== net452) (< portable-net45+win8+wp8+wpa81)) (== netcoreapp2.0) (== netstandard2.0)
    System.ComponentModel.Annotations (4.5) - restriction: || (&& (== net452) (>= netcoreapp2.0)) (== netcoreapp2.0) (&& (== netstandard2.0) (>= netcoreapp2.0))
    System.ComponentModel.EventBasedAsync (4.3) - restriction: || (&& (== net452) (>= netcoreapp1.0)) (== netcoreapp2.0) (&& (== netstandard2.0) (>= netcoreapp1.0))
      System.Resources.ResourceManager (>= 4.3) - restriction: || (&& (== net452) (< net45) (>= netstandard1.3)) (&& (== net452) (< portable-net45+win8+wp8+wpa81)) (== netcoreapp2.0) (== netstandard2.0)
      System.Runtime (>= 4.3) - restriction: || (&& (== net452) (< net45)) (&& (== net452) (< portable-net45+win8+wp8+wpa81)) (== netcoreapp2.0) (== netstandard2.0)
      System.Threading (>= 4.3) - restriction: || (&& (== net452) (< net45) (>= netstandard1.3)) (&& (== net452) (< portable-net45+win8+wp8+wpa81)) (== netcoreapp2.0) (== netstandard2.0)
      System.Threading.Tasks (>= 4.3) - restriction: || (&& (== net452) (< net45) (>= netstandard1.3)) (&& (== net452) (< portable-net45+win8+wp8+wpa81)) (== netcoreapp2.0) (== netstandard2.0)
    System.ComponentModel.Primitives (4.3) - restriction: || (&& (== net452) (>= netcoreapp1.0)) (== netcoreapp2.0) (&& (== netstandard2.0) (>= netcoreapp1.0))
      System.ComponentModel (>= 4.3) - restriction: || (&& (== net452) (< net45)) (== netcoreapp2.0) (== netstandard2.0)
      System.Resources.ResourceManager (>= 4.3) - restriction: || (&& (== net452) (< net45)) (== netcoreapp2.0) (== netstandard2.0)
      System.Runtime (>= 4.3) - restriction: || (&& (== net452) (< net45)) (== netcoreapp2.0) (== netstandard2.0)
    System.ComponentModel.TypeConverter (4.3) - restriction: || (&& (== net452) (>= netcoreapp1.0)) (== netcoreapp2.0) (&& (== netstandard2.0) (>= netcoreapp1.0))
      System.Collections (>= 4.3) - restriction: || (&& (== net452) (< net45)) (== netcoreapp2.0) (== netstandard2.0)
      System.Collections.NonGeneric (>= 4.3) - restriction: || (&& (== net452) (< net45) (>= netstandard1.5)) (&& (== net452) (>= net462)) (== netcoreapp2.0) (== netstandard2.0)
      System.Collections.Specialized (>= 4.3) - restriction: || (&& (== net452) (< net45) (>= netstandard1.5)) (== netcoreapp2.0) (== netstandard2.0)
      System.ComponentModel (>= 4.3) - restriction: || (&& (== net452) (< net45)) (== netcoreapp2.0) (== netstandard2.0)
      System.ComponentModel.Primitives (>= 4.3)
      System.Globalization (>= 4.3) - restriction: || (&& (== net452) (< net45)) (== netcoreapp2.0) (== netstandard2.0)
      System.Linq (>= 4.3) - restriction: || (&& (== net452) (< net45) (>= netstandard1.5)) (== netcoreapp2.0) (== netstandard2.0)
      System.Reflection (>= 4.3) - restriction: || (&& (== net452) (< net45)) (== netcoreapp2.0) (== netstandard2.0)
      System.Reflection.Extensions (>= 4.3) - restriction: || (&& (== net452) (< net45)) (== netcoreapp2.0) (== netstandard2.0)
      System.Reflection.Primitives (>= 4.3) - restriction: || (&& (== net452) (< net45)) (== netcoreapp2.0) (== netstandard2.0)
      System.Reflection.TypeExtensions (>= 4.3) - restriction: || (&& (== net452) (< net45) (>= netstandard1.5)) (== netcoreapp2.0) (== netstandard2.0)
      System.Resources.ResourceManager (>= 4.3) - restriction: || (&& (== net452) (< net45)) (== netcoreapp2.0) (== netstandard2.0)
      System.Runtime (>= 4.3) - restriction: || (&& (== net452) (< net45)) (== netcoreapp2.0) (== netstandard2.0)
      System.Runtime.Extensions (>= 4.3) - restriction: || (&& (== net452) (< net45)) (== netcoreapp2.0) (== netstandard2.0)
      System.Threading (>= 4.3) - restriction: || (&& (== net452) (< net45)) (== netcoreapp2.0) (== netstandard2.0)
    System.Configuration.ConfigurationManager (4.5) - restriction: || (&& (== net452) (< net45) (>= netstandard2.0)) (&& (== net452) (>= netcoreapp2.0)) (== netcoreapp2.0) (== netstandard2.0)
      System.Security.Cryptography.ProtectedData (>= 4.5) - restriction: || (&& (== net452) (>= netstandard2.0)) (== netcoreapp2.0) (== netstandard2.0)
      System.Security.Permissions (>= 4.5) - restriction: || (&& (== net452) (>= monoandroid)) (&& (== net452) (>= monotouch)) (&& (== net452) (>= net461)) (&& (== net452) (>= netstandard2.0)) (&& (== net452) (>= xamarintvos)) (&& (== net452) (>= xamarinwatchos)) (== netcoreapp2.0) (== netstandard2.0)
    System.Console (4.3.1) - restriction: || (&& (== net452) (>= netcoreapp2.0)) (== netcoreapp2.0) (&& (== netstandard2.0) (>= netcoreapp2.0))
      Microsoft.NETCore.Platforms (>= 1.1) - restriction: || (&& (== net452) (>= netstandard1.3)) (== netcoreapp2.0) (== netstandard2.0)
      Microsoft.NETCore.Targets (>= 1.1.2) - restriction: || (&& (== net452) (>= netstandard1.3)) (== netcoreapp2.0) (== netstandard2.0)
      System.IO (>= 4.3) - restriction: || (&& (== net452) (>= netstandard1.3)) (== netcoreapp2.0) (== netstandard2.0)
      System.Runtime (>= 4.3) - restriction: || (&& (== net452) (>= netstandard1.3)) (== netcoreapp2.0) (== netstandard2.0)
      System.Text.Encoding (>= 4.3) - restriction: || (&& (== net452) (>= netstandard1.3)) (== netcoreapp2.0) (== netstandard2.0)
    System.Data.SqlClient (4.6) - restriction: || (&& (== net452) (>= netcoreapp2.0)) (== netcoreapp2.0) (&& (== netstandard2.0) (>= netcoreapp2.0))
      Microsoft.Win32.Registry (>= 4.5) - restriction: || (&& (== net452) (< net451) (>= netstandard2.0)) (&& (== net452) (>= netcoreapp2.0)) (== netcoreapp2.0) (== netstandard2.0)
      runtime.native.System.Data.SqlClient.sni (>= 4.5) - restriction: || (&& (== net452) (< net451) (>= netstandard2.0)) (&& (== net452) (>= netcoreapp2.0)) (== netcoreapp2.0) (== netstandard2.0)
      System.Diagnostics.DiagnosticSource (>= 4.5) - restriction: || (&& (== net452) (< net451) (>= netstandard2.0)) (&& (== net452) (>= netcoreapp2.0)) (&& (== net452) (>= uap10.1)) (== netcoreapp2.0) (== netstandard2.0)
      System.Memory (>= 4.5.1) - restriction: || (&& (== net452) (< net451) (>= netstandard2.0)) (&& (== net452) (>= netcoreapp2.0)) (&& (== net452) (>= uap10.1)) (== netcoreapp2.0) (== netstandard2.0)
      System.Security.Principal.Windows (>= 4.5) - restriction: || (&& (== net452) (< net451) (>= netstandard2.0)) (&& (== net452) (>= netcoreapp2.0)) (== netcoreapp2.0) (== netstandard2.0)
      System.Text.Encoding.CodePages (>= 4.5) - restriction: || (&& (== net452) (< net451) (>= netstandard2.0)) (&& (== net452) (>= netcoreapp2.0)) (== netcoreapp2.0) (== netstandard2.0)
    System.Diagnostics.Contracts (4.3) - restriction: || (&& (== net452) (>= netcoreapp2.0)) (== netcoreapp2.0) (&& (== netstandard2.0) (>= netcoreapp2.0))
      System.Runtime (>= 4.3) - restriction: || (&& (== net452) (< net45)) (&& (== net452) (< portable-net45+win8+wp8+wpa81)) (== netcoreapp2.0) (== netstandard2.0)
    System.Diagnostics.Debug (4.3) - restriction: || (&& (== net452) (< net40) (>= netstandard1.3)) (&& (== net452) (< net40) (>= netstandard2.0)) (&& (== net452) (>= netcoreapp2.0)) (== netcoreapp2.0) (== netstandard2.0)
      Microsoft.NETCore.Platforms (>= 1.1) - restriction: || (&& (== net452) (< net45)) (&& (== net452) (< portable-net45+win8+wp8+wpa81)) (== netcoreapp2.0) (== netstandard2.0)
      Microsoft.NETCore.Targets (>= 1.1) - restriction: || (&& (== net452) (< net45)) (&& (== net452) (< portable-net45+win8+wp8+wpa81)) (== netcoreapp2.0) (== netstandard2.0)
      System.Runtime (>= 4.3) - restriction: || (&& (== net452) (< net45)) (&& (== net452) (< portable-net45+win8+wp8+wpa81)) (== netcoreapp2.0) (== netstandard2.0)
    System.Diagnostics.DiagnosticSource (4.5.1) - restriction: || (&& (== net452) (>= netcoreapp2.0)) (== netcoreapp2.0) (&& (== netstandard2.0) (>= netcoreapp2.0))
    System.Diagnostics.FileVersionInfo (4.3) - restriction: || (&& (== net452) (>= netcoreapp2.0)) (== netcoreapp2.0) (&& (== netstandard2.0) (>= netcoreapp2.0))
      Microsoft.NETCore.Platforms (>= 1.1)
      System.Globalization (>= 4.3) - restriction: || (&& (== net452) (>= netstandard1.3)) (== netcoreapp2.0) (== netstandard2.0)
      System.IO (>= 4.3)
      System.IO.FileSystem (>= 4.3)
      System.IO.FileSystem.Primitives (>= 4.3)
      System.Reflection.Metadata (>= 1.4.1)
      System.Runtime (>= 4.3)
      System.Runtime.Extensions (>= 4.3)
      System.Runtime.InteropServices (>= 4.3) - restriction: || (&& (== net452) (>= netstandard1.3)) (== netcoreapp2.0) (== netstandard2.0)
    System.Diagnostics.Process (4.3) - restriction: || (&& (== net452) (>= netcoreapp2.0)) (== netcoreapp2.0) (&& (== netstandard2.0) (>= netcoreapp2.0))
      Microsoft.NETCore.Platforms (>= 1.1) - restriction: || (&& (== net452) (>= netstandard1.4)) (== netcoreapp2.0) (== netstandard2.0)
      Microsoft.Win32.Primitives (>= 4.3) - restriction: || (&& (== net452) (>= netstandard1.4)) (== netcoreapp2.0) (== netstandard2.0)
      Microsoft.Win32.Registry (>= 4.3) - restriction: || (&& (== net452) (>= netstandard1.4)) (== netcoreapp2.0) (== netstandard2.0)
      runtime.native.System (>= 4.3) - restriction: || (&& (== net452) (>= netstandard1.4)) (== netcoreapp2.0) (== netstandard2.0)
      System.Collections (>= 4.3) - restriction: || (&& (== net452) (>= netstandard1.4)) (== netcoreapp2.0) (== netstandard2.0)
      System.Diagnostics.Debug (>= 4.3) - restriction: || (&& (== net452) (>= netstandard1.4)) (== netcoreapp2.0) (== netstandard2.0)
      System.Globalization (>= 4.3) - restriction: || (&& (== net452) (>= netstandard1.4)) (== netcoreapp2.0) (== netstandard2.0)
      System.IO (>= 4.3) - restriction: || (&& (== net452) (>= netstandard1.3)) (&& (== net452) (>= netstandard1.4)) (== netcoreapp2.0) (== netstandard2.0)
      System.IO.FileSystem (>= 4.3) - restriction: || (&& (== net452) (>= netstandard1.4)) (== netcoreapp2.0) (== netstandard2.0)
      System.IO.FileSystem.Primitives (>= 4.3) - restriction: || (&& (== net452) (>= netstandard1.4)) (== netcoreapp2.0) (== netstandard2.0)
      System.Resources.ResourceManager (>= 4.3) - restriction: || (&& (== net452) (>= netstandard1.4)) (== netcoreapp2.0) (== netstandard2.0)
      System.Runtime (>= 4.3) - restriction: || (&& (== net452) (>= netstandard1.3)) (&& (== net452) (>= netstandard1.4)) (== netcoreapp2.0) (== netstandard2.0)
      System.Runtime.Extensions (>= 4.3) - restriction: || (&& (== net452) (>= netstandard1.4)) (== netcoreapp2.0) (== netstandard2.0)
      System.Runtime.Handles (>= 4.3) - restriction: || (&& (== net452) (>= netstandard1.3)) (&& (== net452) (>= netstandard1.4)) (== netcoreapp2.0) (== netstandard2.0)
      System.Runtime.InteropServices (>= 4.3) - restriction: || (&& (== net452) (>= netstandard1.4)) (== netcoreapp2.0) (== netstandard2.0)
      System.Text.Encoding (>= 4.3) - restriction: || (&& (== net452) (>= netstandard1.3)) (&& (== net452) (>= netstandard1.4)) (== netcoreapp2.0) (== netstandard2.0)
      System.Text.Encoding.Extensions (>= 4.3) - restriction: || (&& (== net452) (>= netstandard1.4)) (== netcoreapp2.0) (== netstandard2.0)
      System.Threading (>= 4.3) - restriction: || (&& (== net452) (>= netstandard1.4)) (== netcoreapp2.0) (== netstandard2.0)
      System.Threading.Tasks (>= 4.3) - restriction: || (&& (== net452) (>= netstandard1.4)) (== netcoreapp2.0) (== netstandard2.0)
      System.Threading.Thread (>= 4.3) - restriction: || (&& (== net452) (>= netstandard1.4)) (== netcoreapp2.0) (== netstandard2.0)
      System.Threading.ThreadPool (>= 4.3) - restriction: || (&& (== net452) (>= netstandard1.4)) (== netcoreapp2.0) (== netstandard2.0)
    System.Diagnostics.StackTrace (4.3) - restriction: || (&& (== net452) (>= netcoreapp2.0)) (== netcoreapp2.0) (&& (== netstandard2.0) (>= netcoreapp2.0))
      System.IO.FileSystem (>= 4.3) - restriction: || (&& (== net452) (>= netstandard1.3)) (== netcoreapp2.0) (== netstandard2.0)
      System.Reflection (>= 4.3) - restriction: || (&& (== net452) (>= netstandard1.3)) (== netcoreapp2.0) (== netstandard2.0)
      System.Reflection.Metadata (>= 1.4.1) - restriction: || (&& (== net452) (>= netstandard1.3)) (== netcoreapp2.0) (== netstandard2.0)
      System.Runtime (>= 4.3) - restriction: || (&& (== net452) (>= netstandard1.3)) (== netcoreapp2.0) (== netstandard2.0)
    System.Diagnostics.TextWriterTraceListener (4.3) - restriction: || (&& (== net452) (>= netcoreapp1.0)) (== netcoreapp2.0) (&& (== netstandard2.0) (>= netcoreapp1.0))
      System.Diagnostics.TraceSource (>= 4.3) - restriction: || (&& (== net452) (>= net46)) (&& (== net452) (>= netstandard1.3)) (== netcoreapp2.0) (== netstandard2.0)
      System.Globalization (>= 4.3) - restriction: || (&& (== net452) (>= netstandard1.3)) (== netcoreapp2.0) (== netstandard2.0)
      System.IO (>= 4.3) - restriction: || (&& (== net452) (>= netstandard1.3)) (== netcoreapp2.0) (== netstandard2.0)
      System.Resources.ResourceManager (>= 4.3) - restriction: || (&& (== net452) (>= netstandard1.3)) (== netcoreapp2.0) (== netstandard2.0)
      System.Runtime (>= 4.3) - restriction: || (&& (== net452) (>= netstandard1.3)) (== netcoreapp2.0) (== netstandard2.0)
      System.Threading (>= 4.3) - restriction: || (&& (== net452) (>= netstandard1.3)) (== netcoreapp2.0) (== netstandard2.0)
    System.Diagnostics.Tools (4.3) - restriction: || (&& (== net452) (>= netcoreapp2.0)) (== netcoreapp2.0) (&& (== netstandard2.0) (>= netcoreapp2.0))
      Microsoft.NETCore.Platforms (>= 1.1) - restriction: || (&& (== net452) (< net45)) (&& (== net452) (< portable-net45+win8+wp8+wpa81)) (== netcoreapp2.0) (== netstandard2.0)
      Microsoft.NETCore.Targets (>= 1.1) - restriction: || (&& (== net452) (< net45)) (&& (== net452) (< portable-net45+win8+wp8+wpa81)) (== netcoreapp2.0) (== netstandard2.0)
      System.Runtime (>= 4.3) - restriction: || (&& (== net452) (< net45)) (&& (== net452) (< portable-net45+win8+wp8+wpa81)) (== netcoreapp2.0) (== netstandard2.0)
    System.Diagnostics.TraceSource (4.3) - restriction: || (&& (== net452) (>= netcoreapp1.0)) (== netcoreapp2.0) (&& (== netstandard2.0) (>= netcoreapp1.0))
      Microsoft.NETCore.Platforms (>= 1.1) - restriction: || (&& (== net452) (>= netstandard1.3)) (== netcoreapp2.0) (== netstandard2.0)
      runtime.native.System (>= 4.3) - restriction: || (&& (== net452) (>= netstandard1.3)) (== netcoreapp2.0) (== netstandard2.0)
      System.Collections (>= 4.3) - restriction: || (&& (== net452) (>= netstandard1.3)) (== netcoreapp2.0) (== netstandard2.0)
      System.Diagnostics.Debug (>= 4.3) - restriction: || (&& (== net452) (>= netstandard1.3)) (== netcoreapp2.0) (== netstandard2.0)
      System.Globalization (>= 4.3) - restriction: || (&& (== net452) (>= netstandard1.3)) (== netcoreapp2.0) (== netstandard2.0)
      System.Resources.ResourceManager (>= 4.3) - restriction: || (&& (== net452) (>= netstandard1.3)) (== netcoreapp2.0) (== netstandard2.0)
      System.Runtime (>= 4.3) - restriction: || (&& (== net452) (>= netstandard1.3)) (== netcoreapp2.0) (== netstandard2.0)
      System.Runtime.Extensions (>= 4.3) - restriction: || (&& (== net452) (>= netstandard1.3)) (== netcoreapp2.0) (== netstandard2.0)
      System.Threading (>= 4.3) - restriction: || (&& (== net452) (>= netstandard1.3)) (== netcoreapp2.0) (== netstandard2.0)
    System.Diagnostics.Tracing (4.3) - restriction: || (&& (== net452) (< net40) (>= netstandard1.3)) (&& (== net452) (< net40) (< portable-net45+win8+wp8+wpa81)) (&& (== net452) (>= netcoreapp2.0)) (== netcoreapp2.0) (== netstandard2.0)
      Microsoft.NETCore.Platforms (>= 1.1) - restriction: || (&& (== net452) (< net45)) (&& (== net452) (< portable-net45+win8+wpa81)) (== netcoreapp2.0) (== netstandard2.0)
      Microsoft.NETCore.Targets (>= 1.1) - restriction: || (&& (== net452) (< net45)) (&& (== net452) (< portable-net45+win8+wpa81)) (== netcoreapp2.0) (== netstandard2.0)
      System.Runtime (>= 4.3) - restriction: || (&& (== net452) (< net45)) (&& (== net452) (< portable-net45+win8+wpa81)) (== netcoreapp2.0) (== netstandard2.0)
    System.Dynamic.Runtime (4.3) - restriction: || (&& (== net452) (< net40) (>= netstandard1.3)) (&& (== net452) (< net40) (>= netstandard2.0)) (&& (== net452) (>= netcoreapp2.0)) (== netcoreapp2.0) (== netstandard2.0)
      System.Collections (>= 4.3) - restriction: || (&& (== net452) (< net45) (>= netstandard1.3)) (&& (== net452) (< portable-net45+win8+wp8+wpa81)) (== netcoreapp2.0) (== netstandard2.0)
      System.Diagnostics.Debug (>= 4.3) - restriction: || (&& (== net452) (< net45) (>= netstandard1.3)) (&& (== net452) (< portable-net45+win8+wp8+wpa81)) (== netcoreapp2.0) (== netstandard2.0)
      System.Linq (>= 4.3) - restriction: || (&& (== net452) (< net45) (>= netstandard1.3)) (&& (== net452) (< portable-net45+win8+wp8+wpa81)) (== netcoreapp2.0) (== netstandard2.0)
      System.Linq.Expressions (>= 4.3) - restriction: || (&& (== net452) (< net45)) (&& (== net452) (< portable-net45+win8+wp8+wpa81)) (== netcoreapp2.0) (== netstandard2.0)
      System.ObjectModel (>= 4.3) - restriction: || (&& (== net452) (< net45)) (&& (== net452) (< portable-net45+win8+wp8+wpa81)) (== netcoreapp2.0) (== netstandard2.0)
      System.Reflection (>= 4.3) - restriction: || (&& (== net452) (< net45)) (&& (== net452) (< portable-net45+win8+wp8+wpa81)) (== netcoreapp2.0) (== netstandard2.0)
      System.Reflection.Emit (>= 4.3) - restriction: || (&& (== net452) (< net45) (>= netstandard1.3)) (== netcoreapp2.0) (== netstandard2.0)
      System.Reflection.Emit.ILGeneration (>= 4.3) - restriction: || (&& (== net452) (< net45) (>= netstandard1.3)) (== netcoreapp2.0) (== netstandard2.0)
      System.Reflection.Primitives (>= 4.3) - restriction: || (&& (== net452) (< net45) (>= netstandard1.3)) (== netcoreapp2.0) (== netstandard2.0)
      System.Reflection.TypeExtensions (>= 4.3) - restriction: || (&& (== net452) (< net45) (>= netstandard1.3)) (&& (== net452) (< portable-net45+win8+wp8+wpa81)) (== netcoreapp2.0) (== netstandard2.0)
      System.Resources.ResourceManager (>= 4.3) - restriction: || (&& (== net452) (< net45) (>= netstandard1.3)) (&& (== net452) (< portable-net45+win8+wp8+wpa81)) (== netcoreapp2.0) (== netstandard2.0)
      System.Runtime (>= 4.3) - restriction: || (&& (== net452) (< net45)) (&& (== net452) (< portable-net45+win8+wp8+wpa81)) (== netcoreapp2.0) (== netstandard2.0)
      System.Runtime.Extensions (>= 4.3) - restriction: || (&& (== net452) (< net45) (>= netstandard1.3)) (&& (== net452) (< portable-net45+win8+wp8+wpa81)) (== netcoreapp2.0) (== netstandard2.0)
      System.Threading (>= 4.3) - restriction: || (&& (== net452) (< net45) (>= netstandard1.3)) (&& (== net452) (< portable-net45+win8+wp8+wpa81)) (== netcoreapp2.0) (== netstandard2.0)
    System.Globalization (4.3) - restriction: || (&& (== net452) (< net40) (>= netstandard1.6)) (&& (== net452) (< net40) (>= netstandard2.0)) (&& (== net452) (< net40) (< portable-net45+win8+wp8+wpa81)) (&& (== net452) (>= netcoreapp2.0)) (== netcoreapp2.0) (== netstandard2.0)
      Microsoft.NETCore.Platforms (>= 1.1) - restriction: || (&& (== net452) (< net45)) (&& (== net452) (< portable-net45+win8+wp8+wpa81)) (== netcoreapp2.0) (== netstandard2.0)
      Microsoft.NETCore.Targets (>= 1.1) - restriction: || (&& (== net452) (< net45)) (&& (== net452) (< portable-net45+win8+wp8+wpa81)) (== netcoreapp2.0) (== netstandard2.0)
      System.Runtime (>= 4.3) - restriction: || (&& (== net452) (< net45)) (&& (== net452) (< portable-net45+win8+wp8+wpa81)) (== netcoreapp2.0) (== netstandard2.0)
    System.Globalization.Calendars (4.3) - restriction: || (&& (== net452) (>= netcoreapp2.0)) (== netcoreapp2.0) (&& (== netstandard2.0) (>= netcoreapp2.0))
      Microsoft.NETCore.Platforms (>= 1.1) - restriction: || (&& (== net452) (>= netstandard1.3)) (== netcoreapp2.0) (== netstandard2.0)
      Microsoft.NETCore.Targets (>= 1.1) - restriction: || (&& (== net452) (>= netstandard1.3)) (== netcoreapp2.0) (== netstandard2.0)
      System.Globalization (>= 4.3) - restriction: || (&& (== net452) (>= netstandard1.3)) (== netcoreapp2.0) (== netstandard2.0)
      System.Runtime (>= 4.3) - restriction: || (&& (== net452) (>= netstandard1.3)) (== netcoreapp2.0) (== netstandard2.0)
    System.Globalization.Extensions (4.3) - restriction: || (&& (== net452) (>= netcoreapp2.0)) (== netcoreapp2.0) (&& (== netstandard2.0) (>= netcoreapp2.0))
      Microsoft.NETCore.Platforms (>= 1.1) - restriction: || (&& (== net452) (>= netstandard1.3)) (== netcoreapp2.0) (== netstandard2.0)
      System.Globalization (>= 4.3) - restriction: || (&& (== net452) (>= netstandard1.3)) (== netcoreapp2.0) (== netstandard2.0)
      System.Resources.ResourceManager (>= 4.3) - restriction: || (&& (== net452) (>= netstandard1.3)) (== netcoreapp2.0) (== netstandard2.0)
      System.Runtime (>= 4.3) - restriction: || (&& (== net452) (>= netstandard1.3)) (== netcoreapp2.0) (== netstandard2.0)
      System.Runtime.Extensions (>= 4.3) - restriction: || (&& (== net452) (>= netstandard1.3)) (== netcoreapp2.0) (== netstandard2.0)
      System.Runtime.InteropServices (>= 4.3) - restriction: || (&& (== net452) (>= netstandard1.3)) (== netcoreapp2.0) (== netstandard2.0)
    System.IdentityModel.Tokens.Jwt (5.3) - restriction: || (&& (== net452) (>= netcoreapp2.0)) (== netcoreapp2.0) (&& (== netstandard2.0) (>= netcoreapp2.0))
      Microsoft.IdentityModel.JsonWebTokens (>= 5.3)
      Microsoft.IdentityModel.Tokens (>= 5.3)
      Newtonsoft.Json (>= 10.0.1)
    System.Interactive.Async (3.2) - restriction: || (&& (== net452) (>= netcoreapp2.0)) (== netcoreapp2.0) (&& (== netstandard2.0) (>= netcoreapp2.0))
    System.IO (4.3) - restriction: || (&& (== net452) (< net40) (>= netstandard1.3) (< portable-net45+win8+wp8+wpa81)) (&& (== net452) (< net40) (>= netstandard1.6)) (&& (== net452) (< net40) (>= netstandard2.0)) (&& (== net452) (>= netcoreapp2.0)) (== netcoreapp2.0) (== netstandard2.0)
      Microsoft.NETCore.Platforms (>= 1.1) - restriction: || (&& (== net452) (< net45)) (&& (== net452) (< portable-net45+win8+wp8+wpa81)) (== netcoreapp2.0) (== netstandard2.0)
      Microsoft.NETCore.Targets (>= 1.1) - restriction: || (&& (== net452) (< net45)) (&& (== net452) (< portable-net45+win8+wp8+wpa81)) (== netcoreapp2.0) (== netstandard2.0)
      System.Runtime (>= 4.3) - restriction: || (&& (== net452) (< net45)) (&& (== net452) (< portable-net45+win8+wp8+wpa81)) (== netcoreapp2.0) (== netstandard2.0)
      System.Text.Encoding (>= 4.3) - restriction: || (&& (== net452) (< net45)) (&& (== net452) (< portable-net45+win8+wp8+wpa81)) (== netcoreapp2.0) (== netstandard2.0)
      System.Threading.Tasks (>= 4.3) - restriction: || (&& (== net452) (< net45)) (&& (== net452) (< portable-net45+win8+wp8+wpa81)) (== netcoreapp2.0) (== netstandard2.0)
    System.IO.Compression (4.3) - restriction: || (&& (== net452) (>= netcoreapp2.0)) (== netcoreapp2.0) (&& (== netstandard2.0) (>= netcoreapp2.0))
      Microsoft.NETCore.Platforms (>= 1.1) - restriction: || (&& (== net452) (< net45) (>= netstandard1.3)) (== netcoreapp2.0) (== netstandard2.0)
      runtime.native.System (>= 4.3) - restriction: || (&& (== net452) (< net45) (>= netstandard1.3)) (== netcoreapp2.0) (== netstandard2.0)
      runtime.native.System.IO.Compression (>= 4.3) - restriction: || (&& (== net452) (< net45) (>= netstandard1.3)) (&& (== net452) (< portable-net45+win8+wpa81)) (== netcoreapp2.0) (== netstandard2.0)
      System.Buffers (>= 4.3) - restriction: || (&& (== net452) (< net45) (>= netstandard1.3)) (&& (== net452) (< portable-net45+win8+wpa81)) (== netcoreapp2.0) (== netstandard2.0)
      System.Collections (>= 4.3) - restriction: || (&& (== net452) (< net45) (>= netstandard1.3)) (&& (== net452) (< portable-net45+win8+wpa81)) (== netcoreapp2.0) (== netstandard2.0)
      System.Diagnostics.Debug (>= 4.3) - restriction: || (&& (== net452) (< net45) (>= netstandard1.3)) (&& (== net452) (< portable-net45+win8+wpa81)) (== netcoreapp2.0) (== netstandard2.0)
      System.IO (>= 4.3) - restriction: || (&& (== net452) (< net45)) (&& (== net452) (< portable-net45+win8+wpa81)) (== netcoreapp2.0) (== netstandard2.0)
      System.Resources.ResourceManager (>= 4.3) - restriction: || (&& (== net452) (< net45) (>= netstandard1.3)) (&& (== net452) (< portable-net45+win8+wpa81)) (== netcoreapp2.0) (== netstandard2.0)
      System.Runtime (>= 4.3) - restriction: || (&& (== net452) (< net45)) (&& (== net452) (< portable-net45+win8+wpa81)) (== netcoreapp2.0) (== netstandard2.0)
      System.Runtime.Extensions (>= 4.3) - restriction: || (&& (== net452) (< net45) (>= netstandard1.3)) (&& (== net452) (< portable-net45+win8+wpa81)) (== netcoreapp2.0) (== netstandard2.0)
      System.Runtime.Handles (>= 4.3) - restriction: || (&& (== net452) (< net45) (>= netstandard1.3)) (&& (== net452) (< portable-net45+win8+wpa81)) (== netcoreapp2.0) (== netstandard2.0)
      System.Runtime.InteropServices (>= 4.3) - restriction: || (&& (== net452) (< net45) (>= netstandard1.3)) (&& (== net452) (< portable-net45+win8+wpa81)) (== netcoreapp2.0) (== netstandard2.0)
      System.Text.Encoding (>= 4.3) - restriction: || (&& (== net452) (< net45)) (&& (== net452) (< portable-net45+win8+wpa81)) (== netcoreapp2.0) (== netstandard2.0)
      System.Threading (>= 4.3) - restriction: || (&& (== net452) (< net45) (>= netstandard1.3)) (&& (== net452) (< portable-net45+win8+wpa81)) (== netcoreapp2.0) (== netstandard2.0)
      System.Threading.Tasks (>= 4.3) - restriction: || (&& (== net452) (< net45) (>= netstandard1.3)) (&& (== net452) (< portable-net45+win8+wpa81)) (== netcoreapp2.0) (== netstandard2.0)
    System.IO.FileSystem (4.3) - restriction: || (&& (== net452) (>= netcoreapp2.0)) (== netcoreapp2.0) (&& (== netstandard2.0) (>= netcoreapp2.0))
      Microsoft.NETCore.Platforms (>= 1.1) - restriction: || (&& (== net452) (>= netstandard1.3)) (== netcoreapp2.0) (== netstandard2.0)
      Microsoft.NETCore.Targets (>= 1.1) - restriction: || (&& (== net452) (>= netstandard1.3)) (== netcoreapp2.0) (== netstandard2.0)
      System.IO (>= 4.3) - restriction: || (&& (== net452) (>= netstandard1.3)) (== netcoreapp2.0) (== netstandard2.0)
      System.IO.FileSystem.Primitives (>= 4.3) - restriction: || (&& (== net452) (>= net46)) (&& (== net452) (>= netstandard1.3)) (== netcoreapp2.0) (== netstandard2.0)
      System.Runtime (>= 4.3) - restriction: || (&& (== net452) (>= netstandard1.3)) (== netcoreapp2.0) (== netstandard2.0)
      System.Runtime.Handles (>= 4.3) - restriction: || (&& (== net452) (>= netstandard1.3)) (== netcoreapp2.0) (== netstandard2.0)
      System.Text.Encoding (>= 4.3) - restriction: || (&& (== net452) (>= netstandard1.3)) (== netcoreapp2.0) (== netstandard2.0)
      System.Threading.Tasks (>= 4.3) - restriction: || (&& (== net452) (>= netstandard1.3)) (== netcoreapp2.0) (== netstandard2.0)
    System.IO.FileSystem.AccessControl (4.5) - restriction: || (&& (== net452) (>= netcoreapp2.0)) (== netcoreapp2.0) (&& (== netstandard2.0) (>= netcoreapp2.0))
      System.Security.AccessControl (>= 4.5) - restriction: || (&& (== net452) (>= net461)) (&& (== net452) (>= netstandard2.0)) (== netcoreapp2.0) (== netstandard2.0)
      System.Security.Principal.Windows (>= 4.5) - restriction: || (&& (== net452) (>= net461)) (&& (== net452) (>= netstandard2.0)) (== netcoreapp2.0) (== netstandard2.0)
    System.IO.FileSystem.Primitives (4.3) - restriction: || (&& (== net452) (>= netcoreapp2.0)) (== netcoreapp2.0) (&& (== netstandard2.0) (>= netcoreapp2.0))
      System.Runtime (>= 4.3) - restriction: || (&& (== net452) (>= netstandard1.3)) (== netcoreapp2.0) (== netstandard2.0)
    System.IO.Pipelines (4.5.2) - restriction: || (&& (== net452) (>= netcoreapp2.0)) (== netcoreapp2.0) (&& (== netstandard2.0) (>= netcoreapp2.0))
      System.Memory (>= 4.5.1) - restriction: || (&& (== net452) (>= monoandroid)) (&& (== net452) (>= monotouch)) (&& (== net452) (>= net46)) (&& (== net452) (>= netcoreapp2.0)) (&& (== net452) (>= netstandard1.3)) (&& (== net452) (>= netstandard2.0)) (&& (== net452) (>= uap10.1)) (&& (== net452) (>= xamarinios)) (&& (== net452) (>= xamarinmac)) (&& (== net452) (>= xamarintvos)) (&& (== net452) (>= xamarinwatchos)) (== netcoreapp2.0) (== netstandard2.0)
      System.Threading.Tasks.Extensions (>= 4.5.1) - restriction: || (&& (== net452) (>= net46)) (&& (== net452) (>= netcoreapp2.0)) (&& (== net452) (>= netstandard1.3)) (&& (== net452) (>= netstandard2.0)) (&& (== net452) (>= uap10.1)) (== netcoreapp2.0) (== netstandard2.0)
    System.Linq (4.3) - restriction: || (&& (== net452) (< net40) (>= netstandard1.3)) (&& (== net452) (< net40) (>= netstandard2.0)) (&& (== net452) (>= netcoreapp2.0)) (== netcoreapp2.0) (== netstandard2.0)
      System.Collections (>= 4.3) - restriction: || (&& (== net452) (< net45)) (&& (== net452) (< portable-net45+win8+wp8+wpa81)) (== netcoreapp2.0) (== netstandard2.0)
      System.Diagnostics.Debug (>= 4.3) - restriction: || (&& (== net452) (< net45) (>= netstandard1.6)) (&& (== net452) (< portable-net45+win8+wp8+wpa81)) (== netcoreapp2.0) (== netstandard2.0)
      System.Resources.ResourceManager (>= 4.3) - restriction: || (&& (== net452) (< net45) (>= netstandard1.6)) (&& (== net452) (< portable-net45+win8+wp8+wpa81)) (== netcoreapp2.0) (== netstandard2.0)
      System.Runtime (>= 4.3) - restriction: || (&& (== net452) (< net45)) (&& (== net452) (< portable-net45+win8+wp8+wpa81)) (== netcoreapp2.0) (== netstandard2.0)
      System.Runtime.Extensions (>= 4.3) - restriction: || (&& (== net452) (< net45) (>= netstandard1.6)) (&& (== net452) (< portable-net45+win8+wp8+wpa81)) (== netcoreapp2.0) (== netstandard2.0)
    System.Linq.Expressions (4.3) - restriction: || (&& (== net452) (< net40) (>= netstandard1.3)) (&& (== net452) (< net40) (>= netstandard2.0)) (&& (== net452) (>= netcoreapp2.0)) (== netcoreapp2.0) (== netstandard2.0)
      System.Collections (>= 4.3) - restriction: || (&& (== net452) (< net45) (>= netstandard1.6)) (&& (== net452) (< portable-net45+win8+wp8+wpa81)) (== netcoreapp2.0) (== netstandard2.0)
      System.Diagnostics.Debug (>= 4.3) - restriction: || (&& (== net452) (< net45) (>= netstandard1.6)) (&& (== net452) (< portable-net45+win8+wp8+wpa81)) (== netcoreapp2.0) (== netstandard2.0)
      System.Globalization (>= 4.3) - restriction: || (&& (== net452) (< net45) (>= netstandard1.6)) (&& (== net452) (< portable-net45+win8+wp8+wpa81)) (== netcoreapp2.0) (== netstandard2.0)
      System.IO (>= 4.3) - restriction: || (&& (== net452) (< net45) (>= netstandard1.6)) (&& (== net452) (< portable-net45+win8+wp8+wpa81)) (== netcoreapp2.0) (== netstandard2.0)
      System.Linq (>= 4.3) - restriction: || (&& (== net452) (< net45) (>= netstandard1.6)) (&& (== net452) (< portable-net45+win8+wp8+wpa81)) (== netcoreapp2.0) (== netstandard2.0)
      System.ObjectModel (>= 4.3) - restriction: || (&& (== net452) (< net45) (>= netstandard1.6)) (== netcoreapp2.0) (== netstandard2.0)
      System.Reflection (>= 4.3) - restriction: || (&& (== net452) (< net45)) (&& (== net452) (< portable-net45+win8+wp8+wpa81)) (== netcoreapp2.0) (== netstandard2.0)
      System.Reflection.Emit (>= 4.3) - restriction: || (&& (== net452) (< net45) (>= netstandard1.6)) (== netcoreapp2.0) (== netstandard2.0)
      System.Reflection.Emit.ILGeneration (>= 4.3) - restriction: || (&& (== net452) (< net45) (>= netstandard1.6)) (&& (== net452) (< portable-net45+win8+wp8+wpa81)) (== netcoreapp2.0) (== netstandard2.0)
      System.Reflection.Emit.Lightweight (>= 4.3) - restriction: || (&& (== net452) (< net45) (>= netstandard1.6)) (&& (== net452) (< portable-net45+win8+wp8+wpa81)) (== netcoreapp2.0) (== netstandard2.0)
      System.Reflection.Extensions (>= 4.3) - restriction: || (&& (== net452) (< net45) (>= netstandard1.6)) (&& (== net452) (< portable-net45+win8+wp8+wpa81)) (== netcoreapp2.0) (== netstandard2.0)
      System.Reflection.Primitives (>= 4.3) - restriction: || (&& (== net452) (< net45) (>= netstandard1.6)) (&& (== net452) (< portable-net45+win8+wp8+wpa81)) (== netcoreapp2.0) (== netstandard2.0)
      System.Reflection.TypeExtensions (>= 4.3) - restriction: || (&& (== net452) (< net45) (>= netstandard1.6)) (&& (== net452) (< portable-net45+win8+wp8+wpa81)) (== netcoreapp2.0) (== netstandard2.0)
      System.Resources.ResourceManager (>= 4.3) - restriction: || (&& (== net452) (< net45) (>= netstandard1.6)) (&& (== net452) (< portable-net45+win8+wp8+wpa81)) (== netcoreapp2.0) (== netstandard2.0)
      System.Runtime (>= 4.3) - restriction: || (&& (== net452) (< net45)) (&& (== net452) (< portable-net45+win8+wp8+wpa81)) (== netcoreapp2.0) (== netstandard2.0)
      System.Runtime.Extensions (>= 4.3) - restriction: || (&& (== net452) (< net45) (>= netstandard1.6)) (&& (== net452) (< portable-net45+win8+wp8+wpa81)) (== netcoreapp2.0) (== netstandard2.0)
      System.Threading (>= 4.3) - restriction: || (&& (== net452) (< net45) (>= netstandard1.6)) (&& (== net452) (< portable-net45+win8+wp8+wpa81)) (== netcoreapp2.0) (== netstandard2.0)
    System.Linq.Queryable (4.3) - restriction: || (&& (== net452) (>= netcoreapp2.0)) (== netcoreapp2.0) (&& (== netstandard2.0) (>= netcoreapp2.0))
      System.Collections (>= 4.3) - restriction: || (&& (== net452) (< net45) (>= netstandard1.3)) (&& (== net452) (< portable-net45+win8+wp8+wpa81)) (== netcoreapp2.0) (== netstandard2.0)
      System.Diagnostics.Debug (>= 4.3) - restriction: || (&& (== net452) (< net45) (>= netstandard1.3)) (&& (== net452) (< portable-net45+win8+wp8+wpa81)) (== netcoreapp2.0) (== netstandard2.0)
      System.Linq (>= 4.3) - restriction: || (&& (== net452) (< net45)) (&& (== net452) (< portable-net45+win8+wp8+wpa81)) (== netcoreapp2.0) (== netstandard2.0)
      System.Linq.Expressions (>= 4.3) - restriction: || (&& (== net452) (< net45)) (&& (== net452) (< portable-net45+win8+wp8+wpa81)) (== netcoreapp2.0) (== netstandard2.0)
      System.Reflection (>= 4.3) - restriction: || (&& (== net452) (< net45) (>= netstandard1.3)) (&& (== net452) (< portable-net45+win8+wp8+wpa81)) (== netcoreapp2.0) (== netstandard2.0)
      System.Reflection.Extensions (>= 4.3) - restriction: || (&& (== net452) (< net45) (>= netstandard1.3)) (&& (== net452) (< portable-net45+win8+wp8+wpa81)) (== netcoreapp2.0) (== netstandard2.0)
      System.Resources.ResourceManager (>= 4.3) - restriction: || (&& (== net452) (< net45) (>= netstandard1.3)) (&& (== net452) (< portable-net45+win8+wp8+wpa81)) (== netcoreapp2.0) (== netstandard2.0)
      System.Runtime (>= 4.3) - restriction: || (&& (== net452) (< net45)) (&& (== net452) (< portable-net45+win8+wp8+wpa81)) (== netcoreapp2.0) (== netstandard2.0)
    System.Memory (4.5.1) - restriction: || (&& (== net452) (< net45) (>= netstandard2.0)) (&& (== net452) (>= netcoreapp2.0)) (== netcoreapp2.0) (== netstandard2.0)
      System.Runtime.CompilerServices.Unsafe (>= 4.5)
    System.Net.Http (4.3.4) - restriction: || (&& (== net452) (< net40) (>= netstandard1.3)) (&& (== net452) (< net40) (< portable-net45+win8+wp8+wpa81)) (&& (== net452) (>= netcoreapp2.0)) (== netcoreapp2.0) (== netstandard2.0)
      Microsoft.NETCore.Platforms (>= 1.1.1) - restriction: || (&& (== net452) (< net45) (>= netstandard1.3)) (&& (== net452) (< net45) (>= netstandard1.6)) (&& (== net452) (< portable-net45+win8+wpa81)) (== netcoreapp2.0) (== netstandard2.0)
      runtime.native.System (>= 4.3) - restriction: || (&& (== net452) (< net45) (>= netstandard1.6)) (== netcoreapp2.0) (== netstandard2.0)
      runtime.native.System.Net.Http (>= 4.3) - restriction: || (&& (== net452) (< net45) (>= netstandard1.6)) (== netcoreapp2.0) (== netstandard2.0)
      runtime.native.System.Security.Cryptography.OpenSsl (>= 4.3.2) - restriction: || (&& (== net452) (< net45) (>= netstandard1.6)) (== netcoreapp2.0) (== netstandard2.0)
      System.Collections (>= 4.3) - restriction: || (&& (== net452) (< net45) (>= netstandard1.3)) (&& (== net452) (< net45) (>= netstandard1.6)) (&& (== net452) (< portable-net45+win8+wpa81)) (== netcoreapp2.0) (== netstandard2.0)
      System.Diagnostics.Debug (>= 4.3) - restriction: || (&& (== net452) (< net45) (>= netstandard1.3)) (&& (== net452) (< net45) (>= netstandard1.6)) (&& (== net452) (< portable-net45+win8+wpa81)) (== netcoreapp2.0) (== netstandard2.0)
      System.Diagnostics.DiagnosticSource (>= 4.3) - restriction: || (&& (== net452) (< net45) (>= netstandard1.3)) (&& (== net452) (< net45) (>= netstandard1.6)) (&& (== net452) (< portable-net45+win8+wpa81)) (== netcoreapp2.0) (== netstandard2.0)
      System.Diagnostics.Tracing (>= 4.3) - restriction: || (&& (== net452) (< net45) (>= netstandard1.3)) (&& (== net452) (< net45) (>= netstandard1.6)) (&& (== net452) (< portable-net45+win8+wpa81)) (== netcoreapp2.0) (== netstandard2.0)
      System.Globalization (>= 4.3) - restriction: || (&& (== net452) (< net45) (>= netstandard1.3)) (&& (== net452) (< net45) (>= netstandard1.6)) (&& (== net452) (< portable-net45+win8+wpa81)) (== netcoreapp2.0) (== netstandard2.0)
      System.Globalization.Extensions (>= 4.3) - restriction: || (&& (== net452) (< net45) (>= netstandard1.6)) (== netcoreapp2.0) (== netstandard2.0)
      System.IO (>= 4.3) - restriction: || (&& (== net452) (< net45)) (&& (== net452) (< portable-net45+win8+wpa81)) (== netcoreapp2.0) (== netstandard2.0)
      System.IO.FileSystem (>= 4.3) - restriction: || (&& (== net452) (< net45) (>= netstandard1.6)) (== netcoreapp2.0) (== netstandard2.0)
      System.Net.Primitives (>= 4.3) - restriction: || (&& (== net452) (< net45)) (&& (== net452) (< portable-net45+win8+wpa81)) (== netcoreapp2.0) (== netstandard2.0)
      System.Resources.ResourceManager (>= 4.3) - restriction: || (&& (== net452) (< net45) (>= netstandard1.3)) (&& (== net452) (< net45) (>= netstandard1.6)) (&& (== net452) (< portable-net45+win8+wpa81)) (== netcoreapp2.0) (== netstandard2.0)
      System.Runtime (>= 4.3) - restriction: || (&& (== net452) (< net45)) (&& (== net452) (< portable-net45+win8+wpa81)) (== netcoreapp2.0) (== netstandard2.0)
      System.Runtime.Extensions (>= 4.3) - restriction: || (&& (== net452) (< net45) (>= netstandard1.3)) (&& (== net452) (< net45) (>= netstandard1.6)) (&& (== net452) (< portable-net45+win8+wpa81)) (== netcoreapp2.0) (== netstandard2.0)
      System.Runtime.Handles (>= 4.3) - restriction: || (&& (== net452) (< net45) (>= netstandard1.3)) (&& (== net452) (< net45) (>= netstandard1.6)) (== netcoreapp2.0) (== netstandard2.0)
      System.Runtime.InteropServices (>= 4.3) - restriction: || (&& (== net452) (< net45) (>= netstandard1.3)) (&& (== net452) (< net45) (>= netstandard1.6)) (&& (== net452) (< portable-net45+win8+wpa81)) (== netcoreapp2.0) (== netstandard2.0)
      System.Security.Cryptography.Algorithms (>= 4.3) - restriction: || (&& (== net452) (< net45) (>= netstandard1.6)) (== netcoreapp2.0) (== netstandard2.0)
      System.Security.Cryptography.Encoding (>= 4.3) - restriction: || (&& (== net452) (< net45) (>= netstandard1.3)) (&& (== net452) (< net45) (>= netstandard1.6)) (== netcoreapp2.0) (== netstandard2.0)
      System.Security.Cryptography.OpenSsl (>= 4.3) - restriction: || (&& (== net452) (< net45) (>= netstandard1.6)) (== netcoreapp2.0) (== netstandard2.0)
      System.Security.Cryptography.Primitives (>= 4.3) - restriction: || (&& (== net452) (< net45) (>= netstandard1.6)) (== netcoreapp2.0) (== netstandard2.0)
      System.Security.Cryptography.X509Certificates (>= 4.3) - restriction: || (&& (== net452) (< net45) (>= netstandard1.3)) (&& (== net452) (< net45) (>= netstandard1.6)) (&& (== net452) (>= net46)) (&& (== net452) (< portable-net45+win8+wpa81)) (== netcoreapp2.0) (== netstandard2.0)
      System.Text.Encoding (>= 4.3) - restriction: || (&& (== net452) (< net45)) (&& (== net452) (< portable-net45+win8+wpa81)) (== netcoreapp2.0) (== netstandard2.0)
      System.Threading (>= 4.3) - restriction: || (&& (== net452) (< net45) (>= netstandard1.3)) (&& (== net452) (< net45) (>= netstandard1.6)) (&& (== net452) (< portable-net45+win8+wpa81)) (== netcoreapp2.0) (== netstandard2.0)
      System.Threading.Tasks (>= 4.3) - restriction: || (&& (== net452) (< net45)) (&& (== net452) (< portable-net45+win8+wpa81)) (== netcoreapp2.0) (== netstandard2.0)
    System.Net.NameResolution (4.3) - restriction: || (&& (== net452) (>= netcoreapp2.0)) (== netcoreapp2.0) (&& (== netstandard2.0) (>= netcoreapp2.0))
      Microsoft.NETCore.Platforms (>= 1.1)
      runtime.native.System (>= 4.3) - restriction: || (&& (== net452) (>= netstandard1.3)) (== netcoreapp2.0) (== netstandard2.0)
      System.Collections (>= 4.3)
      System.Diagnostics.Tracing (>= 4.3)
      System.Globalization (>= 4.3)
      System.Net.Primitives (>= 4.3)
      System.Resources.ResourceManager (>= 4.3)
      System.Runtime (>= 4.3)
      System.Runtime.Extensions (>= 4.3)
      System.Runtime.Handles (>= 4.3)
      System.Runtime.InteropServices (>= 4.3)
      System.Security.Principal.Windows (>= 4.3) - restriction: || (&& (== net452) (>= netstandard1.3)) (== netcoreapp2.0) (== netstandard2.0)
      System.Threading (>= 4.3)
      System.Threading.Tasks (>= 4.3)
    System.Net.NetworkInformation (4.3) - restriction: || (&& (== net452) (>= netcoreapp2.0)) (== netcoreapp2.0) (&& (== netstandard2.0) (>= netcoreapp2.0))
      Microsoft.NETCore.Platforms (>= 1.1) - restriction: || (&& (== net452) (< net45) (>= netstandard1.3)) (&& (== net452) (< portable-net45+win8+wp8+wpa81)) (== netcoreapp2.0) (== netstandard2.0)
      Microsoft.Win32.Primitives (>= 4.3) - restriction: || (&& (== net452) (< net45) (>= netstandard1.3)) (&& (== net452) (< portable-net45+win8+wp8+wpa81)) (== netcoreapp2.0) (== netstandard2.0)
      runtime.native.System (>= 4.3) - restriction: || (&& (== net452) (< net45) (>= netstandard1.3)) (== netcoreapp2.0) (== netstandard2.0)
      System.Collections (>= 4.3) - restriction: || (&& (== net452) (< net45) (>= netstandard1.3)) (&& (== net452) (< portable-net45+win8+wp8+wpa81)) (== netcoreapp2.0) (== netstandard2.0)
      System.Diagnostics.Tracing (>= 4.3) - restriction: || (&& (== net452) (< net45) (>= netstandard1.3)) (&& (== net452) (< portable-net45+win8+wp8+wpa81)) (== netcoreapp2.0) (== netstandard2.0)
      System.Globalization (>= 4.3) - restriction: || (&& (== net452) (< net45) (>= netstandard1.3)) (&& (== net452) (< portable-net45+win8+wp8+wpa81)) (== netcoreapp2.0) (== netstandard2.0)
      System.IO (>= 4.3) - restriction: || (&& (== net452) (< net45) (>= netstandard1.3)) (== netcoreapp2.0) (== netstandard2.0)
      System.IO.FileSystem (>= 4.3) - restriction: || (&& (== net452) (< net45) (>= netstandard1.3)) (== netcoreapp2.0) (== netstandard2.0)
      System.IO.FileSystem.Primitives (>= 4.3) - restriction: || (&& (== net452) (< net45) (>= netstandard1.3)) (== netcoreapp2.0) (== netstandard2.0)
      System.Linq (>= 4.3) - restriction: || (&& (== net452) (< net45) (>= netstandard1.3)) (== netcoreapp2.0) (== netstandard2.0)
      System.Net.Primitives (>= 4.3) - restriction: || (&& (== net452) (< net45) (>= netstandard1.3)) (&& (== net452) (< portable-net45+win8+wp8+wpa81)) (== netcoreapp2.0) (== netstandard2.0)
      System.Net.Sockets (>= 4.3) - restriction: || (&& (== net452) (< net45) (>= netstandard1.3)) (== netcoreapp2.0) (== netstandard2.0)
      System.Resources.ResourceManager (>= 4.3) - restriction: || (&& (== net452) (< net45) (>= netstandard1.3)) (&& (== net452) (< portable-net45+win8+wp8+wpa81)) (== netcoreapp2.0) (== netstandard2.0)
      System.Runtime (>= 4.3) - restriction: || (&& (== net452) (< net45)) (&& (== net452) (< portable-net45+win8+wp8+wpa81)) (== netcoreapp2.0) (== netstandard2.0)
      System.Runtime.Extensions (>= 4.3) - restriction: || (&& (== net452) (< net45) (>= netstandard1.3)) (&& (== net452) (< portable-net45+win8+wp8+wpa81)) (== netcoreapp2.0) (== netstandard2.0)
      System.Runtime.Handles (>= 4.3) - restriction: || (&& (== net452) (< net45) (>= netstandard1.3)) (== netcoreapp2.0) (== netstandard2.0)
      System.Runtime.InteropServices (>= 4.3) - restriction: || (&& (== net452) (< net45) (>= netstandard1.3)) (&& (== net452) (< portable-net45+win8+wp8+wpa81)) (== netcoreapp2.0) (== netstandard2.0)
      System.Security.Principal.Windows (>= 4.3) - restriction: || (&& (== net452) (< net45) (>= netstandard1.3)) (== netcoreapp2.0) (== netstandard2.0)
      System.Threading (>= 4.3) - restriction: || (&& (== net452) (< net45) (>= netstandard1.3)) (&& (== net452) (< portable-net45+win8+wp8+wpa81)) (== netcoreapp2.0) (== netstandard2.0)
      System.Threading.Overlapped (>= 4.3) - restriction: || (&& (== net452) (< net45) (>= netstandard1.3)) (== netcoreapp2.0) (== netstandard2.0)
      System.Threading.Tasks (>= 4.3) - restriction: || (&& (== net452) (< net45) (>= netstandard1.3)) (&& (== net452) (< portable-net45+win8+wp8+wpa81)) (== netcoreapp2.0) (== netstandard2.0)
      System.Threading.Thread (>= 4.3) - restriction: || (&& (== net452) (< net45) (>= netstandard1.3)) (== netcoreapp2.0) (== netstandard2.0)
      System.Threading.ThreadPool (>= 4.3) - restriction: || (&& (== net452) (< net45) (>= netstandard1.3)) (== netcoreapp2.0) (== netstandard2.0)
    System.Net.Primitives (4.3) - restriction: || (&& (== net452) (< net40)) (&& (== net452) (>= netcoreapp2.0)) (== netcoreapp2.0) (== netstandard2.0)
      Microsoft.NETCore.Platforms (>= 1.1) - restriction: || (&& (== net452) (< net45)) (&& (== net452) (< netstandard1.1)) (&& (== net452) (< portable-net45+win8+wp8+wpa81)) (== netcoreapp2.0) (== netstandard2.0)
      Microsoft.NETCore.Targets (>= 1.1) - restriction: || (&& (== net452) (< net45)) (&& (== net452) (< netstandard1.1)) (&& (== net452) (< portable-net45+win8+wp8+wpa81)) (== netcoreapp2.0) (== netstandard2.0)
      System.Runtime (>= 4.3) - restriction: || (&& (== net452) (< net45)) (&& (== net452) (< netstandard1.1)) (&& (== net452) (< portable-net45+win8+wp8+wpa81)) (== netcoreapp2.0) (== netstandard2.0)
      System.Runtime.Handles (>= 4.3) - restriction: || (&& (== net452) (< net45) (>= netstandard1.3)) (&& (== net452) (< portable-net45+win8+wp8+wpa81)) (== netcoreapp2.0) (== netstandard2.0)
    System.Net.Requests (4.3) - restriction: || (&& (== net452) (< net40)) (&& (== net452) (>= netcoreapp2.0)) (== netcoreapp2.0) (== netstandard2.0)
      Microsoft.NETCore.Platforms (>= 1.1) - restriction: || (&& (== net452) (< net45) (>= netstandard1.3)) (== netcoreapp2.0) (== netstandard2.0)
      System.Collections (>= 4.3) - restriction: || (&& (== net452) (< net45) (>= netstandard1.3)) (&& (== net452) (< portable-net45+win8+wp8+wpa81)) (== netcoreapp2.0) (== netstandard2.0)
      System.Diagnostics.Debug (>= 4.3) - restriction: || (&& (== net452) (< net45) (>= netstandard1.3)) (&& (== net452) (< portable-net45+win8+wp8+wpa81)) (== netcoreapp2.0) (== netstandard2.0)
      System.Diagnostics.Tracing (>= 4.3) - restriction: || (&& (== net452) (< net45) (>= netstandard1.3)) (&& (== net452) (< portable-net45+win8+wp8+wpa81)) (== netcoreapp2.0) (== netstandard2.0)
      System.Globalization (>= 4.3) - restriction: || (&& (== net452) (< net45) (>= netstandard1.3)) (&& (== net452) (< portable-net45+win8+wp8+wpa81)) (== netcoreapp2.0) (== netstandard2.0)
      System.IO (>= 4.3) - restriction: || (&& (== net452) (< net45)) (&& (== net452) (< netstandard1.1)) (&& (== net452) (< portable-net45+win8+wp8+wpa81)) (== netcoreapp2.0) (== netstandard2.0)
      System.Net.Http (>= 4.3) - restriction: || (&& (== net452) (< net45) (>= netstandard1.3)) (&& (== net452) (< portable-net45+win8+wp8+wpa81)) (== netcoreapp2.0) (== netstandard2.0)
      System.Net.Primitives (>= 4.3) - restriction: || (&& (== net452) (< net45)) (&& (== net452) (< netstandard1.1)) (&& (== net452) (< portable-net45+win8+wp8+wpa81)) (== netcoreapp2.0) (== netstandard2.0)
      System.Net.WebHeaderCollection (>= 4.3) - restriction: || (&& (== net452) (< net45) (>= netstandard1.3)) (&& (== net452) (< portable-net45+win8+wp8+wpa81)) (== netcoreapp2.0) (== netstandard2.0)
      System.Resources.ResourceManager (>= 4.3) - restriction: || (&& (== net452) (< net45) (>= netstandard1.3)) (&& (== net452) (< portable-net45+win8+wp8+wpa81)) (== netcoreapp2.0) (== netstandard2.0)
      System.Runtime (>= 4.3) - restriction: || (&& (== net452) (< net45)) (&& (== net452) (< netstandard1.1)) (&& (== net452) (< portable-net45+win8+wp8+wpa81)) (== netcoreapp2.0) (== netstandard2.0)
      System.Threading (>= 4.3) - restriction: || (&& (== net452) (< net45) (>= netstandard1.3)) (&& (== net452) (< portable-net45+win8+wp8+wpa81)) (== netcoreapp2.0) (== netstandard2.0)
      System.Threading.Tasks (>= 4.3) - restriction: || (&& (== net452) (< net45)) (&& (== net452) (< portable-net45+win8+wp8+wpa81)) (== netcoreapp2.0) (== netstandard2.0)
    System.Net.Security (4.3.2) - restriction: || (&& (== net452) (>= netcoreapp2.0)) (== netcoreapp2.0) (&& (== netstandard2.0) (>= netcoreapp2.0))
      Microsoft.NETCore.Platforms (>= 1.1) - restriction: || (&& (== net452) (>= netstandard1.3)) (&& (== net452) (>= netstandard1.6)) (== netcoreapp2.0) (== netstandard2.0)
      Microsoft.Win32.Primitives (>= 4.3) - restriction: || (&& (== net452) (>= netstandard1.3)) (&& (== net452) (>= netstandard1.6)) (== netcoreapp2.0) (== netstandard2.0)
      runtime.native.System (>= 4.3) - restriction: || (&& (== net452) (>= netstandard1.6)) (== netcoreapp2.0) (== netstandard2.0)
      runtime.native.System.Net.Security (>= 4.3) - restriction: || (&& (== net452) (>= netstandard1.6)) (== netcoreapp2.0) (== netstandard2.0)
      runtime.native.System.Security.Cryptography.OpenSsl (>= 4.3.2) - restriction: || (&& (== net452) (>= netstandard1.6)) (== netcoreapp2.0) (== netstandard2.0)
      System.Collections (>= 4.3) - restriction: || (&& (== net452) (>= netstandard1.3)) (&& (== net452) (>= netstandard1.6)) (== netcoreapp2.0) (== netstandard2.0)
      System.Collections.Concurrent (>= 4.3) - restriction: || (&& (== net452) (>= netstandard1.3)) (&& (== net452) (>= netstandard1.6)) (== netcoreapp2.0) (== netstandard2.0)
      System.Diagnostics.Tracing (>= 4.3) - restriction: || (&& (== net452) (>= netstandard1.3)) (&& (== net452) (>= netstandard1.6)) (== netcoreapp2.0) (== netstandard2.0)
      System.Globalization (>= 4.3) - restriction: || (&& (== net452) (>= netstandard1.3)) (&& (== net452) (>= netstandard1.6)) (== netcoreapp2.0) (== netstandard2.0)
      System.Globalization.Extensions (>= 4.3) - restriction: || (&& (== net452) (>= netstandard1.6)) (== netcoreapp2.0) (== netstandard2.0)
      System.IO (>= 4.3) - restriction: || (&& (== net452) (>= netstandard1.3)) (&& (== net452) (>= netstandard1.6)) (== netcoreapp2.0) (== netstandard2.0)
      System.Net.Primitives (>= 4.3) - restriction: || (&& (== net452) (>= netstandard1.3)) (&& (== net452) (>= netstandard1.6)) (== netcoreapp2.0) (== netstandard2.0)
      System.Resources.ResourceManager (>= 4.3) - restriction: || (&& (== net452) (>= netstandard1.3)) (&& (== net452) (>= netstandard1.6)) (== netcoreapp2.0) (== netstandard2.0)
      System.Runtime (>= 4.3) - restriction: || (&& (== net452) (>= netstandard1.3)) (&& (== net452) (>= netstandard1.6)) (== netcoreapp2.0) (== netstandard2.0)
      System.Runtime.Extensions (>= 4.3) - restriction: || (&& (== net452) (>= netstandard1.3)) (&& (== net452) (>= netstandard1.6)) (== netcoreapp2.0) (== netstandard2.0)
      System.Runtime.Handles (>= 4.3) - restriction: || (&& (== net452) (>= netstandard1.3)) (&& (== net452) (>= netstandard1.6)) (== netcoreapp2.0) (== netstandard2.0)
      System.Runtime.InteropServices (>= 4.3) - restriction: || (&& (== net452) (>= netstandard1.3)) (&& (== net452) (>= netstandard1.6)) (== netcoreapp2.0) (== netstandard2.0)
      System.Security.Claims (>= 4.3) - restriction: || (&& (== net452) (>= netstandard1.3)) (&& (== net452) (>= netstandard1.6)) (== netcoreapp2.0) (== netstandard2.0)
      System.Security.Cryptography.Algorithms (>= 4.3) - restriction: || (&& (== net452) (>= netstandard1.6)) (== netcoreapp2.0) (== netstandard2.0)
      System.Security.Cryptography.Encoding (>= 4.3) - restriction: || (&& (== net452) (>= netstandard1.3)) (&& (== net452) (>= netstandard1.6)) (== netcoreapp2.0) (== netstandard2.0)
      System.Security.Cryptography.OpenSsl (>= 4.3) - restriction: || (&& (== net452) (>= netstandard1.6)) (== netcoreapp2.0) (== netstandard2.0)
      System.Security.Cryptography.Primitives (>= 4.3) - restriction: || (&& (== net452) (>= netstandard1.3)) (&& (== net452) (>= netstandard1.6)) (== netcoreapp2.0) (== netstandard2.0)
      System.Security.Cryptography.X509Certificates (>= 4.3) - restriction: || (&& (== net452) (>= net46)) (&& (== net452) (>= netstandard1.3)) (&& (== net452) (>= netstandard1.6)) (== netcoreapp2.0) (== netstandard2.0)
      System.Security.Principal (>= 4.3) - restriction: || (&& (== net452) (>= netstandard1.3)) (&& (== net452) (>= netstandard1.6)) (== netcoreapp2.0) (== netstandard2.0)
      System.Text.Encoding (>= 4.3) - restriction: || (&& (== net452) (>= netstandard1.6)) (== netcoreapp2.0) (== netstandard2.0)
      System.Threading (>= 4.3) - restriction: || (&& (== net452) (>= netstandard1.3)) (&& (== net452) (>= netstandard1.6)) (== netcoreapp2.0) (== netstandard2.0)
      System.Threading.Tasks (>= 4.3) - restriction: || (&& (== net452) (>= netstandard1.3)) (&& (== net452) (>= netstandard1.6)) (== netcoreapp2.0) (== netstandard2.0)
      System.Threading.ThreadPool (>= 4.3) - restriction: || (&& (== net452) (>= netstandard1.3)) (&& (== net452) (>= netstandard1.6)) (== netcoreapp2.0) (== netstandard2.0)
    System.Net.Sockets (4.3) - restriction: || (&& (== net452) (>= netcoreapp2.0)) (== netcoreapp2.0) (&& (== netstandard2.0) (>= netcoreapp2.0))
      Microsoft.NETCore.Platforms (>= 1.1) - restriction: || (&& (== net452) (>= netstandard1.3)) (== netcoreapp2.0) (== netstandard2.0)
      Microsoft.NETCore.Targets (>= 1.1) - restriction: || (&& (== net452) (>= netstandard1.3)) (== netcoreapp2.0) (== netstandard2.0)
      System.IO (>= 4.3) - restriction: || (&& (== net452) (>= netstandard1.3)) (== netcoreapp2.0) (== netstandard2.0)
      System.Net.Primitives (>= 4.3) - restriction: || (&& (== net452) (>= netstandard1.3)) (== netcoreapp2.0) (== netstandard2.0)
      System.Runtime (>= 4.3) - restriction: || (&& (== net452) (>= netstandard1.3)) (== netcoreapp2.0) (== netstandard2.0)
      System.Threading.Tasks (>= 4.3) - restriction: || (&& (== net452) (>= netstandard1.3)) (== netcoreapp2.0) (== netstandard2.0)
    System.Net.WebHeaderCollection (4.3) - restriction: || (&& (== net452) (< net40) (>= netstandard1.3)) (&& (== net452) (< net40) (< portable-net45+win8+wp8+wpa81)) (&& (== net452) (>= netcoreapp2.0)) (== netcoreapp2.0) (== netstandard2.0)
      System.Collections (>= 4.3) - restriction: || (&& (== net452) (>= netstandard1.3)) (== netcoreapp2.0) (== netstandard2.0)
      System.Resources.ResourceManager (>= 4.3) - restriction: || (&& (== net452) (>= netstandard1.3)) (== netcoreapp2.0) (== netstandard2.0)
      System.Runtime (>= 4.3) - restriction: || (&& (== net452) (>= netstandard1.3)) (== netcoreapp2.0) (== netstandard2.0)
      System.Runtime.Extensions (>= 4.3) - restriction: || (&& (== net452) (>= netstandard1.3)) (== netcoreapp2.0) (== netstandard2.0)
    System.Net.WebSockets.WebSocketProtocol (4.5.2) - restriction: || (&& (== net452) (>= netcoreapp2.0)) (== netcoreapp2.0) (&& (== netstandard2.0) (>= netcoreapp2.0))
      System.Memory (>= 4.5.1) - restriction: || (&& (== net452) (>= monoandroid)) (&& (== net452) (>= monotouch)) (&& (== net452) (>= netcoreapp2.0)) (&& (== net452) (>= netstandard2.0)) (&& (== net452) (>= uap10.1)) (&& (== net452) (>= xamarinios)) (&& (== net452) (>= xamarinmac)) (&& (== net452) (>= xamarintvos)) (&& (== net452) (>= xamarinwatchos)) (== netcoreapp2.0) (== netstandard2.0)
      System.Runtime.CompilerServices.Unsafe (>= 4.5.2) - restriction: || (&& (== net452) (>= monoandroid)) (&& (== net452) (>= monotouch)) (&& (== net452) (>= netcoreapp2.0)) (&& (== net452) (>= netstandard2.0)) (&& (== net452) (>= uap10.1)) (&& (== net452) (>= xamarinios)) (&& (== net452) (>= xamarinmac)) (&& (== net452) (>= xamarintvos)) (&& (== net452) (>= xamarinwatchos)) (== netcoreapp2.0) (== netstandard2.0)
      System.Threading.Tasks.Extensions (>= 4.5.1) - restriction: || (&& (== net452) (>= netcoreapp2.0)) (&& (== net452) (>= netstandard2.0)) (&& (== net452) (>= uap10.1)) (== netcoreapp2.0) (== netstandard2.0)
    System.Numerics.Vectors (4.5) - restriction: || (&& (== net452) (>= netcoreapp2.0)) (== netcoreapp2.0) (&& (== netstandard2.0) (>= netcoreapp2.0))
    System.ObjectModel (4.3) - restriction: || (&& (== net452) (< net40) (>= netstandard1.3)) (&& (== net452) (< net40) (>= netstandard2.0)) (&& (== net452) (>= netcoreapp2.0)) (== netcoreapp2.0) (== netstandard2.0)
      System.Collections (>= 4.3) - restriction: || (&& (== net452) (< net45) (>= netstandard1.3)) (&& (== net452) (< portable-net45+win8+wp8+wpa81)) (== netcoreapp2.0) (== netstandard2.0)
      System.Diagnostics.Debug (>= 4.3) - restriction: || (&& (== net452) (< net45) (>= netstandard1.3)) (&& (== net452) (< portable-net45+win8+wp8+wpa81)) (== netcoreapp2.0) (== netstandard2.0)
      System.Resources.ResourceManager (>= 4.3) - restriction: || (&& (== net452) (< net45) (>= netstandard1.3)) (&& (== net452) (< portable-net45+win8+wp8+wpa81)) (== netcoreapp2.0) (== netstandard2.0)
      System.Runtime (>= 4.3) - restriction: || (&& (== net452) (< net45)) (&& (== net452) (< portable-net45+win8+wp8+wpa81)) (== netcoreapp2.0) (== netstandard2.0)
      System.Threading (>= 4.3) - restriction: || (&& (== net452) (< net45) (>= netstandard1.3)) (&& (== net452) (< portable-net45+win8+wp8+wpa81)) (== netcoreapp2.0) (== netstandard2.0)
    System.Private.DataContractSerialization (4.3) - restriction: || (&& (== net452) (>= netcoreapp2.0)) (== netcoreapp2.0) (&& (== netstandard2.0) (>= netcoreapp2.0))
      System.Collections (>= 4.3)
      System.Collections.Concurrent (>= 4.3)
      System.Diagnostics.Debug (>= 4.3)
      System.Globalization (>= 4.3)
      System.IO (>= 4.3)
      System.Linq (>= 4.3)
      System.Reflection (>= 4.3)
      System.Reflection.Emit.ILGeneration (>= 4.3) - restriction: || (&& (== net452) (>= netstandard1.3)) (== netcoreapp2.0) (== netstandard2.0)
      System.Reflection.Emit.Lightweight (>= 4.3) - restriction: || (&& (== net452) (>= netstandard1.3)) (== netcoreapp2.0) (== netstandard2.0)
      System.Reflection.Extensions (>= 4.3)
      System.Reflection.Primitives (>= 4.3)
      System.Reflection.TypeExtensions (>= 4.3)
      System.Resources.ResourceManager (>= 4.3)
      System.Runtime (>= 4.3)
      System.Runtime.Extensions (>= 4.3)
      System.Runtime.Serialization.Primitives (>= 4.3)
      System.Text.Encoding (>= 4.3)
      System.Text.Encoding.Extensions (>= 4.3)
      System.Text.RegularExpressions (>= 4.3)
      System.Threading (>= 4.3)
      System.Threading.Tasks (>= 4.3)
      System.Xml.ReaderWriter (>= 4.3)
      System.Xml.XDocument (>= 4.3)
      System.Xml.XmlDocument (>= 4.3)
      System.Xml.XmlSerializer (>= 4.3)
    System.Reflection (4.3) - restriction: || (&& (== net452) (< net40) (>= netstandard1.3)) (&& (== net452) (< net40) (>= netstandard2.0)) (&& (== net452) (>= netcoreapp2.0)) (== netcoreapp2.0) (== netstandard2.0)
      Microsoft.NETCore.Platforms (>= 1.1) - restriction: || (&& (== net452) (< net45)) (&& (== net452) (< portable-net45+win8+wp8+wpa81)) (== netcoreapp2.0) (== netstandard2.0)
      Microsoft.NETCore.Targets (>= 1.1) - restriction: || (&& (== net452) (< net45)) (&& (== net452) (< portable-net45+win8+wp8+wpa81)) (== netcoreapp2.0) (== netstandard2.0)
      System.IO (>= 4.3) - restriction: || (&& (== net452) (< net45)) (&& (== net452) (< portable-net45+win8+wp8+wpa81)) (== netcoreapp2.0) (== netstandard2.0)
      System.Reflection.Primitives (>= 4.3) - restriction: || (&& (== net452) (< net45)) (&& (== net452) (< portable-net45+win8+wp8+wpa81)) (== netcoreapp2.0) (== netstandard2.0)
      System.Runtime (>= 4.3) - restriction: || (&& (== net452) (< net45)) (&& (== net452) (< portable-net45+win8+wp8+wpa81)) (== netcoreapp2.0) (== netstandard2.0)
    System.Reflection.Emit (4.3) - restriction: || (&& (== net452) (< net40) (>= netstandard1.3)) (&& (== net452) (< net40) (>= netstandard2.0)) (&& (== net452) (>= netcoreapp2.0)) (== netcoreapp2.0) (== netstandard2.0)
      System.IO (>= 4.3) - restriction: || (&& (== net452) (< net45)) (== netcoreapp2.0) (== netstandard2.0)
      System.Reflection (>= 4.3) - restriction: || (&& (== net452) (< net45)) (== netcoreapp2.0) (== netstandard2.0)
      System.Reflection.Emit.ILGeneration (>= 4.3) - restriction: || (&& (== net452) (< net45)) (== netcoreapp2.0) (== netstandard2.0)
      System.Reflection.Primitives (>= 4.3) - restriction: || (&& (== net452) (< net45)) (== netcoreapp2.0) (== netstandard2.0)
      System.Runtime (>= 4.3) - restriction: || (&& (== net452) (< net45)) (== netcoreapp2.0) (== netstandard2.0)
    System.Reflection.Emit.ILGeneration (4.3) - restriction: || (&& (== net452) (< net40) (>= netstandard1.3)) (&& (== net452) (< net40) (>= netstandard2.0)) (&& (== net452) (>= netcoreapp2.0)) (== netcoreapp2.0) (== netstandard2.0)
      System.Reflection (>= 4.3) - restriction: || (&& (== net452) (< net45)) (== netcoreapp2.0) (== netstandard2.0)
      System.Reflection.Primitives (>= 4.3) - restriction: || (&& (== net452) (< net45)) (== netcoreapp2.0) (== netstandard2.0)
      System.Runtime (>= 4.3) - restriction: || (&& (== net452) (< net45)) (== netcoreapp2.0) (== netstandard2.0)
    System.Reflection.Emit.Lightweight (4.3) - restriction: || (&& (== net452) (< net40) (>= netstandard1.3) (< portable-net45+win8+wp8+wpa81)) (&& (== net452) (< net40) (>= netstandard1.6)) (&& (== net452) (< net40) (>= netstandard2.0)) (&& (== net452) (>= netcoreapp2.0)) (== netcoreapp2.0) (== netstandard2.0)
      System.Reflection (>= 4.3) - restriction: || (&& (== net452) (< net45)) (== netcoreapp2.0) (== netstandard2.0)
      System.Reflection.Emit.ILGeneration (>= 4.3) - restriction: || (&& (== net452) (< net45)) (== netcoreapp2.0) (== netstandard2.0)
      System.Reflection.Primitives (>= 4.3) - restriction: || (&& (== net452) (< net45)) (== netcoreapp2.0) (== netstandard2.0)
      System.Runtime (>= 4.3) - restriction: || (&& (== net452) (< net45)) (== netcoreapp2.0) (== netstandard2.0)
    System.Reflection.Extensions (4.3) - restriction: || (&& (== net452) (< net40) (>= netstandard1.3) (< portable-net45+win8+wp8+wpa81)) (&& (== net452) (< net40) (>= netstandard1.6)) (&& (== net452) (< net40) (>= netstandard2.0)) (&& (== net452) (>= netcoreapp2.0)) (== netcoreapp2.0) (== netstandard2.0)
      Microsoft.NETCore.Platforms (>= 1.1) - restriction: || (&& (== net452) (< net45)) (&& (== net452) (< portable-net45+win8+wp8+wpa81)) (== netcoreapp2.0) (== netstandard2.0)
      Microsoft.NETCore.Targets (>= 1.1) - restriction: || (&& (== net452) (< net45)) (&& (== net452) (< portable-net45+win8+wp8+wpa81)) (== netcoreapp2.0) (== netstandard2.0)
      System.Reflection (>= 4.3) - restriction: || (&& (== net452) (< net45)) (&& (== net452) (< portable-net45+win8+wp8+wpa81)) (== netcoreapp2.0) (== netstandard2.0)
      System.Runtime (>= 4.3) - restriction: || (&& (== net452) (< net45)) (&& (== net452) (< portable-net45+win8+wp8+wpa81)) (== netcoreapp2.0) (== netstandard2.0)
    System.Reflection.Metadata (1.6) - restriction: || (&& (== net452) (>= netcoreapp2.0)) (== netcoreapp2.0) (&& (== netstandard2.0) (>= netcoreapp2.0))
      System.Collections.Immutable (>= 1.5)
    System.Reflection.Primitives (4.3) - restriction: || (&& (== net452) (< net40) (>= netstandard1.3)) (&& (== net452) (< net40) (>= netstandard2.0)) (&& (== net452) (>= netcoreapp2.0)) (== netcoreapp2.0) (== netstandard2.0)
      Microsoft.NETCore.Platforms (>= 1.1) - restriction: || (&& (== net452) (< net45)) (&& (== net452) (< portable-net45+win8+wp8+wpa81)) (== netcoreapp2.0) (== netstandard2.0)
      Microsoft.NETCore.Targets (>= 1.1) - restriction: || (&& (== net452) (< net45)) (&& (== net452) (< portable-net45+win8+wp8+wpa81)) (== netcoreapp2.0) (== netstandard2.0)
      System.Runtime (>= 4.3) - restriction: || (&& (== net452) (< net45)) (&& (== net452) (< portable-net45+win8+wp8+wpa81)) (== netcoreapp2.0) (== netstandard2.0)
    System.Reflection.TypeExtensions (4.5.1) - restriction: || (&& (== net452) (< net40) (>= netstandard1.3)) (&& (== net452) (< net40) (>= netstandard2.0)) (&& (== net452) (>= netcoreapp2.0)) (== netcoreapp2.0) (== netstandard2.0)
    System.Resources.ResourceManager (4.3) - restriction: || (&& (== net452) (< net40) (>= netstandard1.3)) (&& (== net452) (< net40) (>= netstandard1.6)) (&& (== net452) (< net40) (>= netstandard2.0)) (&& (== net452) (< net40) (< portable-net45+win8+wp8+wpa81)) (&& (== net452) (>= netcoreapp2.0)) (== netcoreapp2.0) (== netstandard2.0)
      Microsoft.NETCore.Platforms (>= 1.1) - restriction: || (&& (== net452) (< net45)) (&& (== net452) (< portable-net45+win8+wp8+wpa81)) (== netcoreapp2.0) (== netstandard2.0)
      Microsoft.NETCore.Targets (>= 1.1) - restriction: || (&& (== net452) (< net45)) (&& (== net452) (< portable-net45+win8+wp8+wpa81)) (== netcoreapp2.0) (== netstandard2.0)
      System.Globalization (>= 4.3) - restriction: || (&& (== net452) (< net45)) (&& (== net452) (< portable-net45+win8+wp8+wpa81)) (== netcoreapp2.0) (== netstandard2.0)
      System.Reflection (>= 4.3) - restriction: || (&& (== net452) (< net45)) (&& (== net452) (< portable-net45+win8+wp8+wpa81)) (== netcoreapp2.0) (== netstandard2.0)
      System.Runtime (>= 4.3) - restriction: || (&& (== net452) (< net45)) (&& (== net452) (< portable-net45+win8+wp8+wpa81)) (== netcoreapp2.0) (== netstandard2.0)
    System.Runtime (4.3) - restriction: || (&& (== net452) (< net45)) (&& (== net452) (>= netcoreapp2.0)) (&& (== net452) (< portable-net45+win8+wp8+wpa81)) (== netcoreapp2.0) (== netstandard2.0)
      Microsoft.NETCore.Platforms (>= 1.1) - restriction: || (&& (== net452) (< net45)) (&& (== net452) (< portable-net45+win8+wp8+wpa81)) (== netcoreapp2.0) (== netstandard2.0)
      Microsoft.NETCore.Targets (>= 1.1) - restriction: || (&& (== net452) (< net45)) (&& (== net452) (< portable-net45+win8+wp8+wpa81)) (== netcoreapp2.0) (== netstandard2.0)
    System.Runtime.CompilerServices.Unsafe (4.5.2) - restriction: || (&& (== net452) (>= netcoreapp2.0)) (== netcoreapp2.0) (&& (== netstandard2.0) (>= netcoreapp2.0))
    System.Runtime.Extensions (4.3) - restriction: || (&& (== net452) (< net40) (>= netstandard1.3)) (&& (== net452) (< net40) (>= netstandard1.6)) (&& (== net452) (< net40) (>= netstandard2.0)) (&& (== net452) (< net40) (< portable-net45+win8+wp8+wpa81)) (&& (== net452) (>= netcoreapp2.0)) (== netcoreapp2.0) (== netstandard2.0)
      Microsoft.NETCore.Platforms (>= 1.1) - restriction: || (&& (== net452) (< net45)) (&& (== net452) (< portable-net45+win8+wp8+wpa81)) (== netcoreapp2.0) (== netstandard2.0)
      Microsoft.NETCore.Targets (>= 1.1) - restriction: || (&& (== net452) (< net45)) (&& (== net452) (< portable-net45+win8+wp8+wpa81)) (== netcoreapp2.0) (== netstandard2.0)
      System.Runtime (>= 4.3) - restriction: || (&& (== net452) (< net45)) (&& (== net452) (< portable-net45+win8+wp8+wpa81)) (== netcoreapp2.0) (== netstandard2.0)
    System.Runtime.Handles (4.3) - restriction: || (&& (== net452) (< net40) (>= netstandard1.3)) (&& (== net452) (< net40) (>= netstandard1.6)) (&& (== net452) (>= netcoreapp2.0)) (== netcoreapp2.0) (== netstandard2.0)
      Microsoft.NETCore.Platforms (>= 1.1) - restriction: || (&& (== net452) (>= netstandard1.3)) (== netcoreapp2.0) (== netstandard2.0)
      Microsoft.NETCore.Targets (>= 1.1) - restriction: || (&& (== net452) (>= netstandard1.3)) (== netcoreapp2.0) (== netstandard2.0)
      System.Runtime (>= 4.3) - restriction: || (&& (== net452) (>= netstandard1.3)) (== netcoreapp2.0) (== netstandard2.0)
    System.Runtime.InteropServices (4.3) - restriction: || (&& (== net452) (< net40) (>= netstandard1.3)) (&& (== net452) (< net40) (>= netstandard1.6)) (&& (== net452) (>= netcoreapp2.0)) (== netcoreapp2.0) (== netstandard2.0)
      Microsoft.NETCore.Platforms (>= 1.1) - restriction: || (&& (== net452) (< net45)) (&& (== net452) (>= netcoreapp1.1)) (&& (== net452) (< portable-net45+win8+wpa81)) (== netcoreapp2.0) (== netstandard2.0)
      Microsoft.NETCore.Targets (>= 1.1) - restriction: || (&& (== net452) (< net45)) (&& (== net452) (>= netcoreapp1.1)) (&& (== net452) (< portable-net45+win8+wpa81)) (== netcoreapp2.0) (== netstandard2.0)
      System.Reflection (>= 4.3) - restriction: || (&& (== net452) (< net45)) (&& (== net452) (>= netcoreapp1.1)) (&& (== net452) (< portable-net45+win8+wpa81)) (== netcoreapp2.0) (== netstandard2.0)
      System.Reflection.Primitives (>= 4.3) - restriction: || (&& (== net452) (< net45)) (&& (== net452) (>= netcoreapp1.1)) (&& (== net452) (< portable-net45+win8+wpa81)) (== netcoreapp2.0) (== netstandard2.0)
      System.Runtime (>= 4.3) - restriction: || (&& (== net452) (< net45)) (&& (== net452) (>= net462)) (&& (== net452) (>= netcoreapp1.1)) (&& (== net452) (< portable-net45+win8+wpa81)) (== netcoreapp2.0) (== netstandard2.0)
      System.Runtime.Handles (>= 4.3) - restriction: || (&& (== net452) (< net45) (>= netstandard1.3)) (&& (== net452) (< net45) (>= netstandard1.5)) (&& (== net452) (>= netcoreapp1.1)) (&& (== net452) (< portable-net45+win8+wpa81)) (== netcoreapp2.0) (== netstandard2.0)
    System.Runtime.InteropServices.RuntimeInformation (4.3) - restriction: || (&& (== net452) (>= netcoreapp2.0)) (== netcoreapp2.0) (&& (== netstandard2.0) (>= netcoreapp2.0))
      runtime.native.System (>= 4.3) - restriction: || (&& (== net452) (< net45)) (== netcoreapp2.0) (== netstandard2.0)
      System.Reflection (>= 4.3) - restriction: || (&& (== net452) (< net45)) (&& (== net452) (< netstandard1.1)) (== netcoreapp2.0) (== netstandard2.0)
      System.Reflection.Extensions (>= 4.3) - restriction: || (&& (== net452) (< net45)) (&& (== net452) (< netstandard1.1)) (== netcoreapp2.0) (== netstandard2.0)
      System.Resources.ResourceManager (>= 4.3) - restriction: || (&& (== net452) (< net45)) (&& (== net452) (< netstandard1.1)) (== netcoreapp2.0) (== netstandard2.0)
      System.Runtime (>= 4.3) - restriction: || (&& (== net452) (< net45)) (&& (== net452) (< netstandard1.1)) (== netcoreapp2.0) (== netstandard2.0)
      System.Runtime.InteropServices (>= 4.3) - restriction: || (&& (== net452) (< net45)) (== netcoreapp2.0) (== netstandard2.0)
      System.Threading (>= 4.3) - restriction: || (&& (== net452) (< net45)) (&& (== net452) (< netstandard1.1)) (== netcoreapp2.0) (== netstandard2.0)
    System.Runtime.Loader (4.3) - restriction: || (&& (== net452) (>= netcoreapp1.0)) (== netcoreapp2.0) (&& (== netstandard2.0) (>= netcoreapp1.0))
      System.IO (>= 4.3) - restriction: || (&& (== net452) (>= netstandard1.5)) (== netcoreapp2.0) (== netstandard2.0)
      System.Reflection (>= 4.3) - restriction: || (&& (== net452) (>= netstandard1.5)) (== netcoreapp2.0) (== netstandard2.0)
      System.Runtime (>= 4.3) - restriction: || (&& (== net452) (>= netstandard1.5)) (== netcoreapp2.0) (== netstandard2.0)
    System.Runtime.Numerics (4.3) - restriction: || (&& (== net452) (< net40) (>= netstandard1.6)) (&& (== net452) (>= netcoreapp2.0)) (== netcoreapp2.0) (== netstandard2.0)
      System.Globalization (>= 4.3) - restriction: || (&& (== net452) (< net45) (>= netstandard1.3)) (&& (== net452) (< portable-net45+win8+wpa81)) (== netcoreapp2.0) (== netstandard2.0)
      System.Resources.ResourceManager (>= 4.3) - restriction: || (&& (== net452) (< net45) (>= netstandard1.3)) (&& (== net452) (< portable-net45+win8+wpa81)) (== netcoreapp2.0) (== netstandard2.0)
      System.Runtime (>= 4.3) - restriction: || (&& (== net452) (< net45)) (&& (== net452) (< portable-net45+win8+wpa81)) (== netcoreapp2.0) (== netstandard2.0)
      System.Runtime.Extensions (>= 4.3) - restriction: || (&& (== net452) (< net45) (>= netstandard1.3)) (&& (== net452) (< portable-net45+win8+wpa81)) (== netcoreapp2.0) (== netstandard2.0)
    System.Runtime.Serialization.Json (4.3) - restriction: || (&& (== net452) (>= netcoreapp2.0)) (== netcoreapp2.0) (&& (== netstandard2.0) (>= netcoreapp2.0))
      System.IO (>= 4.3) - restriction: || (&& (== net452) (< net45)) (&& (== net452) (< portable-net45+win8+wp8+wpa81)) (== netcoreapp2.0) (== netstandard2.0)
      System.Private.DataContractSerialization (>= 4.3) - restriction: || (&& (== net452) (< net45) (>= netstandard1.3)) (&& (== net452) (< portable-net45+win8+wp8+wpa81)) (== netcoreapp2.0) (== netstandard2.0)
      System.Runtime (>= 4.3) - restriction: || (&& (== net452) (< net45)) (&& (== net452) (< portable-net45+win8+wp8+wpa81)) (== netcoreapp2.0) (== netstandard2.0)
    System.Runtime.Serialization.Primitives (4.3) - restriction: || (&& (== net452) (>= netcoreapp2.0)) (== netcoreapp2.0) (&& (== netstandard2.0) (>= netcoreapp2.0))
      System.Resources.ResourceManager (>= 4.3) - restriction: || (&& (== net452) (< net45) (>= netstandard1.3)) (&& (== net452) (< portable-net45+win8+wp8+wpa81)) (== netcoreapp2.0) (== netstandard2.0)
      System.Runtime (>= 4.3) - restriction: || (&& (== net452) (< net45)) (&& (== net452) (< portable-net45+win8+wp8+wpa81)) (== netcoreapp2.0) (== netstandard2.0)
    System.Runtime.Serialization.Xml (4.3) - restriction: || (&& (== net452) (>= netcoreapp2.0)) (== netcoreapp2.0) (&& (== netstandard2.0) (>= netcoreapp2.0))
      System.IO (>= 4.3) - restriction: || (&& (== net452) (< net45)) (&& (== net452) (< portable-net45+win8+wp8+wpa81)) (== netcoreapp2.0) (== netstandard2.0)
      System.Private.DataContractSerialization (>= 4.3) - restriction: || (&& (== net452) (< net45) (>= netstandard1.3)) (&& (== net452) (< portable-net45+win8+wp8+wpa81)) (== netcoreapp2.0) (== netstandard2.0)
      System.Runtime (>= 4.3) - restriction: || (&& (== net452) (< net45)) (&& (== net452) (< portable-net45+win8+wp8+wpa81)) (== netcoreapp2.0) (== netstandard2.0)
      System.Runtime.Serialization.Primitives (>= 4.3) - restriction: || (&& (== net452) (< net45) (>= netstandard1.3)) (&& (== net452) (>= net46)) (&& (== net452) (< portable-net45+win8+wp8+wpa81)) (== netcoreapp2.0) (== netstandard2.0)
      System.Text.Encoding (>= 4.3) - restriction: || (&& (== net452) (< net45)) (&& (== net452) (< portable-net45+win8+wp8+wpa81)) (== netcoreapp2.0) (== netstandard2.0)
      System.Xml.ReaderWriter (>= 4.3) - restriction: || (&& (== net452) (< net45)) (&& (== net452) (< portable-net45+win8+wp8+wpa81)) (== netcoreapp2.0) (== netstandard2.0)
    System.Security.AccessControl (4.5) - restriction: || (&& (== net452) (>= monoandroid) (>= netstandard2.0)) (&& (== net452) (>= monotouch) (>= netstandard2.0)) (&& (== net452) (< net45) (>= netstandard2.0)) (&& (== net452) (>= netcoreapp2.0)) (&& (== net452) (>= netstandard2.0) (>= xamarintvos)) (&& (== net452) (>= netstandard2.0) (>= xamarinwatchos)) (== netcoreapp2.0) (== netstandard2.0)
      Microsoft.NETCore.Platforms (>= 2.0) - restriction: || (&& (== net452) (>= netcoreapp2.0)) (== netcoreapp2.0) (&& (== netstandard2.0) (>= netcoreapp2.0))
      System.Security.Principal.Windows (>= 4.5) - restriction: || (&& (== net452) (>= net461)) (&& (== net452) (>= netcoreapp2.0)) (&& (== net452) (>= netstandard2.0)) (== netcoreapp2.0) (== netstandard2.0)
    System.Security.Claims (4.3) - restriction: || (&& (== net452) (>= netcoreapp2.0)) (== netcoreapp2.0) (&& (== netstandard2.0) (>= netcoreapp2.0))
      System.Collections (>= 4.3) - restriction: || (&& (== net452) (>= netstandard1.3)) (== netcoreapp2.0) (== netstandard2.0)
      System.Globalization (>= 4.3) - restriction: || (&& (== net452) (>= netstandard1.3)) (== netcoreapp2.0) (== netstandard2.0)
      System.IO (>= 4.3) - restriction: || (&& (== net452) (>= netstandard1.3)) (== netcoreapp2.0) (== netstandard2.0)
      System.Resources.ResourceManager (>= 4.3) - restriction: || (&& (== net452) (>= netstandard1.3)) (== netcoreapp2.0) (== netstandard2.0)
      System.Runtime (>= 4.3) - restriction: || (&& (== net452) (>= netstandard1.3)) (== netcoreapp2.0) (== netstandard2.0)
      System.Runtime.Extensions (>= 4.3) - restriction: || (&& (== net452) (>= netstandard1.3)) (== netcoreapp2.0) (== netstandard2.0)
      System.Security.Principal (>= 4.3) - restriction: || (&& (== net452) (>= netstandard1.3)) (== netcoreapp2.0) (== netstandard2.0)
    System.Security.Cryptography.Algorithms (4.3.1) - restriction: || (&& (== net452) (< net40) (>= netstandard1.3)) (&& (== net452) (>= netcoreapp2.0)) (== netcoreapp2.0) (== netstandard2.0)
      Microsoft.NETCore.Platforms (>= 1.1)
      runtime.native.System.Security.Cryptography.Apple (>= 4.3.1) - restriction: || (&& (== net452) (>= netstandard1.6)) (== netcoreapp2.0) (== netstandard2.0)
      runtime.native.System.Security.Cryptography.OpenSsl (>= 4.3.2) - restriction: || (&& (== net452) (>= netstandard1.6)) (== netcoreapp2.0) (== netstandard2.0)
      System.Collections (>= 4.3) - restriction: || (&& (== net452) (>= netstandard1.6)) (== netcoreapp2.0) (== netstandard2.0)
      System.IO (>= 4.3)
      System.Resources.ResourceManager (>= 4.3)
      System.Runtime (>= 4.3)
      System.Runtime.Extensions (>= 4.3)
      System.Runtime.Handles (>= 4.3)
      System.Runtime.InteropServices (>= 4.3)
      System.Runtime.Numerics (>= 4.3) - restriction: || (&& (== net452) (>= netstandard1.6)) (== netcoreapp2.0) (== netstandard2.0)
      System.Security.Cryptography.Encoding (>= 4.3)
      System.Security.Cryptography.Primitives (>= 4.3)
      System.Text.Encoding (>= 4.3)
    System.Security.Cryptography.Cng (4.5) - restriction: || (&& (== net452) (>= netcoreapp2.0)) (== netcoreapp2.0) (&& (== netstandard2.0) (>= netcoreapp2.0))
      Microsoft.NETCore.Platforms (>= 2.0) - restriction: || (&& (== net452) (>= netcoreapp2.0)) (== netcoreapp2.0) (&& (== netstandard2.0) (>= netcoreapp2.0))
    System.Security.Cryptography.Csp (4.3) - restriction: || (&& (== net452) (>= netcoreapp2.0)) (== netcoreapp2.0) (&& (== netstandard2.0) (>= netcoreapp2.0))
      Microsoft.NETCore.Platforms (>= 1.1) - restriction: || (&& (== net452) (>= netstandard1.3)) (== netcoreapp2.0) (== netstandard2.0)
      System.IO (>= 4.3) - restriction: || (&& (== net452) (>= netstandard1.3)) (== netcoreapp2.0) (== netstandard2.0)
      System.Reflection (>= 4.3) - restriction: || (&& (== net452) (>= netstandard1.3)) (== netcoreapp2.0) (== netstandard2.0)
      System.Resources.ResourceManager (>= 4.3) - restriction: || (&& (== net452) (>= netstandard1.3)) (== netcoreapp2.0) (== netstandard2.0)
      System.Runtime (>= 4.3) - restriction: || (&& (== net452) (>= netstandard1.3)) (== netcoreapp2.0) (== netstandard2.0)
      System.Runtime.Extensions (>= 4.3) - restriction: || (&& (== net452) (>= netstandard1.3)) (== netcoreapp2.0) (== netstandard2.0)
      System.Runtime.Handles (>= 4.3) - restriction: || (&& (== net452) (>= netstandard1.3)) (== netcoreapp2.0) (== netstandard2.0)
      System.Runtime.InteropServices (>= 4.3) - restriction: || (&& (== net452) (>= netstandard1.3)) (== netcoreapp2.0) (== netstandard2.0)
      System.Security.Cryptography.Algorithms (>= 4.3) - restriction: || (&& (== net452) (>= net46)) (&& (== net452) (>= netstandard1.3)) (== netcoreapp2.0) (== netstandard2.0)
      System.Security.Cryptography.Encoding (>= 4.3) - restriction: || (&& (== net452) (>= netstandard1.3)) (== netcoreapp2.0) (== netstandard2.0)
      System.Security.Cryptography.Primitives (>= 4.3) - restriction: || (&& (== net452) (>= net46)) (&& (== net452) (>= netstandard1.3)) (== netcoreapp2.0) (== netstandard2.0)
      System.Text.Encoding (>= 4.3) - restriction: || (&& (== net452) (>= netstandard1.3)) (== netcoreapp2.0) (== netstandard2.0)
      System.Threading (>= 4.3) - restriction: || (&& (== net452) (>= netstandard1.3)) (== netcoreapp2.0) (== netstandard2.0)
    System.Security.Cryptography.Encoding (4.3) - restriction: || (&& (== net452) (< net40) (>= net463)) (&& (== net452) (< net40) (>= netstandard1.3)) (&& (== net452) (< net40) (>= netstandard1.6)) (&& (== net452) (>= netcoreapp2.0)) (== netcoreapp2.0) (== netstandard2.0)
      Microsoft.NETCore.Platforms (>= 1.1) - restriction: || (&& (== net452) (>= netstandard1.3)) (== netcoreapp2.0) (== netstandard2.0)
      runtime.native.System.Security.Cryptography.OpenSsl (>= 4.3) - restriction: || (&& (== net452) (>= netstandard1.3)) (== netcoreapp2.0) (== netstandard2.0)
      System.Collections (>= 4.3) - restriction: || (&& (== net452) (>= netstandard1.3)) (== netcoreapp2.0) (== netstandard2.0)
      System.Collections.Concurrent (>= 4.3) - restriction: || (&& (== net452) (>= netstandard1.3)) (== netcoreapp2.0) (== netstandard2.0)
      System.Linq (>= 4.3) - restriction: || (&& (== net452) (>= netstandard1.3)) (== netcoreapp2.0) (== netstandard2.0)
      System.Resources.ResourceManager (>= 4.3) - restriction: || (&& (== net452) (>= netstandard1.3)) (== netcoreapp2.0) (== netstandard2.0)
      System.Runtime (>= 4.3) - restriction: || (&& (== net452) (>= netstandard1.3)) (== netcoreapp2.0) (== netstandard2.0)
      System.Runtime.Extensions (>= 4.3) - restriction: || (&& (== net452) (>= netstandard1.3)) (== netcoreapp2.0) (== netstandard2.0)
      System.Runtime.Handles (>= 4.3) - restriction: || (&& (== net452) (>= netstandard1.3)) (== netcoreapp2.0) (== netstandard2.0)
      System.Runtime.InteropServices (>= 4.3) - restriction: || (&& (== net452) (>= netstandard1.3)) (== netcoreapp2.0) (== netstandard2.0)
      System.Security.Cryptography.Primitives (>= 4.3) - restriction: || (&& (== net452) (>= netstandard1.3)) (== netcoreapp2.0) (== netstandard2.0)
      System.Text.Encoding (>= 4.3) - restriction: || (&& (== net452) (>= netstandard1.3)) (== netcoreapp2.0) (== netstandard2.0)
    System.Security.Cryptography.OpenSsl (4.5) - restriction: || (&& (== net452) (>= netcoreapp2.0)) (== netcoreapp2.0) (&& (== netstandard2.0) (>= netcoreapp2.0))
      Microsoft.NETCore.Platforms (>= 2.0) - restriction: || (&& (== net452) (>= netcoreapp2.0)) (== netcoreapp2.0) (&& (== netstandard2.0) (>= netcoreapp2.0))
    System.Security.Cryptography.Pkcs (4.5.1) - restriction: || (&& (== net452) (>= netcoreapp2.0)) (== netcoreapp2.0) (&& (== netstandard2.0) (>= netcoreapp2.0))
      System.Memory (>= 4.5.1) - restriction: || (&& (== net452) (>= monoandroid)) (&& (== net452) (>= monotouch)) (&& (== net452) (>= netcoreapp2.0)) (&& (== net452) (>= netstandard2.0)) (&& (== net452) (>= uap10.1)) (&& (== net452) (>= xamarinios)) (&& (== net452) (>= xamarinmac)) (&& (== net452) (>= xamarintvos)) (&& (== net452) (>= xamarinwatchos)) (== netcoreapp2.0) (== netstandard2.0)
      System.Security.Cryptography.Cng (>= 4.4) - restriction: || (&& (== net452) (>= netcoreapp2.0)) (&& (== net452) (>= netstandard2.0)) (== netcoreapp2.0) (== netstandard2.0)
    System.Security.Cryptography.Primitives (4.3) - restriction: || (&& (== net452) (< net40) (>= net46)) (&& (== net452) (< net40) (>= net461)) (&& (== net452) (< net40) (>= net463)) (&& (== net452) (< net40) (>= netstandard1.3)) (&& (== net452) (< net40) (>= netstandard1.4)) (&& (== net452) (< net40) (>= netstandard1.6)) (&& (== net452) (>= netcoreapp2.0)) (== netcoreapp2.0) (== netstandard2.0)
      System.Diagnostics.Debug (>= 4.3) - restriction: || (&& (== net452) (>= netstandard1.3)) (== netcoreapp2.0) (== netstandard2.0)
      System.Globalization (>= 4.3) - restriction: || (&& (== net452) (>= netstandard1.3)) (== netcoreapp2.0) (== netstandard2.0)
      System.IO (>= 4.3) - restriction: || (&& (== net452) (>= netstandard1.3)) (== netcoreapp2.0) (== netstandard2.0)
      System.Resources.ResourceManager (>= 4.3) - restriction: || (&& (== net452) (>= netstandard1.3)) (== netcoreapp2.0) (== netstandard2.0)
      System.Runtime (>= 4.3) - restriction: || (&& (== net452) (>= netstandard1.3)) (== netcoreapp2.0) (== netstandard2.0)
      System.Threading (>= 4.3) - restriction: || (&& (== net452) (>= netstandard1.3)) (== netcoreapp2.0) (== netstandard2.0)
      System.Threading.Tasks (>= 4.3) - restriction: || (&& (== net452) (>= netstandard1.3)) (== netcoreapp2.0) (== netstandard2.0)
    System.Security.Cryptography.ProtectedData (4.5) - restriction: || (&& (== net452) (< net45) (>= netstandard2.0)) (&& (== net452) (>= netcoreapp2.0)) (== netcoreapp2.0) (== netstandard2.0)
      System.Memory (>= 4.5) - restriction: || (&& (== net452) (>= netstandard2.0)) (== netcoreapp2.0) (== netstandard2.0)
    System.Security.Cryptography.X509Certificates (4.3.2) - restriction: || (&& (== net452) (>= netcoreapp2.0)) (== netcoreapp2.0) (&& (== netstandard2.0) (>= netcoreapp2.0))
      Microsoft.NETCore.Platforms (>= 1.1)
      runtime.native.System (>= 4.3) - restriction: || (&& (== net452) (>= netstandard1.6)) (== netcoreapp2.0) (== netstandard2.0)
      runtime.native.System.Net.Http (>= 4.3) - restriction: || (&& (== net452) (>= netstandard1.6)) (== netcoreapp2.0) (== netstandard2.0)
      runtime.native.System.Security.Cryptography.OpenSsl (>= 4.3.2) - restriction: || (&& (== net452) (>= netstandard1.6)) (== netcoreapp2.0) (== netstandard2.0)
      System.Collections (>= 4.3)
      System.Diagnostics.Debug (>= 4.3) - restriction: || (&& (== net452) (>= netstandard1.6)) (== netcoreapp2.0) (== netstandard2.0)
      System.Globalization (>= 4.3)
      System.Globalization.Calendars (>= 4.3)
      System.IO (>= 4.3)
      System.IO.FileSystem (>= 4.3)
      System.IO.FileSystem.Primitives (>= 4.3) - restriction: || (&& (== net452) (>= netstandard1.6)) (== netcoreapp2.0) (== netstandard2.0)
      System.Resources.ResourceManager (>= 4.3)
      System.Runtime (>= 4.3)
      System.Runtime.Extensions (>= 4.3)
      System.Runtime.Handles (>= 4.3)
      System.Runtime.InteropServices (>= 4.3)
      System.Runtime.Numerics (>= 4.3)
      System.Security.Cryptography.Algorithms (>= 4.3)
      System.Security.Cryptography.Cng (>= 4.3)
      System.Security.Cryptography.Csp (>= 4.3) - restriction: || (&& (== net452) (>= netstandard1.6)) (== netcoreapp2.0) (== netstandard2.0)
      System.Security.Cryptography.Encoding (>= 4.3)
      System.Security.Cryptography.OpenSsl (>= 4.3) - restriction: || (&& (== net452) (>= netstandard1.6)) (== netcoreapp2.0) (== netstandard2.0)
      System.Security.Cryptography.Primitives (>= 4.3)
      System.Text.Encoding (>= 4.3)
      System.Threading (>= 4.3)
    System.Security.Cryptography.Xml (4.5) - restriction: || (&& (== net452) (>= netcoreapp2.0)) (== netcoreapp2.0) (&& (== netstandard2.0) (>= netcoreapp2.0))
      System.Security.Cryptography.Pkcs (>= 4.5) - restriction: || (&& (== net452) (>= netstandard2.0)) (== netcoreapp2.0) (== netstandard2.0)
      System.Security.Permissions (>= 4.5) - restriction: || (&& (== net452) (>= net461)) (&& (== net452) (>= netstandard2.0)) (== netcoreapp2.0) (== netstandard2.0)
    System.Security.Permissions (4.5) - restriction: || (&& (== net452) (>= monoandroid) (>= netstandard2.0)) (&& (== net452) (>= monotouch) (>= netstandard2.0)) (&& (== net452) (< net45) (>= netstandard2.0)) (&& (== net452) (>= netcoreapp2.0)) (&& (== net452) (>= netstandard2.0) (>= xamarintvos)) (&& (== net452) (>= netstandard2.0) (>= xamarinwatchos)) (== netcoreapp2.0) (== netstandard2.0)
      System.Security.AccessControl (>= 4.5) - restriction: || (&& (== net452) (>= net461)) (&& (== net452) (>= netstandard2.0)) (== netcoreapp2.0) (== netstandard2.0)
    System.Security.Principal (4.3) - restriction: || (&& (== net452) (>= netcoreapp2.0)) (== netcoreapp2.0) (&& (== netstandard2.0) (>= netcoreapp2.0))
      System.Runtime (>= 4.3) - restriction: || (&& (== net452) (< net45)) (&& (== net452) (< portable-net45+win8+wp8+wpa81)) (== netcoreapp2.0) (== netstandard2.0)
    System.Security.Principal.Windows (4.5.1) - restriction: || (&& (== net452) (>= netcoreapp2.0)) (== netcoreapp2.0) (&& (== netstandard2.0) (>= netcoreapp2.0))
      Microsoft.NETCore.Platforms (>= 2.0) - restriction: || (&& (== net452) (>= netcoreapp2.0)) (== netcoreapp2.0) (&& (== netstandard2.0) (>= netcoreapp2.0))
    System.Security.SecureString (4.3) - restriction: || (&& (== net452) (>= netcoreapp2.0)) (== netcoreapp2.0) (&& (== netstandard2.0) (>= netcoreapp2.0))
      Microsoft.NETCore.Platforms (>= 1.1) - restriction: || (&& (== net452) (>= netstandard1.3)) (== netcoreapp2.0) (== netstandard2.0)
      System.Resources.ResourceManager (>= 4.3) - restriction: || (&& (== net452) (>= netstandard1.3)) (== netcoreapp2.0) (== netstandard2.0)
      System.Runtime (>= 4.3) - restriction: || (&& (== net452) (>= netstandard1.3)) (== netcoreapp2.0) (== netstandard2.0)
      System.Runtime.Handles (>= 4.3) - restriction: || (&& (== net452) (>= netstandard1.3)) (== netcoreapp2.0) (== netstandard2.0)
      System.Runtime.InteropServices (>= 4.3) - restriction: || (&& (== net452) (>= netstandard1.3)) (== netcoreapp2.0) (== netstandard2.0)
      System.Security.Cryptography.Primitives (>= 4.3) - restriction: || (&& (== net452) (>= netstandard1.3)) (== netcoreapp2.0) (== netstandard2.0)
      System.Text.Encoding (>= 4.3) - restriction: || (&& (== net452) (>= netstandard1.3)) (== netcoreapp2.0) (== netstandard2.0)
      System.Threading (>= 4.3) - restriction: || (&& (== net452) (>= netstandard1.3)) (== netcoreapp2.0) (== netstandard2.0)
    System.Text.Encoding (4.3) - restriction: || (&& (== net452) (< net40) (>= netstandard1.3)) (&& (== net452) (< net40) (>= netstandard1.6)) (&& (== net452) (>= netcoreapp2.0)) (== netcoreapp2.0) (== netstandard2.0)
      Microsoft.NETCore.Platforms (>= 1.1) - restriction: || (&& (== net452) (< net45)) (&& (== net452) (< portable-net45+win8+wp8+wpa81)) (== netcoreapp2.0) (== netstandard2.0)
      Microsoft.NETCore.Targets (>= 1.1) - restriction: || (&& (== net452) (< net45)) (&& (== net452) (< portable-net45+win8+wp8+wpa81)) (== netcoreapp2.0) (== netstandard2.0)
      System.Runtime (>= 4.3) - restriction: || (&& (== net452) (< net45)) (&& (== net452) (< portable-net45+win8+wp8+wpa81)) (== netcoreapp2.0) (== netstandard2.0)
    System.Text.Encoding.CodePages (4.5) - restriction: || (&& (== net452) (>= netcoreapp2.0)) (== netcoreapp2.0) (&& (== netstandard2.0) (>= netcoreapp2.0))
      Microsoft.NETCore.Platforms (>= 2.0) - restriction: || (&& (== net452) (>= netcoreapp2.0)) (== netcoreapp2.0) (&& (== netstandard2.0) (>= netcoreapp2.0))
      System.Runtime.CompilerServices.Unsafe (>= 4.5) - restriction: || (&& (== net452) (>= net461)) (&& (== net452) (>= netcoreapp2.0)) (&& (== net452) (>= netstandard2.0)) (== netcoreapp2.0) (== netstandard2.0)
    System.Text.Encoding.Extensions (4.3) - restriction: || (&& (== net452) (< net40)) (&& (== net452) (>= netcoreapp2.0)) (== netcoreapp2.0) (== netstandard2.0)
      Microsoft.NETCore.Platforms (>= 1.1) - restriction: || (&& (== net452) (< net45)) (&& (== net452) (< portable-net45+win8+wp8+wpa81)) (== netcoreapp2.0) (== netstandard2.0)
      Microsoft.NETCore.Targets (>= 1.1) - restriction: || (&& (== net452) (< net45)) (&& (== net452) (< portable-net45+win8+wp8+wpa81)) (== netcoreapp2.0) (== netstandard2.0)
      System.Runtime (>= 4.3) - restriction: || (&& (== net452) (< net45)) (&& (== net452) (< portable-net45+win8+wp8+wpa81)) (== netcoreapp2.0) (== netstandard2.0)
      System.Text.Encoding (>= 4.3) - restriction: || (&& (== net452) (< net45)) (&& (== net452) (< portable-net45+win8+wp8+wpa81)) (== netcoreapp2.0) (== netstandard2.0)
    System.Text.Encodings.Web (4.5) - restriction: || (&& (== net452) (>= netcoreapp2.0)) (== netcoreapp2.0) (&& (== netstandard2.0) (>= netcoreapp2.0))
    System.Text.RegularExpressions (4.3) - restriction: || (&& (== net452) (< net40)) (&& (== net452) (>= netcoreapp2.0)) (== netcoreapp2.0) (== netstandard2.0)
      System.Collections (>= 4.3) - restriction: || (&& (== net452) (== netcoreapp2.0)) (&& (== net452) (< net45) (>= netstandard1.6)) (&& (== net452) (< portable-net45+win8+wp8+wpa81)) (&& (== netcoreapp2.0) (< netcoreapp1.1)) (&& (== netcoreapp2.0) (< portable-net45+win8+wp8+wpa81)) (== netstandard2.0)
      System.Globalization (>= 4.3) - restriction: || (&& (== net452) (== netcoreapp2.0)) (&& (== net452) (< net45) (>= netstandard1.6)) (&& (== net452) (< portable-net45+win8+wp8+wpa81)) (&& (== netcoreapp2.0) (< netcoreapp1.1)) (&& (== netcoreapp2.0) (< portable-net45+win8+wp8+wpa81)) (== netstandard2.0)
      System.Resources.ResourceManager (>= 4.3) - restriction: || (&& (== net452) (== netcoreapp2.0)) (&& (== net452) (< net45) (>= netstandard1.6)) (&& (== net452) (< portable-net45+win8+wp8+wpa81)) (&& (== netcoreapp2.0) (< netcoreapp1.1)) (&& (== netcoreapp2.0) (< portable-net45+win8+wp8+wpa81)) (== netstandard2.0)
      System.Runtime (>= 4.3) - restriction: || (&& (== net452) (< net45)) (&& (== net452) (>= netcoreapp1.1)) (&& (== net452) (< portable-net45+win8+wp8+wpa81)) (== netcoreapp2.0) (== netstandard2.0)
      System.Runtime.Extensions (>= 4.3) - restriction: || (&& (== net452) (== netcoreapp2.0)) (&& (== net452) (< net45) (>= netstandard1.6)) (&& (== net452) (< portable-net45+win8+wp8+wpa81)) (&& (== netcoreapp2.0) (< netcoreapp1.1)) (&& (== netcoreapp2.0) (< portable-net45+win8+wp8+wpa81)) (== netstandard2.0)
      System.Threading (>= 4.3) - restriction: || (&& (== net452) (== netcoreapp2.0)) (&& (== net452) (< net45) (>= netstandard1.6)) (&& (== net452) (< portable-net45+win8+wp8+wpa81)) (&& (== netcoreapp2.0) (< netcoreapp1.1)) (&& (== netcoreapp2.0) (< portable-net45+win8+wp8+wpa81)) (== netstandard2.0)
    System.Threading (4.3) - restriction: || (&& (== net452) (< net40) (>= netstandard1.3)) (&& (== net452) (< net40) (>= netstandard1.6)) (&& (== net452) (< net40) (>= netstandard2.0)) (&& (== net452) (< net40) (< portable-net45+win8+wp8+wpa81)) (&& (== net452) (>= netcoreapp2.0)) (== netcoreapp2.0) (== netstandard2.0)
      System.Runtime (>= 4.3) - restriction: || (&& (== net452) (< net45)) (&& (== net452) (< portable-net45+win8+wp8+wpa81)) (== netcoreapp2.0) (== netstandard2.0)
      System.Threading.Tasks (>= 4.3) - restriction: || (&& (== net452) (< net45)) (&& (== net452) (< portable-net45+win8+wp8+wpa81)) (== netcoreapp2.0) (== netstandard2.0)
    System.Threading.Overlapped (4.3) - restriction: || (&& (== net452) (>= netcoreapp2.0)) (== netcoreapp2.0) (&& (== netstandard2.0) (>= netcoreapp2.0))
      Microsoft.NETCore.Platforms (>= 1.1)
      System.Resources.ResourceManager (>= 4.3)
      System.Runtime (>= 4.3)
      System.Runtime.Handles (>= 4.3)
    System.Threading.Tasks (4.3) - restriction: || (&& (== net452) (< net40) (>= netstandard1.3)) (&& (== net452) (< net40) (>= netstandard2.0)) (&& (== net452) (>= netcoreapp2.0)) (== netcoreapp2.0) (== netstandard2.0)
      Microsoft.NETCore.Platforms (>= 1.1) - restriction: || (&& (== net452) (< net45)) (&& (== net452) (< portable-net45+win8+wp8+wpa81)) (== netcoreapp2.0) (== netstandard2.0)
      Microsoft.NETCore.Targets (>= 1.1) - restriction: || (&& (== net452) (< net45)) (&& (== net452) (< portable-net45+win8+wp8+wpa81)) (== netcoreapp2.0) (== netstandard2.0)
      System.Runtime (>= 4.3) - restriction: || (&& (== net452) (< net45)) (&& (== net452) (< portable-net45+win8+wp8+wpa81)) (== netcoreapp2.0) (== netstandard2.0)
    System.Threading.Tasks.Extensions (4.5.1) - restriction: || (&& (== net452) (>= netcoreapp2.0)) (== netcoreapp2.0) (&& (== netstandard2.0) (>= netcoreapp2.0))
      System.Runtime.CompilerServices.Unsafe (>= 4.5)
    System.Threading.Tasks.Parallel (4.3) - restriction: || (&& (== net452) (>= netcoreapp2.0)) (== netcoreapp2.0) (&& (== netstandard2.0) (>= netcoreapp2.0))
      System.Collections.Concurrent (>= 4.3) - restriction: || (&& (== net452) (< net45)) (&& (== net452) (< portable-net45+win8+wpa81)) (== netcoreapp2.0) (== netstandard2.0)
      System.Diagnostics.Debug (>= 4.3) - restriction: || (&& (== net452) (< net45) (>= netstandard1.3)) (&& (== net452) (< portable-net45+win8+wpa81)) (== netcoreapp2.0) (== netstandard2.0)
      System.Diagnostics.Tracing (>= 4.3) - restriction: || (&& (== net452) (< net45) (>= netstandard1.3)) (&& (== net452) (< portable-net45+win8+wpa81)) (== netcoreapp2.0) (== netstandard2.0)
      System.Resources.ResourceManager (>= 4.3) - restriction: || (&& (== net452) (< net45) (>= netstandard1.3)) (&& (== net452) (< portable-net45+win8+wpa81)) (== netcoreapp2.0) (== netstandard2.0)
      System.Runtime (>= 4.3) - restriction: || (&& (== net452) (< net45)) (&& (== net452) (< portable-net45+win8+wpa81)) (== netcoreapp2.0) (== netstandard2.0)
      System.Runtime.Extensions (>= 4.3) - restriction: || (&& (== net452) (< net45) (>= netstandard1.3)) (&& (== net452) (< portable-net45+win8+wpa81)) (== netcoreapp2.0) (== netstandard2.0)
      System.Threading (>= 4.3) - restriction: || (&& (== net452) (< net45) (>= netstandard1.3)) (&& (== net452) (< portable-net45+win8+wpa81)) (== netcoreapp2.0) (== netstandard2.0)
      System.Threading.Tasks (>= 4.3) - restriction: || (&& (== net452) (< net45)) (&& (== net452) (< portable-net45+win8+wpa81)) (== netcoreapp2.0) (== netstandard2.0)
    System.Threading.Thread (4.3) - restriction: || (&& (== net452) (>= netcoreapp2.0)) (== netcoreapp2.0) (&& (== netstandard2.0) (>= netcoreapp2.0))
      System.Runtime (>= 4.3) - restriction: || (&& (== net452) (>= netstandard1.3)) (== netcoreapp2.0) (== netstandard2.0)
    System.Threading.ThreadPool (4.3) - restriction: || (&& (== net452) (>= netcoreapp2.0)) (== netcoreapp2.0) (&& (== netstandard2.0) (>= netcoreapp2.0))
      System.Runtime (>= 4.3) - restriction: || (&& (== net452) (>= netstandard1.3)) (== netcoreapp2.0) (== netstandard2.0)
      System.Runtime.Handles (>= 4.3) - restriction: || (&& (== net452) (>= netstandard1.3)) (== netcoreapp2.0) (== netstandard2.0)
    System.Threading.Timer (4.3) - restriction: || (&& (== net452) (>= netcoreapp2.0)) (== netcoreapp2.0) (&& (== netstandard2.0) (>= netcoreapp2.0))
      Microsoft.NETCore.Platforms (>= 1.1) - restriction: || (&& (== net452) (< net451)) (&& (== net452) (< portable-net451+win81+wpa81)) (== netcoreapp2.0) (== netstandard2.0)
      Microsoft.NETCore.Targets (>= 1.1) - restriction: || (&& (== net452) (< net451)) (&& (== net452) (< portable-net451+win81+wpa81)) (== netcoreapp2.0) (== netstandard2.0)
      System.Runtime (>= 4.3) - restriction: || (&& (== net452) (< net451)) (&& (== net452) (< portable-net451+win81+wpa81)) (== netcoreapp2.0) (== netstandard2.0)
    System.ValueTuple (4.5) - restriction: || (== net452) (== netcoreapp2.0) (&& (== netstandard2.0) (>= netcoreapp2.0)) (&& (== netstandard2.0) (< netstandard1.6))
    System.Xml.ReaderWriter (4.3.1) - restriction: || (&& (== net452) (>= netcoreapp2.0)) (== netcoreapp2.0) (&& (== netstandard2.0) (>= netcoreapp2.0))
      System.Collections (>= 4.3) - restriction: || (&& (== net452) (< net45) (>= netstandard1.3)) (&& (== net452) (< portable-net45+win8+wp8+wpa81)) (== netcoreapp2.0) (== netstandard2.0)
      System.Diagnostics.Debug (>= 4.3) - restriction: || (&& (== net452) (< net45) (>= netstandard1.3)) (&& (== net452) (< portable-net45+win8+wp8+wpa81)) (== netcoreapp2.0) (== netstandard2.0)
      System.Globalization (>= 4.3) - restriction: || (&& (== net452) (< net45) (>= netstandard1.3)) (&& (== net452) (< portable-net45+win8+wp8+wpa81)) (== netcoreapp2.0) (== netstandard2.0)
      System.IO (>= 4.3) - restriction: || (&& (== net452) (< net45)) (&& (== net452) (< portable-net45+win8+wp8+wpa81)) (== netcoreapp2.0) (== netstandard2.0)
      System.IO.FileSystem (>= 4.3) - restriction: || (&& (== net452) (< net45) (>= netstandard1.3)) (&& (== net452) (< portable-net45+win8+wp8+wpa81)) (== netcoreapp2.0) (== netstandard2.0)
      System.IO.FileSystem.Primitives (>= 4.3) - restriction: || (&& (== net452) (< net45) (>= netstandard1.3)) (&& (== net452) (< portable-net45+win8+wp8+wpa81)) (== netcoreapp2.0) (== netstandard2.0)
      System.Resources.ResourceManager (>= 4.3) - restriction: || (&& (== net452) (< net45) (>= netstandard1.3)) (&& (== net452) (< portable-net45+win8+wp8+wpa81)) (== netcoreapp2.0) (== netstandard2.0)
      System.Runtime (>= 4.3) - restriction: || (&& (== net452) (< net45)) (&& (== net452) (< portable-net45+win8+wp8+wpa81)) (== netcoreapp2.0) (== netstandard2.0)
      System.Runtime.Extensions (>= 4.3) - restriction: || (&& (== net452) (< net45) (>= netstandard1.3)) (&& (== net452) (< portable-net45+win8+wp8+wpa81)) (== netcoreapp2.0) (== netstandard2.0)
      System.Runtime.InteropServices (>= 4.3) - restriction: || (&& (== net452) (< net45) (>= netstandard1.3)) (&& (== net452) (< portable-net45+win8+wp8+wpa81)) (== netcoreapp2.0) (== netstandard2.0)
      System.Text.Encoding (>= 4.3) - restriction: || (&& (== net452) (< net45)) (&& (== net452) (< portable-net45+win8+wp8+wpa81)) (== netcoreapp2.0) (== netstandard2.0)
      System.Text.Encoding.Extensions (>= 4.3) - restriction: || (&& (== net452) (< net45) (>= netstandard1.3)) (&& (== net452) (< portable-net45+win8+wp8+wpa81)) (== netcoreapp2.0) (== netstandard2.0)
      System.Text.RegularExpressions (>= 4.3) - restriction: || (&& (== net452) (< net45) (>= netstandard1.3)) (&& (== net452) (< portable-net45+win8+wp8+wpa81)) (== netcoreapp2.0) (== netstandard2.0)
      System.Threading.Tasks (>= 4.3) - restriction: || (&& (== net452) (< net45)) (&& (== net452) (< portable-net45+win8+wp8+wpa81)) (== netcoreapp2.0) (== netstandard2.0)
      System.Threading.Tasks.Extensions (>= 4.3) - restriction: || (&& (== net452) (< net45) (>= netstandard1.3)) (&& (== net452) (< portable-net45+win8+wp8+wpa81)) (== netcoreapp2.0) (== netstandard2.0)
    System.Xml.XDocument (4.3) - restriction: || (&& (== net452) (>= netcoreapp2.0)) (== netcoreapp2.0) (&& (== netstandard2.0) (>= netcoreapp2.0))
      System.Collections (>= 4.3) - restriction: || (&& (== net452) (< net45) (>= netstandard1.3)) (&& (== net452) (< portable-net45+win8+wp8+wpa81)) (== netcoreapp2.0) (== netstandard2.0)
      System.Diagnostics.Debug (>= 4.3) - restriction: || (&& (== net452) (< net45) (>= netstandard1.3)) (&& (== net452) (< portable-net45+win8+wp8+wpa81)) (== netcoreapp2.0) (== netstandard2.0)
      System.Diagnostics.Tools (>= 4.3) - restriction: || (&& (== net452) (< net45) (>= netstandard1.3)) (&& (== net452) (< portable-net45+win8+wp8+wpa81)) (== netcoreapp2.0) (== netstandard2.0)
      System.Globalization (>= 4.3) - restriction: || (&& (== net452) (< net45) (>= netstandard1.3)) (&& (== net452) (< portable-net45+win8+wp8+wpa81)) (== netcoreapp2.0) (== netstandard2.0)
      System.IO (>= 4.3) - restriction: || (&& (== net452) (< net45)) (&& (== net452) (< portable-net45+win8+wp8+wpa81)) (== netcoreapp2.0) (== netstandard2.0)
      System.Reflection (>= 4.3) - restriction: || (&& (== net452) (< net45) (>= netstandard1.3)) (&& (== net452) (< portable-net45+win8+wp8+wpa81)) (== netcoreapp2.0) (== netstandard2.0)
      System.Resources.ResourceManager (>= 4.3) - restriction: || (&& (== net452) (< net45) (>= netstandard1.3)) (&& (== net452) (< portable-net45+win8+wp8+wpa81)) (== netcoreapp2.0) (== netstandard2.0)
      System.Runtime (>= 4.3) - restriction: || (&& (== net452) (< net45)) (&& (== net452) (< portable-net45+win8+wp8+wpa81)) (== netcoreapp2.0) (== netstandard2.0)
      System.Runtime.Extensions (>= 4.3) - restriction: || (&& (== net452) (< net45) (>= netstandard1.3)) (&& (== net452) (< portable-net45+win8+wp8+wpa81)) (== netcoreapp2.0) (== netstandard2.0)
      System.Text.Encoding (>= 4.3) - restriction: || (&& (== net452) (< net45) (>= netstandard1.3)) (&& (== net452) (< portable-net45+win8+wp8+wpa81)) (== netcoreapp2.0) (== netstandard2.0)
      System.Threading (>= 4.3) - restriction: || (&& (== net452) (< net45) (>= netstandard1.3)) (&& (== net452) (< portable-net45+win8+wp8+wpa81)) (== netcoreapp2.0) (== netstandard2.0)
      System.Xml.ReaderWriter (>= 4.3) - restriction: || (&& (== net452) (< net45)) (&& (== net452) (< portable-net45+win8+wp8+wpa81)) (== netcoreapp2.0) (== netstandard2.0)
    System.Xml.XmlDocument (4.3) - restriction: || (&& (== net452) (>= netcoreapp2.0)) (== netcoreapp2.0) (&& (== netstandard2.0) (>= netcoreapp2.0))
      System.Collections (>= 4.3) - restriction: || (&& (== net452) (>= netstandard1.3)) (== netcoreapp2.0) (== netstandard2.0)
      System.Diagnostics.Debug (>= 4.3) - restriction: || (&& (== net452) (>= netstandard1.3)) (== netcoreapp2.0) (== netstandard2.0)
      System.Globalization (>= 4.3) - restriction: || (&& (== net452) (>= netstandard1.3)) (== netcoreapp2.0) (== netstandard2.0)
      System.IO (>= 4.3) - restriction: || (&& (== net452) (>= netstandard1.3)) (== netcoreapp2.0) (== netstandard2.0)
      System.Resources.ResourceManager (>= 4.3) - restriction: || (&& (== net452) (>= netstandard1.3)) (== netcoreapp2.0) (== netstandard2.0)
      System.Runtime (>= 4.3) - restriction: || (&& (== net452) (>= netstandard1.3)) (== netcoreapp2.0) (== netstandard2.0)
      System.Runtime.Extensions (>= 4.3) - restriction: || (&& (== net452) (>= netstandard1.3)) (== netcoreapp2.0) (== netstandard2.0)
      System.Text.Encoding (>= 4.3) - restriction: || (&& (== net452) (>= netstandard1.3)) (== netcoreapp2.0) (== netstandard2.0)
      System.Threading (>= 4.3) - restriction: || (&& (== net452) (>= netstandard1.3)) (== netcoreapp2.0) (== netstandard2.0)
      System.Xml.ReaderWriter (>= 4.3) - restriction: || (&& (== net452) (>= netstandard1.3)) (== netcoreapp2.0) (== netstandard2.0)
    System.Xml.XmlSerializer (4.3) - restriction: || (&& (== net452) (>= netcoreapp2.0)) (== netcoreapp2.0) (&& (== netstandard2.0) (>= netcoreapp2.0))
      System.Collections (>= 4.3) - restriction: || (&& (== net452) (< net45) (>= netstandard1.3)) (&& (== net452) (< portable-net45+win8+wp8+wpa81)) (== netcoreapp2.0) (== netstandard2.0)
      System.Globalization (>= 4.3) - restriction: || (&& (== net452) (< net45) (>= netstandard1.3)) (&& (== net452) (< portable-net45+win8+wp8+wpa81)) (== netcoreapp2.0) (== netstandard2.0)
      System.IO (>= 4.3) - restriction: || (&& (== net452) (< net45)) (&& (== net452) (< portable-net45+win8+wp8+wpa81)) (== netcoreapp2.0) (== netstandard2.0)
      System.Linq (>= 4.3) - restriction: || (&& (== net452) (< net45) (>= netstandard1.3)) (&& (== net452) (< portable-net45+win8+wp8+wpa81)) (== netcoreapp2.0) (== netstandard2.0)
      System.Reflection (>= 4.3) - restriction: || (&& (== net452) (< net45) (>= netstandard1.3)) (&& (== net452) (< portable-net45+win8+wp8+wpa81)) (== netcoreapp2.0) (== netstandard2.0)
      System.Reflection.Emit (>= 4.3) - restriction: || (&& (== net452) (< net45) (>= netstandard1.3)) (&& (== net452) (< portable-net45+win8+wp8+wpa81)) (== netcoreapp2.0) (== netstandard2.0)
      System.Reflection.Emit.ILGeneration (>= 4.3) - restriction: || (&& (== net452) (< net45) (>= netstandard1.3)) (&& (== net452) (< portable-net45+win8+wp8+wpa81)) (== netcoreapp2.0) (== netstandard2.0)
      System.Reflection.Extensions (>= 4.3) - restriction: || (&& (== net452) (< net45) (>= netstandard1.3)) (&& (== net452) (< portable-net45+win8+wp8+wpa81)) (== netcoreapp2.0) (== netstandard2.0)
      System.Reflection.Primitives (>= 4.3) - restriction: || (&& (== net452) (< net45) (>= netstandard1.3)) (&& (== net452) (< portable-net45+win8+wp8+wpa81)) (== netcoreapp2.0) (== netstandard2.0)
      System.Reflection.TypeExtensions (>= 4.3) - restriction: || (&& (== net452) (< net45) (>= netstandard1.3)) (&& (== net452) (< portable-net45+win8+wp8+wpa81)) (== netcoreapp2.0) (== netstandard2.0)
      System.Resources.ResourceManager (>= 4.3) - restriction: || (&& (== net452) (< net45) (>= netstandard1.3)) (&& (== net452) (< portable-net45+win8+wp8+wpa81)) (== netcoreapp2.0) (== netstandard2.0)
      System.Runtime (>= 4.3) - restriction: || (&& (== net452) (< net45)) (&& (== net452) (< portable-net45+win8+wp8+wpa81)) (== netcoreapp2.0) (== netstandard2.0)
      System.Runtime.Extensions (>= 4.3) - restriction: || (&& (== net452) (< net45) (>= netstandard1.3)) (&& (== net452) (< portable-net45+win8+wp8+wpa81)) (== netcoreapp2.0) (== netstandard2.0)
      System.Text.RegularExpressions (>= 4.3) - restriction: || (&& (== net452) (< net45) (>= netstandard1.3)) (&& (== net452) (< portable-net45+win8+wp8+wpa81)) (== netcoreapp2.0) (== netstandard2.0)
      System.Threading (>= 4.3) - restriction: || (&& (== net452) (< net45) (>= netstandard1.3)) (&& (== net452) (< portable-net45+win8+wp8+wpa81)) (== netcoreapp2.0) (== netstandard2.0)
      System.Xml.ReaderWriter (>= 4.3) - restriction: || (&& (== net452) (< net45)) (&& (== net452) (< portable-net45+win8+wp8+wpa81)) (== netcoreapp2.0) (== netstandard2.0)
      System.Xml.XmlDocument (>= 4.3) - restriction: || (&& (== net452) (< net45) (>= netstandard1.3)) (&& (== net452) (< portable-net45+win8+wp8+wpa81)) (== netcoreapp2.0) (== netstandard2.0)
    System.Xml.XPath (4.3) - restriction: || (&& (== net452) (>= netcoreapp2.0)) (== netcoreapp2.0) (&& (== netstandard2.0) (>= netcoreapp2.0))
      System.Collections (>= 4.3) - restriction: || (&& (== net452) (>= netstandard1.3)) (== netcoreapp2.0) (== netstandard2.0)
      System.Diagnostics.Debug (>= 4.3) - restriction: || (&& (== net452) (>= netstandard1.3)) (== netcoreapp2.0) (== netstandard2.0)
      System.Globalization (>= 4.3) - restriction: || (&& (== net452) (>= netstandard1.3)) (== netcoreapp2.0) (== netstandard2.0)
      System.IO (>= 4.3) - restriction: || (&& (== net452) (>= netstandard1.3)) (== netcoreapp2.0) (== netstandard2.0)
      System.Resources.ResourceManager (>= 4.3) - restriction: || (&& (== net452) (>= netstandard1.3)) (== netcoreapp2.0) (== netstandard2.0)
      System.Runtime (>= 4.3) - restriction: || (&& (== net452) (>= netstandard1.3)) (== netcoreapp2.0) (== netstandard2.0)
      System.Runtime.Extensions (>= 4.3) - restriction: || (&& (== net452) (>= netstandard1.3)) (== netcoreapp2.0) (== netstandard2.0)
      System.Threading (>= 4.3) - restriction: || (&& (== net452) (>= netstandard1.3)) (== netcoreapp2.0) (== netstandard2.0)
      System.Xml.ReaderWriter (>= 4.3) - restriction: || (&& (== net452) (>= netstandard1.3)) (== netcoreapp2.0) (== netstandard2.0)
    System.Xml.XPath.XDocument (4.3) - restriction: || (&& (== net452) (>= netcoreapp2.0)) (== netcoreapp2.0) (&& (== netstandard2.0) (>= netcoreapp2.0))
      System.Diagnostics.Debug (>= 4.3) - restriction: || (&& (== net452) (>= netstandard1.3)) (== netcoreapp2.0) (== netstandard2.0)
      System.Linq (>= 4.3) - restriction: || (&& (== net452) (>= netstandard1.3)) (== netcoreapp2.0) (== netstandard2.0)
      System.Resources.ResourceManager (>= 4.3) - restriction: || (&& (== net452) (>= netstandard1.3)) (== netcoreapp2.0) (== netstandard2.0)
      System.Runtime (>= 4.3) - restriction: || (&& (== net452) (>= netstandard1.3)) (== netcoreapp2.0) (== netstandard2.0)
      System.Runtime.Extensions (>= 4.3) - restriction: || (&& (== net452) (>= netstandard1.3)) (== netcoreapp2.0) (== netstandard2.0)
      System.Threading (>= 4.3) - restriction: || (&& (== net452) (>= netstandard1.3)) (== netcoreapp2.0) (== netstandard2.0)
      System.Xml.ReaderWriter (>= 4.3) - restriction: || (&& (== net452) (>= netstandard1.3)) (== netcoreapp2.0) (== netstandard2.0)
      System.Xml.XDocument (>= 4.3) - restriction: || (&& (== net452) (>= netstandard1.3)) (== netcoreapp2.0) (== netstandard2.0)
      System.Xml.XPath (>= 4.3) - restriction: || (&& (== net452) (>= net46)) (&& (== net452) (>= netstandard1.3)) (== netcoreapp2.0) (== netstandard2.0)
    System.Xml.XPath.XmlDocument (4.3) - restriction: || (&& (== net452) (>= netcoreapp1.0)) (== netcoreapp2.0) (&& (== netstandard2.0) (>= netcoreapp1.0))
      System.Collections (>= 4.3) - restriction: || (&& (== net452) (>= netstandard1.3)) (== netcoreapp2.0) (== netstandard2.0)
      System.Globalization (>= 4.3) - restriction: || (&& (== net452) (>= netstandard1.3)) (== netcoreapp2.0) (== netstandard2.0)
      System.IO (>= 4.3) - restriction: || (&& (== net452) (>= netstandard1.3)) (== netcoreapp2.0) (== netstandard2.0)
      System.Resources.ResourceManager (>= 4.3) - restriction: || (&& (== net452) (>= netstandard1.3)) (== netcoreapp2.0) (== netstandard2.0)
      System.Runtime (>= 4.3) - restriction: || (&& (== net452) (>= netstandard1.3)) (== netcoreapp2.0) (== netstandard2.0)
      System.Runtime.Extensions (>= 4.3) - restriction: || (&& (== net452) (>= netstandard1.3)) (== netcoreapp2.0) (== netstandard2.0)
      System.Threading (>= 4.3) - restriction: || (&& (== net452) (>= netstandard1.3)) (== netcoreapp2.0) (== netstandard2.0)
      System.Xml.ReaderWriter (>= 4.3) - restriction: || (&& (== net452) (>= netstandard1.3)) (== netcoreapp2.0) (== netstandard2.0)
      System.Xml.XmlDocument (>= 4.3) - restriction: || (&& (== net452) (>= net46)) (&& (== net452) (>= netstandard1.3)) (== netcoreapp2.0) (== netstandard2.0)
      System.Xml.XPath (>= 4.3) - restriction: || (&& (== net452) (>= net46)) (&& (== net452) (>= netstandard1.3)) (== netcoreapp2.0) (== netstandard2.0)
    UriTemplate.Core (1.0.2)
      NETStandard.Library (>= 1.6.1) - restriction: || (&& (== net452) (< net45) (>= netstandard1.6)) (== netcoreapp2.0) (== netstandard2.0)
    UriTemplateString (0.2.1)
      NETStandard.Library (>= 1.6.1) - restriction: || (&& (== net452) (< net45) (>= netstandard1.5)) (== netcoreapp2.0) (== netstandard2.0)
    WindowsAzure.Storage (9.3.3) - restriction: || (&& (== net452) (>= netcoreapp2.0)) (== netcoreapp2.0) (&& (== netstandard2.0) (>= netcoreapp2.0))
      NETStandard.Library (>= 1.6.1) - restriction: || (&& (== net452) (< net45)) (== netcoreapp2.0) (== netstandard2.0)
      Newtonsoft.Json (>= 10.0.2)
    xunit (2.4.1)
      xunit.analyzers (>= 0.10)
      xunit.assert (2.4.1)
      xunit.core (2.4.1)
    xunit.abstractions (2.0.3)
    xunit.analyzers (0.10)
    xunit.assert (2.4.1)
      NETStandard.Library (>= 1.6.1) - restriction: || (== netcoreapp2.0) (== netstandard2.0)
    xunit.core (2.4.1)
      xunit.extensibility.core (2.4.1)
      xunit.extensibility.execution (2.4.1)
    xunit.extensibility.core (2.4.1)
      NETStandard.Library (>= 1.6.1) - restriction: || (== netcoreapp2.0) (== netstandard2.0)
      xunit.abstractions (>= 2.0.3)
    xunit.extensibility.execution (2.4.1)
      NETStandard.Library (>= 1.6.1) - restriction: || (== netcoreapp2.0) (== netstandard2.0)
      xunit.extensibility.core (2.4.1)
    xunit.runner.visualstudio (2.4.1)
      Microsoft.NET.Test.Sdk (>= 15.0) - restriction: || (&& (== net452) (>= netcoreapp1.0)) (== netcoreapp2.0) (&& (== netstandard2.0) (>= netcoreapp1.0))
GIST
  remote: tpluscode/a285267d2543466fc35c3a168c846f9f
    FULLPROJECT (c9b7a831e53e929f2ecce09b14a61e28007b669f)
GROUP addins
NUGET
  remote: https://www.nuget.org/api/v2
    Cake.Codecov (0.4)
      Cake.Core (>= 0.26.1) - restriction: || (>= net46) (>= netstandard2.0)
    Cake.Core (0.30) - restriction: || (>= net46) (>= netstandard2.0)
      Microsoft.Extensions.DependencyModel (>= 2.0.4) - restriction: && (< net46) (>= netstandard2.0)
      Microsoft.Win32.Registry (>= 4.4) - restriction: && (< net46) (>= netstandard2.0)
      Newtonsoft.Json (>= 11.0.2) - restriction: && (< net46) (>= netstandard2.0)
    Cake.Paket (4.0)
    Microsoft.DotNet.PlatformAbstractions (2.1) - restriction: && (< net46) (>= netstandard2.0)
      System.AppContext (>= 4.1) - restriction: && (< net45) (>= netstandard1.3)
      System.Collections (>= 4.0.11) - restriction: && (< net45) (>= netstandard1.3)
      System.IO (>= 4.1) - restriction: && (< net45) (>= netstandard1.3)
      System.IO.FileSystem (>= 4.0.1) - restriction: && (< net45) (>= netstandard1.3)
      System.Reflection.TypeExtensions (>= 4.1) - restriction: && (< net45) (>= netstandard1.3)
      System.Runtime.Extensions (>= 4.1) - restriction: && (< net45) (>= netstandard1.3)
      System.Runtime.InteropServices (>= 4.1) - restriction: && (< net45) (>= netstandard1.3)
      System.Runtime.InteropServices.RuntimeInformation (>= 4.0) - restriction: || (>= net45) (>= netstandard1.3)
    Microsoft.Extensions.DependencyModel (2.1) - restriction: && (< net46) (>= netstandard2.0)
      Microsoft.DotNet.PlatformAbstractions (>= 2.1) - restriction: || (>= net451) (>= netstandard1.3)
      Newtonsoft.Json (>= 9.0.1) - restriction: || (>= net451) (>= netstandard1.3)
      System.Diagnostics.Debug (>= 4.0.11) - restriction: || (&& (< net451) (>= netstandard1.3) (< netstandard1.6)) (&& (< net451) (>= netstandard1.6))
      System.Dynamic.Runtime (>= 4.0.11) - restriction: || (&& (< net451) (>= netstandard1.3) (< netstandard1.6)) (&& (< net451) (>= netstandard1.6))
      System.Linq (>= 4.1) - restriction: || (&& (< net451) (>= netstandard1.3) (< netstandard1.6)) (&& (< net451) (>= netstandard1.6))
    Microsoft.NETCore.Platforms (2.2) - restriction: || (&& (< monoandroid) (< net45) (< netstandard1.3) (>= netstandard2.0) (< win8) (< wpa81)) (&& (< monoandroid) (< net45) (>= netstandard2.0) (< xamarinios)) (>= netcoreapp2.0) (&& (>= netstandard2.0) (< portable-net45+win8+wp8+wpa81))
    Microsoft.NETCore.Targets (2.1) - restriction: || (&& (< monoandroid) (< net45) (< netstandard1.3) (>= netstandard2.0) (< win8) (< wpa81)) (&& (< monoandroid) (< net45) (>= netstandard2.0) (< xamarinios)) (&& (>= netstandard2.0) (< portable-net45+win8+wp8+wpa81))
    Microsoft.Win32.Registry (4.5) - restriction: && (< net46) (>= netstandard2.0)
      System.Buffers (>= 4.4) - restriction: || (&& (>= monoandroid) (< netstandard2.0)) (>= monotouch) (&& (< net46) (< netcoreapp2.0) (>= netstandard2.0)) (>= xamarinios) (>= xamarinmac) (>= xamarintvos) (>= xamarinwatchos)
      System.Memory (>= 4.5) - restriction: || (&& (< net46) (< netcoreapp2.0) (>= netstandard2.0) (< xamarinios)) (&& (>= netcoreapp2.0) (< netcoreapp2.1)) (>= uap10.1)
      System.Security.AccessControl (>= 4.5) - restriction: || (&& (>= monoandroid) (< netstandard2.0)) (>= monotouch) (&& (< net46) (>= netstandard2.0)) (>= net461) (>= netcoreapp2.0) (>= xamarinios) (>= xamarinmac) (>= xamarintvos) (>= xamarinwatchos)
      System.Security.Principal.Windows (>= 4.5) - restriction: || (&& (>= monoandroid) (< netstandard2.0)) (>= monotouch) (&& (< net46) (>= netstandard2.0)) (>= net461) (>= netcoreapp2.0) (>= xamarinios) (>= xamarinmac) (>= xamarintvos) (>= xamarinwatchos)
    Newtonsoft.Json (12.0.1) - restriction: && (< net46) (>= netstandard2.0)
    runtime.native.System (4.3.1) - restriction: && (< monoandroid) (< net45) (>= netstandard2.0) (< win8) (< wpa81) (< xamarinios)
      Microsoft.NETCore.Platforms (>= 1.1.1)
      Microsoft.NETCore.Targets (>= 1.1.3)
    System.AppContext (4.3) - restriction: && (< net45) (>= netstandard2.0)
      System.Runtime (>= 4.3) - restriction: || (&& (< monoandroid) (< monotouch) (< net46) (>= netstandard1.6) (< xamarinios) (< xamarinmac) (< xamarintvos) (< xamarinwatchos)) (&& (< monoandroid) (< net46) (>= netstandard1.3) (< netstandard1.6)) (&& (< monoandroid) (< netstandard1.3))
    System.Buffers (4.5) - restriction: || (&& (< monoandroid) (< netstandard1.1) (>= netstandard2.0) (< win8)) (&& (>= monotouch) (>= netcoreapp2.0)) (&& (>= monotouch) (>= netstandard2.0)) (&& (< net45) (< netcoreapp2.0) (>= netstandard2.0)) (&& (< net46) (>= net461) (>= netstandard2.0)) (&& (< net46) (< netcoreapp2.0) (>= netstandard2.0)) (&& (>= net461) (>= netcoreapp2.0)) (&& (>= netcoreapp2.0) (< netstandard1.1)) (&& (>= netcoreapp2.0) (< netstandard2.0)) (&& (>= netcoreapp2.0) (>= xamarinmac)) (&& (>= netcoreapp2.0) (>= xamarintvos)) (&& (>= netcoreapp2.0) (>= xamarinwatchos)) (&& (< netstandard1.1) (>= netstandard2.0) (>= win8)) (&& (>= netstandard2.0) (>= uap10.1)) (&& (>= netstandard2.0) (>= xamarinmac)) (&& (>= netstandard2.0) (>= xamarintvos)) (&& (>= netstandard2.0) (>= xamarinwatchos)) (>= xamarinios)
    System.Collections (4.3) - restriction: || (&& (< net45) (>= netstandard2.0)) (&& (>= netstandard2.0) (< portable-net45+win8+wp8+wpa81))
      Microsoft.NETCore.Platforms (>= 1.1) - restriction: || (&& (< monoandroid) (< monotouch) (< net45) (>= netstandard1.3) (< win8) (< wpa81) (< xamarinios) (< xamarinmac) (< xamarintvos) (< xamarinwatchos)) (&& (< monoandroid) (< net45) (>= netstandard1.0) (< netstandard1.3) (< win8) (< wp8) (< wpa81)) (< portable-net45+win8+wp8+wpa81)
      Microsoft.NETCore.Targets (>= 1.1) - restriction: || (&& (< monoandroid) (< monotouch) (< net45) (>= netstandard1.3) (< win8) (< wpa81) (< xamarinios) (< xamarinmac) (< xamarintvos) (< xamarinwatchos)) (&& (< monoandroid) (< net45) (>= netstandard1.0) (< netstandard1.3) (< win8) (< wp8) (< wpa81)) (< portable-net45+win8+wp8+wpa81)
      System.Runtime (>= 4.3) - restriction: || (&& (< monoandroid) (< monotouch) (< net45) (>= netstandard1.3) (< win8) (< wpa81) (< xamarinios) (< xamarinmac) (< xamarintvos) (< xamarinwatchos)) (&& (< monoandroid) (< net45) (>= netstandard1.0) (< netstandard1.3) (< win8) (< wp8) (< wpa81)) (< portable-net45+win8+wp8+wpa81)
    System.Diagnostics.Debug (4.3) - restriction: || (&& (< monoandroid) (< net45) (>= netstandard2.0) (< xamarinios)) (&& (< net451) (>= netstandard2.0)) (&& (>= netstandard2.0) (< portable-net45+win8+wp8+wpa81))
      Microsoft.NETCore.Platforms (>= 1.1) - restriction: || (&& (< monoandroid) (< monotouch) (< net45) (>= netstandard1.3) (< win8) (< wpa81) (< xamarinios) (< xamarinmac) (< xamarintvos) (< xamarinwatchos)) (&& (< monoandroid) (< net45) (>= netstandard1.0) (< netstandard1.3) (< win8) (< wp8) (< wpa81)) (< portable-net45+win8+wp8+wpa81)
      Microsoft.NETCore.Targets (>= 1.1) - restriction: || (&& (< monoandroid) (< monotouch) (< net45) (>= netstandard1.3) (< win8) (< wpa81) (< xamarinios) (< xamarinmac) (< xamarintvos) (< xamarinwatchos)) (&& (< monoandroid) (< net45) (>= netstandard1.0) (< netstandard1.3) (< win8) (< wp8) (< wpa81)) (< portable-net45+win8+wp8+wpa81)
      System.Runtime (>= 4.3) - restriction: || (&& (< monoandroid) (< monotouch) (< net45) (>= netstandard1.3) (< win8) (< wpa81) (< xamarinios) (< xamarinmac) (< xamarintvos) (< xamarinwatchos)) (&& (< monoandroid) (< net45) (>= netstandard1.0) (< netstandard1.3) (< win8) (< wp8) (< wpa81)) (< portable-net45+win8+wp8+wpa81)
    System.Dynamic.Runtime (4.3) - restriction: && (< net451) (>= netstandard2.0)
      System.Collections (>= 4.3) - restriction: || (&& (< monoandroid) (< monotouch) (< net45) (>= netstandard1.3) (< win8) (< wpa81) (< xamarinios) (< xamarinmac) (< xamarintvos) (< xamarinwatchos)) (< portable-net45+win8+wp8+wpa81)
      System.Diagnostics.Debug (>= 4.3) - restriction: || (&& (< monoandroid) (< monotouch) (< net45) (>= netstandard1.3) (< win8) (< wpa81) (< xamarinios) (< xamarinmac) (< xamarintvos) (< xamarinwatchos)) (< portable-net45+win8+wp8+wpa81)
      System.Linq (>= 4.3) - restriction: || (&& (< monoandroid) (< monotouch) (< net45) (>= netstandard1.3) (< win8) (< wpa81) (< xamarinios) (< xamarinmac) (< xamarintvos) (< xamarinwatchos)) (< portable-net45+win8+wp8+wpa81)
      System.Linq.Expressions (>= 4.3) - restriction: || (&& (< monoandroid) (< monotouch) (< net45) (>= netstandard1.3) (< win8) (< wpa81) (< xamarinios) (< xamarinmac) (< xamarintvos) (< xamarinwatchos)) (&& (< monoandroid) (< net45) (>= netstandard1.0) (< netstandard1.3) (< win8) (< wp8) (< wpa81)) (< portable-net45+win8+wp8+wpa81)
      System.ObjectModel (>= 4.3) - restriction: || (&& (< monoandroid) (< monotouch) (< net45) (>= netstandard1.3) (< win8) (< wpa81) (< xamarinios) (< xamarinmac) (< xamarintvos) (< xamarinwatchos)) (&& (< monoandroid) (< net45) (>= netstandard1.0) (< netstandard1.3) (< win8) (< wp8) (< wpa81)) (< portable-net45+win8+wp8+wpa81)
      System.Reflection (>= 4.3) - restriction: || (&& (< monoandroid) (< monotouch) (< net45) (>= netstandard1.3) (< win8) (< wpa81) (< xamarinios) (< xamarinmac) (< xamarintvos) (< xamarinwatchos)) (&& (< monoandroid) (< net45) (>= netstandard1.0) (< netstandard1.3) (< win8) (< wp8) (< wpa81)) (< portable-net45+win8+wp8+wpa81)
      System.Reflection.Emit (>= 4.3) - restriction: && (< monoandroid) (< monotouch) (< net45) (>= netstandard1.3) (< win8) (< wpa81) (< xamarinios) (< xamarinmac) (< xamarintvos) (< xamarinwatchos)
      System.Reflection.Emit.ILGeneration (>= 4.3) - restriction: && (< monoandroid) (< monotouch) (< net45) (>= netstandard1.3) (< win8) (< wpa81) (< xamarinios) (< xamarinmac) (< xamarintvos) (< xamarinwatchos)
      System.Reflection.Primitives (>= 4.3) - restriction: && (< monoandroid) (< monotouch) (< net45) (>= netstandard1.3) (< win8) (< wpa81) (< xamarinios) (< xamarinmac) (< xamarintvos) (< xamarinwatchos)
      System.Reflection.TypeExtensions (>= 4.3) - restriction: || (&& (< monoandroid) (< monotouch) (< net45) (>= netstandard1.3) (< win8) (< wpa81) (< xamarinios) (< xamarinmac) (< xamarintvos) (< xamarinwatchos)) (< portable-net45+win8+wp8+wpa81)
      System.Resources.ResourceManager (>= 4.3) - restriction: || (&& (< monoandroid) (< monotouch) (< net45) (>= netstandard1.3) (< win8) (< wpa81) (< xamarinios) (< xamarinmac) (< xamarintvos) (< xamarinwatchos)) (< portable-net45+win8+wp8+wpa81)
      System.Runtime (>= 4.3) - restriction: || (&& (< monoandroid) (< monotouch) (< net45) (>= netstandard1.3) (< win8) (< wpa81) (< xamarinios) (< xamarinmac) (< xamarintvos) (< xamarinwatchos)) (&& (< monoandroid) (< net45) (>= netstandard1.0) (< netstandard1.3) (< win8) (< wp8) (< wpa81)) (< portable-net45+win8+wp8+wpa81)
      System.Runtime.Extensions (>= 4.3) - restriction: || (&& (< monoandroid) (< monotouch) (< net45) (>= netstandard1.3) (< win8) (< wpa81) (< xamarinios) (< xamarinmac) (< xamarintvos) (< xamarinwatchos)) (< portable-net45+win8+wp8+wpa81)
      System.Threading (>= 4.3) - restriction: || (&& (< monoandroid) (< monotouch) (< net45) (>= netstandard1.3) (< win8) (< wpa81) (< xamarinios) (< xamarinmac) (< xamarintvos) (< xamarinwatchos)) (< portable-net45+win8+wp8+wpa81)
    System.Globalization (4.3) - restriction: || (&& (< monoandroid) (< net45) (< netstandard1.3) (>= netstandard2.0) (< win8) (< wpa81)) (&& (< monoandroid) (< net45) (>= netstandard2.0) (< win8) (< wpa81) (< xamarinios)) (&& (>= netstandard2.0) (< portable-net45+win8+wp8+wpa81))
      Microsoft.NETCore.Platforms (>= 1.1) - restriction: || (&& (< monoandroid) (< monotouch) (< net45) (>= netstandard1.3) (< win8) (< wpa81) (< xamarinios) (< xamarinmac) (< xamarintvos) (< xamarinwatchos)) (&& (< monoandroid) (< net45) (>= netstandard1.0) (< netstandard1.3) (< win8) (< wp8) (< wpa81)) (< portable-net45+win8+wp8+wpa81)
      Microsoft.NETCore.Targets (>= 1.1) - restriction: || (&& (< monoandroid) (< monotouch) (< net45) (>= netstandard1.3) (< win8) (< wpa81) (< xamarinios) (< xamarinmac) (< xamarintvos) (< xamarinwatchos)) (&& (< monoandroid) (< net45) (>= netstandard1.0) (< netstandard1.3) (< win8) (< wp8) (< wpa81)) (< portable-net45+win8+wp8+wpa81)
      System.Runtime (>= 4.3) - restriction: || (&& (< monoandroid) (< monotouch) (< net45) (>= netstandard1.3) (< win8) (< wpa81) (< xamarinios) (< xamarinmac) (< xamarintvos) (< xamarinwatchos)) (&& (< monoandroid) (< net45) (>= netstandard1.0) (< netstandard1.3) (< win8) (< wp8) (< wpa81)) (< portable-net45+win8+wp8+wpa81)
    System.IO (4.3) - restriction: || (&& (< net45) (>= netstandard2.0)) (&& (>= netstandard2.0) (< portable-net45+win8+wp8+wpa81))
      Microsoft.NETCore.Platforms (>= 1.1) - restriction: || (&& (< monoandroid) (< monotouch) (< net45) (>= netstandard1.5) (< win8) (< wpa81) (< xamarinios) (< xamarinmac) (< xamarintvos) (< xamarinwatchos)) (&& (< monoandroid) (< net45) (>= netstandard1.0) (< netstandard1.3) (< win8) (< wp8) (< wpa81)) (&& (< monoandroid) (< net45) (>= netstandard1.3) (< netstandard1.5) (< win8) (< wpa81)) (< portable-net45+win8+wp8+wpa81)
      Microsoft.NETCore.Targets (>= 1.1) - restriction: || (&& (< monoandroid) (< monotouch) (< net45) (>= netstandard1.5) (< win8) (< wpa81) (< xamarinios) (< xamarinmac) (< xamarintvos) (< xamarinwatchos)) (&& (< monoandroid) (< net45) (>= netstandard1.0) (< netstandard1.3) (< win8) (< wp8) (< wpa81)) (&& (< monoandroid) (< net45) (>= netstandard1.3) (< netstandard1.5) (< win8) (< wpa81)) (< portable-net45+win8+wp8+wpa81)
      System.Runtime (>= 4.3) - restriction: || (&& (< monoandroid) (< monotouch) (< net45) (>= netstandard1.5) (< win8) (< wpa81) (< xamarinios) (< xamarinmac) (< xamarintvos) (< xamarinwatchos)) (&& (< monoandroid) (< net45) (>= netstandard1.0) (< netstandard1.3) (< win8) (< wp8) (< wpa81)) (&& (< monoandroid) (< net45) (>= netstandard1.3) (< netstandard1.5) (< win8) (< wpa81)) (< portable-net45+win8+wp8+wpa81)
      System.Text.Encoding (>= 4.3) - restriction: || (&& (< monoandroid) (< monotouch) (< net45) (>= netstandard1.5) (< win8) (< wpa81) (< xamarinios) (< xamarinmac) (< xamarintvos) (< xamarinwatchos)) (&& (< monoandroid) (< net45) (>= netstandard1.0) (< netstandard1.3) (< win8) (< wp8) (< wpa81)) (&& (< monoandroid) (< net45) (>= netstandard1.3) (< netstandard1.5) (< win8) (< wpa81)) (< portable-net45+win8+wp8+wpa81)
      System.Threading.Tasks (>= 4.3) - restriction: || (&& (< monoandroid) (< monotouch) (< net45) (>= netstandard1.5) (< win8) (< wpa81) (< xamarinios) (< xamarinmac) (< xamarintvos) (< xamarinwatchos)) (&& (< monoandroid) (< net45) (>= netstandard1.0) (< netstandard1.3) (< win8) (< wp8) (< wpa81)) (&& (< monoandroid) (< net45) (>= netstandard1.3) (< netstandard1.5) (< win8) (< wpa81)) (< portable-net45+win8+wp8+wpa81)
    System.IO.FileSystem (4.3) - restriction: && (< net45) (>= netstandard2.0)
      Microsoft.NETCore.Platforms (>= 1.1) - restriction: && (< monoandroid) (< monotouch) (< net46) (>= netstandard1.3) (< xamarinios) (< xamarinmac) (< xamarintvos) (< xamarinwatchos)
      Microsoft.NETCore.Targets (>= 1.1) - restriction: && (< monoandroid) (< monotouch) (< net46) (>= netstandard1.3) (< xamarinios) (< xamarinmac) (< xamarintvos) (< xamarinwatchos)
      System.IO (>= 4.3) - restriction: && (< monoandroid) (< monotouch) (< net46) (>= netstandard1.3) (< xamarinios) (< xamarinmac) (< xamarintvos) (< xamarinwatchos)
      System.IO.FileSystem.Primitives (>= 4.3) - restriction: || (&& (< monoandroid) (< monotouch) (>= netstandard1.3) (< xamarinios) (< xamarinmac) (< xamarintvos) (< xamarinwatchos)) (>= net46)
      System.Runtime (>= 4.3) - restriction: && (< monoandroid) (< monotouch) (< net46) (>= netstandard1.3) (< xamarinios) (< xamarinmac) (< xamarintvos) (< xamarinwatchos)
      System.Runtime.Handles (>= 4.3) - restriction: && (< monoandroid) (< monotouch) (< net46) (>= netstandard1.3) (< xamarinios) (< xamarinmac) (< xamarintvos) (< xamarinwatchos)
      System.Text.Encoding (>= 4.3) - restriction: && (< monoandroid) (< monotouch) (< net46) (>= netstandard1.3) (< xamarinios) (< xamarinmac) (< xamarintvos) (< xamarinwatchos)
      System.Threading.Tasks (>= 4.3) - restriction: && (< monoandroid) (< monotouch) (< net46) (>= netstandard1.3) (< xamarinios) (< xamarinmac) (< xamarintvos) (< xamarinwatchos)
    System.IO.FileSystem.Primitives (4.3) - restriction: || (&& (< monoandroid) (< net45) (>= netstandard2.0) (< xamarinios)) (&& (< net45) (>= net46) (>= netstandard2.0))
      System.Runtime (>= 4.3) - restriction: && (< monoandroid) (< monotouch) (< net46) (>= netstandard1.3) (< xamarinios) (< xamarinmac) (< xamarintvos) (< xamarinwatchos)
    System.Linq (4.3) - restriction: || (&& (< monoandroid) (< net45) (>= netstandard2.0) (< win8) (< wpa81) (< xamarinios)) (&& (< net451) (>= netstandard2.0)) (&& (>= netstandard2.0) (< portable-net45+win8+wp8+wpa81))
      System.Collections (>= 4.3) - restriction: || (&& (< monoandroid) (< monotouch) (< net45) (>= netstandard1.6) (< xamarinios) (< xamarinmac) (< xamarintvos) (< xamarinwatchos)) (&& (< monoandroid) (< net45) (>= netstandard1.0) (< netstandard1.6) (< win8) (< wp8) (< wpa81)) (< portable-net45+win8+wp8+wpa81)
      System.Diagnostics.Debug (>= 4.3) - restriction: || (&& (< monoandroid) (< monotouch) (< net45) (>= netstandard1.6) (< xamarinios) (< xamarinmac) (< xamarintvos) (< xamarinwatchos)) (< portable-net45+win8+wp8+wpa81)
      System.Resources.ResourceManager (>= 4.3) - restriction: || (&& (< monoandroid) (< monotouch) (< net45) (>= netstandard1.6) (< xamarinios) (< xamarinmac) (< xamarintvos) (< xamarinwatchos)) (< portable-net45+win8+wp8+wpa81)
      System.Runtime (>= 4.3) - restriction: || (&& (< monoandroid) (< monotouch) (< net45) (>= netstandard1.6) (< xamarinios) (< xamarinmac) (< xamarintvos) (< xamarinwatchos)) (&& (< monoandroid) (< net45) (>= netstandard1.0) (< netstandard1.6) (< win8) (< wp8) (< wpa81)) (< portable-net45+win8+wp8+wpa81)
      System.Runtime.Extensions (>= 4.3) - restriction: || (&& (< monoandroid) (< monotouch) (< net45) (>= netstandard1.6) (< xamarinios) (< xamarinmac) (< xamarintvos) (< xamarinwatchos)) (< portable-net45+win8+wp8+wpa81)
    System.Linq.Expressions (4.3) - restriction: || (&& (< monoandroid) (< net45) (< netstandard1.3) (>= netstandard2.0) (< win8) (< wpa81)) (&& (< monoandroid) (< net45) (>= netstandard2.0) (< win8) (< wpa81) (< xamarinios)) (&& (>= netstandard2.0) (< portable-net45+win8+wp8+wpa81))
      System.Collections (>= 4.3) - restriction: || (&& (< monoandroid) (< monotouch) (< net45) (>= netstandard1.6) (< xamarinios) (< xamarinmac) (< xamarintvos) (< xamarinwatchos)) (< portable-net45+win8+wp8+wpa81)
      System.Diagnostics.Debug (>= 4.3) - restriction: || (&& (< monoandroid) (< monotouch) (< net45) (>= netstandard1.6) (< xamarinios) (< xamarinmac) (< xamarintvos) (< xamarinwatchos)) (< portable-net45+win8+wp8+wpa81)
      System.Globalization (>= 4.3) - restriction: || (&& (< monoandroid) (< monotouch) (< net45) (>= netstandard1.6) (< xamarinios) (< xamarinmac) (< xamarintvos) (< xamarinwatchos)) (< portable-net45+win8+wp8+wpa81)
      System.IO (>= 4.3) - restriction: || (&& (< monoandroid) (< monotouch) (< net45) (>= netstandard1.6) (< xamarinios) (< xamarinmac) (< xamarintvos) (< xamarinwatchos)) (< portable-net45+win8+wp8+wpa81)
      System.Linq (>= 4.3) - restriction: || (&& (< monoandroid) (< monotouch) (< net45) (>= netstandard1.6) (< xamarinios) (< xamarinmac) (< xamarintvos) (< xamarinwatchos)) (< portable-net45+win8+wp8+wpa81)
      System.ObjectModel (>= 4.3) - restriction: && (< monoandroid) (< monotouch) (< net45) (>= netstandard1.6) (< xamarinios) (< xamarinmac) (< xamarintvos) (< xamarinwatchos)
      System.Reflection (>= 4.3) - restriction: || (&& (< monoandroid) (< monotouch) (< net45) (>= netstandard1.6) (< xamarinios) (< xamarinmac) (< xamarintvos) (< xamarinwatchos)) (&& (< monoandroid) (< net45) (>= netstandard1.0) (< netstandard1.3) (< win8) (< wp8) (< wpa81)) (&& (< monoandroid) (< net45) (>= netstandard1.3) (< netstandard1.6) (< win8) (< wpa81)) (< portable-net45+win8+wp8+wpa81)
      System.Reflection.Emit (>= 4.3) - restriction: && (< monoandroid) (< monotouch) (< net45) (>= netstandard1.6) (< xamarinios) (< xamarinmac) (< xamarintvos) (< xamarinwatchos)
      System.Reflection.Emit.ILGeneration (>= 4.3) - restriction: || (&& (< monoandroid) (< monotouch) (< net45) (>= netstandard1.6) (< xamarinios) (< xamarinmac) (< xamarintvos) (< xamarinwatchos)) (< portable-net45+win8+wp8+wpa81)
      System.Reflection.Emit.Lightweight (>= 4.3) - restriction: || (&& (< monoandroid) (< monotouch) (< net45) (>= netstandard1.6) (< xamarinios) (< xamarinmac) (< xamarintvos) (< xamarinwatchos)) (< portable-net45+win8+wp8+wpa81)
      System.Reflection.Extensions (>= 4.3) - restriction: || (&& (< monoandroid) (< monotouch) (< net45) (>= netstandard1.6) (< xamarinios) (< xamarinmac) (< xamarintvos) (< xamarinwatchos)) (< portable-net45+win8+wp8+wpa81)
      System.Reflection.Primitives (>= 4.3) - restriction: || (&& (< monoandroid) (< monotouch) (< net45) (>= netstandard1.6) (< xamarinios) (< xamarinmac) (< xamarintvos) (< xamarinwatchos)) (< portable-net45+win8+wp8+wpa81)
      System.Reflection.TypeExtensions (>= 4.3) - restriction: || (&& (< monoandroid) (< monotouch) (< net45) (>= netstandard1.6) (< xamarinios) (< xamarinmac) (< xamarintvos) (< xamarinwatchos)) (< portable-net45+win8+wp8+wpa81)
      System.Resources.ResourceManager (>= 4.3) - restriction: || (&& (< monoandroid) (< monotouch) (< net45) (>= netstandard1.6) (< xamarinios) (< xamarinmac) (< xamarintvos) (< xamarinwatchos)) (< portable-net45+win8+wp8+wpa81)
      System.Runtime (>= 4.3) - restriction: || (&& (< monoandroid) (< monotouch) (< net45) (>= netstandard1.6) (< xamarinios) (< xamarinmac) (< xamarintvos) (< xamarinwatchos)) (&& (< monoandroid) (< net45) (>= netstandard1.0) (< netstandard1.3) (< win8) (< wp8) (< wpa81)) (&& (< monoandroid) (< net45) (>= netstandard1.3) (< netstandard1.6) (< win8) (< wpa81)) (< portable-net45+win8+wp8+wpa81)
      System.Runtime.Extensions (>= 4.3) - restriction: || (&& (< monoandroid) (< monotouch) (< net45) (>= netstandard1.6) (< xamarinios) (< xamarinmac) (< xamarintvos) (< xamarinwatchos)) (< portable-net45+win8+wp8+wpa81)
      System.Threading (>= 4.3) - restriction: || (&& (< monoandroid) (< monotouch) (< net45) (>= netstandard1.6) (< xamarinios) (< xamarinmac) (< xamarintvos) (< xamarinwatchos)) (< portable-net45+win8+wp8+wpa81)
    System.Memory (4.5.1) - restriction: || (&& (< net46) (< netcoreapp2.0) (>= netstandard2.0) (< xamarinios)) (&& (>= netcoreapp2.0) (< netcoreapp2.1)) (&& (>= netstandard2.0) (>= uap10.1))
      System.Buffers (>= 4.4) - restriction: || (&& (>= monoandroid) (< netstandard2.0)) (&& (< monoandroid) (< net45) (>= netstandard1.1) (< netstandard2.0) (< win8) (< wpa81)) (&& (< monoandroid) (< netstandard1.1) (>= portable-net45+win8+wpa81) (< win8)) (>= monotouch) (&& (>= net45) (< netstandard2.0)) (&& (< net45) (< netcoreapp2.0) (>= netstandard2.0)) (>= net461) (&& (< netstandard1.1) (>= win8)) (&& (< netstandard2.0) (< uap10.1) (>= wpa81)) (>= xamarinios) (>= xamarinmac) (>= xamarintvos) (>= xamarinwatchos)
      System.Numerics.Vectors (>= 4.4) - restriction: || (&& (< net45) (< netcoreapp2.0) (>= netstandard2.0) (< xamarinios)) (>= net461)
      System.Runtime.CompilerServices.Unsafe (>= 4.5) - restriction: || (&& (>= monoandroid) (< netstandard2.0)) (&& (< monoandroid) (< net45) (>= netstandard1.1) (< netstandard2.0) (< win8) (< wpa81)) (&& (< monoandroid) (< netstandard1.1) (>= portable-net45+win8+wpa81) (< win8)) (>= monotouch) (&& (>= net45) (< netstandard2.0)) (&& (< net45) (< netcoreapp2.0) (>= netstandard2.0)) (>= net461) (&& (>= netcoreapp2.0) (< netcoreapp2.1)) (&& (< netstandard1.1) (>= win8)) (&& (< netstandard2.0) (>= wpa81)) (>= uap10.1) (>= xamarinios) (>= xamarinmac) (>= xamarintvos) (>= xamarinwatchos)
    System.Numerics.Vectors (4.5) - restriction: || (&& (< net45) (< netcoreapp2.0) (>= netstandard2.0) (< xamarinios)) (&& (< net46) (>= net461) (>= netstandard2.0)) (&& (>= net461) (>= netcoreapp2.0)) (&& (>= netstandard2.0) (>= uap10.1))
    System.ObjectModel (4.3) - restriction: || (&& (< monoandroid) (< net45) (< netstandard1.3) (>= netstandard2.0) (< win8) (< wpa81)) (&& (< monoandroid) (< net45) (>= netstandard2.0) (< win8) (< wpa81) (< xamarinios)) (&& (>= netstandard2.0) (< portable-net45+win8+wp8+wpa81))
      System.Collections (>= 4.3) - restriction: || (&& (< monoandroid) (< monotouch) (< net45) (>= netstandard1.3) (< win8) (< wpa81) (< xamarinios) (< xamarinmac) (< xamarintvos) (< xamarinwatchos)) (< portable-net45+win8+wp8+wpa81)
      System.Diagnostics.Debug (>= 4.3) - restriction: || (&& (< monoandroid) (< monotouch) (< net45) (>= netstandard1.3) (< win8) (< wpa81) (< xamarinios) (< xamarinmac) (< xamarintvos) (< xamarinwatchos)) (< portable-net45+win8+wp8+wpa81)
      System.Resources.ResourceManager (>= 4.3) - restriction: || (&& (< monoandroid) (< monotouch) (< net45) (>= netstandard1.3) (< win8) (< wpa81) (< xamarinios) (< xamarinmac) (< xamarintvos) (< xamarinwatchos)) (< portable-net45+win8+wp8+wpa81)
      System.Runtime (>= 4.3) - restriction: || (&& (< monoandroid) (< monotouch) (< net45) (>= netstandard1.3) (< win8) (< wpa81) (< xamarinios) (< xamarinmac) (< xamarintvos) (< xamarinwatchos)) (&& (< monoandroid) (< net45) (>= netstandard1.0) (< netstandard1.3) (< win8) (< wp8) (< wpa81)) (< portable-net45+win8+wp8+wpa81)
      System.Threading (>= 4.3) - restriction: || (&& (< monoandroid) (< monotouch) (< net45) (>= netstandard1.3) (< win8) (< wpa81) (< xamarinios) (< xamarinmac) (< xamarintvos) (< xamarinwatchos)) (< portable-net45+win8+wp8+wpa81)
    System.Reflection (4.3) - restriction: || (&& (< monoandroid) (< net45) (< netstandard1.3) (>= netstandard2.0) (< win8) (< wpa81)) (&& (< monoandroid) (< net45) (>= netstandard2.0) (< win8) (< wpa81) (< xamarinios)) (&& (>= netstandard2.0) (< portable-net45+win8+wp8+wpa81))
      Microsoft.NETCore.Platforms (>= 1.1) - restriction: || (&& (< monoandroid) (< monotouch) (< net45) (>= netstandard1.5) (< win8) (< wpa81) (< xamarinios) (< xamarinmac) (< xamarintvos) (< xamarinwatchos)) (&& (< monoandroid) (< net45) (>= netstandard1.0) (< netstandard1.3) (< win8) (< wp8) (< wpa81)) (&& (< monoandroid) (< net45) (>= netstandard1.3) (< netstandard1.5) (< win8) (< wpa81)) (< portable-net45+win8+wp8+wpa81)
      Microsoft.NETCore.Targets (>= 1.1) - restriction: || (&& (< monoandroid) (< monotouch) (< net45) (>= netstandard1.5) (< win8) (< wpa81) (< xamarinios) (< xamarinmac) (< xamarintvos) (< xamarinwatchos)) (&& (< monoandroid) (< net45) (>= netstandard1.0) (< netstandard1.3) (< win8) (< wp8) (< wpa81)) (&& (< monoandroid) (< net45) (>= netstandard1.3) (< netstandard1.5) (< win8) (< wpa81)) (< portable-net45+win8+wp8+wpa81)
      System.IO (>= 4.3) - restriction: || (&& (< monoandroid) (< monotouch) (< net45) (>= netstandard1.5) (< win8) (< wpa81) (< xamarinios) (< xamarinmac) (< xamarintvos) (< xamarinwatchos)) (&& (< monoandroid) (< net45) (>= netstandard1.0) (< netstandard1.3) (< win8) (< wp8) (< wpa81)) (&& (< monoandroid) (< net45) (>= netstandard1.3) (< netstandard1.5) (< win8) (< wpa81)) (< portable-net45+win8+wp8+wpa81)
      System.Reflection.Primitives (>= 4.3) - restriction: || (&& (< monoandroid) (< monotouch) (< net45) (>= netstandard1.5) (< win8) (< wpa81) (< xamarinios) (< xamarinmac) (< xamarintvos) (< xamarinwatchos)) (&& (< monoandroid) (< net45) (>= netstandard1.0) (< netstandard1.3) (< win8) (< wp8) (< wpa81)) (&& (< monoandroid) (< net45) (>= netstandard1.3) (< netstandard1.5) (< win8) (< wpa81)) (< portable-net45+win8+wp8+wpa81)
      System.Runtime (>= 4.3) - restriction: || (&& (< monoandroid) (< monotouch) (< net45) (>= netstandard1.5) (< win8) (< wpa81) (< xamarinios) (< xamarinmac) (< xamarintvos) (< xamarinwatchos)) (&& (< monoandroid) (< net45) (>= netstandard1.0) (< netstandard1.3) (< win8) (< wp8) (< wpa81)) (&& (< monoandroid) (< net45) (>= netstandard1.3) (< netstandard1.5) (< win8) (< wpa81)) (< portable-net45+win8+wp8+wpa81)
    System.Reflection.Emit (4.3) - restriction: && (< monoandroid) (< net45) (>= netstandard2.0) (< win8) (< wpa81) (< xamarinios)
      System.IO (>= 4.3) - restriction: && (< monoandroid) (< monotouch) (< net45) (>= netstandard1.1) (< xamarinios) (< xamarinmac) (< xamarintvos) (< xamarinwatchos)
      System.Reflection (>= 4.3) - restriction: && (< monoandroid) (< monotouch) (< net45) (>= netstandard1.1) (< xamarinios) (< xamarinmac) (< xamarintvos) (< xamarinwatchos)
      System.Reflection.Emit.ILGeneration (>= 4.3) - restriction: && (< monoandroid) (< monotouch) (< net45) (>= netstandard1.1) (< xamarinios) (< xamarinmac) (< xamarintvos) (< xamarinwatchos)
      System.Reflection.Primitives (>= 4.3) - restriction: && (< monoandroid) (< monotouch) (< net45) (>= netstandard1.1) (< xamarinios) (< xamarinmac) (< xamarintvos) (< xamarinwatchos)
      System.Runtime (>= 4.3) - restriction: && (< monoandroid) (< monotouch) (< net45) (>= netstandard1.1) (< xamarinios) (< xamarinmac) (< xamarintvos) (< xamarinwatchos)
    System.Reflection.Emit.ILGeneration (4.3) - restriction: && (< monoandroid) (< net45) (>= netstandard2.0) (< win8) (< wpa81) (< xamarinios)
      System.Reflection (>= 4.3) - restriction: && (< monoandroid) (< monotouch) (< net45) (>= netstandard1.0) (< wp8) (< xamarinios) (< xamarinmac) (< xamarintvos) (< xamarinwatchos)
      System.Reflection.Primitives (>= 4.3) - restriction: && (< monoandroid) (< monotouch) (< net45) (>= netstandard1.0) (< wp8) (< xamarinios) (< xamarinmac) (< xamarintvos) (< xamarinwatchos)
      System.Runtime (>= 4.3) - restriction: && (< monoandroid) (< monotouch) (< net45) (>= netstandard1.0) (< wp8) (< xamarinios) (< xamarinmac) (< xamarintvos) (< xamarinwatchos)
    System.Reflection.Emit.Lightweight (4.3) - restriction: || (&& (< monoandroid) (< net45) (< netstandard1.3) (>= netstandard2.0) (< win8) (< wpa81)) (&& (< monoandroid) (< net45) (>= netstandard2.0) (< win8) (< wpa81) (< xamarinios)) (&& (>= netstandard2.0) (< portable-net45+win8+wp8+wpa81))
      System.Reflection (>= 4.3) - restriction: && (< monoandroid) (< monotouch) (< net45) (>= netstandard1.0) (< wp8) (< xamarinios) (< xamarinmac) (< xamarintvos) (< xamarinwatchos)
      System.Reflection.Emit.ILGeneration (>= 4.3) - restriction: && (< monoandroid) (< monotouch) (< net45) (>= netstandard1.0) (< wp8) (< xamarinios) (< xamarinmac) (< xamarintvos) (< xamarinwatchos)
      System.Reflection.Primitives (>= 4.3) - restriction: && (< monoandroid) (< monotouch) (< net45) (>= netstandard1.0) (< wp8) (< xamarinios) (< xamarinmac) (< xamarintvos) (< xamarinwatchos)
      System.Runtime (>= 4.3) - restriction: && (< monoandroid) (< monotouch) (< net45) (>= netstandard1.0) (< wp8) (< xamarinios) (< xamarinmac) (< xamarintvos) (< xamarinwatchos)
    System.Reflection.Extensions (4.3) - restriction: || (&& (< monoandroid) (< net45) (< netstandard1.3) (>= netstandard2.0) (< win8) (< wpa81)) (&& (< monoandroid) (< net45) (>= netstandard2.0) (< win8) (< wpa81) (< xamarinios)) (&& (>= netstandard2.0) (< portable-net45+win8+wp8+wpa81))
      Microsoft.NETCore.Platforms (>= 1.1) - restriction: || (&& (< monoandroid) (< monotouch) (< net45) (>= netstandard1.0) (< win8) (< wp8) (< wpa81) (< xamarinios) (< xamarinmac) (< xamarintvos) (< xamarinwatchos)) (< portable-net45+win8+wp8+wpa81)
      Microsoft.NETCore.Targets (>= 1.1) - restriction: || (&& (< monoandroid) (< monotouch) (< net45) (>= netstandard1.0) (< win8) (< wp8) (< wpa81) (< xamarinios) (< xamarinmac) (< xamarintvos) (< xamarinwatchos)) (< portable-net45+win8+wp8+wpa81)
      System.Reflection (>= 4.3) - restriction: || (&& (< monoandroid) (< monotouch) (< net45) (>= netstandard1.0) (< win8) (< wp8) (< wpa81) (< xamarinios) (< xamarinmac) (< xamarintvos) (< xamarinwatchos)) (< portable-net45+win8+wp8+wpa81)
      System.Runtime (>= 4.3) - restriction: || (&& (< monoandroid) (< monotouch) (< net45) (>= netstandard1.0) (< win8) (< wp8) (< wpa81) (< xamarinios) (< xamarinmac) (< xamarintvos) (< xamarinwatchos)) (< portable-net45+win8+wp8+wpa81)
    System.Reflection.Primitives (4.3) - restriction: && (< monoandroid) (< net45) (>= netstandard2.0) (< win8) (< wpa81) (< xamarinios)
      Microsoft.NETCore.Platforms (>= 1.1) - restriction: || (&& (< monoandroid) (< monotouch) (< net45) (>= netstandard1.0) (< win8) (< wp8) (< wpa81) (< xamarinios) (< xamarinmac) (< xamarintvos) (< xamarinwatchos)) (< portable-net45+win8+wp8+wpa81)
      Microsoft.NETCore.Targets (>= 1.1) - restriction: || (&& (< monoandroid) (< monotouch) (< net45) (>= netstandard1.0) (< win8) (< wp8) (< wpa81) (< xamarinios) (< xamarinmac) (< xamarintvos) (< xamarinwatchos)) (< portable-net45+win8+wp8+wpa81)
      System.Runtime (>= 4.3) - restriction: || (&& (< monoandroid) (< monotouch) (< net45) (>= netstandard1.0) (< win8) (< wp8) (< wpa81) (< xamarinios) (< xamarinmac) (< xamarintvos) (< xamarinwatchos)) (< portable-net45+win8+wp8+wpa81)
    System.Reflection.TypeExtensions (4.5.1) - restriction: || (&& (< net45) (>= netstandard2.0)) (&& (>= netstandard2.0) (< portable-net45+win8+wp8+wpa81))
    System.Resources.ResourceManager (4.3) - restriction: || (&& (< monoandroid) (< net45) (>= netstandard2.0) (< xamarinios)) (&& (>= netstandard2.0) (< portable-net45+win8+wp8+wpa81))
      Microsoft.NETCore.Platforms (>= 1.1) - restriction: || (&& (< monoandroid) (< monotouch) (< net45) (>= netstandard1.0) (< win8) (< wp8) (< wpa81) (< xamarinios) (< xamarinmac) (< xamarintvos) (< xamarinwatchos)) (< portable-net45+win8+wp8+wpa81)
      Microsoft.NETCore.Targets (>= 1.1) - restriction: || (&& (< monoandroid) (< monotouch) (< net45) (>= netstandard1.0) (< win8) (< wp8) (< wpa81) (< xamarinios) (< xamarinmac) (< xamarintvos) (< xamarinwatchos)) (< portable-net45+win8+wp8+wpa81)
      System.Globalization (>= 4.3) - restriction: || (&& (< monoandroid) (< monotouch) (< net45) (>= netstandard1.0) (< win8) (< wp8) (< wpa81) (< xamarinios) (< xamarinmac) (< xamarintvos) (< xamarinwatchos)) (< portable-net45+win8+wp8+wpa81)
      System.Reflection (>= 4.3) - restriction: || (&& (< monoandroid) (< monotouch) (< net45) (>= netstandard1.0) (< win8) (< wp8) (< wpa81) (< xamarinios) (< xamarinmac) (< xamarintvos) (< xamarinwatchos)) (< portable-net45+win8+wp8+wpa81)
      System.Runtime (>= 4.3) - restriction: || (&& (< monoandroid) (< monotouch) (< net45) (>= netstandard1.0) (< win8) (< wp8) (< wpa81) (< xamarinios) (< xamarinmac) (< xamarintvos) (< xamarinwatchos)) (< portable-net45+win8+wp8+wpa81)
    System.Runtime (4.3) - restriction: || (&& (< monoandroid) (< net45) (< netstandard1.3) (>= netstandard2.0) (< win8) (< wpa81)) (&& (< monoandroid) (< net45) (< netstandard1.6) (>= netstandard2.0) (< win8) (< wpa81)) (&& (< monoandroid) (< net45) (>= netstandard2.0) (< xamarinios)) (&& (>= netstandard2.0) (< portable-net45+win8+wp8+wpa81))
      Microsoft.NETCore.Platforms (>= 1.1) - restriction: || (&& (< monoandroid) (< monotouch) (< net45) (>= netstandard1.5) (< win8) (< wpa81) (< xamarinios) (< xamarinmac) (< xamarintvos) (< xamarinwatchos)) (&& (< monoandroid) (< net45) (>= netstandard1.0) (< netstandard1.2) (< win8) (< wp8)) (&& (< monoandroid) (< net45) (>= netstandard1.2) (< netstandard1.3) (< win8) (< wpa81)) (&& (< monoandroid) (< net45) (>= netstandard1.3) (< netstandard1.5) (< win8) (< wpa81)) (< portable-net45+win8+wp8+wpa81)
      Microsoft.NETCore.Targets (>= 1.1) - restriction: || (&& (< monoandroid) (< monotouch) (< net45) (>= netstandard1.5) (< win8) (< wpa81) (< xamarinios) (< xamarinmac) (< xamarintvos) (< xamarinwatchos)) (&& (< monoandroid) (< net45) (>= netstandard1.0) (< netstandard1.2) (< win8) (< wp8)) (&& (< monoandroid) (< net45) (>= netstandard1.2) (< netstandard1.3) (< win8) (< wpa81)) (&& (< monoandroid) (< net45) (>= netstandard1.3) (< netstandard1.5) (< win8) (< wpa81)) (< portable-net45+win8+wp8+wpa81)
    System.Runtime.CompilerServices.Unsafe (4.5.2) - restriction: || (&& (< monoandroid) (< netstandard1.1) (>= netstandard2.0) (< win8)) (&& (>= monotouch) (>= netcoreapp2.0)) (&& (>= monotouch) (>= netstandard2.0)) (&& (< net45) (< netcoreapp2.0) (>= netstandard2.0) (< xamarinios)) (&& (< net46) (>= net461) (>= netstandard2.0)) (&& (>= net461) (>= netcoreapp2.0)) (&& (>= netcoreapp2.0) (< netcoreapp2.1)) (&& (>= netcoreapp2.0) (< netstandard1.1)) (&& (>= netcoreapp2.0) (< netstandard2.0)) (&& (>= netcoreapp2.0) (>= uap10.1)) (&& (>= netcoreapp2.0) (>= xamarinios)) (&& (>= netcoreapp2.0) (>= xamarinmac)) (&& (>= netcoreapp2.0) (>= xamarintvos)) (&& (>= netcoreapp2.0) (>= xamarinwatchos)) (&& (< netstandard1.1) (>= netstandard2.0) (>= win8)) (&& (>= netstandard2.0) (>= uap10.1)) (&& (>= netstandard2.0) (>= xamarinmac)) (&& (>= netstandard2.0) (>= xamarintvos)) (&& (>= netstandard2.0) (>= xamarinwatchos)) (&& (>= uap10.1) (>= xamarinios))
    System.Runtime.Extensions (4.3) - restriction: || (&& (< net45) (>= netstandard2.0)) (&& (>= netstandard2.0) (< portable-net45+win8+wp8+wpa81))
      Microsoft.NETCore.Platforms (>= 1.1) - restriction: || (&& (< monoandroid) (< monotouch) (< net45) (>= netstandard1.5) (< win8) (< wpa81) (< xamarinios) (< xamarinmac) (< xamarintvos) (< xamarinwatchos)) (&& (< monoandroid) (< net45) (>= netstandard1.0) (< netstandard1.3) (< win8) (< wp8) (< wpa81)) (&& (< monoandroid) (< net45) (>= netstandard1.3) (< netstandard1.5) (< win8) (< wpa81)) (< portable-net45+win8+wp8+wpa81)
      Microsoft.NETCore.Targets (>= 1.1) - restriction: || (&& (< monoandroid) (< monotouch) (< net45) (>= netstandard1.5) (< win8) (< wpa81) (< xamarinios) (< xamarinmac) (< xamarintvos) (< xamarinwatchos)) (&& (< monoandroid) (< net45) (>= netstandard1.0) (< netstandard1.3) (< win8) (< wp8) (< wpa81)) (&& (< monoandroid) (< net45) (>= netstandard1.3) (< netstandard1.5) (< win8) (< wpa81)) (< portable-net45+win8+wp8+wpa81)
      System.Runtime (>= 4.3) - restriction: || (&& (< monoandroid) (< monotouch) (< net45) (>= netstandard1.5) (< win8) (< wpa81) (< xamarinios) (< xamarinmac) (< xamarintvos) (< xamarinwatchos)) (&& (< monoandroid) (< net45) (>= netstandard1.0) (< netstandard1.3) (< win8) (< wp8) (< wpa81)) (&& (< monoandroid) (< net45) (>= netstandard1.3) (< netstandard1.5) (< win8) (< wpa81)) (< portable-net45+win8+wp8+wpa81)
    System.Runtime.Handles (4.3) - restriction: || (&& (< monoandroid) (< net45) (< netstandard1.5) (>= netstandard2.0) (< win8) (< wpa81)) (&& (< monoandroid) (< net45) (>= netstandard2.0) (< xamarinios)) (&& (>= netcoreapp1.1) (>= netstandard2.0)) (&& (>= netstandard2.0) (< portable-net45+win8+wpa81))
      Microsoft.NETCore.Platforms (>= 1.1) - restriction: && (< monoandroid) (< monotouch) (< net46) (>= netstandard1.3) (< xamarinios) (< xamarinmac) (< xamarintvos) (< xamarinwatchos)
      Microsoft.NETCore.Targets (>= 1.1) - restriction: && (< monoandroid) (< monotouch) (< net46) (>= netstandard1.3) (< xamarinios) (< xamarinmac) (< xamarintvos) (< xamarinwatchos)
      System.Runtime (>= 4.3) - restriction: && (< monoandroid) (< monotouch) (< net46) (>= netstandard1.3) (< xamarinios) (< xamarinmac) (< xamarintvos) (< xamarinwatchos)
    System.Runtime.InteropServices (4.3) - restriction: && (< net45) (>= netstandard2.0)
      Microsoft.NETCore.Platforms (>= 1.1) - restriction: || (&& (< monoandroid) (< monotouch) (< net45) (>= netstandard1.5) (< win8) (< wpa81) (< xamarinios) (< xamarinmac) (< xamarintvos) (< xamarinwatchos)) (&& (< monoandroid) (< net45) (>= netstandard1.1) (< netstandard1.2) (< win8)) (&& (< monoandroid) (< net45) (>= netstandard1.2) (< netstandard1.3) (< win8) (< wpa81)) (&& (< monoandroid) (< net45) (>= netstandard1.3) (< netstandard1.5) (< win8) (< wpa81)) (>= netcoreapp1.1) (< portable-net45+win8+wpa81)
      Microsoft.NETCore.Targets (>= 1.1) - restriction: || (&& (< monoandroid) (< monotouch) (< net45) (>= netstandard1.5) (< win8) (< wpa81) (< xamarinios) (< xamarinmac) (< xamarintvos) (< xamarinwatchos)) (&& (< monoandroid) (< net45) (>= netstandard1.1) (< netstandard1.2) (< win8)) (&& (< monoandroid) (< net45) (>= netstandard1.2) (< netstandard1.3) (< win8) (< wpa81)) (&& (< monoandroid) (< net45) (>= netstandard1.3) (< netstandard1.5) (< win8) (< wpa81)) (>= netcoreapp1.1) (< portable-net45+win8+wpa81)
      System.Reflection (>= 4.3) - restriction: || (&& (< monoandroid) (< monotouch) (< net45) (>= netstandard1.5) (< win8) (< wpa81) (< xamarinios) (< xamarinmac) (< xamarintvos) (< xamarinwatchos)) (&& (< monoandroid) (< net45) (>= netstandard1.1) (< netstandard1.2) (< win8)) (&& (< monoandroid) (< net45) (>= netstandard1.2) (< netstandard1.3) (< win8) (< wpa81)) (&& (< monoandroid) (< net45) (>= netstandard1.3) (< netstandard1.5) (< win8) (< wpa81)) (>= netcoreapp1.1) (< portable-net45+win8+wpa81)
      System.Reflection.Primitives (>= 4.3) - restriction: || (&& (< monoandroid) (< monotouch) (< net45) (>= netstandard1.5) (< win8) (< wpa81) (< xamarinios) (< xamarinmac) (< xamarintvos) (< xamarinwatchos)) (&& (< monoandroid) (< net45) (>= netstandard1.1) (< netstandard1.2) (< win8)) (&& (< monoandroid) (< net45) (>= netstandard1.2) (< netstandard1.3) (< win8) (< wpa81)) (&& (< monoandroid) (< net45) (>= netstandard1.3) (< netstandard1.5) (< win8) (< wpa81)) (>= netcoreapp1.1) (< portable-net45+win8+wpa81)
      System.Runtime (>= 4.3) - restriction: || (&& (< monoandroid) (< monotouch) (< net45) (>= netstandard1.5) (< win8) (< wpa81) (< xamarinios) (< xamarinmac) (< xamarintvos) (< xamarinwatchos)) (&& (< monoandroid) (< net45) (>= netstandard1.1) (< netstandard1.2) (< win8)) (&& (< monoandroid) (< net45) (>= netstandard1.2) (< netstandard1.3) (< win8) (< wpa81)) (&& (< monoandroid) (< net45) (>= netstandard1.3) (< netstandard1.5) (< win8) (< wpa81)) (>= net462) (>= netcoreapp1.1) (< portable-net45+win8+wpa81)
      System.Runtime.Handles (>= 4.3) - restriction: || (&& (< monoandroid) (< monotouch) (< net45) (>= netstandard1.5) (< win8) (< wpa81) (< xamarinios) (< xamarinmac) (< xamarintvos) (< xamarinwatchos)) (&& (< monoandroid) (< net45) (>= netstandard1.3) (< netstandard1.5) (< win8) (< wpa81)) (>= netcoreapp1.1) (< portable-net45+win8+wpa81)
    System.Runtime.InteropServices.RuntimeInformation (4.3) - restriction: && (< net46) (>= netstandard2.0)
      runtime.native.System (>= 4.3) - restriction: && (< monoandroid) (< monotouch) (< net45) (>= netstandard1.1) (< win8) (< wpa81) (< xamarinios) (< xamarinmac) (< xamarintvos) (< xamarinwatchos)
      System.Reflection (>= 4.3) - restriction: || (&& (< monoandroid) (< monotouch) (< net45) (>= netstandard1.1) (< win8) (< wpa81) (< xamarinios) (< xamarinmac) (< xamarintvos) (< xamarinwatchos)) (&& (< monoandroid) (< netstandard1.1) (< win8))
      System.Reflection.Extensions (>= 4.3) - restriction: || (&& (< monoandroid) (< monotouch) (< net45) (>= netstandard1.1) (< win8) (< wpa81) (< xamarinios) (< xamarinmac) (< xamarintvos) (< xamarinwatchos)) (&& (< monoandroid) (< netstandard1.1) (< win8))
      System.Resources.ResourceManager (>= 4.3) - restriction: || (&& (< monoandroid) (< monotouch) (< net45) (>= netstandard1.1) (< win8) (< wpa81) (< xamarinios) (< xamarinmac) (< xamarintvos) (< xamarinwatchos)) (&& (< monoandroid) (< netstandard1.1) (< win8))
      System.Runtime (>= 4.3) - restriction: || (&& (< monoandroid) (< monotouch) (< net45) (>= netstandard1.1) (< win8) (< wpa81) (< xamarinios) (< xamarinmac) (< xamarintvos) (< xamarinwatchos)) (&& (< monoandroid) (< netstandard1.1) (< win8))
      System.Runtime.InteropServices (>= 4.3) - restriction: && (< monoandroid) (< monotouch) (< net45) (>= netstandard1.1) (< win8) (< wpa81) (< xamarinios) (< xamarinmac) (< xamarintvos) (< xamarinwatchos)
      System.Threading (>= 4.3) - restriction: || (&& (< monoandroid) (< monotouch) (< net45) (>= netstandard1.1) (< win8) (< wpa81) (< xamarinios) (< xamarinmac) (< xamarintvos) (< xamarinwatchos)) (&& (< monoandroid) (< netstandard1.1) (< win8))
    System.Security.AccessControl (4.5) - restriction: || (&& (>= monotouch) (>= netstandard2.0)) (&& (< net46) (>= netstandard2.0)) (>= netcoreapp2.0) (&& (>= netstandard2.0) (>= xamarinmac)) (&& (>= netstandard2.0) (>= xamarintvos)) (&& (>= netstandard2.0) (>= xamarinwatchos)) (>= xamarinios)
      Microsoft.NETCore.Platforms (>= 2.0) - restriction: >= netcoreapp2.0
      System.Security.Principal.Windows (>= 4.5) - restriction: || (&& (< net46) (>= netstandard2.0)) (>= net461) (>= netcoreapp2.0)
    System.Security.Principal.Windows (4.5.1) - restriction: || (&& (>= monotouch) (>= netstandard2.0)) (&& (< net46) (>= netstandard2.0)) (>= netcoreapp2.0) (&& (>= netstandard2.0) (>= xamarinmac)) (&& (>= netstandard2.0) (>= xamarintvos)) (&& (>= netstandard2.0) (>= xamarinwatchos)) (>= xamarinios)
      Microsoft.NETCore.Platforms (>= 2.0) - restriction: >= netcoreapp2.0
    System.Text.Encoding (4.3) - restriction: || (&& (< monoandroid) (< net45) (< netstandard1.3) (>= netstandard2.0) (< win8) (< wpa81)) (&& (< monoandroid) (< net45) (< netstandard1.5) (>= netstandard2.0) (< win8) (< wpa81)) (&& (< monoandroid) (< net45) (>= netstandard2.0) (< xamarinios)) (&& (>= netstandard2.0) (< portable-net45+win8+wp8+wpa81))
      Microsoft.NETCore.Platforms (>= 1.1) - restriction: || (&& (< monoandroid) (< monotouch) (< net45) (>= netstandard1.3) (< win8) (< wpa81) (< xamarinios) (< xamarinmac) (< xamarintvos) (< xamarinwatchos)) (&& (< monoandroid) (< net45) (>= netstandard1.0) (< netstandard1.3) (< win8) (< wp8) (< wpa81)) (< portable-net45+win8+wp8+wpa81)
      Microsoft.NETCore.Targets (>= 1.1) - restriction: || (&& (< monoandroid) (< monotouch) (< net45) (>= netstandard1.3) (< win8) (< wpa81) (< xamarinios) (< xamarinmac) (< xamarintvos) (< xamarinwatchos)) (&& (< monoandroid) (< net45) (>= netstandard1.0) (< netstandard1.3) (< win8) (< wp8) (< wpa81)) (< portable-net45+win8+wp8+wpa81)
      System.Runtime (>= 4.3) - restriction: || (&& (< monoandroid) (< monotouch) (< net45) (>= netstandard1.3) (< win8) (< wpa81) (< xamarinios) (< xamarinmac) (< xamarintvos) (< xamarinwatchos)) (&& (< monoandroid) (< net45) (>= netstandard1.0) (< netstandard1.3) (< win8) (< wp8) (< wpa81)) (< portable-net45+win8+wp8+wpa81)
    System.Threading (4.3) - restriction: || (&& (< monoandroid) (< net45) (>= netstandard2.0) (< win8) (< wpa81) (< xamarinios)) (&& (>= netstandard2.0) (< portable-net45+win8+wp8+wpa81))
      System.Runtime (>= 4.3) - restriction: || (&& (< monoandroid) (< monotouch) (< net45) (>= netstandard1.3) (< win8) (< wpa81) (< xamarinios) (< xamarinmac) (< xamarintvos) (< xamarinwatchos)) (&& (< monoandroid) (< net45) (>= netstandard1.0) (< netstandard1.3) (< win8) (< wp8) (< wpa81)) (< portable-net45+win8+wp8+wpa81)
      System.Threading.Tasks (>= 4.3) - restriction: || (&& (< monoandroid) (< monotouch) (< net45) (>= netstandard1.3) (< win8) (< wpa81) (< xamarinios) (< xamarinmac) (< xamarintvos) (< xamarinwatchos)) (&& (< monoandroid) (< net45) (>= netstandard1.0) (< netstandard1.3) (< win8) (< wp8) (< wpa81)) (< portable-net45+win8+wp8+wpa81)
    System.Threading.Tasks (4.3) - restriction: || (&& (< monoandroid) (< net45) (< netstandard1.3) (>= netstandard2.0) (< win8) (< wpa81)) (&& (< monoandroid) (< net45) (>= netstandard2.0) (< xamarinios)) (&& (>= netstandard2.0) (< portable-net45+win8+wp8+wpa81))
      Microsoft.NETCore.Platforms (>= 1.1) - restriction: || (&& (< monoandroid) (< monotouch) (< net45) (>= netstandard1.3) (< win8) (< wpa81) (< xamarinios) (< xamarinmac) (< xamarintvos) (< xamarinwatchos)) (&& (< monoandroid) (< net45) (>= netstandard1.0) (< netstandard1.3) (< win8) (< wp8) (< wpa81)) (< portable-net45+win8+wp8+wpa81)
      Microsoft.NETCore.Targets (>= 1.1) - restriction: || (&& (< monoandroid) (< monotouch) (< net45) (>= netstandard1.3) (< win8) (< wpa81) (< xamarinios) (< xamarinmac) (< xamarintvos) (< xamarinwatchos)) (&& (< monoandroid) (< net45) (>= netstandard1.0) (< netstandard1.3) (< win8) (< wp8) (< wpa81)) (< portable-net45+win8+wp8+wpa81)
      System.Runtime (>= 4.3) - restriction: || (&& (< monoandroid) (< monotouch) (< net45) (>= netstandard1.3) (< win8) (< wpa81) (< xamarinios) (< xamarinmac) (< xamarintvos) (< xamarinwatchos)) (&& (< monoandroid) (< net45) (>= netstandard1.0) (< netstandard1.3) (< win8) (< wp8) (< wpa81)) (< portable-net45+win8+wp8+wpa81)

GROUP modules
NUGET
  remote: https://www.nuget.org/api/v2
    Cake.Paket.Module (4.0)

GROUP tools
NUGET
  remote: https://www.nuget.org/api/v2
    Cake (0.30)
    Codecov (1.1)
    GitLink (3.1)
    GitVersion.CommandLine (4.0.1-beta1-50)
    JetBrains.dotCover.CommandLineTools (2018.2.3)
    ReportGenerator (4.0.4)
